{
  "bids_meta": {
    "AcquisitionMatrixPE": 224,
    "AcquisitionNumber": 1,
    "AcquisitionTime": "13:55:34.212500",
    "BodyPartExamined": "HEAD",
    "CoilString": "HeadNeck_64_CS",
    "ConversionSoftware": "dcm2niix",
    "ConversionSoftwareVersion": "v1.0.20190410  GCC6.3.0",
    "DeviceSerialNumber": "175956",
    "EchoTime": 0.00236,
    "FlipAngle": 9,
    "ImageOrientationPatientDICOM": [
      0.011414,
      0.991638,
      0.128549,
      0.0127149,
      0.128403,
      -0.991641
    ],
    "ImageType": [
      "ORIGINAL",
      "PRIMARY",
      "M",
      "NONE"
    ],
    "ImagingFrequency": 123.263,
    "InPlanePhaseEncodingDirectionDICOM": "ROW",
    "InstitutionAddress": "AT",
    "InstitutionName": "TU_Graz",
    "MRAcquisitionType": "3D",
    "MagneticFieldStrength": 3,
    "Manufacturer": "Siemens",
    "ManufacturersModelName": "MAGNETOM_Vida",
    "Modality": "MR",
    "PatientPosition": "HFS",
    "PercentPhaseFOV": 100,
    "PixelBandwidth": 251,
    "ProcedureStepDescription": "TU_2020",
    "ProtocolName": "anat-T1w",
    "ReceiveCoilActiveElements": "HC1-7;NC1_2",
    "ReconMatrixPE": 224,
    "RepetitionTime": 1.6,
    "SequenceVariant": "SK_SP_MP_OSP",
    "SeriesDescription": "anat-T1w",
    "SeriesNumber": 5,
    "SliceThickness": 1,
    "SoftwareVersions": "syngo_MR_XA20",
    "StationName": "AWP175956",
    "dataset": "ds003612",
    "modality": "T1w",
    "session_id": "1",
    "subject_id": "108TUSW011049"
  },
  "cjv": 0.3942939027823724,
  "cnr": 3.2902233803887975,
  "efc": 0.5947173812876015,
  "fber": 4444.444444444445,
  "fwhm_avg": 4.34535,
  "fwhm_x": 4.22678,
  "fwhm_y": 4.36502,
  "fwhm_z": 4.44425,
  "icvs_csf": 0.19896570227360108,
  "icvs_gm": 0.41459552274399014,
  "icvs_wm": 0.38643877498240875,
  "inu_med": 1.071272611618042,
  "inu_range": 0.38609109818935394,
  "provenance": {
    "md5sum": "747d6e0d9e85b56ca364026385079280",
    "settings": {
      "testing": false
    },
    "software": "mriqc",
    "version": "21.0.0rc2",
    "warnings": {
      "large_rot_frame": true,
      "small_air_mask": false
    },
    "webapi_port": null,
    "webapi_url": "https://mriqc.nimh.nih.gov/api/v1"
  },
  "qi_1": 0.0,
  "qi_2": 0.014136844853307715,
  "rpve_csf": 22.861464491551196,
  "rpve_gm": 11.449442294614617,
  "rpve_wm": 14.714431256136262,
  "size_x": 192,
  "size_y": 224,
  "size_z": 224,
  "snr_csf": 2.923076397996255,
  "snr_gm": 12.684092476543901,
  "snr_total": 13.610549179471517,
  "snr_wm": 25.224478663874393,
  "snrd_csf": 43.57182342145747,
  "snrd_gm": 90.85327998759892,
  "snrd_total": 84.5287191654367,
  "snrd_wm": 119.1610540872537,
  "spacing_x": 1.0,
  "spacing_y": 1.0,
  "spacing_z": 1.0,
  "summary_bg_k": 3.7745742432391856,
  "summary_bg_mad": 5.497907028103205,
  "summary_bg_mean": 10.671764342205307,
  "summary_bg_median": 11.21640833094716,
  "summary_bg_n": 1698356.0,
  "summary_bg_p05": 3.754063196480274,
  "summary_bg_p95": 19.045003533363342,
  "summary_bg_stdv": 5.325868019565927,
  "summary_csf_k": 17.0905592404956,
  "summary_csf_mad": 111.58715005187244,
  "summary_csf_mean": 397.9704965623922,
  "summary_csf_median": 365.65491158887744,
  "summary_csf_n": 21301.0,
  "summary_csf_p05": 248.5006711035967,
  "summary_csf_p95": 601.6115178652108,
  "summary_csf_stdv": 125.0895558847242,
  "summary_gm_k": 0.05910781919529473,
  "summary_gm_mad": 58.169213865240074,
  "summary_gm_mean": 766.2468917876948,
  "summary_gm_median": 762.441078953445,
  "summary_gm_n": 21263.0,
  "summary_gm_p05": 671.4874527040869,
  "summary_gm_p95": 869.7065676040947,
  "summary_gm_stdv": 60.10860858438888,
  "summary_wm_k": 0.9485171510090393,
  "summary_wm_mad": 35.49883179874044,
  "summary_wm_mean": 999.1736308760462,
  "summary_wm_median": 1000.0000292770565,
  "summary_wm_n": 215348.0,
  "summary_wm_p05": 931.2365790195763,
  "summary_wm_p95": 1061.0264468491077,
  "summary_wm_stdv": 39.643939554761666,
  "tpm_overlap_csf": 0.17014725506305695,
  "tpm_overlap_gm": 0.45048457384109497,
  "tpm_overlap_wm": 0.5128758549690247,
  "wm2max": 0.4416028142247741
}