{
  "aor": 0.0021944086021505375,
  "aqi": 0.01585792741935484,
  "bids_meta": {
    "AcquisitionMatrixPE": 128,
    "AcquisitionNumber": 1,
    "AcquisitionTime": "10:50:10.827500",
    "BandwidthPerPixelPhaseEncode": 23.321,
    "BodyPartExamined": "HEAD",
    "CoilString": "HeadNeck_64_CS",
    "ConversionSoftware": "dcm2niix",
    "ConversionSoftwareVersion": "v1.0.20190410  GCC6.3.0",
    "DerivedVendorReportedEchoSpacing": 0.000334999,
    "DeviceSerialNumber": "175956",
    "EchoTime": 0.03,
    "EchoTrainLength": 63,
    "EffectiveEchoSpacing": 0.000334999,
    "FlipAngle": 72,
    "ImageOrientationPatientDICOM": [
      0.997859,
      -0.063748,
      0.0146208,
      0.0647035,
      0.92959,
      -0.362871
    ],
    "ImageType": [
      "ORIGINAL",
      "PRIMARY",
      "FMRI",
      "NONE"
    ],
    "ImagingFrequency": 123.263,
    "InPlanePhaseEncodingDirectionDICOM": "COL",
    "InstitutionAddress": "AT",
    "InstitutionName": "TU_Graz",
    "MRAcquisitionType": "2D",
    "MagneticFieldStrength": 3,
    "Manufacturer": "Siemens",
    "ManufacturersModelName": "MAGNETOM_Vida",
    "Modality": "MR",
    "MultibandAccelerationFactor": 3,
    "PartialFourier": 0.492188,
    "PatientPosition": "HFS",
    "PercentPhaseFOV": 100,
    "PhaseEncodingDirection": "j-",
    "PixelBandwidth": 1953,
    "ProcedureStepDescription": "TU_2020",
    "ProtocolName": "func_task-execution_acq-Fs2_run-02",
    "ReceiveCoilActiveElements": "HC1-7;NC1",
    "ReconMatrixPE": 128,
    "RepetitionTime": 2.3,
    "SequenceVariant": "SK",
    "SeriesDescription": "func_task-execution_acq-Fs2_run-02",
    "SeriesNumber": 12,
    "SliceThickness": 1.8,
    "SliceTiming": [
      0.0031775,
      0,
      0.00326,
      8.25e-05,
      0.0033425,
      0.0001625,
      0.0034225,
      0.000245,
      0.003505,
      0.000325,
      0.003585,
      0.0004075,
      0.0036675,
      0.00049,
      0.00375,
      0.00057,
      0.00383,
      0.0006525,
      0.0039125,
      0.0007325,
      0.0039925,
      0.000815,
      0.004075,
      0.0008975,
      0.0041575,
      0.0009775,
      0.0042375,
      0.00106,
      0.00432,
      0.00114,
      0.0044,
      0.0012225,
      0.0044825,
      0.001305,
      0.004565,
      0.001385,
      0.004645,
      0.0014675,
      0.0047275,
      0.0015475,
      0.0048075,
      0.00163,
      0.00489,
      0.0017125,
      0.0049725,
      0.0017925,
      0.0050525,
      0.001875,
      0.005135,
      0.001955,
      0.005215,
      0.0020375,
      0.0052975,
      0.00212,
      0.00538,
      0.0022,
      0.00546,
      0.0022825,
      0.0055425,
      0.0023625,
      0.0056225,
      0.002445,
      0.005705,
      0.0025275,
      0.0057875,
      0.0026075,
      0.0058675,
      0.00269,
      0.00595,
      0.00277,
      0.00603,
      0.0028525,
      0.0061125,
      0.002935,
      0.006195,
      0.003015,
      0.006275,
      0.0030975
    ],
    "SoftwareVersions": "syngo_MR_XA20",
    "SpacingBetweenSlices": 1.8,
    "StationName": "AWP175956",
    "TaskName": "execution",
    "TotalReadoutTime": 0.0425448,
    "acq_id": "Fs2",
    "dataset": "ds003612",
    "modality": "bold",
    "run_id": 2,
    "session_id": "1",
    "subject_id": "108TUSW011021",
    "task_id": "execution"
  },
  "dummy_trs": 2,
  "dvars_nstd": 50.782872751891894,
  "dvars_std": 1.234580670972973,
  "dvars_vstd": 1.0308740276216215,
  "efc": 0.496308457716601,
  "fber": 4444.19580078125,
  "fd_mean": 0.07521315148619609,
  "fd_num": 7,
  "fd_perc": 3.763440860215054,
  "fwhm_avg": 2.080669690212806,
  "fwhm_x": 2.0243533158888267,
  "fwhm_y": 2.160344589138347,
  "fwhm_z": 2.057311165611245,
  "gcor": 0.0117129,
  "gsr_x": -0.00611106026917696,
  "gsr_y": 0.021177617833018303,
  "provenance": {
    "md5sum": "410975aecf4b393eaed55f7f7d9d9287",
    "settings": {
      "fd_thres": 0.2,
      "testing": false
    },
    "software": "mriqc",
    "version": "21.0.0rc2",
    "webapi_port": null,
    "webapi_url": "https://mriqc.nimh.nih.gov/api/v1"
  },
  "size_t": 186,
  "size_x": 128,
  "size_y": 128,
  "size_z": 78,
  "snr": 5.014828506500735,
  "spacing_tr": 2.299999952316284,
  "spacing_x": 1.7968800067901611,
  "spacing_y": 1.7968800067901611,
  "spacing_z": 1.7999999523162842,
  "summary_bg_k": 31.304261562001365,
  "summary_bg_mad": 7.963008165196989,
  "summary_bg_mean": 32.37456512451172,
  "summary_bg_median": 9.854838371276855,
  "summary_bg_n": 901814.0,
  "summary_bg_p05": 2.9139785766601562,
  "summary_bg_p95": 154.50537109375,
  "summary_bg_stdv": 63.32099914550781,
  "summary_fg_k": 1.7206129723059451,
  "summary_fg_mad": 118.77558556786487,
  "summary_fg_mean": 654.9877319335938,
  "summary_fg_median": 648.3548583984375,
  "summary_fg_n": 242819.0,
  "summary_fg_p05": 468.1924682617188,
  "summary_fg_p95": 869.8580810546867,
  "summary_fg_stdv": 129.2872772216797,
  "tsnr": 35.748777142725885
}