{
  "bids_meta": {
    "AcquisitionMatrixPE": 224,
    "AcquisitionNumber": 1,
    "AcquisitionTime": "16:03:53.725000",
    "BodyPartExamined": "HEAD",
    "CoilString": "HeadNeck_64_CS",
    "ConversionSoftware": "dcm2niix",
    "ConversionSoftwareVersion": "v1.0.20190410  GCC6.3.0",
    "DeviceSerialNumber": "175956",
    "EchoTime": 0.00236,
    "FlipAngle": 9,
    "ImageOrientationPatientDICOM": [
      0.132406,
      0.985291,
      0.108029,
      0.148577,
      0.0880285,
      -0.984975
    ],
    "ImageType": [
      "ORIGINAL",
      "PRIMARY",
      "M",
      "NONE"
    ],
    "ImagingFrequency": 123.263,
    "InPlanePhaseEncodingDirectionDICOM": "ROW",
    "InstitutionAddress": "AT",
    "InstitutionName": "TU_Graz",
    "MRAcquisitionType": "3D",
    "MagneticFieldStrength": 3,
    "Manufacturer": "Siemens",
    "ManufacturersModelName": "MAGNETOM_Vida",
    "Modality": "MR",
    "PatientPosition": "HFS",
    "PercentPhaseFOV": 100,
    "PixelBandwidth": 251,
    "ProcedureStepDescription": "TU_2020",
    "ProtocolName": "anat-T1w",
    "ReceiveCoilActiveElements": "HC1-7;NC1_2",
    "ReconMatrixPE": 224,
    "RepetitionTime": 1.6,
    "SequenceVariant": "SK_SP_MP_OSP",
    "SeriesDescription": "anat-T1w",
    "SeriesNumber": 5,
    "SliceThickness": 1,
    "SoftwareVersions": "syngo_MR_XA20",
    "StationName": "AWP175956",
    "dataset": "ds003612",
    "modality": "T1w",
    "session_id": "1",
    "subject_id": "108TUSW011051"
  },
  "cjv": 0.3476386693528363,
  "cnr": 3.737450588198544,
  "efc": 0.61146920562179,
  "fber": 7511.111111111112,
  "fwhm_avg": 4.33565,
  "fwhm_x": 4.18719,
  "fwhm_y": 4.42804,
  "fwhm_z": 4.39172,
  "icvs_csf": 0.2156541628149458,
  "icvs_gm": 0.39398493671603635,
  "icvs_wm": 0.39036090046901784,
  "inu_med": 1.3698829412460327,
  "inu_range": 0.43679393529891963,
  "provenance": {
    "md5sum": "2b1490e03f35c0e3a1f843e0d834d1d2",
    "settings": {
      "testing": false
    },
    "software": "mriqc",
    "version": "21.0.0rc2",
    "warnings": {
      "large_rot_frame": true,
      "small_air_mask": false
    },
    "webapi_port": null,
    "webapi_url": "https://mriqc.nimh.nih.gov/api/v1"
  },
  "qi_1": 0.0,
  "qi_2": 0.012332381295973836,
  "rpve_csf": 21.30277234043028,
  "rpve_gm": 11.558341237325093,
  "rpve_wm": 14.2923585801262,
  "size_x": 192,
  "size_y": 224,
  "size_z": 224,
  "snr_csf": 4.041213184350836,
  "snr_gm": 14.507632533497643,
  "snr_total": 14.859168561352867,
  "snr_wm": 26.02865996621012,
  "snrd_csf": 66.63442405654374,
  "snrd_gm": 119.63788803857814,
  "snrd_total": 114.75720544779686,
  "snrd_wm": 157.99930424826871,
  "spacing_x": 1.0,
  "spacing_y": 1.0,
  "spacing_z": 1.0,
  "summary_bg_k": 31.63589996947813,
  "summary_bg_mad": 4.146451110296817,
  "summary_bg_mean": 7.432046066563553,
  "summary_bg_median": 5.783086955547333,
  "summary_bg_n": 1795272.0,
  "summary_bg_p05": 2.844141125679016,
  "summary_bg_p95": 14.836936205625534,
  "summary_bg_stdv": 4.487052235796398,
  "summary_csf_k": 2.890733929311212,
  "summary_csf_mad": 127.06412893926517,
  "summary_csf_mean": 430.84829349414423,
  "summary_csf_median": 421.73872658610344,
  "summary_csf_n": 24125.0,
  "summary_csf_p05": 277.8725879788399,
  "summary_csf_p95": 593.2309559941291,
  "summary_csf_stdv": 104.35727257092793,
  "summary_gm_k": 0.0803814250972783,
  "summary_gm_mad": 51.09271113874214,
  "summary_gm_mean": 755.5353345935227,
  "summary_gm_median": 757.2051723599434,
  "summary_gm_n": 15236.0,
  "summary_gm_p05": 665.7067822292447,
  "summary_gm_p95": 838.7846203148365,
  "summary_gm_stdv": 52.19185976708486,
  "summary_wm_k": 1.2073879303544777,
  "summary_wm_mad": 33.31216654713036,
  "summary_wm_mean": 998.1008842371024,
  "summary_wm_median": 1000.0000197887421,
  "summary_wm_n": 217930.0,
  "summary_wm_p05": 929.8919410407543,
  "summary_wm_p95": 1056.5984281897545,
  "summary_wm_stdv": 38.419101358639026,
  "tpm_overlap_csf": 0.16297341883182526,
  "tpm_overlap_gm": 0.4441150724887848,
  "tpm_overlap_wm": 0.5033368468284607,
  "wm2max": 0.46166976693292483
}