{
  "bids_meta": {
    "AcquisitionMatrixPE": 224,
    "AcquisitionNumber": 1,
    "AcquisitionTime": "13:31:16.690000",
    "BodyPartExamined": "HEAD",
    "CoilString": "HeadNeck_64_CS",
    "ConversionSoftware": "dcm2niix",
    "ConversionSoftwareVersion": "v1.0.20190410  GCC6.3.0",
    "DeviceSerialNumber": "175956",
    "EchoTime": 0.00236,
    "FlipAngle": 9,
    "ImageOrientationPatientDICOM": [
      0.0625962,
      0.988704,
      0.136184,
      0.10872,
      0.128885,
      -0.985682
    ],
    "ImageType": [
      "ORIGINAL",
      "PRIMARY",
      "M",
      "NONE"
    ],
    "ImagingFrequency": 123.263,
    "InPlanePhaseEncodingDirectionDICOM": "ROW",
    "InstitutionAddress": "AT",
    "InstitutionName": "TU_Graz",
    "MRAcquisitionType": "3D",
    "MagneticFieldStrength": 3,
    "Manufacturer": "Siemens",
    "ManufacturersModelName": "MAGNETOM_Vida",
    "Modality": "MR",
    "PatientPosition": "HFS",
    "PercentPhaseFOV": 100,
    "PixelBandwidth": 251,
    "ProcedureStepDescription": "TU_2020",
    "ProtocolName": "anat-T1w",
    "ReceiveCoilActiveElements": "HC1-7;NC1_2",
    "ReconMatrixPE": 224,
    "RepetitionTime": 1.6,
    "SequenceVariant": "SK_SP_MP_OSP",
    "SeriesDescription": "anat-T1w",
    "SeriesNumber": 5,
    "SliceThickness": 1,
    "SoftwareVersions": "syngo_MR_XA20",
    "StationName": "AWP175956",
    "dataset": "ds003612",
    "modality": "T1w",
    "session_id": "1",
    "subject_id": "108TUSW011016"
  },
  "cjv": 0.3848184549881988,
  "cnr": 3.407623062026569,
  "efc": 0.608208107886766,
  "fber": 5536.311273743249,
  "fwhm_avg": 4.22732,
  "fwhm_x": 4.09641,
  "fwhm_y": 4.36137,
  "fwhm_z": 4.22418,
  "icvs_csf": 0.18389433147168394,
  "icvs_gm": 0.4160616561527411,
  "icvs_wm": 0.400044012375575,
  "inu_med": 1.0842559337615967,
  "inu_range": 0.3346117973327637,
  "provenance": {
    "md5sum": "a0f118e68ca34e9cef4a1454bbcb88c0",
    "settings": {
      "testing": false
    },
    "software": "mriqc",
    "version": "21.0.0rc2",
    "warnings": {
      "large_rot_frame": true,
      "small_air_mask": false
    },
    "webapi_port": null,
    "webapi_url": "https://mriqc.nimh.nih.gov/api/v1"
  },
  "qi_1": 0.0,
  "qi_2": 0.01036253238659476,
  "rpve_csf": 22.66765122789189,
  "rpve_gm": 10.811942196584676,
  "rpve_wm": 13.391953111290492,
  "size_x": 192,
  "size_y": 224,
  "size_z": 224,
  "snr_csf": 2.5888325223313733,
  "snr_gm": 14.172612775777305,
  "snr_total": 14.573030144200514,
  "snr_wm": 26.957645134492864,
  "snrd_csf": 49.76704715665124,
  "snrd_gm": 102.49839123976227,
  "snrd_total": 94.87591342886564,
  "snrd_wm": 132.3623018901834,
  "spacing_x": 1.0,
  "spacing_y": 1.0,
  "spacing_z": 1.0,
  "summary_bg_k": 3.528516575267674,
  "summary_bg_mad": 4.949569228813857,
  "summary_bg_mean": 9.03644678805747,
  "summary_bg_median": 6.815968830138445,
  "summary_bg_n": 1677395.0,
  "summary_bg_p05": 3.384800847619772,
  "summary_bg_p95": 17.202207047492266,
  "summary_bg_stdv": 4.7485686888373735,
  "summary_csf_k": 35.048185133927824,
  "summary_csf_mad": 124.15169482274757,
  "summary_csf_mean": 407.2696045548962,
  "summary_csf_median": 375.9910968951881,
  "summary_csf_n": 19934.0,
  "summary_csf_p05": 252.12825108300896,
  "summary_csf_p95": 581.2584030926228,
  "summary_csf_stdv": 145.23213171739974,
  "summary_gm_k": 0.09086625088667688,
  "summary_gm_mad": 53.1391251926821,
  "summary_gm_mean": 775.7534104657061,
  "summary_gm_median": 774.3775199465454,
  "summary_gm_n": 26986.0,
  "summary_gm_p05": 688.1810161694884,
  "summary_gm_p95": 869.0823929775506,
  "summary_gm_stdv": 54.637996839445094,
  "summary_wm_k": 0.6868378755979481,
  "summary_wm_mad": 33.68456836276097,
  "summary_wm_mean": 998.9236241606558,
  "summary_wm_median": 999.9999983645976,
  "summary_wm_n": 249264.0,
  "summary_wm_p05": 934.8078066967428,
  "summary_wm_p95": 1057.5879799090326,
  "summary_wm_stdv": 37.09515380398288,
  "tpm_overlap_csf": 0.1903413087129593,
  "tpm_overlap_gm": 0.44786351919174194,
  "tpm_overlap_wm": 0.5175545811653137,
  "wm2max": 0.4419186078623221
}