{
  "bids_meta": {
    "AcquisitionMatrixPE": 224,
    "AcquisitionNumber": 1,
    "AcquisitionTime": "13:55:27.205000",
    "BodyPartExamined": "HEAD",
    "CoilString": "HeadNeck_64_CS",
    "ConversionSoftware": "dcm2niix",
    "ConversionSoftwareVersion": "v1.0.20190410  GCC6.3.0",
    "DeviceSerialNumber": "175956",
    "EchoTime": 0.00236,
    "FlipAngle": 9,
    "ImageOrientationPatientDICOM": [
      0.0404662,
      0.998776,
      0.0284432,
      0.0124352,
      0.0279609,
      -0.999532
    ],
    "ImageType": [
      "ORIGINAL",
      "PRIMARY",
      "M",
      "NONE"
    ],
    "ImagingFrequency": 123.263,
    "InPlanePhaseEncodingDirectionDICOM": "ROW",
    "InstitutionAddress": "AT",
    "InstitutionName": "TU_Graz",
    "MRAcquisitionType": "3D",
    "MagneticFieldStrength": 3,
    "Manufacturer": "Siemens",
    "ManufacturersModelName": "MAGNETOM_Vida",
    "Modality": "MR",
    "PatientPosition": "HFS",
    "PercentPhaseFOV": 100,
    "PixelBandwidth": 251,
    "ProcedureStepDescription": "TU_2020",
    "ProtocolName": "anat-T1w",
    "ReceiveCoilActiveElements": "HC1-7;NC1",
    "ReconMatrixPE": 224,
    "RepetitionTime": 1.6,
    "SequenceVariant": "SK_SP_MP_OSP",
    "SeriesDescription": "anat-T1w",
    "SeriesNumber": 5,
    "SliceThickness": 1,
    "SoftwareVersions": "syngo_MR_XA20",
    "StationName": "AWP175956",
    "dataset": "ds003612",
    "modality": "T1w",
    "session_id": "1",
    "subject_id": "108TUSW011023"
  },
  "cjv": 0.4072820132320754,
  "cnr": 3.279130766724221,
  "efc": 0.6215076602431331,
  "fber": 12504.59437611585,
  "fwhm_avg": 4.331283333333333,
  "fwhm_x": 4.26907,
  "fwhm_y": 4.38604,
  "fwhm_z": 4.33874,
  "icvs_csf": 0.21339445807689783,
  "icvs_gm": 0.40147617005773845,
  "icvs_wm": 0.3851293718653637,
  "inu_med": 1.1472828388214111,
  "inu_range": 0.41976340115070343,
  "provenance": {
    "md5sum": "38b07555f12aceb422166bb470dfde17",
    "settings": {
      "testing": false
    },
    "software": "mriqc",
    "version": "21.0.0rc2",
    "warnings": {
      "large_rot_frame": true,
      "small_air_mask": false
    },
    "webapi_port": null,
    "webapi_url": "https://mriqc.nimh.nih.gov/api/v1"
  },
  "qi_1": 0.0,
  "qi_2": 0.015347415861741627,
  "rpve_csf": 20.029606147127982,
  "rpve_gm": 10.651452843613386,
  "rpve_wm": 13.323502253935482,
  "size_x": 192,
  "size_y": 224,
  "size_z": 224,
  "snr_csf": 3.5242611522061096,
  "snr_gm": 13.226543007873111,
  "snr_total": 13.611324884163375,
  "snr_wm": 24.083170492410904,
  "snrd_csf": 52.55248677077807,
  "snrd_gm": 102.40948863451442,
  "snrd_total": 96.22312983146787,
  "snrd_wm": 133.70741408911113,
  "spacing_x": 1.0,
  "spacing_y": 1.0,
  "spacing_z": 1.0,
  "summary_bg_k": 10.932754392860538,
  "summary_bg_mad": 4.899775971389804,
  "summary_bg_mean": 6.90709453362392,
  "summary_bg_median": 6.656909465789795,
  "summary_bg_n": 1840118.0,
  "summary_bg_p05": 3.3048486709594727,
  "summary_bg_p95": 13.738728046417236,
  "summary_bg_stdv": 4.285163850910573,
  "summary_csf_k": -0.7536914372679377,
  "summary_csf_mad": 120.81447609455432,
  "summary_csf_mean": 416.2453660930915,
  "summary_csf_median": 393.040931224823,
  "summary_csf_n": 34169.0,
  "summary_csf_p05": 265.00165128707886,
  "summary_csf_p95": 607.9505190849304,
  "summary_csf_stdv": 111.52271718314203,
  "summary_gm_k": -0.007149304307248361,
  "summary_gm_mad": 58.377330859129955,
  "summary_gm_mean": 767.3583983197781,
  "summary_gm_median": 765.9222855567932,
  "summary_gm_n": 23404.0,
  "summary_gm_p05": 675.1404531717301,
  "summary_gm_p95": 863.6513819694519,
  "summary_gm_stdv": 57.90673510549178,
  "summary_wm_k": 1.0395139267969764,
  "summary_wm_mad": 36.95831018419738,
  "summary_wm_mean": 998.5872490453777,
  "summary_wm_median": 999.9999957084656,
  "summary_wm_n": 236018.0,
  "summary_wm_p05": 926.6323552131653,
  "summary_wm_p95": 1062.6575659036635,
  "summary_wm_stdv": 41.52268396467408,
  "tpm_overlap_csf": 0.17636525630950928,
  "tpm_overlap_gm": 0.439471036195755,
  "tpm_overlap_wm": 0.5018685460090637,
  "wm2max": 0.4460284703504043
}