{
  "bids_meta": {
    "AcquisitionMatrixPE": 224,
    "AcquisitionNumber": 1,
    "AcquisitionTime": "13:33:17.715000",
    "BodyPartExamined": "HEAD",
    "CoilString": "HeadNeck_64_CS",
    "ConversionSoftware": "dcm2niix",
    "ConversionSoftwareVersion": "v1.0.20190410  GCC6.3.0",
    "DeviceSerialNumber": "175956",
    "EchoTime": 0.00236,
    "FlipAngle": 9,
    "ImageOrientationPatientDICOM": [
      0.0536896,
      0.985923,
      0.158344,
      0.0138908,
      0.15782,
      -0.98737
    ],
    "ImageType": [
      "ORIGINAL",
      "PRIMARY",
      "M",
      "NONE"
    ],
    "ImagingFrequency": 123.263,
    "InPlanePhaseEncodingDirectionDICOM": "ROW",
    "InstitutionAddress": "AT",
    "InstitutionName": "TU_Graz",
    "MRAcquisitionType": "3D",
    "MagneticFieldStrength": 3,
    "Manufacturer": "Siemens",
    "ManufacturersModelName": "MAGNETOM_Vida",
    "Modality": "MR",
    "PatientPosition": "HFS",
    "PercentPhaseFOV": 100,
    "PixelBandwidth": 251,
    "ProcedureStepDescription": "TU_2020",
    "ProtocolName": "anat-T1w",
    "ReceiveCoilActiveElements": "HC1-7;NC1_2",
    "ReconMatrixPE": 224,
    "RepetitionTime": 1.6,
    "SequenceVariant": "SK_SP_MP_OSP",
    "SeriesDescription": "anat-T1w",
    "SeriesNumber": 5,
    "SliceThickness": 1,
    "SoftwareVersions": "syngo_MR_XA20",
    "StationName": "AWP175956",
    "dataset": "ds003612",
    "modality": "T1w",
    "session_id": "1",
    "subject_id": "108TUSW011007"
  },
  "cjv": 0.35659498584141053,
  "cnr": 3.6218178508520933,
  "efc": 0.6081843452208187,
  "fber": 5563.404844290657,
  "fwhm_avg": 4.1511466666666665,
  "fwhm_x": 4.04215,
  "fwhm_y": 4.19136,
  "fwhm_z": 4.21993,
  "icvs_csf": 0.2098015843190718,
  "icvs_gm": 0.394325841484691,
  "icvs_wm": 0.39587257419623717,
  "inu_med": 1.339259147644043,
  "inu_range": 0.40501785874366747,
  "provenance": {
    "md5sum": "ba74cab50d8645fa2680a74e1040103c",
    "settings": {
      "testing": false
    },
    "software": "mriqc",
    "version": "21.0.0rc2",
    "warnings": {
      "large_rot_frame": true,
      "small_air_mask": false
    },
    "webapi_port": null,
    "webapi_url": "https://mriqc.nimh.nih.gov/api/v1"
  },
  "qi_1": 0.0,
  "qi_2": 0.00991443029198913,
  "rpve_csf": 21.705600156425138,
  "rpve_gm": 11.637175369604767,
  "rpve_wm": 14.193764562265907,
  "size_x": 192,
  "size_y": 224,
  "size_z": 224,
  "snr_csf": 4.093733969044693,
  "snr_gm": 13.348176275949106,
  "snr_total": 14.701840487821464,
  "snr_wm": 26.663611218470596,
  "snrd_csf": 52.717219976254775,
  "snrd_gm": 105.53129097095254,
  "snrd_total": 99.41958816128914,
  "snrd_wm": 140.01025353666012,
  "spacing_x": 1.0,
  "spacing_y": 1.0,
  "spacing_z": 1.0,
  "summary_bg_k": 3.789633712371322,
  "summary_bg_mad": 4.6792026822302235,
  "summary_bg_mean": 9.19792227524603,
  "summary_bg_median": 9.5114566385746,
  "summary_bg_n": 1697246.0,
  "summary_bg_p05": 3.156074248254299,
  "summary_bg_p95": 19.15261495858431,
  "summary_bg_stdv": 5.309333904841939,
  "summary_csf_k": -0.14981703915412448,
  "summary_csf_mad": 90.05862696621185,
  "summary_csf_mean": 394.24590042118336,
  "summary_csf_median": 376.52398120611906,
  "summary_csf_n": 27491.0,
  "summary_csf_p05": 267.0773790217936,
  "summary_csf_p95": 558.7764605693519,
  "summary_csf_stdv": 91.97401097852263,
  "summary_gm_k": 0.004620696963263615,
  "summary_gm_mad": 55.188952183564695,
  "summary_gm_mean": 755.4139075141268,
  "summary_gm_median": 753.7397047132254,
  "summary_gm_n": 14248.0,
  "summary_gm_p05": 663.352764615789,
  "summary_gm_p95": 852.6869557853788,
  "summary_gm_stdv": 56.46563530087482,
  "summary_wm_k": 1.1160647925185234,
  "summary_wm_mad": 32.62622144185183,
  "summary_wm_mean": 998.4592377348413,
  "summary_wm_median": 999.9999638646841,
  "summary_wm_n": 229199.0,
  "summary_wm_p05": 932.4686217308044,
  "summary_wm_p95": 1056.0310902446508,
  "summary_wm_stdv": 37.50421404506782,
  "tpm_overlap_csf": 0.16785933077335358,
  "tpm_overlap_gm": 0.4278472065925598,
  "tpm_overlap_wm": 0.4913104772567749,
  "wm2max": 0.45930125703485064
}