{
  "bids_meta": {
    "AcquisitionMatrixPE": 224,
    "AcquisitionNumber": 1,
    "AcquisitionTime": "10:25:22.680000",
    "BodyPartExamined": "HEAD",
    "CoilString": "HeadNeck_64_CS",
    "ConversionSoftware": "dcm2niix",
    "ConversionSoftwareVersion": "v1.0.20190410  GCC6.3.0",
    "DeviceSerialNumber": "175956",
    "EchoTime": 0.00236,
    "FlipAngle": 9,
    "ImageOrientationPatientDICOM": [
      -0.0360373,
      0.995795,
      0.0842234,
      0.0245843,
      0.085136,
      -0.996066
    ],
    "ImageType": [
      "ORIGINAL",
      "PRIMARY",
      "M",
      "NONE"
    ],
    "ImagingFrequency": 123.263,
    "InPlanePhaseEncodingDirectionDICOM": "ROW",
    "InstitutionAddress": "AT",
    "InstitutionName": "TU_Graz",
    "MRAcquisitionType": "3D",
    "MagneticFieldStrength": 3,
    "Manufacturer": "Siemens",
    "ManufacturersModelName": "MAGNETOM_Vida",
    "Modality": "MR",
    "PatientPosition": "HFS",
    "PercentPhaseFOV": 100,
    "PixelBandwidth": 251,
    "ProcedureStepDescription": "TU_2020",
    "ProtocolName": "anat-T1w",
    "ReceiveCoilActiveElements": "HC1-7;NC1_2",
    "ReconMatrixPE": 224,
    "RepetitionTime": 1.6,
    "SequenceVariant": "SK_SP_MP_OSP",
    "SeriesDescription": "anat-T1w",
    "SeriesNumber": 5,
    "SliceThickness": 1,
    "SoftwareVersions": "syngo_MR_XA20",
    "StationName": "AWP175956",
    "dataset": "ds003612",
    "modality": "T1w",
    "session_id": "1",
    "subject_id": "108TUSW011046"
  },
  "cjv": 0.36869897211925456,
  "cnr": 3.465797005869719,
  "efc": 0.6093840161403735,
  "fber": 5955.382224255769,
  "fwhm_avg": 4.212783333333333,
  "fwhm_x": 4.16418,
  "fwhm_y": 4.16017,
  "fwhm_z": 4.314,
  "icvs_csf": 0.21203606081692364,
  "icvs_gm": 0.4081532756034047,
  "icvs_wm": 0.3798106635796717,
  "inu_med": 1.1600524187088013,
  "inu_range": 0.3757102608680726,
  "provenance": {
    "md5sum": "fb785dfe9b012284ac737c5a91192db8",
    "settings": {
      "testing": false
    },
    "software": "mriqc",
    "version": "21.0.0rc2",
    "warnings": {
      "large_rot_frame": true,
      "small_air_mask": false
    },
    "webapi_port": null,
    "webapi_url": "https://mriqc.nimh.nih.gov/api/v1"
  },
  "qi_1": 5.0518911803209406e-05,
  "qi_2": 0.0069826112750737915,
  "rpve_csf": 20.662578082357935,
  "rpve_gm": 10.973358339387552,
  "rpve_wm": 14.374164877746232,
  "size_x": 192,
  "size_y": 224,
  "size_z": 224,
  "snr_csf": 3.1666927213058598,
  "snr_gm": 12.378303533650639,
  "snr_total": 14.456204521528505,
  "snr_wm": 27.823617309629014,
  "snrd_csf": 62.640446451585376,
  "snrd_gm": 107.90492197940637,
  "snrd_total": 104.54803834319102,
  "snrd_wm": 143.0987465985813,
  "spacing_x": 1.0,
  "spacing_y": 1.0,
  "spacing_z": 1.0,
  "summary_bg_k": 54.26854974500616,
  "summary_bg_mad": 4.578439830412288,
  "summary_bg_mean": 9.302631044196318,
  "summary_bg_median": 9.31414045020938,
  "summary_bg_n": 1856290.0,
  "summary_bg_p05": 3.088110737502575,
  "summary_bg_p95": 18.77770561352372,
  "summary_bg_stdv": 5.756782649578248,
  "summary_csf_k": 33.15294750641759,
  "summary_csf_mad": 132.70090927824003,
  "summary_csf_mean": 446.12651116536756,
  "summary_csf_median": 437.7646011598408,
  "summary_csf_n": 23836.0,
  "summary_csf_p05": 276.93380162119865,
  "summary_csf_p95": 605.0206633619964,
  "summary_csf_stdv": 138.23741573439023,
  "summary_gm_k": -0.07830376055705335,
  "summary_gm_mad": 59.29818038421077,
  "summary_gm_mean": 758.064223084485,
  "summary_gm_median": 754.0967188030481,
  "summary_gm_n": 18498.0,
  "summary_gm_p05": 664.0434250384569,
  "summary_gm_p95": 867.3108430989087,
  "summary_gm_stdv": 60.9191989258951,
  "summary_wm_k": 1.1684401637286594,
  "summary_wm_mad": 31.38446657943907,
  "summary_wm_mean": 999.0015109586269,
  "summary_wm_median": 1000.0497965738177,
  "summary_wm_n": 232024.0,
  "summary_wm_p05": 937.4906500205398,
  "summary_wm_p95": 1055.785214561969,
  "summary_wm_stdv": 35.9424021106202,
  "tpm_overlap_csf": 0.15786759555339813,
  "tpm_overlap_gm": 0.44266030192375183,
  "tpm_overlap_wm": 0.5038958191871643,
  "wm2max": 0.4494034962061016
}