{
  "bids_meta": {
    "AcquisitionMatrixPE": 224,
    "AcquisitionNumber": 1,
    "AcquisitionTime": "10:21:51.182500",
    "BodyPartExamined": "HEAD",
    "CoilString": "HeadNeck_64_CS",
    "ConversionSoftware": "dcm2niix",
    "ConversionSoftwareVersion": "v1.0.20190410  GCC6.3.0",
    "DeviceSerialNumber": "175956",
    "EchoTime": 0.00236,
    "FlipAngle": 9,
    "ImageOrientationPatientDICOM": [
      0.0754105,
      0.997101,
      0.0101123,
      0.0453725,
      0.00669954,
      -0.998948
    ],
    "ImageType": [
      "ORIGINAL",
      "PRIMARY",
      "M",
      "NONE"
    ],
    "ImagingFrequency": 123.263,
    "InPlanePhaseEncodingDirectionDICOM": "ROW",
    "InstitutionAddress": "AT",
    "InstitutionName": "TU_Graz",
    "MRAcquisitionType": "3D",
    "MagneticFieldStrength": 3,
    "Manufacturer": "Siemens",
    "ManufacturersModelName": "MAGNETOM_Vida",
    "Modality": "MR",
    "PatientPosition": "HFS",
    "PercentPhaseFOV": 100,
    "PixelBandwidth": 251,
    "ProcedureStepDescription": "TU_2020",
    "ProtocolName": "anat-T1w",
    "ReceiveCoilActiveElements": "HC1-7;NC1",
    "ReconMatrixPE": 224,
    "RepetitionTime": 1.6,
    "SequenceVariant": "SK_SP_MP_OSP",
    "SeriesDescription": "anat-T1w",
    "SeriesNumber": 5,
    "SliceThickness": 1,
    "SoftwareVersions": "syngo_MR_XA20",
    "StationName": "AWP175956",
    "dataset": "ds003612",
    "modality": "T1w",
    "session_id": "1",
    "subject_id": "108TUSW011021"
  },
  "cjv": 0.4595894459484351,
  "cnr": 2.8589010979328218,
  "efc": 0.6468767345290215,
  "fber": 11001.862545725091,
  "fwhm_avg": 4.40015,
  "fwhm_x": 4.32352,
  "fwhm_y": 4.36708,
  "fwhm_z": 4.50985,
  "icvs_csf": 0.20513785507015603,
  "icvs_gm": 0.4085676112935064,
  "icvs_wm": 0.3862945336363376,
  "inu_med": 1.2528045177459717,
  "inu_range": 0.586683863401413,
  "provenance": {
    "md5sum": "e7e851fdfe15465f2c9800c9e56469c4",
    "settings": {
      "testing": false
    },
    "software": "mriqc",
    "version": "21.0.0rc2",
    "warnings": {
      "large_rot_frame": true,
      "small_air_mask": false
    },
    "webapi_port": null,
    "webapi_url": "https://mriqc.nimh.nih.gov/api/v1"
  },
  "qi_1": 0.0,
  "qi_2": 0.03271521660088659,
  "rpve_csf": 19.64343371719639,
  "rpve_gm": 10.056614091641721,
  "rpve_wm": 12.62913741389845,
  "size_x": 192,
  "size_y": 224,
  "size_z": 224,
  "snr_csf": 2.839992810830171,
  "snr_gm": 12.44687571728097,
  "snr_total": 11.783614617782392,
  "snr_wm": 20.06397532523604,
  "snrd_csf": 45.84714855325714,
  "snrd_gm": 94.9070021757779,
  "snrd_total": 87.89724432829776,
  "snrd_wm": 122.93758225585826,
  "spacing_x": 1.0,
  "spacing_y": 1.0,
  "spacing_z": 1.0,
  "summary_bg_k": 7.040102644601095,
  "summary_bg_mad": 5.329330148303585,
  "summary_bg_mean": 8.070309825093952,
  "summary_bg_median": 7.307012155652046,
  "summary_bg_n": 1825093.0,
  "summary_bg_p05": 3.653506077826023,
  "summary_bg_p95": 18.50324045866728,
  "summary_bg_stdv": 5.459202581834334,
  "summary_csf_k": 3.0709940000798683,
  "summary_csf_mad": 116.28423651462414,
  "summary_csf_mean": 415.31476893057635,
  "summary_csf_median": 372.9522575251758,
  "summary_csf_n": 26618.0,
  "summary_csf_p05": 255.68649793043733,
  "summary_csf_p95": 653.2704577222466,
  "summary_csf_stdv": 131.3190830614242,
  "summary_gm_k": 0.21121181597025274,
  "summary_gm_mad": 59.97680568541658,
  "summary_gm_mean": 774.9958483281388,
  "summary_gm_median": 772.0388690102845,
  "summary_gm_n": 24886.0,
  "summary_gm_p05": 678.1967975758016,
  "summary_gm_p95": 883.4708043839782,
  "summary_gm_stdv": 62.02547328987387,
  "summary_wm_k": 0.7692986373894781,
  "summary_wm_mad": 44.818792886553105,
  "summary_wm_mean": 999.3119205531547,
  "summary_wm_median": 1000.0588975287974,
  "summary_wm_n": 240673.0,
  "summary_wm_p05": 913.7890120781958,
  "summary_wm_p95": 1079.0806983411312,
  "summary_wm_stdv": 49.8434035970316,
  "tpm_overlap_csf": 0.1758367419242859,
  "tpm_overlap_gm": 0.437634140253067,
  "tpm_overlap_wm": 0.4982970654964447,
  "wm2max": 0.42681342482763823
}