{
  "aor": 0.0006619576719576719,
  "aqi": 0.013657205820105817,
  "bids_meta": {
    "AcquisitionMatrixPE": 128,
    "AcquisitionNumber": 1,
    "AcquisitionTime": "12:51:8.852500",
    "BandwidthPerPixelPhaseEncode": 23.321,
    "BodyPartExamined": "HEAD",
    "CoilString": "HeadNeck_64_CS",
    "ConversionSoftware": "dcm2niix",
    "ConversionSoftwareVersion": "v1.0.20190410  GCC6.3.0",
    "DerivedVendorReportedEchoSpacing": 0.000334999,
    "DeviceSerialNumber": "175956",
    "EchoTime": 0.03,
    "EchoTrainLength": 63,
    "EffectiveEchoSpacing": 0.000334999,
    "FlipAngle": 72,
    "ImageOrientationPatientDICOM": [
      0.998156,
      -0.0563227,
      0.0226332,
      0.0607001,
      0.926179,
      -0.372166
    ],
    "ImageType": [
      "ORIGINAL",
      "PRIMARY",
      "FMRI",
      "NONE"
    ],
    "ImagingFrequency": 123.263,
    "InPlanePhaseEncodingDirectionDICOM": "COL",
    "InstitutionAddress": "AT",
    "InstitutionName": "TU_Graz",
    "MRAcquisitionType": "2D",
    "MagneticFieldStrength": 3,
    "Manufacturer": "Siemens",
    "ManufacturersModelName": "MAGNETOM_Vida",
    "Modality": "MR",
    "MultibandAccelerationFactor": 3,
    "PartialFourier": 0.492188,
    "PatientPosition": "HFS",
    "PercentPhaseFOV": 100,
    "PhaseEncodingDirection": "j-",
    "PixelBandwidth": 1953,
    "ProcedureStepDescription": "TU_2020",
    "ProtocolName": "func_task-execution_acq-Fs2_run-02",
    "ReceiveCoilActiveElements": "HC1-7;NC1",
    "ReconMatrixPE": 128,
    "RepetitionTime": 2.3,
    "SequenceVariant": "SK",
    "SeriesDescription": "func_task-execution_acq-Fs2_run-02",
    "SeriesNumber": 12,
    "SliceThickness": 1.8,
    "SliceTiming": [
      0.0031775,
      0,
      0.00326,
      8e-05,
      0.00334,
      0.0001625,
      0.0034225,
      0.000245,
      0.003505,
      0.000325,
      0.003585,
      0.0004075,
      0.0036675,
      0.0004875,
      0.0037475,
      0.00057,
      0.00383,
      0.0006525,
      0.0039125,
      0.0007325,
      0.0039925,
      0.000815,
      0.004075,
      0.000895,
      0.004155,
      0.0009775,
      0.0042375,
      0.00106,
      0.00432,
      0.00114,
      0.0044,
      0.0012225,
      0.0044825,
      0.0013025,
      0.0045625,
      0.001385,
      0.004645,
      0.0014675,
      0.0047275,
      0.0015475,
      0.0048075,
      0.00163,
      0.00489,
      0.00171,
      0.00497,
      0.0017925,
      0.0050525,
      0.001875,
      0.005135,
      0.001955,
      0.005215,
      0.0020375,
      0.0052975,
      0.0021175,
      0.0053775,
      0.0022,
      0.00546,
      0.0022825,
      0.0055425,
      0.0023625,
      0.0056225,
      0.002445,
      0.005705,
      0.002525,
      0.005785,
      0.0026075,
      0.0058675,
      0.00269,
      0.00595,
      0.00277,
      0.00603,
      0.0028525,
      0.0061125,
      0.0029325,
      0.0061925,
      0.003015,
      0.006275,
      0.0030975
    ],
    "SoftwareVersions": "syngo_MR_XA20",
    "SpacingBetweenSlices": 1.8,
    "StationName": "AWP175956",
    "TaskName": "execution",
    "TotalReadoutTime": 0.0425448,
    "acq_id": "Fs2",
    "dataset": "ds003612",
    "modality": "bold",
    "run_id": 2,
    "session_id": "1",
    "subject_id": "108TUSW011006",
    "task_id": "execution"
  },
  "dummy_trs": 0,
  "dvars_nstd": 44.87590053223406,
  "dvars_std": 1.132370070638298,
  "dvars_vstd": 1.0113996636170215,
  "efc": 0.4541224449335749,
  "fber": 5427.7578125,
  "fd_mean": 0.10585639175520233,
  "fd_num": 8,
  "fd_perc": 4.232804232804233,
  "fwhm_avg": 2.2186161218370803,
  "fwhm_x": 2.1290069373267553,
  "fwhm_y": 2.341180259173127,
  "fwhm_z": 2.1856611690113588,
  "gcor": 0.0126789,
  "gsr_x": -0.012841746211051941,
  "gsr_y": 0.010491306893527508,
  "provenance": {
    "md5sum": "88019879be6bbec7391c1f26902a3368",
    "settings": {
      "fd_thres": 0.2,
      "testing": false
    },
    "software": "mriqc",
    "version": "21.0.0rc2",
    "webapi_port": null,
    "webapi_url": "https://mriqc.nimh.nih.gov/api/v1"
  },
  "size_t": 189,
  "size_x": 128,
  "size_y": 128,
  "size_z": 78,
  "snr": 5.1380745289906375,
  "spacing_tr": 2.299999952316284,
  "spacing_x": 1.7968800067901611,
  "spacing_y": 1.7968800067901611,
  "spacing_z": 1.7999999523162842,
  "summary_bg_k": 38.180788694297405,
  "summary_bg_mad": 6.463831273509442,
  "summary_bg_mean": 25.834136962890625,
  "summary_bg_median": 8.920634269714355,
  "summary_bg_n": 946590.0,
  "summary_bg_p05": 3.412698268890381,
  "summary_bg_p95": 103.47618865966797,
  "summary_bg_stdv": 52.82710647583008,
  "summary_fg_k": 1.5060311272641318,
  "summary_fg_mad": 125.67605644032355,
  "summary_fg_mean": 661.7504272460938,
  "summary_fg_median": 655.44970703125,
  "summary_fg_n": 203165.0,
  "summary_fg_p05": 481.3068542480469,
  "summary_fg_p95": 867.3788085937499,
  "summary_fg_stdv": 127.5668716430664,
  "tsnr": 35.59791740914807
}