{
  "aor": 0.001652439024390244,
  "aqi": 0.02263819024390244,
  "bids_meta": {
    "AcquisitionMatrixPE": 128,
    "AcquisitionNumber": 1,
    "AcquisitionTime": "16:22:3.817500",
    "BandwidthPerPixelPhaseEncode": 23.321,
    "BodyPartExamined": "HEAD",
    "CoilString": "HeadNeck_64_CS",
    "ConversionSoftware": "dcm2niix",
    "ConversionSoftwareVersion": "v1.0.20190410  GCC6.3.0",
    "DerivedVendorReportedEchoSpacing": 0.000334999,
    "DeviceSerialNumber": "175956",
    "EchoTime": 0.03,
    "EchoTrainLength": 63,
    "EffectiveEchoSpacing": 0.000334999,
    "FlipAngle": 72,
    "ImageOrientationPatientDICOM": [
      0.998766,
      0.021976,
      -0.0445323,
      -0.0343541,
      0.953305,
      -0.300049
    ],
    "ImageType": [
      "ORIGINAL",
      "PRIMARY",
      "FMRI",
      "NONE"
    ],
    "ImagingFrequency": 123.263,
    "InPlanePhaseEncodingDirectionDICOM": "COL",
    "InstitutionAddress": "AT",
    "InstitutionName": "TU_Graz",
    "MRAcquisitionType": "2D",
    "MagneticFieldStrength": 3,
    "Manufacturer": "Siemens",
    "ManufacturersModelName": "MAGNETOM_Vida",
    "Modality": "MR",
    "MultibandAccelerationFactor": 3,
    "PartialFourier": 0.492188,
    "PatientPosition": "HFS",
    "PercentPhaseFOV": 100,
    "PhaseEncodingDirection": "j-",
    "PixelBandwidth": 1953,
    "ProcedureStepDescription": "TU_2020",
    "ProtocolName": "func_task-execution_acq-Fs2_run-02",
    "ReceiveCoilActiveElements": "HC1-7;NC1",
    "ReconMatrixPE": 128,
    "RepetitionTime": 2.3,
    "SequenceVariant": "SK",
    "SeriesDescription": "func_task-execution_acq-Fs2_run-02",
    "SeriesNumber": 14,
    "SliceThickness": 1.8,
    "SliceTiming": [
      0.00318,
      0,
      0.00326,
      8.25e-05,
      0.0033425,
      0.0001625,
      0.0034225,
      0.000245,
      0.003505,
      0.0003275,
      0.0035875,
      0.0004075,
      0.0036675,
      0.00049,
      0.00375,
      0.00057,
      0.00383,
      0.0006525,
      0.0039125,
      0.000735,
      0.003995,
      0.000815,
      0.004075,
      0.0008975,
      0.0041575,
      0.0009775,
      0.0042375,
      0.00106,
      0.00432,
      0.0011425,
      0.0044025,
      0.0012225,
      0.0044825,
      0.001305,
      0.004565,
      0.001385,
      0.004645,
      0.0014675,
      0.0047275,
      0.00155,
      0.00481,
      0.00163,
      0.00489,
      0.0017125,
      0.0049725,
      0.0017925,
      0.0050525,
      0.001875,
      0.005135,
      0.0019575,
      0.0052175,
      0.0020375,
      0.0052975,
      0.00212,
      0.00538,
      0.0022,
      0.00546,
      0.0022825,
      0.0055425,
      0.002365,
      0.005625,
      0.002445,
      0.005705,
      0.0025275,
      0.0057875,
      0.0026075,
      0.0058675,
      0.00269,
      0.00595,
      0.0027725,
      0.0060325,
      0.0028525,
      0.0061125,
      0.002935,
      0.006195,
      0.003015,
      0.006275,
      0.0030975
    ],
    "SoftwareVersions": "syngo_MR_XA20",
    "SpacingBetweenSlices": 1.8,
    "StationName": "AWP175956",
    "TaskName": "execution",
    "TotalReadoutTime": 0.0425448,
    "acq_id": "Fs2",
    "dataset": "ds003612",
    "modality": "bold",
    "run_id": 2,
    "session_id": "1",
    "subject_id": "108TUSW011014",
    "task_id": "execution"
  },
  "dummy_trs": 0,
  "dvars_nstd": 50.62734478583334,
  "dvars_std": 1.1859086832843144,
  "dvars_vstd": 0.9943332527941176,
  "efc": 0.45231443082857326,
  "fber": 5387.984375,
  "fd_mean": 0.09699342964618544,
  "fd_num": 20,
  "fd_perc": 9.75609756097561,
  "fwhm_avg": 2.1355307985156027,
  "fwhm_x": 2.0230900150610465,
  "fwhm_y": 2.289807880577354,
  "fwhm_z": 2.0936944999084077,
  "gcor": 0.00496006,
  "gsr_x": -0.022603098303079605,
  "gsr_y": 0.024550896137952805,
  "provenance": {
    "md5sum": "c7770fe2ce4feb46765c7b759d19daad",
    "settings": {
      "fd_thres": 0.2,
      "testing": false
    },
    "software": "mriqc",
    "version": "21.0.0rc2",
    "webapi_port": null,
    "webapi_url": "https://mriqc.nimh.nih.gov/api/v1"
  },
  "size_t": 205,
  "size_x": 128,
  "size_y": 128,
  "size_z": 78,
  "snr": 5.3076791447513685,
  "spacing_tr": 2.299999952316284,
  "spacing_x": 1.7968800067901611,
  "spacing_y": 1.7968800067901611,
  "spacing_z": 1.7999999523162842,
  "summary_bg_k": 40.98871109026781,
  "summary_bg_mad": 5.2361170585735515,
  "summary_bg_mean": 23.51283073425293,
  "summary_bg_median": 8.273170471191406,
  "summary_bg_n": 948496.0,
  "summary_bg_p05": 3.4585366249084473,
  "summary_bg_p95": 93.54634094238281,
  "summary_bg_stdv": 49.5900764465332,
  "summary_fg_k": 1.568723960536345,
  "summary_fg_mad": 107.11620046986847,
  "summary_fg_mean": 609.3992309570312,
  "summary_fg_median": 602.7073364257812,
  "summary_fg_n": 203211.0,
  "summary_fg_p05": 445.6585388183594,
  "summary_fg_p95": 797.1926879882812,
  "summary_fg_stdv": 113.55355834960938,
  "tsnr": 30.96934883762151
}