{
  "bids_meta": {
    "AcquisitionMatrixPE": 224,
    "AcquisitionNumber": 1,
    "AcquisitionTime": "14:16:40.172500",
    "BodyPartExamined": "HEAD",
    "CoilString": "HeadNeck_64_CS",
    "ConversionSoftware": "dcm2niix",
    "ConversionSoftwareVersion": "v1.0.20190410  GCC6.3.0",
    "DeviceSerialNumber": "175956",
    "EchoTime": 0.00236,
    "FlipAngle": 9,
    "ImageOrientationPatientDICOM": [
      0.0154955,
      0.999866,
      -0.00525986,
      -0.00472925,
      -0.00518714,
      -0.999975
    ],
    "ImageType": [
      "ORIGINAL",
      "PRIMARY",
      "M",
      "NONE"
    ],
    "ImagingFrequency": 123.263,
    "InPlanePhaseEncodingDirectionDICOM": "ROW",
    "InstitutionAddress": "AT",
    "InstitutionName": "TU_Graz",
    "MRAcquisitionType": "3D",
    "MagneticFieldStrength": 3,
    "Manufacturer": "Siemens",
    "ManufacturersModelName": "MAGNETOM_Vida",
    "Modality": "MR",
    "PatientPosition": "HFS",
    "PercentPhaseFOV": 100,
    "PixelBandwidth": 251,
    "ProcedureStepDescription": "TU_2020",
    "ProtocolName": "anat-T1w",
    "ReceiveCoilActiveElements": "HC1-7;NC1",
    "ReconMatrixPE": 224,
    "RepetitionTime": 1.6,
    "SequenceVariant": "SK_SP_MP_OSP",
    "SeriesDescription": "anat-T1w",
    "SeriesNumber": 5,
    "SliceThickness": 1,
    "SoftwareVersions": "syngo_MR_XA20",
    "StationName": "AWP175956",
    "dataset": "ds003612",
    "modality": "T1w",
    "session_id": "1",
    "subject_id": "108TUSW011031"
  },
  "cjv": 0.3773377789701532,
  "cnr": 3.2979512995309346,
  "efc": 0.6113687495475542,
  "fber": 9454.170362358032,
  "fwhm_avg": 4.1787833333333335,
  "fwhm_x": 3.99299,
  "fwhm_y": 4.26281,
  "fwhm_z": 4.28055,
  "icvs_csf": 0.20740709799408413,
  "icvs_gm": 0.40902502305459,
  "icvs_wm": 0.3835678789513259,
  "inu_med": 1.0104897022247314,
  "inu_range": 0.3934575021266937,
  "provenance": {
    "md5sum": "10a572e7eef36fd16b484787995845f6",
    "settings": {
      "testing": false
    },
    "software": "mriqc",
    "version": "21.0.0rc2",
    "warnings": {
      "large_rot_frame": true,
      "small_air_mask": false
    },
    "webapi_port": null,
    "webapi_url": "https://mriqc.nimh.nih.gov/api/v1"
  },
  "qi_1": 0.0,
  "qi_2": 0.010415887368135451,
  "rpve_csf": 20.462992521271254,
  "rpve_gm": 10.640694381551645,
  "rpve_wm": 13.665646237064372,
  "size_x": 192,
  "size_y": 224,
  "size_z": 224,
  "snr_csf": 2.6792370990364005,
  "snr_gm": 11.947997943415299,
  "snr_total": 12.890814048880912,
  "snr_wm": 24.045207104191036,
  "snrd_csf": 41.2283639958136,
  "snrd_gm": 87.85751742285832,
  "snrd_total": 82.0335492526433,
  "snrd_wm": 117.01476633925797,
  "spacing_x": 1.0,
  "spacing_y": 1.0,
  "spacing_z": 1.0,
  "summary_bg_k": 31.22032943883248,
  "summary_bg_mad": 5.598749678011796,
  "summary_bg_mean": 7.547986948829117,
  "summary_bg_median": 7.672481060028076,
  "summary_bg_n": 1803556.0,
  "summary_bg_p05": 3.8961817882955074,
  "summary_bg_p95": 15.764550928026438,
  "summary_bg_stdv": 5.49006273071534,
  "summary_csf_k": 52.526284203325446,
  "summary_csf_mad": 76.87172176952703,
  "summary_csf_mean": 384.56307800666775,
  "summary_csf_median": 352.3347161784768,
  "summary_csf_n": 24835.0,
  "summary_csf_p05": 258.04711690172553,
  "summary_csf_p95": 588.6830975823104,
  "summary_csf_stdv": 131.5029650501203,
  "summary_gm_k": 0.3684606850306169,
  "summary_gm_mad": 58.12035380031293,
  "summary_gm_mean": 753.8467979014737,
  "summary_gm_median": 750.824201233685,
  "summary_gm_n": 20008.0,
  "summary_gm_p05": 655.8382862979546,
  "summary_gm_p95": 867.5897723659873,
  "summary_gm_stdv": 62.83943481202406,
  "summary_wm_k": 1.1608102821108943,
  "summary_wm_mad": 35.90309317328199,
  "summary_wm_mean": 997.5496239472324,
  "summary_wm_median": 1000.0000119097531,
  "summary_wm_n": 222786.0,
  "summary_wm_p05": 923.1553187929094,
  "summary_wm_p95": 1060.3009177409112,
  "summary_wm_stdv": 41.588236826902396,
  "tpm_overlap_csf": 0.182925283908844,
  "tpm_overlap_gm": 0.4499683976173401,
  "tpm_overlap_wm": 0.5074977278709412,
  "wm2max": 0.4196981132075472
}