{
  "bids_meta": {
    "AcquisitionMatrixPE": 224,
    "AcquisitionNumber": 1,
    "AcquisitionTime": "14:48:28.515000",
    "BodyPartExamined": "HEAD",
    "CoilString": "HeadNeck_64_CS",
    "ConversionSoftware": "dcm2niix",
    "ConversionSoftwareVersion": "v1.0.20190410  GCC6.3.0",
    "DeviceSerialNumber": "175956",
    "EchoTime": 0.00236,
    "FlipAngle": 9,
    "ImageOrientationPatientDICOM": [
      -0.00875494,
      0.991165,
      -0.132347,
      -0.029482,
      -0.132551,
      -0.990738
    ],
    "ImageType": [
      "ORIGINAL",
      "PRIMARY",
      "M",
      "NONE"
    ],
    "ImagingFrequency": 123.263,
    "InPlanePhaseEncodingDirectionDICOM": "ROW",
    "InstitutionAddress": "AT",
    "InstitutionName": "TU_Graz",
    "MRAcquisitionType": "3D",
    "MagneticFieldStrength": 3,
    "Manufacturer": "Siemens",
    "ManufacturersModelName": "MAGNETOM_Vida",
    "Modality": "MR",
    "PatientPosition": "HFS",
    "PercentPhaseFOV": 100,
    "PixelBandwidth": 251,
    "ProcedureStepDescription": "TU_2020",
    "ProtocolName": "anat-T1w",
    "ReceiveCoilActiveElements": "HC1-7;NC1_2",
    "ReconMatrixPE": 224,
    "RepetitionTime": 1.6,
    "SequenceVariant": "SK_SP_MP_OSP",
    "SeriesDescription": "anat-T1w",
    "SeriesNumber": 5,
    "SliceThickness": 1,
    "SoftwareVersions": "syngo_MR_XA20",
    "StationName": "AWP175956",
    "dataset": "ds003612",
    "modality": "T1w",
    "session_id": "1",
    "subject_id": "108TUSW011008"
  },
  "cjv": 0.3537955055853559,
  "cnr": 3.6674744173189864,
  "efc": 0.619370606897741,
  "fber": 4483.258979591837,
  "fwhm_avg": 4.23155,
  "fwhm_x": 4.15394,
  "fwhm_y": 4.19897,
  "fwhm_z": 4.34174,
  "icvs_csf": 0.21820778796462392,
  "icvs_gm": 0.4118230014715489,
  "icvs_wm": 0.3699692105638272,
  "inu_med": 1.128453254699707,
  "inu_range": 0.4157385677099228,
  "provenance": {
    "md5sum": "3870b456df9b33c597483e326ee3d379",
    "settings": {
      "testing": false
    },
    "software": "mriqc",
    "version": "21.0.0rc2",
    "warnings": {
      "large_rot_frame": true,
      "small_air_mask": false
    },
    "webapi_port": null,
    "webapi_url": "https://mriqc.nimh.nih.gov/api/v1"
  },
  "qi_1": 0.0,
  "qi_2": 0.024715283504825422,
  "rpve_csf": 19.206700670751722,
  "rpve_gm": 10.338530517726678,
  "rpve_wm": 13.633331427918144,
  "size_x": 192,
  "size_y": 224,
  "size_z": 224,
  "snr_csf": 3.185045101696405,
  "snr_gm": 14.392526081218692,
  "snr_total": 14.22373582514222,
  "snr_wm": 25.093636292511565,
  "snrd_csf": 45.072042707910555,
  "snrd_gm": 90.95841223785479,
  "snrd_total": 85.38016829674037,
  "snrd_wm": 120.11004994445577,
  "spacing_x": 1.0,
  "spacing_y": 1.0,
  "spacing_z": 1.0,
  "summary_bg_k": 2.0203533299283816,
  "summary_bg_mad": 5.454467423014516,
  "summary_bg_mean": 9.309098349209448,
  "summary_bg_median": 7.410521630197763,
  "summary_bg_n": 1735084.0,
  "summary_bg_p05": 3.6789823696017265,
  "summary_bg_p95": 18.447468739002943,
  "summary_bg_stdv": 4.801441333673734,
  "summary_csf_k": 7.078432580649428,
  "summary_csf_mad": 118.20610115304316,
  "summary_csf_mean": 402.416021863176,
  "summary_csf_median": 375.2562016993761,
  "summary_csf_n": 34557.0,
  "summary_csf_p05": 253.11398702859879,
  "summary_csf_p95": 602.8800965957344,
  "summary_csf_stdv": 117.81647045910734,
  "summary_gm_k": 0.4079982447642627,
  "summary_gm_mad": 49.94733740217578,
  "summary_gm_mean": 756.3323458608169,
  "summary_gm_median": 757.2922423370183,
  "summary_gm_n": 28672.0,
  "summary_gm_p05": 667.6590925907716,
  "summary_gm_p95": 841.6171460928393,
  "summary_gm_stdv": 52.616130887641724,
  "summary_wm_k": 0.9321189653040287,
  "summary_wm_mad": 35.92156402870989,
  "summary_wm_mean": 998.7363748900436,
  "summary_wm_median": 999.9999649487436,
  "summary_wm_n": 224811.0,
  "summary_wm_p05": 930.7299826182425,
  "summary_wm_p95": 1061.3338567391038,
  "summary_wm_stdv": 39.85065094588579,
  "tpm_overlap_csf": 0.17127995193004608,
  "tpm_overlap_gm": 0.4487258791923523,
  "tpm_overlap_wm": 0.5088706016540527,
  "wm2max": 0.45092908823106287
}