{
  "aor": 0.0005932124352331607,
  "aqi": 0.01906359689119171,
  "bids_meta": {
    "AcquisitionMatrixPE": 128,
    "AcquisitionNumber": 1,
    "AcquisitionTime": "14:00:0.795000",
    "BandwidthPerPixelPhaseEncode": 23.321,
    "BodyPartExamined": "HEAD",
    "CoilString": "HeadNeck_64_CS",
    "ConversionSoftware": "dcm2niix",
    "ConversionSoftwareVersion": "v1.0.20190410  GCC6.3.0",
    "DerivedVendorReportedEchoSpacing": 0.000334999,
    "DeviceSerialNumber": "175956",
    "EchoTime": 0.03,
    "EchoTrainLength": 63,
    "EffectiveEchoSpacing": 0.000334999,
    "FlipAngle": 72,
    "ImageOrientationPatientDICOM": [
      0.996741,
      -0.0558879,
      0.0581762,
      0.0677762,
      0.971262,
      -0.22816
    ],
    "ImageType": [
      "ORIGINAL",
      "PRIMARY",
      "FMRI",
      "NONE"
    ],
    "ImagingFrequency": 123.263,
    "InPlanePhaseEncodingDirectionDICOM": "COL",
    "InstitutionAddress": "AT",
    "InstitutionName": "TU_Graz",
    "MRAcquisitionType": "2D",
    "MagneticFieldStrength": 3,
    "Manufacturer": "Siemens",
    "ManufacturersModelName": "MAGNETOM_Vida",
    "Modality": "MR",
    "MultibandAccelerationFactor": 3,
    "PartialFourier": 0.492188,
    "PatientPosition": "HFS",
    "PercentPhaseFOV": 100,
    "PhaseEncodingDirection": "j-",
    "PixelBandwidth": 1953,
    "ProcedureStepDescription": "TU_2020",
    "ProtocolName": "func_task-execution_acq-Fs2_run-02",
    "ReceiveCoilActiveElements": "HC1-7;NC1",
    "ReconMatrixPE": 128,
    "RepetitionTime": 2.3,
    "SequenceVariant": "SK",
    "SeriesDescription": "func_task-execution_acq-Fs2_run-02",
    "SeriesNumber": 14,
    "SliceThickness": 1.8,
    "SliceTiming": [
      0.00318,
      0,
      0.00326,
      8.25e-05,
      0.0033425,
      0.0001625,
      0.0034225,
      0.000245,
      0.003505,
      0.0003275,
      0.0035875,
      0.0004075,
      0.0036675,
      0.00049,
      0.00375,
      0.00057,
      0.00383,
      0.0006525,
      0.0039125,
      0.000735,
      0.003995,
      0.000815,
      0.004075,
      0.0008975,
      0.0041575,
      0.0009775,
      0.0042375,
      0.00106,
      0.00432,
      0.0011425,
      0.0044025,
      0.0012225,
      0.0044825,
      0.001305,
      0.004565,
      0.001385,
      0.004645,
      0.0014675,
      0.0047275,
      0.00155,
      0.00481,
      0.00163,
      0.00489,
      0.0017125,
      0.0049725,
      0.0017925,
      0.0050525,
      0.001875,
      0.005135,
      0.0019575,
      0.0052175,
      0.0020375,
      0.0052975,
      0.00212,
      0.00538,
      0.0022,
      0.00546,
      0.0022825,
      0.0055425,
      0.002365,
      0.005625,
      0.002445,
      0.005705,
      0.0025275,
      0.0057875,
      0.0026075,
      0.0058675,
      0.00269,
      0.00595,
      0.0027725,
      0.0060325,
      0.0028525,
      0.0061125,
      0.002935,
      0.006195,
      0.003015,
      0.006275,
      0.0030975
    ],
    "SoftwareVersions": "syngo_MR_XA20",
    "SpacingBetweenSlices": 1.8,
    "StationName": "AWP175956",
    "TaskName": "execution",
    "TotalReadoutTime": 0.0425448,
    "acq_id": "Fs2",
    "dataset": "ds003612",
    "modality": "bold",
    "run_id": 2,
    "session_id": "1",
    "subject_id": "108TUSW011016",
    "task_id": "execution"
  },
  "dummy_trs": 0,
  "dvars_nstd": 45.3098271089583,
  "dvars_std": 1.1279630699999994,
  "dvars_vstd": 1.00202863671875,
  "efc": 0.471838322917905,
  "fber": 4571.013671875,
  "fd_mean": 0.08446642038029838,
  "fd_num": 5,
  "fd_perc": 2.5906735751295336,
  "fwhm_avg": 2.100905723957208,
  "fwhm_x": 2.0155157752962487,
  "fwhm_y": 2.2539846760468594,
  "fwhm_z": 2.033216720528516,
  "gcor": 0.00362209,
  "gsr_x": -0.018332555890083313,
  "gsr_y": 0.02360128052532673,
  "provenance": {
    "md5sum": "cac9d6169643763bd4d0657b484cd06e",
    "settings": {
      "fd_thres": 0.2,
      "testing": false
    },
    "software": "mriqc",
    "version": "21.0.0rc2",
    "webapi_port": null,
    "webapi_url": "https://mriqc.nimh.nih.gov/api/v1"
  },
  "size_t": 193,
  "size_x": 128,
  "size_y": 128,
  "size_z": 78,
  "snr": 5.296520917646099,
  "spacing_tr": 2.299999952316284,
  "spacing_x": 1.7968800067901611,
  "spacing_y": 1.7968800067901611,
  "spacing_z": 1.7999999523162842,
  "summary_bg_k": 48.762548870890456,
  "summary_bg_mad": 6.2607294913056455,
  "summary_bg_mean": 22.448474884033203,
  "summary_bg_median": 8.766839027404785,
  "summary_bg_n": 917813.0,
  "summary_bg_p05": 3.5025906562805176,
  "summary_bg_p95": 82.60103607177734,
  "summary_bg_stdv": 43.10607147216797,
  "summary_fg_k": 2.0521065531516918,
  "summary_fg_mad": 99.79906444145831,
  "summary_fg_mean": 595.0449829101562,
  "summary_fg_median": 587.73828125,
  "summary_fg_n": 227760.0,
  "summary_fg_p05": 438.23834228515625,
  "summary_fg_p95": 780.39892578125,
  "summary_fg_stdv": 110.96661376953125,
  "tsnr": 34.59124270873144
}