{
  "aor": 0.000504,
  "aqi": 0.01471908894736842,
  "bids_meta": {
    "AcquisitionMatrixPE": 128,
    "AcquisitionNumber": 1,
    "AcquisitionTime": "14:44:16.812500",
    "BandwidthPerPixelPhaseEncode": 23.321,
    "BodyPartExamined": "HEAD",
    "CoilString": "HeadNeck_64_CS",
    "ConversionSoftware": "dcm2niix",
    "ConversionSoftwareVersion": "v1.0.20190410  GCC6.3.0",
    "DerivedVendorReportedEchoSpacing": 0.000334999,
    "DeviceSerialNumber": "175956",
    "EchoTime": 0.03,
    "EchoTrainLength": 63,
    "EffectiveEchoSpacing": 0.000334999,
    "FlipAngle": 72,
    "ImageOrientationPatientDICOM": [
      0.999997,
      -0.000834706,
      -0.00233106,
      -4.57643e-08,
      0.941456,
      -0.337136
    ],
    "ImageType": [
      "ORIGINAL",
      "PRIMARY",
      "FMRI",
      "NONE"
    ],
    "ImagingFrequency": 123.263,
    "InPlanePhaseEncodingDirectionDICOM": "COL",
    "InstitutionAddress": "AT",
    "InstitutionName": "TU_Graz",
    "MRAcquisitionType": "2D",
    "MagneticFieldStrength": 3,
    "Manufacturer": "Siemens",
    "ManufacturersModelName": "MAGNETOM_Vida",
    "Modality": "MR",
    "MultibandAccelerationFactor": 3,
    "PartialFourier": 0.492188,
    "PatientPosition": "HFS",
    "PercentPhaseFOV": 100,
    "PhaseEncodingDirection": "j-",
    "PixelBandwidth": 1953,
    "ProcedureStepDescription": "TU_2020",
    "ProtocolName": "func_task-execution_acq-Fs2_run-02",
    "ReceiveCoilActiveElements": "HC1-7;NC1",
    "ReconMatrixPE": 128,
    "RepetitionTime": 2.3,
    "SequenceVariant": "SK",
    "SeriesDescription": "func_task-execution_acq-Fs2_run-02",
    "SeriesNumber": 14,
    "SliceThickness": 1.8,
    "SliceTiming": [
      0.0031775,
      0,
      0.00326,
      8e-05,
      0.00334,
      0.0001625,
      0.0034225,
      0.0002425,
      0.0035025,
      0.000325,
      0.003585,
      0.0004075,
      0.0036675,
      0.0004875,
      0.0037475,
      0.00057,
      0.00383,
      0.00065,
      0.00391,
      0.0007325,
      0.0039925,
      0.000815,
      0.004075,
      0.000895,
      0.004155,
      0.0009775,
      0.0042375,
      0.0010575,
      0.0043175,
      0.00114,
      0.0044,
      0.0012225,
      0.0044825,
      0.0013025,
      0.0045625,
      0.001385,
      0.004645,
      0.001465,
      0.004725,
      0.0015475,
      0.0048075,
      0.00163,
      0.00489,
      0.00171,
      0.00497,
      0.0017925,
      0.0050525,
      0.0018725,
      0.0051325,
      0.001955,
      0.005215,
      0.0020375,
      0.0052975,
      0.0021175,
      0.0053775,
      0.0022,
      0.00546,
      0.00228,
      0.00554,
      0.0023625,
      0.0056225,
      0.002445,
      0.005705,
      0.002525,
      0.005785,
      0.0026075,
      0.0058675,
      0.0026875,
      0.0059475,
      0.00277,
      0.00603,
      0.0028525,
      0.0061125,
      0.0029325,
      0.0061925,
      0.003015,
      0.006275,
      0.003095
    ],
    "SoftwareVersions": "syngo_MR_XA20",
    "SpacingBetweenSlices": 1.8,
    "StationName": "AWP175956",
    "TaskName": "execution",
    "TotalReadoutTime": 0.0425448,
    "acq_id": "Fs2",
    "dataset": "ds003612",
    "modality": "bold",
    "run_id": 2,
    "session_id": "1",
    "subject_id": "108TUSW011031",
    "task_id": "execution"
  },
  "dummy_trs": 0,
  "dvars_nstd": 52.044830645449736,
  "dvars_std": 1.258389742063492,
  "dvars_vstd": 1.0132201159788363,
  "efc": 0.4677831393033601,
  "fber": 5868.53125,
  "fd_mean": 0.08295746882595974,
  "fd_num": 9,
  "fd_perc": 4.7368421052631575,
  "fwhm_avg": 2.1394674157303224,
  "fwhm_x": 2.0604714761191993,
  "fwhm_y": 2.2709307157851466,
  "fwhm_z": 2.087000055286621,
  "gcor": 0.00748312,
  "gsr_x": -0.014699622988700867,
  "gsr_y": 0.017486723139882088,
  "provenance": {
    "md5sum": "2dc3a57c61e19bd8c55957eb7472d75e",
    "settings": {
      "fd_thres": 0.2,
      "testing": false
    },
    "software": "mriqc",
    "version": "21.0.0rc2",
    "webapi_port": null,
    "webapi_url": "https://mriqc.nimh.nih.gov/api/v1"
  },
  "size_t": 190,
  "size_x": 128,
  "size_y": 128,
  "size_z": 78,
  "snr": 5.070745325764519,
  "spacing_tr": 2.299999952316284,
  "spacing_x": 1.7968800067901611,
  "spacing_y": 1.7968800067901611,
  "spacing_z": 1.7999999523162842,
  "summary_bg_k": 39.957668660737355,
  "summary_bg_mad": 5.134485927531105,
  "summary_bg_mean": 24.404029846191406,
  "summary_bg_median": 8.105263710021973,
  "summary_bg_n": 923495.0,
  "summary_bg_p05": 3.3631579875946045,
  "summary_bg_p95": 98.95263671875,
  "summary_bg_stdv": 52.2851448059082,
  "summary_fg_k": 1.8155572091398486,
  "summary_fg_mad": 110.92206497828575,
  "summary_fg_mean": 626.9415283203125,
  "summary_fg_median": 617.8052978515625,
  "summary_fg_n": 224812.0,
  "summary_fg_p05": 457.6713302612305,
  "summary_fg_p95": 830.8602996826171,
  "summary_fg_stdv": 121.83690643310547,
  "tsnr": 37.68346402863972
}