{
  "aor": 0.000608957219251337,
  "aqi": 0.031666632085561496,
  "bids_meta": {
    "AcquisitionMatrixPE": 128,
    "AcquisitionNumber": 1,
    "AcquisitionTime": "15:42:1.790000",
    "BandwidthPerPixelPhaseEncode": 23.321,
    "BodyPartExamined": "HEAD",
    "CoilString": "HeadNeck_64_CS",
    "ConversionSoftware": "dcm2niix",
    "ConversionSoftwareVersion": "v1.0.20190410  GCC6.3.0",
    "DerivedVendorReportedEchoSpacing": 0.000334999,
    "DeviceSerialNumber": "175956",
    "EchoTime": 0.03,
    "EchoTrainLength": 63,
    "EffectiveEchoSpacing": 0.000334999,
    "FlipAngle": 72,
    "ImageOrientationPatientDICOM": [
      0.999212,
      -0.0330648,
      0.0219444,
      0.0387352,
      0.932844,
      -0.358193
    ],
    "ImageType": [
      "ORIGINAL",
      "PRIMARY",
      "FMRI",
      "NONE"
    ],
    "ImagingFrequency": 123.263,
    "InPlanePhaseEncodingDirectionDICOM": "COL",
    "InstitutionAddress": "AT",
    "InstitutionName": "TU_Graz",
    "MRAcquisitionType": "2D",
    "MagneticFieldStrength": 3,
    "Manufacturer": "Siemens",
    "ManufacturersModelName": "MAGNETOM_Vida",
    "Modality": "MR",
    "MultibandAccelerationFactor": 3,
    "PartialFourier": 0.492188,
    "PatientPosition": "HFS",
    "PercentPhaseFOV": 100,
    "PhaseEncodingDirection": "j-",
    "PixelBandwidth": 1953,
    "ProcedureStepDescription": "TU_2020",
    "ProtocolName": "func_task-imagery_acq-Fs2_run-01",
    "ReceiveCoilActiveElements": "HC1-7;NC1",
    "ReconMatrixPE": 128,
    "RepetitionTime": 2.3,
    "SequenceVariant": "SK",
    "SeriesDescription": "func_task-imagery_acq-Fs2_run-01",
    "SeriesNumber": 8,
    "SliceThickness": 1.8,
    "SliceTiming": [
      0.0031775,
      0,
      0.00326,
      8e-05,
      0.00334,
      0.0001625,
      0.0034225,
      0.0002425,
      0.0035025,
      0.000325,
      0.003585,
      0.0004075,
      0.0036675,
      0.0004875,
      0.0037475,
      0.00057,
      0.00383,
      0.00065,
      0.00391,
      0.0007325,
      0.0039925,
      0.000815,
      0.004075,
      0.000895,
      0.004155,
      0.0009775,
      0.0042375,
      0.0010575,
      0.0043175,
      0.00114,
      0.0044,
      0.0012225,
      0.0044825,
      0.0013025,
      0.0045625,
      0.001385,
      0.004645,
      0.001465,
      0.004725,
      0.0015475,
      0.0048075,
      0.00163,
      0.00489,
      0.00171,
      0.00497,
      0.0017925,
      0.0050525,
      0.0018725,
      0.0051325,
      0.001955,
      0.005215,
      0.0020375,
      0.0052975,
      0.0021175,
      0.0053775,
      0.0022,
      0.00546,
      0.00228,
      0.00554,
      0.0023625,
      0.0056225,
      0.002445,
      0.005705,
      0.002525,
      0.005785,
      0.0026075,
      0.0058675,
      0.0026875,
      0.0059475,
      0.00277,
      0.00603,
      0.0028525,
      0.0061125,
      0.0029325,
      0.0061925,
      0.003015,
      0.006275,
      0.003095
    ],
    "SoftwareVersions": "syngo_MR_XA20",
    "SpacingBetweenSlices": 1.8,
    "StationName": "AWP175956",
    "TaskName": "imagery",
    "TotalReadoutTime": 0.0425448,
    "acq_id": "Fs2",
    "dataset": "ds003612",
    "modality": "bold",
    "run_id": 1,
    "session_id": "1",
    "subject_id": "108TUSW011028",
    "task_id": "imagery"
  },
  "dummy_trs": 0,
  "dvars_nstd": 55.86132241847184,
  "dvars_std": 1.168993228659517,
  "dvars_vstd": 0.9933111236193025,
  "efc": 0.4824693795027914,
  "fber": 3266.32373046875,
  "fd_mean": 0.15527081590909603,
  "fd_num": 93,
  "fd_perc": 24.86631016042781,
  "fwhm_avg": 2.0802956645843125,
  "fwhm_x": 2.011842742052482,
  "fwhm_y": 2.22422197636858,
  "fwhm_z": 2.0048222753318754,
  "gcor": 0.0203959,
  "gsr_x": -0.01439052727073431,
  "gsr_y": 0.025775672867894173,
  "provenance": {
    "md5sum": "8b0627c5d1d3bfbfac89c2c58349ea61",
    "settings": {
      "fd_thres": 0.2,
      "testing": false
    },
    "software": "mriqc",
    "version": "21.0.0rc2",
    "webapi_port": null,
    "webapi_url": "https://mriqc.nimh.nih.gov/api/v1"
  },
  "size_t": 374,
  "size_x": 128,
  "size_y": 128,
  "size_z": 78,
  "snr": 5.448998303480739,
  "spacing_tr": 2.299999952316284,
  "spacing_x": 1.7968800067901611,
  "spacing_y": 1.7968800067901611,
  "spacing_z": 1.7999999523162842,
  "summary_bg_k": 30.406827230393475,
  "summary_bg_mad": 8.64190593037769,
  "summary_bg_mean": 30.1018009185791,
  "summary_bg_median": 10.29411792755127,
  "summary_bg_n": 933679.0,
  "summary_bg_p05": 3.2379679679870605,
  "summary_bg_p95": 132.221923828125,
  "summary_bg_stdv": 56.896942138671875,
  "summary_fg_k": 2.5641993022253446,
  "summary_fg_mad": 93.78843542176297,
  "summary_fg_mean": 588.3533325195312,
  "summary_fg_median": 581.1577758789062,
  "summary_fg_n": 214641.0,
  "summary_fg_p05": 445.0641784667969,
  "summary_fg_p95": 763.4813232421875,
  "summary_fg_stdv": 106.65380859375,
  "tsnr": 26.672169304220006
}