{
  "aor": 0.0004003061224489796,
  "aqi": 0.027705111224489796,
  "bids_meta": {
    "AcquisitionMatrixPE": 128,
    "AcquisitionNumber": 1,
    "AcquisitionTime": "10:31:1.912500",
    "BandwidthPerPixelPhaseEncode": 23.321,
    "BodyPartExamined": "HEAD",
    "CoilString": "HeadNeck_64_CS",
    "ConversionSoftware": "dcm2niix",
    "ConversionSoftwareVersion": "v1.0.20190410  GCC6.3.0",
    "DerivedVendorReportedEchoSpacing": 0.000334999,
    "DeviceSerialNumber": "175956",
    "EchoTime": 0.03,
    "EchoTrainLength": 63,
    "EffectiveEchoSpacing": 0.000334999,
    "FlipAngle": 72,
    "ImageOrientationPatientDICOM": [
      0.998743,
      0.0500502,
      -0.00258391,
      -0.0491962,
      0.969256,
      -0.241088
    ],
    "ImageType": [
      "ORIGINAL",
      "PRIMARY",
      "FMRI",
      "NONE"
    ],
    "ImagingFrequency": 123.263,
    "InPlanePhaseEncodingDirectionDICOM": "COL",
    "InstitutionAddress": "AT",
    "InstitutionName": "TU_Graz",
    "MRAcquisitionType": "2D",
    "MagneticFieldStrength": 3,
    "Manufacturer": "Siemens",
    "ManufacturersModelName": "MAGNETOM_Vida",
    "Modality": "MR",
    "MultibandAccelerationFactor": 3,
    "PartialFourier": 0.492188,
    "PatientPosition": "HFS",
    "PercentPhaseFOV": 100,
    "PhaseEncodingDirection": "j-",
    "PixelBandwidth": 1953,
    "ProcedureStepDescription": "TU_2020",
    "ProtocolName": "func_task-imagery_acq-Fs2_run-01",
    "ReceiveCoilActiveElements": "HC1-7;NC1",
    "ReconMatrixPE": 128,
    "RepetitionTime": 2.3,
    "SequenceVariant": "SK",
    "SeriesDescription": "func_task-imagery_acq-Fs2_run-01",
    "SeriesNumber": 7,
    "SliceThickness": 1.8,
    "SliceTiming": [
      0.00318,
      0,
      0.00326,
      8.25e-05,
      0.0033425,
      0.0001625,
      0.0034225,
      0.000245,
      0.003505,
      0.0003275,
      0.0035875,
      0.0004075,
      0.0036675,
      0.00049,
      0.00375,
      0.00057,
      0.00383,
      0.0006525,
      0.0039125,
      0.000735,
      0.003995,
      0.000815,
      0.004075,
      0.0008975,
      0.0041575,
      0.0009775,
      0.0042375,
      0.00106,
      0.00432,
      0.0011425,
      0.0044025,
      0.0012225,
      0.0044825,
      0.001305,
      0.004565,
      0.001385,
      0.004645,
      0.0014675,
      0.0047275,
      0.00155,
      0.00481,
      0.00163,
      0.00489,
      0.0017125,
      0.0049725,
      0.0017925,
      0.0050525,
      0.001875,
      0.005135,
      0.0019575,
      0.0052175,
      0.0020375,
      0.0052975,
      0.00212,
      0.00538,
      0.0022,
      0.00546,
      0.0022825,
      0.0055425,
      0.002365,
      0.005625,
      0.002445,
      0.005705,
      0.0025275,
      0.0057875,
      0.0026075,
      0.0058675,
      0.00269,
      0.00595,
      0.0027725,
      0.0060325,
      0.0028525,
      0.0061125,
      0.002935,
      0.006195,
      0.003015,
      0.006275,
      0.0030975
    ],
    "SoftwareVersions": "syngo_MR_XA20",
    "SpacingBetweenSlices": 1.8,
    "StationName": "AWP175956",
    "TaskName": "imagery",
    "TotalReadoutTime": 0.0425448,
    "acq_id": "Fs2",
    "dataset": "ds003612",
    "modality": "bold",
    "run_id": 1,
    "session_id": "1",
    "subject_id": "108TUSW011046",
    "task_id": "imagery"
  },
  "dummy_trs": 0,
  "dvars_nstd": 53.68030191979538,
  "dvars_std": 1.1366213514322245,
  "dvars_vstd": 0.9812311080562662,
  "efc": 0.47009073261541684,
  "fber": 4062.515380859375,
  "fd_mean": 0.06440521781727672,
  "fd_num": 0,
  "fd_perc": 0.0,
  "fwhm_avg": 2.1539310131636036,
  "fwhm_x": 2.094591728873038,
  "fwhm_y": 2.2956012557391134,
  "fwhm_z": 2.0716000548786604,
  "gcor": 0.00883565,
  "gsr_x": -0.008170923218131065,
  "gsr_y": 0.02208036556839943,
  "provenance": {
    "md5sum": "8b21c18874d109a57838ae376a220297",
    "settings": {
      "fd_thres": 0.2,
      "testing": false
    },
    "software": "mriqc",
    "version": "21.0.0rc2",
    "webapi_port": null,
    "webapi_url": "https://mriqc.nimh.nih.gov/api/v1"
  },
  "size_t": 392,
  "size_x": 128,
  "size_y": 128,
  "size_z": 78,
  "snr": 5.411719475718044,
  "spacing_tr": 2.299999952316284,
  "spacing_x": 1.7968800067901611,
  "spacing_y": 1.7968800067901611,
  "spacing_z": 1.7999999523162842,
  "summary_bg_k": 48.48910888135252,
  "summary_bg_mad": 7.144478057306145,
  "summary_bg_mean": 26.112030029296875,
  "summary_bg_median": 9.533163070678711,
  "summary_bg_n": 934489.0,
  "summary_bg_p05": 3.5943877696990967,
  "summary_bg_p95": 98.16326141357422,
  "summary_bg_stdv": 49.806610107421875,
  "summary_fg_k": 2.2563137953311285,
  "summary_fg_mad": 97.9122395599849,
  "summary_fg_mean": 607.1713256835938,
  "summary_fg_median": 600.8125,
  "summary_fg_n": 214752.0,
  "summary_fg_p05": 449.5180923461914,
  "summary_fg_p95": 789.024102783203,
  "summary_fg_stdv": 111.02037048339844,
  "tsnr": 27.42603073711507
}