{
  "bids_meta": {
    "AcquisitionMatrixPE": 224,
    "AcquisitionNumber": 1,
    "AcquisitionTime": "15:36:34.617500",
    "BodyPartExamined": "HEAD",
    "CoilString": "HeadNeck_64_CS",
    "ConversionSoftware": "dcm2niix",
    "ConversionSoftwareVersion": "v1.0.20190410  GCC6.3.0",
    "DeviceSerialNumber": "175956",
    "EchoTime": 0.00236,
    "FlipAngle": 9,
    "ImageOrientationPatientDICOM": [
      0.06213,
      0.989178,
      -0.132914,
      0.0844043,
      -0.137901,
      -0.986843
    ],
    "ImageType": [
      "ORIGINAL",
      "PRIMARY",
      "M",
      "NONE"
    ],
    "ImagingFrequency": 123.263,
    "InPlanePhaseEncodingDirectionDICOM": "ROW",
    "InstitutionAddress": "AT",
    "InstitutionName": "TU_Graz",
    "MRAcquisitionType": "3D",
    "MagneticFieldStrength": 3,
    "Manufacturer": "Siemens",
    "ManufacturersModelName": "MAGNETOM_Vida",
    "Modality": "MR",
    "PatientPosition": "HFS",
    "PercentPhaseFOV": 100,
    "PixelBandwidth": 251,
    "ProcedureStepDescription": "TU_2020",
    "ProtocolName": "anat-T1w",
    "ReceiveCoilActiveElements": "HC1-7;NC1_2",
    "ReconMatrixPE": 224,
    "RepetitionTime": 1.6,
    "SequenceVariant": "SK_SP_MP_OSP",
    "SeriesDescription": "anat-T1w",
    "SeriesNumber": 5,
    "SliceThickness": 1,
    "SoftwareVersions": "syngo_MR_XA20",
    "StationName": "AWP175956",
    "dataset": "ds003612",
    "modality": "T1w",
    "session_id": "1",
    "subject_id": "108TUSW011028"
  },
  "cjv": 0.47199870960744067,
  "cnr": 2.802391691567521,
  "efc": 0.6348929825108726,
  "fber": 5245.897959183673,
  "fwhm_avg": 4.525476666666666,
  "fwhm_x": 4.36607,
  "fwhm_y": 4.69269,
  "fwhm_z": 4.51767,
  "icvs_csf": 0.21071463353804606,
  "icvs_gm": 0.40045751300535626,
  "icvs_wm": 0.3888278534565977,
  "inu_med": 1.4166985750198364,
  "inu_range": 0.5714287757873535,
  "provenance": {
    "md5sum": "c04641277e086761e23bec93974df4c4",
    "settings": {
      "testing": false
    },
    "software": "mriqc",
    "version": "21.0.0rc2",
    "warnings": {
      "large_rot_frame": true,
      "small_air_mask": false
    },
    "webapi_port": null,
    "webapi_url": "https://mriqc.nimh.nih.gov/api/v1"
  },
  "qi_1": 0.0,
  "qi_2": 0.036417584014508474,
  "rpve_csf": 20.13234354000561,
  "rpve_gm": 10.672072004890113,
  "rpve_wm": 13.130391136228436,
  "size_x": 192,
  "size_y": 224,
  "size_z": 224,
  "snr_csf": 3.5077547117975203,
  "snr_gm": 12.532978535120542,
  "snr_total": 12.412851674332542,
  "snr_wm": 21.19782177607956,
  "snrd_csf": 53.35547229165085,
  "snrd_gm": 96.00090452475864,
  "snrd_total": 90.78818572703419,
  "snrd_wm": 123.00818036469309,
  "spacing_x": 1.0,
  "spacing_y": 1.0,
  "spacing_z": 1.0,
  "summary_bg_k": 7.975320912485422,
  "summary_bg_mad": 5.325957662718648,
  "summary_bg_mean": 10.587203555635794,
  "summary_bg_median": 10.959571078419685,
  "summary_bg_n": 1807534.0,
  "summary_bg_p05": 3.6531903594732285,
  "summary_bg_p95": 22.101801674813032,
  "summary_bg_stdv": 5.929358532087289,
  "summary_csf_k": -0.9391759621947955,
  "summary_csf_mad": 151.83492862191127,
  "summary_csf_mean": 440.80669022218075,
  "summary_csf_median": 433.75546868145466,
  "summary_csf_n": 35033.0,
  "summary_csf_p05": 259.6200615465641,
  "summary_csf_p95": 644.4836659170687,
  "summary_csf_stdv": 123.65439251173498,
  "summary_gm_k": 0.08887501457160685,
  "summary_gm_mad": 60.6617550736768,
  "summary_gm_mean": 783.6391358789645,
  "summary_gm_median": 780.443233795464,
  "summary_gm_n": 23089.0,
  "summary_gm_p05": 685.3019795335829,
  "summary_gm_p95": 891.9264262653887,
  "summary_gm_stdv": 62.26982122939458,
  "summary_wm_k": 0.7594880408872684,
  "summary_wm_mad": 42.96874317718773,
  "summary_wm_mean": 999.7389780889407,
  "summary_wm_median": 999.9999743998051,
  "summary_wm_n": 244191.0,
  "summary_wm_p05": 920.2386515513062,
  "summary_wm_p95": 1075.621014840901,
  "summary_wm_stdv": 47.174560546059794,
  "tpm_overlap_csf": 0.16890165209770203,
  "tpm_overlap_gm": 0.43981918692588806,
  "tpm_overlap_wm": 0.49739569425582886,
  "wm2max": 0.4131501226526714
}