{
  "aor": 0.0007555851063829786,
  "aqi": 0.028495397872340424,
  "bids_meta": {
    "AcquisitionMatrixPE": 128,
    "AcquisitionNumber": 1,
    "AcquisitionTime": "15:39:45.815000",
    "BandwidthPerPixelPhaseEncode": 23.321,
    "BodyPartExamined": "HEAD",
    "CoilString": "HeadNeck_64_CS",
    "ConversionSoftware": "dcm2niix",
    "ConversionSoftwareVersion": "v1.0.20190410  GCC6.3.0",
    "DerivedVendorReportedEchoSpacing": 0.000334999,
    "DeviceSerialNumber": "175956",
    "EchoTime": 0.03,
    "EchoTrainLength": 63,
    "EffectiveEchoSpacing": 0.000334999,
    "FlipAngle": 72,
    "ImageOrientationPatientDICOM": [
      0.999706,
      0.0242632,
      -0.000264187,
      -0.0233848,
      0.960493,
      -0.277321
    ],
    "ImageType": [
      "ORIGINAL",
      "PRIMARY",
      "FMRI",
      "NONE"
    ],
    "ImagingFrequency": 123.263,
    "InPlanePhaseEncodingDirectionDICOM": "COL",
    "InstitutionAddress": "AT",
    "InstitutionName": "TU_Graz",
    "MRAcquisitionType": "2D",
    "MagneticFieldStrength": 3,
    "Manufacturer": "Siemens",
    "ManufacturersModelName": "MAGNETOM_Vida",
    "Modality": "MR",
    "MultibandAccelerationFactor": 3,
    "PartialFourier": 0.492188,
    "PatientPosition": "HFS",
    "PercentPhaseFOV": 100,
    "PhaseEncodingDirection": "j-",
    "PixelBandwidth": 1953,
    "ProcedureStepDescription": "TU_2020",
    "ProtocolName": "func_task-imagery_acq-Fs2_run-01",
    "ReceiveCoilActiveElements": "HC1-7;NC1",
    "ReconMatrixPE": 128,
    "RepetitionTime": 2.3,
    "SequenceVariant": "SK",
    "SeriesDescription": "func_task-imagery_acq-Fs2_run-01",
    "SeriesNumber": 7,
    "SliceThickness": 1.8,
    "SliceTiming": [
      0.0031775,
      0,
      0.00326,
      8.25e-05,
      0.0033425,
      0.0001625,
      0.0034225,
      0.000245,
      0.003505,
      0.000325,
      0.003585,
      0.0004075,
      0.0036675,
      0.00049,
      0.00375,
      0.00057,
      0.00383,
      0.0006525,
      0.0039125,
      0.0007325,
      0.0039925,
      0.000815,
      0.004075,
      0.0008975,
      0.0041575,
      0.0009775,
      0.0042375,
      0.00106,
      0.00432,
      0.00114,
      0.0044,
      0.0012225,
      0.0044825,
      0.001305,
      0.004565,
      0.001385,
      0.004645,
      0.0014675,
      0.0047275,
      0.0015475,
      0.0048075,
      0.00163,
      0.00489,
      0.0017125,
      0.0049725,
      0.0017925,
      0.0050525,
      0.001875,
      0.005135,
      0.001955,
      0.005215,
      0.0020375,
      0.0052975,
      0.00212,
      0.00538,
      0.0022,
      0.00546,
      0.0022825,
      0.0055425,
      0.0023625,
      0.0056225,
      0.002445,
      0.005705,
      0.0025275,
      0.0057875,
      0.0026075,
      0.0058675,
      0.00269,
      0.00595,
      0.00277,
      0.00603,
      0.0028525,
      0.0061125,
      0.002935,
      0.006195,
      0.003015,
      0.006275,
      0.0030975
    ],
    "SoftwareVersions": "syngo_MR_XA20",
    "SpacingBetweenSlices": 1.8,
    "StationName": "AWP175956",
    "TaskName": "imagery",
    "TotalReadoutTime": 0.0425448,
    "acq_id": "Fs2",
    "dataset": "ds003612",
    "modality": "bold",
    "run_id": 1,
    "session_id": "1",
    "subject_id": "108TUSW011024",
    "task_id": "imagery"
  },
  "dummy_trs": 0,
  "dvars_nstd": 59.73461852021336,
  "dvars_std": 1.204632204346666,
  "dvars_vstd": 1.0037324929866662,
  "efc": 0.48909581555342635,
  "fber": 3837.3046875,
  "fd_mean": 0.10110987884952738,
  "fd_num": 35,
  "fd_perc": 9.308510638297872,
  "fwhm_avg": 2.0470827710310098,
  "fwhm_x": 1.9586505424404785,
  "fwhm_y": 2.1749699396907993,
  "fwhm_z": 2.0076278309617526,
  "gcor": 0.0293953,
  "gsr_x": -0.013711445964872837,
  "gsr_y": 0.0255326759070158,
  "provenance": {
    "md5sum": "13f3650545fa8e1c37ad0a835dddb8e7",
    "settings": {
      "fd_thres": 0.2,
      "testing": false
    },
    "software": "mriqc",
    "version": "21.0.0rc2",
    "webapi_port": null,
    "webapi_url": "https://mriqc.nimh.nih.gov/api/v1"
  },
  "size_t": 376,
  "size_x": 128,
  "size_y": 128,
  "size_z": 78,
  "snr": 5.355517997607179,
  "spacing_tr": 2.299999952316284,
  "spacing_x": 1.7968800067901611,
  "spacing_y": 1.7968800067901611,
  "spacing_z": 1.7999999523162842,
  "summary_bg_k": 32.77319800520733,
  "summary_bg_mad": 6.931953207546701,
  "summary_bg_mean": 28.795391082763672,
  "summary_bg_median": 9.210105895996094,
  "summary_bg_n": 919362.0,
  "summary_bg_p05": 3.4760637283325195,
  "summary_bg_p95": 128.8721969604491,
  "summary_bg_stdv": 55.665992736816406,
  "summary_fg_k": 2.4530128257907764,
  "summary_fg_mad": 95.15466639679944,
  "summary_fg_mean": 570.7886962890625,
  "summary_fg_median": 565.8164672851562,
  "summary_fg_n": 227605.0,
  "summary_fg_p05": 423.9627380371094,
  "summary_fg_p95": 737.5361694335937,
  "summary_fg_stdv": 105.65088653564453,
  "tsnr": 27.92145160655491
}