{
  "aor": 0.00041077720207253896,
  "aqi": 0.015776670466321245,
  "bids_meta": {
    "AcquisitionMatrixPE": 128,
    "AcquisitionNumber": 1,
    "AcquisitionTime": "14:02:11.817500",
    "BandwidthPerPixelPhaseEncode": 23.321,
    "BodyPartExamined": "HEAD",
    "CoilString": "HeadNeck_64_CS",
    "ConversionSoftware": "dcm2niix",
    "ConversionSoftwareVersion": "v1.0.20190410  GCC6.3.0",
    "DerivedVendorReportedEchoSpacing": 0.000334999,
    "DeviceSerialNumber": "175956",
    "EchoTime": 0.03,
    "EchoTrainLength": 63,
    "EffectiveEchoSpacing": 0.000334999,
    "FlipAngle": 72,
    "ImageOrientationPatientDICOM": [
      0.999363,
      -0.0356244,
      -0.00189681,
      0.0347239,
      0.983543,
      -0.177306
    ],
    "ImageType": [
      "ORIGINAL",
      "PRIMARY",
      "FMRI",
      "NONE"
    ],
    "ImagingFrequency": 123.263,
    "InPlanePhaseEncodingDirectionDICOM": "COL",
    "InstitutionAddress": "AT",
    "InstitutionName": "TU_Graz",
    "MRAcquisitionType": "2D",
    "MagneticFieldStrength": 3,
    "Manufacturer": "Siemens",
    "ManufacturersModelName": "MAGNETOM_Vida",
    "Modality": "MR",
    "MultibandAccelerationFactor": 3,
    "PartialFourier": 0.492188,
    "PatientPosition": "HFS",
    "PercentPhaseFOV": 100,
    "PhaseEncodingDirection": "j-",
    "PixelBandwidth": 1953,
    "ProcedureStepDescription": "TU_2020",
    "ProtocolName": "func_task-execution_acq-Fs2_run-02",
    "ReceiveCoilActiveElements": "HC1-7",
    "ReconMatrixPE": 128,
    "RepetitionTime": 2.3,
    "SequenceVariant": "SK",
    "SeriesDescription": "func_task-execution_acq-Fs2_run-02",
    "SeriesNumber": 12,
    "SliceThickness": 1.8,
    "SliceTiming": [
      0.0031775,
      0,
      0.00326,
      8.25e-05,
      0.0033425,
      0.0001625,
      0.0034225,
      0.000245,
      0.003505,
      0.000325,
      0.003585,
      0.0004075,
      0.0036675,
      0.00049,
      0.00375,
      0.00057,
      0.00383,
      0.0006525,
      0.0039125,
      0.0007325,
      0.0039925,
      0.000815,
      0.004075,
      0.0008975,
      0.0041575,
      0.0009775,
      0.0042375,
      0.00106,
      0.00432,
      0.00114,
      0.0044,
      0.0012225,
      0.0044825,
      0.001305,
      0.004565,
      0.001385,
      0.004645,
      0.0014675,
      0.0047275,
      0.0015475,
      0.0048075,
      0.00163,
      0.00489,
      0.0017125,
      0.0049725,
      0.0017925,
      0.0050525,
      0.001875,
      0.005135,
      0.001955,
      0.005215,
      0.0020375,
      0.0052975,
      0.00212,
      0.00538,
      0.0022,
      0.00546,
      0.0022825,
      0.0055425,
      0.0023625,
      0.0056225,
      0.002445,
      0.005705,
      0.0025275,
      0.0057875,
      0.0026075,
      0.0058675,
      0.00269,
      0.00595,
      0.00277,
      0.00603,
      0.0028525,
      0.0061125,
      0.002935,
      0.006195,
      0.003015,
      0.006275,
      0.0030975
    ],
    "SoftwareVersions": "syngo_MR_XA20",
    "SpacingBetweenSlices": 1.8,
    "StationName": "AWP175956",
    "TaskName": "execution",
    "TotalReadoutTime": 0.0425448,
    "acq_id": "Fs2",
    "dataset": "ds003612",
    "modality": "bold",
    "run_id": 2,
    "session_id": "1",
    "subject_id": "108TUSW011007",
    "task_id": "execution"
  },
  "dummy_trs": 0,
  "dvars_nstd": 52.37044507270832,
  "dvars_std": 1.1676243583854162,
  "dvars_vstd": 0.9969517369270834,
  "efc": 0.46561374969618813,
  "fber": 4959.0888671875,
  "fd_mean": 0.06416696173080172,
  "fd_num": 0,
  "fd_perc": 0.0,
  "fwhm_avg": 2.1181323866742563,
  "fwhm_x": 2.0602154768325125,
  "fwhm_y": 2.2586371848222977,
  "fwhm_z": 2.0355444983679587,
  "gcor": 0.00256111,
  "gsr_x": -0.014742642641067505,
  "gsr_y": 0.024150434881448746,
  "provenance": {
    "md5sum": "4b4a8409ef4a73b389e8b5192275dcca",
    "settings": {
      "fd_thres": 0.2,
      "testing": false
    },
    "software": "mriqc",
    "version": "21.0.0rc2",
    "webapi_port": null,
    "webapi_url": "https://mriqc.nimh.nih.gov/api/v1"
  },
  "size_t": 193,
  "size_x": 128,
  "size_y": 128,
  "size_z": 78,
  "snr": 4.792734480898927,
  "spacing_tr": 2.299999952316284,
  "spacing_x": 1.7968800067901611,
  "spacing_y": 1.7968800067901611,
  "spacing_z": 1.7999999523162842,
  "summary_bg_k": 33.871876187043,
  "summary_bg_mad": 5.423404149411166,
  "summary_bg_mean": 22.876449584960938,
  "summary_bg_median": 7.590673446655273,
  "summary_bg_n": 934140.0,
  "summary_bg_p05": 2.9481863975524902,
  "summary_bg_p95": 94.10362243652344,
  "summary_bg_stdv": 47.108009338378906,
  "summary_fg_k": 1.9652875689070983,
  "summary_fg_mad": 102.10750885336215,
  "summary_fg_mean": 537.76953125,
  "summary_fg_median": 528.0310668945312,
  "summary_fg_n": 216276.0,
  "summary_fg_p05": 391.24610137939453,
  "summary_fg_p95": 726.0621337890625,
  "summary_fg_stdv": 110.17298126220703,
  "tsnr": 32.28601365024224
}