{
  "aor": 0.0005062365591397851,
  "aqi": 0.01742015430107527,
  "bids_meta": {
    "AcquisitionMatrixPE": 128,
    "AcquisitionNumber": 1,
    "AcquisitionTime": "12:54:16.815000",
    "BandwidthPerPixelPhaseEncode": 23.321,
    "BodyPartExamined": "HEAD",
    "CoilString": "HeadNeck_64_CS",
    "ConversionSoftware": "dcm2niix",
    "ConversionSoftwareVersion": "v1.0.20190410  GCC6.3.0",
    "DerivedVendorReportedEchoSpacing": 0.000334999,
    "DeviceSerialNumber": "175956",
    "EchoTime": 0.03,
    "EchoTrainLength": 63,
    "EffectiveEchoSpacing": 0.000334999,
    "FlipAngle": 72,
    "ImageOrientationPatientDICOM": [
      0.995181,
      -0.0980107,
      -0.00290369,
      0.0879422,
      0.905261,
      -0.415654
    ],
    "ImageType": [
      "ORIGINAL",
      "PRIMARY",
      "FMRI",
      "NONE"
    ],
    "ImagingFrequency": 123.263,
    "InPlanePhaseEncodingDirectionDICOM": "COL",
    "InstitutionAddress": "AT",
    "InstitutionName": "TU_Graz",
    "MRAcquisitionType": "2D",
    "MagneticFieldStrength": 3,
    "Manufacturer": "Siemens",
    "ManufacturersModelName": "MAGNETOM_Vida",
    "Modality": "MR",
    "MultibandAccelerationFactor": 3,
    "PartialFourier": 0.492188,
    "PatientPosition": "HFS",
    "PercentPhaseFOV": 100,
    "PhaseEncodingDirection": "j-",
    "PixelBandwidth": 1953,
    "ProcedureStepDescription": "TU_2020",
    "ProtocolName": "func_task-execution_acq-Fs2_run-02",
    "ReceiveCoilActiveElements": "HC1-7;NC1",
    "ReconMatrixPE": 128,
    "RepetitionTime": 2.3,
    "SequenceVariant": "SK",
    "SeriesDescription": "func_task-execution_acq-Fs2_run-02",
    "SeriesNumber": 12,
    "SliceThickness": 1.8,
    "SliceTiming": [
      0.0031775,
      0,
      0.00326,
      8e-05,
      0.00334,
      0.0001625,
      0.0034225,
      0.0002425,
      0.0035025,
      0.000325,
      0.003585,
      0.0004075,
      0.0036675,
      0.0004875,
      0.0037475,
      0.00057,
      0.00383,
      0.00065,
      0.00391,
      0.0007325,
      0.0039925,
      0.000815,
      0.004075,
      0.000895,
      0.004155,
      0.0009775,
      0.0042375,
      0.0010575,
      0.0043175,
      0.00114,
      0.0044,
      0.0012225,
      0.0044825,
      0.0013025,
      0.0045625,
      0.001385,
      0.004645,
      0.001465,
      0.004725,
      0.0015475,
      0.0048075,
      0.00163,
      0.00489,
      0.00171,
      0.00497,
      0.0017925,
      0.0050525,
      0.0018725,
      0.0051325,
      0.001955,
      0.005215,
      0.0020375,
      0.0052975,
      0.0021175,
      0.0053775,
      0.0022,
      0.00546,
      0.00228,
      0.00554,
      0.0023625,
      0.0056225,
      0.002445,
      0.005705,
      0.002525,
      0.005785,
      0.0026075,
      0.0058675,
      0.0026875,
      0.0059475,
      0.00277,
      0.00603,
      0.0028525,
      0.0061125,
      0.0029325,
      0.0061925,
      0.003015,
      0.006275,
      0.003095
    ],
    "SoftwareVersions": "syngo_MR_XA20",
    "SpacingBetweenSlices": 1.8,
    "StationName": "AWP175956",
    "TaskName": "execution",
    "TotalReadoutTime": 0.0425448,
    "acq_id": "Fs2",
    "dataset": "ds003612",
    "modality": "bold",
    "run_id": 2,
    "session_id": "1",
    "subject_id": "108TUSW011040",
    "task_id": "execution"
  },
  "dummy_trs": 0,
  "dvars_nstd": 54.27717120194593,
  "dvars_std": 1.2850757729189184,
  "dvars_vstd": 1.0136468923243245,
  "efc": 0.4519269443797143,
  "fber": 4533.02197265625,
  "fd_mean": 0.09370314626540553,
  "fd_num": 9,
  "fd_perc": 4.838709677419355,
  "fwhm_avg": 2.1173663111801817,
  "fwhm_x": 2.0311206013803726,
  "fwhm_y": 2.2342671657700937,
  "fwhm_z": 2.086711166390079,
  "gcor": 0.00722779,
  "gsr_x": -0.01692199520766735,
  "gsr_y": 0.017112277448177338,
  "provenance": {
    "md5sum": "1c722c27d95be2114abc34d4810ced2c",
    "settings": {
      "fd_thres": 0.2,
      "testing": false
    },
    "software": "mriqc",
    "version": "21.0.0rc2",
    "webapi_port": null,
    "webapi_url": "https://mriqc.nimh.nih.gov/api/v1"
  },
  "size_t": 186,
  "size_x": 128,
  "size_y": 128,
  "size_z": 78,
  "snr": 5.538143288079559,
  "spacing_tr": 2.299999952316284,
  "spacing_x": 1.7968800067901611,
  "spacing_y": 1.7968800067901611,
  "spacing_z": 1.7999999523162842,
  "summary_bg_k": 43.92779156781414,
  "summary_bg_mad": 5.6753377678570835,
  "summary_bg_mean": 20.804752349853516,
  "summary_bg_median": 8.456989288330078,
  "summary_bg_n": 945843.0,
  "summary_bg_p05": 3.2580645084381104,
  "summary_bg_p95": 76.04246978759716,
  "summary_bg_stdv": 43.20768737792969,
  "summary_fg_k": 2.4160188202362596,
  "summary_fg_mad": 91.52272531757943,
  "summary_fg_mean": 569.926025390625,
  "summary_fg_median": 566.5322875976562,
  "summary_fg_n": 205129.0,
  "summary_fg_p05": 425.50751953125,
  "summary_fg_p95": 734.1301025390622,
  "summary_fg_stdv": 102.29618072509766,
  "tsnr": 36.781608518213034
}