{
  "bids_meta": {
    "AcquisitionMatrixPE": 224,
    "AcquisitionNumber": 1,
    "AcquisitionTime": "12:21:49.202500",
    "BodyPartExamined": "HEAD",
    "CoilString": "HeadNeck_64_CS",
    "ConversionSoftware": "dcm2niix",
    "ConversionSoftwareVersion": "v1.0.20190410  GCC6.3.0",
    "DeviceSerialNumber": "175956",
    "EchoTime": 0.00236,
    "FlipAngle": 9,
    "ImageOrientationPatientDICOM": [
      0.0815718,
      0.996355,
      -0.0249598,
      0.073352,
      -0.030977,
      -0.996825
    ],
    "ImageType": [
      "ORIGINAL",
      "PRIMARY",
      "M",
      "NONE"
    ],
    "ImagingFrequency": 123.263,
    "InPlanePhaseEncodingDirectionDICOM": "ROW",
    "InstitutionAddress": "AT",
    "InstitutionName": "TU_Graz",
    "MRAcquisitionType": "3D",
    "MagneticFieldStrength": 3,
    "Manufacturer": "Siemens",
    "ManufacturersModelName": "MAGNETOM_Vida",
    "Modality": "MR",
    "PatientPosition": "HFS",
    "PercentPhaseFOV": 100,
    "PixelBandwidth": 251,
    "ProcedureStepDescription": "TU_2020",
    "ProtocolName": "anat-T1w",
    "ReceiveCoilActiveElements": "HC1-7;NC1",
    "ReconMatrixPE": 224,
    "RepetitionTime": 1.6,
    "SequenceVariant": "SK_SP_MP_OSP",
    "SeriesDescription": "anat-T1w",
    "SeriesNumber": 5,
    "SliceThickness": 1,
    "SoftwareVersions": "syngo_MR_XA20",
    "StationName": "AWP175956",
    "dataset": "ds003612",
    "modality": "T1w",
    "session_id": "1",
    "subject_id": "108TUSW011006"
  },
  "cjv": 0.31457364535470195,
  "cnr": 4.0461251187969784,
  "efc": 0.6071003551294415,
  "fber": 6588.712746354751,
  "fwhm_avg": 4.327476666666667,
  "fwhm_x": 4.1998,
  "fwhm_y": 4.35126,
  "fwhm_z": 4.43137,
  "icvs_csf": 0.20110509013153616,
  "icvs_gm": 0.4176533577151119,
  "icvs_wm": 0.3812415521533519,
  "inu_med": 1.0738989114761353,
  "inu_range": 0.3587508797645569,
  "provenance": {
    "md5sum": "f6e5f2a83f79909c0cf197d46f90007f",
    "settings": {
      "testing": false
    },
    "software": "mriqc",
    "version": "21.0.0rc2",
    "warnings": {
      "large_rot_frame": true,
      "small_air_mask": false
    },
    "webapi_port": null,
    "webapi_url": "https://mriqc.nimh.nih.gov/api/v1"
  },
  "qi_1": 0.0,
  "qi_2": 0.01251064315260399,
  "rpve_csf": 22.155769364685128,
  "rpve_gm": 11.141378924361232,
  "rpve_wm": 14.495854750707837,
  "size_x": 192,
  "size_y": 224,
  "size_z": 224,
  "snr_csf": 2.8927776581741194,
  "snr_gm": 15.625278332770145,
  "snr_total": 14.690951394038416,
  "snr_wm": 25.554798191170985,
  "snrd_csf": 54.716983973649334,
  "snrd_gm": 110.5556703676313,
  "snrd_total": 104.31832509093327,
  "snrd_wm": 147.68232093151914,
  "spacing_x": 1.0,
  "spacing_y": 1.0,
  "spacing_z": 1.0,
  "summary_bg_k": 411.8536667263744,
  "summary_bg_mad": 4.436119261907579,
  "summary_bg_mean": 7.315821149445758,
  "summary_bg_median": 6.041774656623602,
  "summary_bg_n": 1913562.0,
  "summary_bg_p05": 3.0496576838195324,
  "summary_bg_p95": 15.248288419097662,
  "summary_bg_stdv": 5.821229212336675,
  "summary_csf_k": 36.938240669289435,
  "summary_csf_mad": 116.78937056829761,
  "summary_csf_mean": 399.68219262149756,
  "summary_csf_median": 370.50463822856545,
  "summary_csf_n": 22670.0,
  "summary_csf_p05": 255.8518944947049,
  "summary_csf_p95": 583.6670792208984,
  "summary_csf_stdv": 128.07637164813704,
  "summary_gm_k": 0.3597691332768864,
  "summary_gm_mad": 45.72615239197043,
  "summary_gm_mean": 747.6244182417618,
  "summary_gm_median": 748.604650311172,
  "summary_gm_n": 27868.0,
  "summary_gm_p05": 667.0694628022611,
  "summary_gm_p95": 825.8242844939232,
  "summary_gm_stdv": 47.908984594643606,
  "summary_wm_k": 1.1116983720230103,
  "summary_wm_mad": 33.35620445011276,
  "summary_wm_mean": 996.9245241263703,
  "summary_wm_median": 1000.0000167377293,
  "summary_wm_n": 214771.0,
  "summary_wm_p05": 924.5641445964575,
  "summary_wm_p95": 1055.7569657117128,
  "summary_wm_stdv": 39.131504040576694,
  "tpm_overlap_csf": 0.17497460544109344,
  "tpm_overlap_gm": 0.4572647213935852,
  "tpm_overlap_wm": 0.5082746744155884,
  "wm2max": 0.4520483808037456
}