{
  "aor": 0.00058328125,
  "aqi": 0.018359905208333333,
  "bids_meta": {
    "AcquisitionMatrixPE": 128,
    "AcquisitionNumber": 1,
    "AcquisitionTime": "15:30:5.812500",
    "BandwidthPerPixelPhaseEncode": 23.321,
    "BodyPartExamined": "HEAD",
    "CoilString": "HeadNeck_64_CS",
    "ConversionSoftware": "dcm2niix",
    "ConversionSoftwareVersion": "v1.0.20190410  GCC6.3.0",
    "DerivedVendorReportedEchoSpacing": 0.000334999,
    "DeviceSerialNumber": "175956",
    "EchoTime": 0.03,
    "EchoTrainLength": 63,
    "EffectiveEchoSpacing": 0.000334999,
    "FlipAngle": 72,
    "ImageOrientationPatientDICOM": [
      0.999903,
      -0.0108454,
      -0.00875173,
      0.00645713,
      0.917056,
      -0.398706
    ],
    "ImageType": [
      "ORIGINAL",
      "PRIMARY",
      "FMRI",
      "NONE"
    ],
    "ImagingFrequency": 123.263,
    "InPlanePhaseEncodingDirectionDICOM": "COL",
    "InstitutionAddress": "AT",
    "InstitutionName": "TU_Graz",
    "MRAcquisitionType": "2D",
    "MagneticFieldStrength": 3,
    "Manufacturer": "Siemens",
    "ManufacturersModelName": "MAGNETOM_Vida",
    "Modality": "MR",
    "MultibandAccelerationFactor": 3,
    "PartialFourier": 0.492188,
    "PatientPosition": "HFS",
    "PercentPhaseFOV": 100,
    "PhaseEncodingDirection": "j-",
    "PixelBandwidth": 1953,
    "ProcedureStepDescription": "TU_2020",
    "ProtocolName": "func_task-execution_acq-Fs2_run-02",
    "ReceiveCoilActiveElements": "HC1-7;NC1",
    "ReconMatrixPE": 128,
    "RepetitionTime": 2.3,
    "SequenceVariant": "SK",
    "SeriesDescription": "func_task-execution_acq-Fs2_run-02",
    "SeriesNumber": 12,
    "SliceThickness": 1.8,
    "SliceTiming": [
      0.00318,
      0,
      0.00326,
      8.25e-05,
      0.0033425,
      0.0001625,
      0.0034225,
      0.000245,
      0.003505,
      0.0003275,
      0.0035875,
      0.0004075,
      0.0036675,
      0.00049,
      0.00375,
      0.00057,
      0.00383,
      0.0006525,
      0.0039125,
      0.000735,
      0.003995,
      0.000815,
      0.004075,
      0.0008975,
      0.0041575,
      0.0009775,
      0.0042375,
      0.00106,
      0.00432,
      0.0011425,
      0.0044025,
      0.0012225,
      0.0044825,
      0.001305,
      0.004565,
      0.001385,
      0.004645,
      0.0014675,
      0.0047275,
      0.00155,
      0.00481,
      0.00163,
      0.00489,
      0.0017125,
      0.0049725,
      0.0017925,
      0.0050525,
      0.001875,
      0.005135,
      0.0019575,
      0.0052175,
      0.0020375,
      0.0052975,
      0.00212,
      0.00538,
      0.0022,
      0.00546,
      0.0022825,
      0.0055425,
      0.002365,
      0.005625,
      0.002445,
      0.005705,
      0.0025275,
      0.0057875,
      0.0026075,
      0.0058675,
      0.00269,
      0.00595,
      0.0027725,
      0.0060325,
      0.0028525,
      0.0061125,
      0.002935,
      0.006195,
      0.003015,
      0.006275,
      0.0030975
    ],
    "SoftwareVersions": "syngo_MR_XA20",
    "SpacingBetweenSlices": 1.8,
    "StationName": "AWP175956",
    "TaskName": "execution",
    "TotalReadoutTime": 0.0425448,
    "acq_id": "Fs2",
    "dataset": "ds003612",
    "modality": "bold",
    "run_id": 2,
    "session_id": "1",
    "subject_id": "108TUSW011050",
    "task_id": "execution"
  },
  "dummy_trs": 0,
  "dvars_nstd": 49.34911420329842,
  "dvars_std": 1.1481664687958115,
  "dvars_vstd": 0.9994956257068064,
  "efc": 0.47506711042913585,
  "fber": 4430.54736328125,
  "fd_mean": 0.07312500937406907,
  "fd_num": 4,
  "fd_perc": 2.0833333333333335,
  "fwhm_avg": 2.054043467765293,
  "fwhm_x": 1.9902497587406411,
  "fwhm_y": 2.1939361477131585,
  "fwhm_z": 1.9779444968420794,
  "gcor": 0.00447788,
  "gsr_x": -0.011107363738119602,
  "gsr_y": 0.01780076138675213,
  "provenance": {
    "md5sum": "f5e51bb2a4812f032b5d4159bfed846e",
    "settings": {
      "fd_thres": 0.2,
      "testing": false
    },
    "software": "mriqc",
    "version": "21.0.0rc2",
    "webapi_port": null,
    "webapi_url": "https://mriqc.nimh.nih.gov/api/v1"
  },
  "size_t": 192,
  "size_x": 128,
  "size_y": 128,
  "size_z": 78,
  "snr": 5.385192606532168,
  "spacing_tr": 2.299999952316284,
  "spacing_x": 1.7968800067901611,
  "spacing_y": 1.7968800067901611,
  "spacing_z": 1.7999999523162842,
  "summary_bg_k": 47.71779115591301,
  "summary_bg_mad": 6.687154227691194,
  "summary_bg_mean": 25.5128173828125,
  "summary_bg_median": 9.447916984558105,
  "summary_bg_n": 919100.0,
  "summary_bg_p05": 3.7760417461395264,
  "summary_bg_p95": 96.11458587646484,
  "summary_bg_stdv": 51.43063735961914,
  "summary_fg_k": 2.252833757359201,
  "summary_fg_mad": 107.55046609771323,
  "summary_fg_mean": 629.2220458984375,
  "summary_fg_median": 624.6458740234375,
  "summary_fg_n": 227699.0,
  "summary_fg_p05": 465.71356201171875,
  "summary_fg_p95": 813.9015808105468,
  "summary_fg_stdv": 115.99297332763672,
  "tsnr": 33.257423328235745
}