{
  "aor": 0.0006122459893048127,
  "aqi": 0.017450796256684494,
  "bids_meta": {
    "AcquisitionMatrixPE": 128,
    "AcquisitionNumber": 1,
    "AcquisitionTime": "15:16:52.822500",
    "BandwidthPerPixelPhaseEncode": 23.321,
    "BodyPartExamined": "HEAD",
    "CoilString": "HeadNeck_64_CS",
    "ConversionSoftware": "dcm2niix",
    "ConversionSoftwareVersion": "v1.0.20190410  GCC6.3.0",
    "DerivedVendorReportedEchoSpacing": 0.000334999,
    "DeviceSerialNumber": "175956",
    "EchoTime": 0.03,
    "EchoTrainLength": 63,
    "EffectiveEchoSpacing": 0.000334999,
    "FlipAngle": 72,
    "ImageOrientationPatientDICOM": [
      0.999159,
      0.00544343,
      -0.0406388,
      -0.0219762,
      0.907855,
      -0.418709
    ],
    "ImageType": [
      "ORIGINAL",
      "PRIMARY",
      "FMRI",
      "NONE"
    ],
    "ImagingFrequency": 123.263,
    "InPlanePhaseEncodingDirectionDICOM": "COL",
    "InstitutionAddress": "AT",
    "InstitutionName": "TU_Graz",
    "MRAcquisitionType": "2D",
    "MagneticFieldStrength": 3,
    "Manufacturer": "Siemens",
    "ManufacturersModelName": "MAGNETOM_Vida",
    "Modality": "MR",
    "MultibandAccelerationFactor": 3,
    "PartialFourier": 0.492188,
    "PatientPosition": "HFS",
    "PercentPhaseFOV": 100,
    "PhaseEncodingDirection": "j-",
    "PixelBandwidth": 1953,
    "ProcedureStepDescription": "TU_2020",
    "ProtocolName": "func_task-execution_acq-Fs2_run-02",
    "ReceiveCoilActiveElements": "HC1-7;NC1",
    "ReconMatrixPE": 128,
    "RepetitionTime": 2.3,
    "SequenceVariant": "SK",
    "SeriesDescription": "func_task-execution_acq-Fs2_run-02",
    "SeriesNumber": 14,
    "SliceThickness": 1.8,
    "SliceTiming": [
      0.0031775,
      0,
      0.00326,
      8e-05,
      0.00334,
      0.0001625,
      0.0034225,
      0.000245,
      0.003505,
      0.000325,
      0.003585,
      0.0004075,
      0.0036675,
      0.0004875,
      0.0037475,
      0.00057,
      0.00383,
      0.0006525,
      0.0039125,
      0.0007325,
      0.0039925,
      0.000815,
      0.004075,
      0.000895,
      0.004155,
      0.0009775,
      0.0042375,
      0.00106,
      0.00432,
      0.00114,
      0.0044,
      0.0012225,
      0.0044825,
      0.0013025,
      0.0045625,
      0.001385,
      0.004645,
      0.0014675,
      0.0047275,
      0.0015475,
      0.0048075,
      0.00163,
      0.00489,
      0.00171,
      0.00497,
      0.0017925,
      0.0050525,
      0.001875,
      0.005135,
      0.001955,
      0.005215,
      0.0020375,
      0.0052975,
      0.0021175,
      0.0053775,
      0.0022,
      0.00546,
      0.0022825,
      0.0055425,
      0.0023625,
      0.0056225,
      0.002445,
      0.005705,
      0.002525,
      0.005785,
      0.0026075,
      0.0058675,
      0.00269,
      0.00595,
      0.00277,
      0.00603,
      0.0028525,
      0.0061125,
      0.0029325,
      0.0061925,
      0.003015,
      0.006275,
      0.0030975
    ],
    "SoftwareVersions": "syngo_MR_XA20",
    "SpacingBetweenSlices": 1.8,
    "StationName": "AWP175956",
    "TaskName": "execution",
    "TotalReadoutTime": 0.0425448,
    "acq_id": "Fs2",
    "dataset": "ds003612",
    "modality": "bold",
    "run_id": 2,
    "session_id": "1",
    "subject_id": "108TUSW011008",
    "task_id": "execution"
  },
  "dummy_trs": 0,
  "dvars_nstd": 52.61667268010757,
  "dvars_std": 1.1923857400000002,
  "dvars_vstd": 1.0082339940860214,
  "efc": 0.48292847138309875,
  "fber": 3905.441162109375,
  "fd_mean": 0.07162598918529077,
  "fd_num": 3,
  "fd_perc": 1.6042780748663101,
  "fwhm_avg": 2.1621458605649746,
  "fwhm_x": 2.1284504171383056,
  "fwhm_y": 2.2650037757781596,
  "fwhm_z": 2.0929833887784586,
  "gcor": 0.00696319,
  "gsr_x": -0.006284665782004595,
  "gsr_y": 0.01487369928508997,
  "provenance": {
    "md5sum": "4ba55336ea8a152d65d430b49b3081da",
    "settings": {
      "fd_thres": 0.2,
      "testing": false
    },
    "software": "mriqc",
    "version": "21.0.0rc2",
    "webapi_port": null,
    "webapi_url": "https://mriqc.nimh.nih.gov/api/v1"
  },
  "size_t": 187,
  "size_x": 128,
  "size_y": 128,
  "size_z": 78,
  "snr": 4.902502829888272,
  "spacing_tr": 2.299999952316284,
  "spacing_x": 1.7968800067901611,
  "spacing_y": 1.7968800067901611,
  "spacing_z": 1.7999999523162842,
  "summary_bg_k": 32.609434183813086,
  "summary_bg_mad": 6.953166244164208,
  "summary_bg_mean": 28.6685733795166,
  "summary_bg_median": 9.326203346252441,
  "summary_bg_n": 923644.0,
  "summary_bg_p05": 3.2834224700927734,
  "summary_bg_p95": 132.8494644165038,
  "summary_bg_stdv": 56.12686538696289,
  "summary_fg_k": 2.906938212248437,
  "summary_fg_mad": 100.22233543004839,
  "summary_fg_mean": 584.4434204101562,
  "summary_fg_median": 575.1550903320312,
  "summary_fg_n": 225184.0,
  "summary_fg_p05": 429.3101806640625,
  "summary_fg_p95": 777.8914642333982,
  "summary_fg_stdv": 117.31840515136719,
  "tsnr": 33.33593553095125
}