{
  "aor": 0.0022436827956989246,
  "aqi": 0.019697952150537636,
  "bids_meta": {
    "AcquisitionMatrixPE": 128,
    "AcquisitionNumber": 1,
    "AcquisitionTime": "09:12:52.840000",
    "BandwidthPerPixelPhaseEncode": 23.321,
    "BodyPartExamined": "HEAD",
    "CoilString": "HeadNeck_64_CS",
    "ConversionSoftware": "dcm2niix",
    "ConversionSoftwareVersion": "v1.0.20190410  GCC6.3.0",
    "DerivedVendorReportedEchoSpacing": 0.000334999,
    "DeviceSerialNumber": "175956",
    "EchoTime": 0.03,
    "EchoTrainLength": 63,
    "EffectiveEchoSpacing": 0.000334999,
    "FlipAngle": 72,
    "ImageOrientationPatientDICOM": [
      1,
      8.75166e-05,
      0.000502431,
      8.99566e-09,
      0.985163,
      -0.17162
    ],
    "ImageType": [
      "ORIGINAL",
      "PRIMARY",
      "FMRI",
      "NONE"
    ],
    "ImagingFrequency": 123.263,
    "InPlanePhaseEncodingDirectionDICOM": "COL",
    "InstitutionAddress": "AT",
    "InstitutionName": "TU_Graz",
    "MRAcquisitionType": "2D",
    "MagneticFieldStrength": 3,
    "Manufacturer": "Siemens",
    "ManufacturersModelName": "MAGNETOM_Vida",
    "Modality": "MR",
    "MultibandAccelerationFactor": 3,
    "PartialFourier": 0.492188,
    "PatientPosition": "HFS",
    "PercentPhaseFOV": 100,
    "PhaseEncodingDirection": "j-",
    "PixelBandwidth": 1953,
    "ProcedureStepDescription": "TU_2020",
    "ProtocolName": "func_task-imagery_acq-Fs2_run-01",
    "ReceiveCoilActiveElements": "HC1-7",
    "ReconMatrixPE": 128,
    "RepetitionTime": 2.3,
    "SequenceVariant": "SK",
    "SeriesDescription": "func_task-imagery_acq-Fs2_run-01",
    "SeriesNumber": 7,
    "SliceThickness": 1.8,
    "SliceTiming": [
      0.00318,
      0,
      0.00326,
      8.25e-05,
      0.0033425,
      0.000165,
      0.003425,
      0.000245,
      0.003505,
      0.0003275,
      0.0035875,
      0.0004075,
      0.0036675,
      0.00049,
      0.00375,
      0.0005725,
      0.0038325,
      0.0006525,
      0.0039125,
      0.000735,
      0.003995,
      0.000815,
      0.004075,
      0.0008975,
      0.0041575,
      0.00098,
      0.00424,
      0.00106,
      0.00432,
      0.0011425,
      0.0044025,
      0.0012225,
      0.0044825,
      0.001305,
      0.004565,
      0.0013875,
      0.0046475,
      0.0014675,
      0.0047275,
      0.00155,
      0.00481,
      0.00163,
      0.00489,
      0.0017125,
      0.0049725,
      0.001795,
      0.005055,
      0.001875,
      0.005135,
      0.0019575,
      0.0052175,
      0.0020375,
      0.0052975,
      0.00212,
      0.00538,
      0.0022025,
      0.0054625,
      0.0022825,
      0.0055425,
      0.002365,
      0.005625,
      0.002445,
      0.005705,
      0.0025275,
      0.0057875,
      0.00261,
      0.00587,
      0.00269,
      0.00595,
      0.0027725,
      0.0060325,
      0.0028525,
      0.0061125,
      0.002935,
      0.006195,
      0.0030175,
      0.0062775,
      0.0030975
    ],
    "SoftwareVersions": "syngo_MR_XA20",
    "SpacingBetweenSlices": 1.8,
    "StationName": "AWP175956",
    "TaskName": "imagery",
    "TotalReadoutTime": 0.0425448,
    "acq_id": "Fs2",
    "dataset": "ds003612",
    "modality": "bold",
    "run_id": 1,
    "session_id": "1",
    "subject_id": "108TUSW011038",
    "task_id": "imagery"
  },
  "dummy_trs": 0,
  "dvars_nstd": 55.75911836051215,
  "dvars_std": 1.2532439098652286,
  "dvars_vstd": 1.0257907022911046,
  "efc": 0.4664806331262499,
  "fber": 4883.6865234375,
  "fd_mean": 0.10091718603412828,
  "fd_num": 31,
  "fd_perc": 8.333333333333334,
  "fwhm_avg": 2.0545321298791537,
  "fwhm_x": 1.9868939420042906,
  "fwhm_y": 2.2193357291139937,
  "fwhm_z": 1.957366718519177,
  "gcor": 0.0160254,
  "gsr_x": -0.02065412327647209,
  "gsr_y": 0.02515632100403309,
  "provenance": {
    "md5sum": "b2837a1b4b0a88a8c5b0b91bceb31ff9",
    "settings": {
      "fd_thres": 0.2,
      "testing": false
    },
    "software": "mriqc",
    "version": "21.0.0rc2",
    "webapi_port": null,
    "webapi_url": "https://mriqc.nimh.nih.gov/api/v1"
  },
  "size_t": 372,
  "size_x": 128,
  "size_y": 128,
  "size_z": 78,
  "snr": 5.007580958436521,
  "spacing_tr": 2.299999952316284,
  "spacing_x": 1.7968800067901611,
  "spacing_y": 1.7968800067901611,
  "spacing_z": 1.7999999523162842,
  "summary_bg_k": 24.925302253917703,
  "summary_bg_mad": 5.667366795789418,
  "summary_bg_mean": 24.253948211669922,
  "summary_bg_median": 7.620967864990234,
  "summary_bg_n": 940582.0,
  "summary_bg_p05": 2.8091397285461426,
  "summary_bg_p95": 106.73387145996094,
  "summary_bg_stdv": 47.4567756652832,
  "summary_fg_k": 1.613651001846791,
  "summary_fg_mad": 100.53398594521767,
  "summary_fg_mean": 533.9279174804688,
  "summary_fg_median": 525.0107421875,
  "summary_fg_n": 207680.0,
  "summary_fg_p05": 389.4190734863281,
  "summary_fg_p95": 709.2099243164062,
  "summary_fg_stdv": 104.84293365478516,
  "tsnr": 30.111599480733275
}