{
  "aor": 0.00030144772117962463,
  "aqi": 0.022483843699731904,
  "bids_meta": {
    "AcquisitionMatrixPE": 128,
    "AcquisitionNumber": 1,
    "AcquisitionTime": "09:26:17.807500",
    "BandwidthPerPixelPhaseEncode": 23.321,
    "BodyPartExamined": "HEAD",
    "CoilString": "HeadNeck_64_CS",
    "ConversionSoftware": "dcm2niix",
    "ConversionSoftwareVersion": "v1.0.20190410  GCC6.3.0",
    "DerivedVendorReportedEchoSpacing": 0.000334999,
    "DeviceSerialNumber": "175956",
    "EchoTime": 0.03,
    "EchoTrainLength": 63,
    "EffectiveEchoSpacing": 0.000334999,
    "FlipAngle": 72,
    "ImageOrientationPatientDICOM": [
      0.999107,
      -0.0343797,
      0.0245472,
      0.0390804,
      0.972854,
      -0.228096
    ],
    "ImageType": [
      "ORIGINAL",
      "PRIMARY",
      "FMRI",
      "NONE"
    ],
    "ImagingFrequency": 123.263,
    "InPlanePhaseEncodingDirectionDICOM": "COL",
    "InstitutionAddress": "AT",
    "InstitutionName": "TU_Graz",
    "MRAcquisitionType": "2D",
    "MagneticFieldStrength": 3,
    "Manufacturer": "Siemens",
    "ManufacturersModelName": "MAGNETOM_Vida",
    "Modality": "MR",
    "MultibandAccelerationFactor": 3,
    "PartialFourier": 0.492188,
    "PatientPosition": "HFS",
    "PercentPhaseFOV": 100,
    "PhaseEncodingDirection": "j-",
    "PixelBandwidth": 1953,
    "ProcedureStepDescription": "TU_2020",
    "ProtocolName": "func_task-imagery_acq-Fs2_run-01",
    "ReceiveCoilActiveElements": "HC1-7;NC1",
    "ReconMatrixPE": 128,
    "RepetitionTime": 2.3,
    "SequenceVariant": "SK",
    "SeriesDescription": "func_task-imagery_acq-Fs2_run-01",
    "SeriesNumber": 11,
    "SliceThickness": 1.8,
    "SliceTiming": [
      0.0031775,
      0,
      0.00326,
      8e-05,
      0.00334,
      0.0001625,
      0.0034225,
      0.0002425,
      0.0035025,
      0.000325,
      0.003585,
      0.0004075,
      0.0036675,
      0.0004875,
      0.0037475,
      0.00057,
      0.00383,
      0.00065,
      0.00391,
      0.0007325,
      0.0039925,
      0.000815,
      0.004075,
      0.000895,
      0.004155,
      0.0009775,
      0.0042375,
      0.0010575,
      0.0043175,
      0.00114,
      0.0044,
      0.0012225,
      0.0044825,
      0.0013025,
      0.0045625,
      0.001385,
      0.004645,
      0.001465,
      0.004725,
      0.0015475,
      0.0048075,
      0.00163,
      0.00489,
      0.00171,
      0.00497,
      0.0017925,
      0.0050525,
      0.0018725,
      0.0051325,
      0.001955,
      0.005215,
      0.0020375,
      0.0052975,
      0.0021175,
      0.0053775,
      0.0022,
      0.00546,
      0.00228,
      0.00554,
      0.0023625,
      0.0056225,
      0.002445,
      0.005705,
      0.002525,
      0.005785,
      0.0026075,
      0.0058675,
      0.0026875,
      0.0059475,
      0.00277,
      0.00603,
      0.0028525,
      0.0061125,
      0.0029325,
      0.0061925,
      0.003015,
      0.006275,
      0.003095
    ],
    "SoftwareVersions": "syngo_MR_XA20",
    "SpacingBetweenSlices": 1.8,
    "StationName": "AWP175956",
    "TaskName": "imagery",
    "TotalReadoutTime": 0.0425448,
    "acq_id": "Fs2",
    "dataset": "ds003612",
    "modality": "bold",
    "run_id": 1,
    "session_id": "1",
    "subject_id": "108TUSW011045",
    "task_id": "imagery"
  },
  "dummy_trs": 0,
  "dvars_nstd": 50.238088977043006,
  "dvars_std": 1.2004251628225808,
  "dvars_vstd": 0.9841311796505381,
  "efc": 0.4311814900480071,
  "fber": 4842.9033203125,
  "fd_mean": 0.05914668021547492,
  "fd_num": 4,
  "fd_perc": 1.0723860589812333,
  "fwhm_avg": 2.126168756832671,
  "fwhm_x": 2.0005843386401483,
  "fwhm_y": 2.294677432226287,
  "fwhm_z": 2.083244499631577,
  "gcor": 0.0117177,
  "gsr_x": -0.016925811767578125,
  "gsr_y": 0.012093888595700264,
  "provenance": {
    "md5sum": "e1b5b38c76a803c27c66ab12ee868dc1",
    "settings": {
      "fd_thres": 0.2,
      "testing": false
    },
    "software": "mriqc",
    "version": "21.0.0rc2",
    "webapi_port": null,
    "webapi_url": "https://mriqc.nimh.nih.gov/api/v1"
  },
  "size_t": 373,
  "size_x": 128,
  "size_y": 128,
  "size_z": 78,
  "snr": 5.42671228314008,
  "spacing_tr": 2.299999952316284,
  "spacing_x": 1.7968800067901611,
  "spacing_y": 1.7968800067901611,
  "spacing_z": 1.7999999523162842,
  "summary_bg_k": 36.30097589934896,
  "summary_bg_mad": 5.572676596344341,
  "summary_bg_mean": 20.478334426879883,
  "summary_bg_median": 8.378016471862793,
  "summary_bg_n": 974699.0,
  "summary_bg_p05": 3.2573728561401367,
  "summary_bg_p95": 75.28177032470697,
  "summary_bg_stdv": 39.15895080566406,
  "summary_fg_k": 2.522497462602888,
  "summary_fg_mad": 94.65999812119759,
  "summary_fg_mean": 583.9952392578125,
  "summary_fg_median": 577.7721557617188,
  "summary_fg_n": 180300.0,
  "summary_fg_p05": 436.12560577392577,
  "summary_fg_p95": 755.4185424804687,
  "summary_fg_stdv": 106.46788024902344,
  "tsnr": 31.73092539422214
}