{
  "aor": 0.0033635897435897433,
  "aqi": 0.024882415384615386,
  "bids_meta": {
    "AcquisitionMatrixPE": 128,
    "AcquisitionNumber": 1,
    "AcquisitionTime": "09:49:24.800000",
    "BandwidthPerPixelPhaseEncode": 23.321,
    "BodyPartExamined": "HEAD",
    "CoilString": "HeadNeck_64_CS",
    "ConversionSoftware": "dcm2niix",
    "ConversionSoftwareVersion": "v1.0.20190410  GCC6.3.0",
    "DerivedVendorReportedEchoSpacing": 0.000334999,
    "DeviceSerialNumber": "175956",
    "EchoTime": 0.03,
    "EchoTrainLength": 63,
    "EffectiveEchoSpacing": 0.000334999,
    "FlipAngle": 72,
    "ImageOrientationPatientDICOM": [
      0.999107,
      -0.0343797,
      0.0245472,
      0.0390804,
      0.972854,
      -0.228096
    ],
    "ImageType": [
      "ORIGINAL",
      "PRIMARY",
      "FMRI",
      "NONE"
    ],
    "ImagingFrequency": 123.263,
    "InPlanePhaseEncodingDirectionDICOM": "COL",
    "InstitutionAddress": "AT",
    "InstitutionName": "TU_Graz",
    "MRAcquisitionType": "2D",
    "MagneticFieldStrength": 3,
    "Manufacturer": "Siemens",
    "ManufacturersModelName": "MAGNETOM_Vida",
    "Modality": "MR",
    "MultibandAccelerationFactor": 3,
    "PartialFourier": 0.492188,
    "PatientPosition": "HFS",
    "PercentPhaseFOV": 100,
    "PhaseEncodingDirection": "j-",
    "PixelBandwidth": 1953,
    "ProcedureStepDescription": "TU_2020",
    "ProtocolName": "func_task-execution_acq-Fs2_run-02",
    "ReceiveCoilActiveElements": "HC1-7;NC1",
    "ReconMatrixPE": 128,
    "RepetitionTime": 2.3,
    "SequenceVariant": "SK",
    "SeriesDescription": "func_task-execution_acq-Fs2_run-02",
    "SeriesNumber": 18,
    "SliceThickness": 1.8,
    "SliceTiming": [
      0.00318,
      0,
      0.00326,
      8.25e-05,
      0.0033425,
      0.000165,
      0.003425,
      0.000245,
      0.003505,
      0.0003275,
      0.0035875,
      0.0004075,
      0.0036675,
      0.00049,
      0.00375,
      0.0005725,
      0.0038325,
      0.0006525,
      0.0039125,
      0.000735,
      0.003995,
      0.000815,
      0.004075,
      0.0008975,
      0.0041575,
      0.00098,
      0.00424,
      0.00106,
      0.00432,
      0.0011425,
      0.0044025,
      0.0012225,
      0.0044825,
      0.001305,
      0.004565,
      0.0013875,
      0.0046475,
      0.0014675,
      0.0047275,
      0.00155,
      0.00481,
      0.00163,
      0.00489,
      0.0017125,
      0.0049725,
      0.001795,
      0.005055,
      0.001875,
      0.005135,
      0.0019575,
      0.0052175,
      0.0020375,
      0.0052975,
      0.00212,
      0.00538,
      0.0022025,
      0.0054625,
      0.0022825,
      0.0055425,
      0.002365,
      0.005625,
      0.002445,
      0.005705,
      0.0025275,
      0.0057875,
      0.00261,
      0.00587,
      0.00269,
      0.00595,
      0.0027725,
      0.0060325,
      0.0028525,
      0.0061125,
      0.002935,
      0.006195,
      0.0030175,
      0.0062775,
      0.0030975
    ],
    "SoftwareVersions": "syngo_MR_XA20",
    "SpacingBetweenSlices": 1.8,
    "StationName": "AWP175956",
    "TaskName": "execution",
    "TotalReadoutTime": 0.0425448,
    "acq_id": "Fs2",
    "dataset": "ds003612",
    "modality": "bold",
    "run_id": 2,
    "session_id": "1",
    "subject_id": "108TUSW011045",
    "task_id": "execution"
  },
  "dummy_trs": 0,
  "dvars_nstd": 52.021161089329894,
  "dvars_std": 1.215705158041238,
  "dvars_vstd": 1.0183746426288667,
  "efc": 0.42998330478260804,
  "fber": 4914.29345703125,
  "fd_mean": 0.11522149778992624,
  "fd_num": 18,
  "fd_perc": 9.23076923076923,
  "fwhm_avg": 2.156192285739723,
  "fwhm_x": 2.0293675627867565,
  "fwhm_y": 2.3226425716958743,
  "fwhm_z": 2.116566722736537,
  "gcor": 0.0228654,
  "gsr_x": -0.0161955114454031,
  "gsr_y": 0.011109714396297932,
  "provenance": {
    "md5sum": "d0bea6615e3310df9b34a51c923ea8a6",
    "settings": {
      "fd_thres": 0.2,
      "testing": false
    },
    "software": "mriqc",
    "version": "21.0.0rc2",
    "webapi_port": null,
    "webapi_url": "https://mriqc.nimh.nih.gov/api/v1"
  },
  "size_t": 195,
  "size_x": 128,
  "size_y": 128,
  "size_z": 78,
  "snr": 5.299110549303938,
  "spacing_tr": 2.299999952316284,
  "spacing_x": 1.7968800067901611,
  "spacing_y": 1.7968800067901611,
  "spacing_z": 1.7999999523162842,
  "summary_bg_k": 35.331055173623646,
  "summary_bg_mad": 5.390589195046211,
  "summary_bg_mean": 20.27750015258789,
  "summary_bg_median": 8.276923179626465,
  "summary_bg_n": 974694.0,
  "summary_bg_p05": 3.251282215118408,
  "summary_bg_p95": 75.68717956542969,
  "summary_bg_stdv": 39.67664337158203,
  "summary_fg_k": 2.6465537525493374,
  "summary_fg_mad": 95.19063651287952,
  "summary_fg_mean": 581.7902221679688,
  "summary_fg_median": 575.05126953125,
  "summary_fg_n": 180343.0,
  "summary_fg_p05": 431.6153869628906,
  "summary_fg_p95": 755.7589721679688,
  "summary_fg_stdv": 108.51815032958984,
  "tsnr": 30.13778662844561
}