{
  "aor": 0.0007238297872340424,
  "aqi": 0.021890502127659573,
  "bids_meta": {
    "AcquisitionMatrixPE": 128,
    "AcquisitionNumber": 1,
    "AcquisitionTime": "11:03:6.800000",
    "BandwidthPerPixelPhaseEncode": 23.321,
    "BodyPartExamined": "HEAD",
    "CoilString": "HeadNeck_64_CS",
    "ConversionSoftware": "dcm2niix",
    "ConversionSoftwareVersion": "v1.0.20190410  GCC6.3.0",
    "DerivedVendorReportedEchoSpacing": 0.000334999,
    "DeviceSerialNumber": "175956",
    "EchoTime": 0.03,
    "EchoTrainLength": 63,
    "EffectiveEchoSpacing": 0.000334999,
    "FlipAngle": 72,
    "ImageOrientationPatientDICOM": [
      0.998743,
      0.0500502,
      -0.00258391,
      -0.0491962,
      0.969256,
      -0.241088
    ],
    "ImageType": [
      "ORIGINAL",
      "PRIMARY",
      "FMRI",
      "NONE"
    ],
    "ImagingFrequency": 123.263,
    "InPlanePhaseEncodingDirectionDICOM": "COL",
    "InstitutionAddress": "AT",
    "InstitutionName": "TU_Graz",
    "MRAcquisitionType": "2D",
    "MagneticFieldStrength": 3,
    "Manufacturer": "Siemens",
    "ManufacturersModelName": "MAGNETOM_Vida",
    "Modality": "MR",
    "MultibandAccelerationFactor": 3,
    "PartialFourier": 0.492188,
    "PatientPosition": "HFS",
    "PercentPhaseFOV": 100,
    "PhaseEncodingDirection": "j-",
    "PixelBandwidth": 1953,
    "ProcedureStepDescription": "TU_2020",
    "ProtocolName": "func_task-execution_acq-Fs2_run-02",
    "ReceiveCoilActiveElements": "HC1-7;NC1",
    "ReconMatrixPE": 128,
    "RepetitionTime": 2.3,
    "SequenceVariant": "SK",
    "SeriesDescription": "func_task-execution_acq-Fs2_run-02",
    "SeriesNumber": 22,
    "SliceThickness": 1.8,
    "SliceTiming": [
      0.0031775,
      0,
      0.00326,
      8e-05,
      0.00334,
      0.0001625,
      0.0034225,
      0.000245,
      0.003505,
      0.000325,
      0.003585,
      0.0004075,
      0.0036675,
      0.0004875,
      0.0037475,
      0.00057,
      0.00383,
      0.0006525,
      0.0039125,
      0.0007325,
      0.0039925,
      0.000815,
      0.004075,
      0.000895,
      0.004155,
      0.0009775,
      0.0042375,
      0.00106,
      0.00432,
      0.00114,
      0.0044,
      0.0012225,
      0.0044825,
      0.0013025,
      0.0045625,
      0.001385,
      0.004645,
      0.0014675,
      0.0047275,
      0.0015475,
      0.0048075,
      0.00163,
      0.00489,
      0.00171,
      0.00497,
      0.0017925,
      0.0050525,
      0.001875,
      0.005135,
      0.001955,
      0.005215,
      0.0020375,
      0.0052975,
      0.0021175,
      0.0053775,
      0.0022,
      0.00546,
      0.0022825,
      0.0055425,
      0.0023625,
      0.0056225,
      0.002445,
      0.005705,
      0.002525,
      0.005785,
      0.0026075,
      0.0058675,
      0.00269,
      0.00595,
      0.00277,
      0.00603,
      0.0028525,
      0.0061125,
      0.0029325,
      0.0061925,
      0.003015,
      0.006275,
      0.0030975
    ],
    "SoftwareVersions": "syngo_MR_XA20",
    "SpacingBetweenSlices": 1.8,
    "StationName": "AWP175956",
    "TaskName": "execution",
    "TotalReadoutTime": 0.0425448,
    "acq_id": "Fs2",
    "dataset": "ds003612",
    "modality": "bold",
    "run_id": 2,
    "session_id": "1",
    "subject_id": "108TUSW011046",
    "task_id": "execution"
  },
  "dummy_trs": 0,
  "dvars_nstd": 54.96053960860964,
  "dvars_std": 1.1688544402139038,
  "dvars_vstd": 1.0043849610160431,
  "efc": 0.4700187278400779,
  "fber": 4078.91748046875,
  "fd_mean": 0.0879310244910417,
  "fd_num": 4,
  "fd_perc": 2.127659574468085,
  "fwhm_avg": 2.11714634981358,
  "fwhm_x": 2.0602266072362814,
  "fwhm_y": 2.2635623884900755,
  "fwhm_z": 2.0276500537143827,
  "gcor": 0.00865816,
  "gsr_x": -0.0070082321763038635,
  "gsr_y": 0.021005328744649887,
  "provenance": {
    "md5sum": "4f7708e94c3fd4c576b013385afa0792",
    "settings": {
      "fd_thres": 0.2,
      "testing": false
    },
    "software": "mriqc",
    "version": "21.0.0rc2",
    "webapi_port": null,
    "webapi_url": "https://mriqc.nimh.nih.gov/api/v1"
  },
  "size_t": 188,
  "size_x": 128,
  "size_y": 128,
  "size_z": 78,
  "snr": 5.478285380647488,
  "spacing_tr": 2.299999952316284,
  "spacing_x": 1.7968800067901611,
  "spacing_y": 1.7968800067901611,
  "spacing_z": 1.7999999523162842,
  "summary_bg_k": 45.16462502470625,
  "summary_bg_mad": 6.9477254813231655,
  "summary_bg_mean": 26.218780517578125,
  "summary_bg_median": 9.457446098327637,
  "summary_bg_n": 934753.0,
  "summary_bg_p05": 3.702127456665039,
  "summary_bg_p95": 101.60637664794922,
  "summary_bg_stdv": 50.505611419677734,
  "summary_fg_k": 2.3484260051423647,
  "summary_fg_mad": 96.81073959021198,
  "summary_fg_mean": 606.6378784179688,
  "summary_fg_median": 600.1914672851562,
  "summary_fg_n": 214153.0,
  "summary_fg_p05": 452.1861572265625,
  "summary_fg_p95": 786.1074096679687,
  "summary_fg_stdv": 109.55801391601562,
  "tsnr": 30.82480931369355
}