{
  "bids_meta": {
    "AcquisitionMatrixPE": 224,
    "AcquisitionNumber": 1,
    "AcquisitionTime": "16:27:41.880000",
    "BodyPartExamined": "HEAD",
    "CoilString": "HeadNeck_64_CS",
    "ConversionSoftware": "dcm2niix",
    "ConversionSoftwareVersion": "v1.0.20190410  GCC6.3.0",
    "DeviceSerialNumber": "175956",
    "EchoTime": 0.00236,
    "FlipAngle": 9,
    "ImageOrientationPatientDICOM": [
      0.0734633,
      0.995264,
      0.0636551,
      0.0383388,
      0.0609621,
      -0.997404
    ],
    "ImageType": [
      "ORIGINAL",
      "PRIMARY",
      "M",
      "NONE"
    ],
    "ImagingFrequency": 123.263,
    "InPlanePhaseEncodingDirectionDICOM": "ROW",
    "InstitutionAddress": "AT",
    "InstitutionName": "TU_Graz",
    "MRAcquisitionType": "3D",
    "MagneticFieldStrength": 3,
    "Manufacturer": "Siemens",
    "ManufacturersModelName": "MAGNETOM_Vida",
    "Modality": "MR",
    "PatientPosition": "HFS",
    "PercentPhaseFOV": 100,
    "PixelBandwidth": 251,
    "ProcedureStepDescription": "TU_2020",
    "ProtocolName": "anat-T1w",
    "ReceiveCoilActiveElements": "HC1-7;NC1_2",
    "ReconMatrixPE": 224,
    "RepetitionTime": 1.6,
    "SequenceVariant": "SK_SP_MP_OSP",
    "SeriesDescription": "anat-T1w",
    "SeriesNumber": 5,
    "SliceThickness": 1,
    "SoftwareVersions": "syngo_MR_XA20",
    "StationName": "AWP175956",
    "dataset": "ds003612",
    "modality": "T1w",
    "session_id": "1",
    "subject_id": "108TUSW011036"
  },
  "cjv": 0.3392189568398508,
  "cnr": 3.8742313260912895,
  "efc": 0.6046545658175935,
  "fber": 5960.831600875347,
  "fwhm_avg": 4.468086666666667,
  "fwhm_x": 4.35362,
  "fwhm_y": 4.56774,
  "fwhm_z": 4.4829,
  "icvs_csf": 0.20579443269030512,
  "icvs_gm": 0.4052355364405438,
  "icvs_wm": 0.3889700308691511,
  "inu_med": 1.3191072940826416,
  "inu_range": 0.41221116781234746,
  "provenance": {
    "md5sum": "27214a610f2204f42335be0663d357e0",
    "settings": {
      "testing": false
    },
    "software": "mriqc",
    "version": "21.0.0rc2",
    "warnings": {
      "large_rot_frame": true,
      "small_air_mask": false
    },
    "webapi_port": null,
    "webapi_url": "https://mriqc.nimh.nih.gov/api/v1"
  },
  "qi_1": 0.0,
  "qi_2": 0.02177062933221757,
  "rpve_csf": 20.761364749628267,
  "rpve_gm": 10.867499804427755,
  "rpve_wm": 13.820581961313605,
  "size_x": 192,
  "size_y": 224,
  "size_z": 224,
  "snr_csf": 3.190338537194606,
  "snr_gm": 14.68977467136377,
  "snr_total": 15.319961835932817,
  "snr_wm": 28.079772299240076,
  "snrd_csf": 66.87159277578886,
  "snrd_gm": 105.14968786963937,
  "snrd_total": 103.65628776176106,
  "snrd_wm": 138.94758263985497,
  "spacing_x": 1.0,
  "spacing_y": 1.0,
  "spacing_z": 1.0,
  "summary_bg_k": 4.216067101185812,
  "summary_bg_mad": 4.714989485835989,
  "summary_bg_mean": 8.324083349037268,
  "summary_bg_median": 6.448763385415077,
  "summary_bg_n": 1560356.0,
  "summary_bg_p05": 3.2243816927075386,
  "summary_bg_p95": 16.166078075766563,
  "summary_bg_stdv": 4.455601487626301,
  "summary_csf_k": 32.292509347119065,
  "summary_csf_mad": 113.09426169498269,
  "summary_csf_mean": 464.49699279859385,
  "summary_csf_median": 481.2720948457718,
  "summary_csf_n": 24535.0,
  "summary_csf_p05": 272.2614897787571,
  "summary_csf_p95": 600.0000125169754,
  "summary_csf_stdv": 150.8499117779455,
  "summary_gm_k": 0.03542085152389873,
  "summary_gm_mad": 50.88259486798005,
  "summary_gm_mean": 756.8424238644889,
  "summary_gm_median": 756.7579663172364,
  "summary_gm_n": 24169.0,
  "summary_gm_p05": 673.056551143527,
  "summary_gm_p95": 841.7844698578119,
  "summary_gm_stdv": 51.51490254514834,
  "summary_wm_k": 0.9827289636921903,
  "summary_wm_mad": 31.62972113414976,
  "summary_wm_mean": 1000.4333819645942,
  "summary_wm_median": 1000.0000208616257,
  "summary_wm_n": 244069.0,
  "summary_wm_p05": 942.1819984540343,
  "summary_wm_p95": 1059.0106227993965,
  "summary_wm_stdv": 35.6127521833764,
  "tpm_overlap_csf": 0.15720859169960022,
  "tpm_overlap_gm": 0.46034055948257446,
  "tpm_overlap_wm": 0.5101038217544556,
  "wm2max": 0.45169691547966456
}