{
  "bids_meta": {
    "AcquisitionMatrixPE": 224,
    "AcquisitionNumber": 1,
    "AcquisitionTime": "15:34:11.885000",
    "BodyPartExamined": "HEAD",
    "CoilString": "HeadNeck_64_CS",
    "ConversionSoftware": "dcm2niix",
    "ConversionSoftwareVersion": "v1.0.20190410  GCC6.3.0",
    "DeviceSerialNumber": "175956",
    "EchoTime": 0.00236,
    "FlipAngle": 9,
    "ImageOrientationPatientDICOM": [
      -0.0206496,
      0.99925,
      0.0327604,
      0.0368705,
      0.0335062,
      -0.998758
    ],
    "ImageType": [
      "ORIGINAL",
      "PRIMARY",
      "M",
      "NONE"
    ],
    "ImagingFrequency": 123.263,
    "InPlanePhaseEncodingDirectionDICOM": "ROW",
    "InstitutionAddress": "AT",
    "InstitutionName": "TU_Graz",
    "MRAcquisitionType": "3D",
    "MagneticFieldStrength": 3,
    "Manufacturer": "Siemens",
    "ManufacturersModelName": "MAGNETOM_Vida",
    "Modality": "MR",
    "PatientPosition": "HFS",
    "PercentPhaseFOV": 100,
    "PixelBandwidth": 251,
    "ProcedureStepDescription": "TU_2020",
    "ProtocolName": "anat-T1w",
    "ReceiveCoilActiveElements": "HC1-7;NC1_2",
    "ReconMatrixPE": 224,
    "RepetitionTime": 1.6,
    "SequenceVariant": "SK_SP_MP_OSP",
    "SeriesDescription": "anat-T1w",
    "SeriesNumber": 5,
    "SliceThickness": 1,
    "SoftwareVersions": "syngo_MR_XA20",
    "StationName": "AWP175956",
    "dataset": "ds003612",
    "modality": "T1w",
    "session_id": "1",
    "subject_id": "108TUSW011024"
  },
  "cjv": 0.4119623467632479,
  "cnr": 3.2450261204804156,
  "efc": 0.6449838025835601,
  "fber": 4165.1731423686715,
  "fwhm_avg": 4.306053333333334,
  "fwhm_x": 4.18593,
  "fwhm_y": 4.33002,
  "fwhm_z": 4.40221,
  "icvs_csf": 0.2139704284681589,
  "icvs_gm": 0.4123613583495858,
  "icvs_wm": 0.3736682131822553,
  "inu_med": 1.1955512762069702,
  "inu_range": 0.5000434339046477,
  "provenance": {
    "md5sum": "b82a739ee83ad444495a5c9d40628647",
    "settings": {
      "testing": false
    },
    "software": "mriqc",
    "version": "21.0.0rc2",
    "warnings": {
      "large_rot_frame": true,
      "small_air_mask": false
    },
    "webapi_port": null,
    "webapi_url": "https://mriqc.nimh.nih.gov/api/v1"
  },
  "qi_1": 0.0,
  "qi_2": 0.02147699830094977,
  "rpve_csf": 18.53613564015456,
  "rpve_gm": 9.772254069407298,
  "rpve_wm": 12.86320069941769,
  "size_x": 192,
  "size_y": 224,
  "size_z": 224,
  "snr_csf": 3.350607910240069,
  "snr_gm": 12.475271720282464,
  "snr_total": 12.779948665255096,
  "snr_wm": 22.513966365242755,
  "snrd_csf": 48.61242876989502,
  "snrd_gm": 84.50076327190601,
  "snrd_total": 81.64538423745337,
  "snrd_wm": 111.82296067055908,
  "spacing_x": 1.0,
  "spacing_y": 1.0,
  "spacing_z": 1.0,
  "summary_bg_k": 2.916521025963327,
  "summary_bg_mad": 5.858692626619206,
  "summary_bg_mean": 10.19483224466875,
  "summary_bg_median": 7.950866229832172,
  "summary_bg_n": 1727835.0,
  "summary_bg_p05": 3.951628126204014,
  "summary_bg_p95": 19.805750608444214,
  "summary_bg_stdv": 5.247526928551357,
  "summary_csf_k": -0.9447040229672288,
  "summary_csf_mad": 164.78455345593414,
  "summary_csf_mean": 446.3502660235311,
  "summary_csf_median": 434.72670385986567,
  "summary_csf_n": 29510.0,
  "summary_csf_p05": 255.66557876765728,
  "summary_csf_p95": 647.1624231263995,
  "summary_csf_stdv": 129.7434225940104,
  "summary_gm_k": 0.21511670028818086,
  "summary_gm_mad": 59.29279284771244,
  "summary_gm_mean": 758.9776527109576,
  "summary_gm_median": 755.6655616760254,
  "summary_gm_n": 26287.0,
  "summary_gm_p05": 665.2066045701504,
  "summary_gm_p95": 861.8215283386407,
  "summary_gm_stdv": 60.57192220836678,
  "summary_wm_k": 0.6193799406935514,
  "summary_wm_mad": 41.363781677094636,
  "summary_wm_mean": 997.5736066114755,
  "summary_wm_median": 999.9999658167362,
  "summary_wm_n": 238561.0,
  "summary_wm_p05": 919.2058341279626,
  "summary_wm_p95": 1065.1780249103904,
  "summary_wm_stdv": 44.41677906467942,
  "tpm_overlap_csf": 0.1639738529920578,
  "tpm_overlap_gm": 0.4441748857498169,
  "tpm_overlap_wm": 0.49717962741851807,
  "wm2max": 0.4400955454050203
}