{
  "aor": 0.0011904761904761906,
  "aqi": 0.02876199674185464,
  "bids_meta": {
    "AcquisitionMatrixPE": 128,
    "AcquisitionNumber": 1,
    "AcquisitionTime": "15:59:42.815000",
    "BandwidthPerPixelPhaseEncode": 23.321,
    "BodyPartExamined": "HEAD",
    "CoilString": "HeadNeck_64_CS",
    "ConversionSoftware": "dcm2niix",
    "ConversionSoftwareVersion": "v1.0.20190410  GCC6.3.0",
    "DerivedVendorReportedEchoSpacing": 0.000334999,
    "DeviceSerialNumber": "175956",
    "EchoTime": 0.03,
    "EchoTrainLength": 63,
    "EffectiveEchoSpacing": 0.000334999,
    "FlipAngle": 72,
    "ImageOrientationPatientDICOM": [
      1,
      -0.000253213,
      -0.000861514,
      -7.53796e-08,
      0.959394,
      -0.282069
    ],
    "ImageType": [
      "ORIGINAL",
      "PRIMARY",
      "FMRI",
      "NONE"
    ],
    "ImagingFrequency": 123.263,
    "InPlanePhaseEncodingDirectionDICOM": "COL",
    "InstitutionAddress": "AT",
    "InstitutionName": "TU_Graz",
    "MRAcquisitionType": "2D",
    "MagneticFieldStrength": 3,
    "Manufacturer": "Siemens",
    "ManufacturersModelName": "MAGNETOM_Vida",
    "Modality": "MR",
    "MultibandAccelerationFactor": 3,
    "PartialFourier": 0.492188,
    "PatientPosition": "HFS",
    "PercentPhaseFOV": 100,
    "PhaseEncodingDirection": "j-",
    "PixelBandwidth": 1953,
    "ProcedureStepDescription": "TU_2020",
    "ProtocolName": "func_task-imagery_acq-Fs2_run-01",
    "ReceiveCoilActiveElements": "HC1-7",
    "ReconMatrixPE": 128,
    "RepetitionTime": 2.3,
    "SequenceVariant": "SK",
    "SeriesDescription": "func_task-imagery_acq-Fs2_run-01",
    "SeriesNumber": 7,
    "SliceThickness": 1.8,
    "SliceTiming": [
      0.0031775,
      0,
      0.00326,
      8e-05,
      0.00334,
      0.0001625,
      0.0034225,
      0.0002425,
      0.0035025,
      0.000325,
      0.003585,
      0.0004075,
      0.0036675,
      0.0004875,
      0.0037475,
      0.00057,
      0.00383,
      0.00065,
      0.00391,
      0.0007325,
      0.0039925,
      0.000815,
      0.004075,
      0.000895,
      0.004155,
      0.0009775,
      0.0042375,
      0.0010575,
      0.0043175,
      0.00114,
      0.0044,
      0.0012225,
      0.0044825,
      0.0013025,
      0.0045625,
      0.001385,
      0.004645,
      0.001465,
      0.004725,
      0.0015475,
      0.0048075,
      0.00163,
      0.00489,
      0.00171,
      0.00497,
      0.0017925,
      0.0050525,
      0.0018725,
      0.0051325,
      0.001955,
      0.005215,
      0.0020375,
      0.0052975,
      0.0021175,
      0.0053775,
      0.0022,
      0.00546,
      0.00228,
      0.00554,
      0.0023625,
      0.0056225,
      0.002445,
      0.005705,
      0.002525,
      0.005785,
      0.0026075,
      0.0058675,
      0.0026875,
      0.0059475,
      0.00277,
      0.00603,
      0.0028525,
      0.0061125,
      0.0029325,
      0.0061925,
      0.003015,
      0.006275,
      0.003095
    ],
    "SoftwareVersions": "syngo_MR_XA20",
    "SpacingBetweenSlices": 1.8,
    "StationName": "AWP175956",
    "TaskName": "imagery",
    "TotalReadoutTime": 0.0425448,
    "acq_id": "Fs2",
    "dataset": "ds003612",
    "modality": "bold",
    "run_id": 1,
    "session_id": "1",
    "subject_id": "108TUSW011018",
    "task_id": "imagery"
  },
  "dummy_trs": 0,
  "dvars_nstd": 51.34434875409543,
  "dvars_std": 1.1643446099246217,
  "dvars_vstd": 0.9672178217839199,
  "efc": 0.47546473406906214,
  "fber": 6629.43115234375,
  "fd_mean": 0.11057494284711865,
  "fd_num": 18,
  "fd_perc": 4.511278195488722,
  "fwhm_avg": 2.209029667607366,
  "fwhm_x": 2.138222911647479,
  "fwhm_y": 2.3489993678208423,
  "fwhm_z": 2.139866723353776,
  "gcor": 0.0152044,
  "gsr_x": -0.020907051861286163,
  "gsr_y": 0.027299657464027405,
  "provenance": {
    "md5sum": "b8afcfea3ae26670966797ce62af96a1",
    "settings": {
      "fd_thres": 0.2,
      "testing": false
    },
    "software": "mriqc",
    "version": "21.0.0rc2",
    "webapi_port": null,
    "webapi_url": "https://mriqc.nimh.nih.gov/api/v1"
  },
  "size_t": 399,
  "size_x": 128,
  "size_y": 128,
  "size_z": 78,
  "snr": 4.73893084179147,
  "spacing_tr": 2.299999952316284,
  "spacing_x": 1.7968800067901611,
  "spacing_y": 1.7968800067901611,
  "spacing_z": 1.7999999523162842,
  "summary_bg_k": 31.85199063227131,
  "summary_bg_mad": 6.484063049884828,
  "summary_bg_mean": 22.292842864990234,
  "summary_bg_median": 7.0300750732421875,
  "summary_bg_n": 908346.0,
  "summary_bg_p05": 1.4661654233932495,
  "summary_bg_p95": 93.98245239257812,
  "summary_bg_stdv": 46.31868362426758,
  "summary_fg_k": 2.1729843151704866,
  "summary_fg_mad": 101.91311186752813,
  "summary_fg_mean": 576.9973754882812,
  "summary_fg_median": 564.4837036132812,
  "summary_fg_n": 236377.0,
  "summary_fg_p05": 417.849609375,
  "summary_fg_p95": 794.6817016601562,
  "summary_fg_stdv": 119.11600494384766,
  "tsnr": 26.577457727864385
}