{
  "bids_meta": {
    "AcquisitionMatrixPE": 224,
    "AcquisitionNumber": 1,
    "AcquisitionTime": "09:20:39.677500",
    "BodyPartExamined": "HEAD",
    "CoilString": "HeadNeck_64_CS",
    "ConversionSoftware": "dcm2niix",
    "ConversionSoftwareVersion": "v1.0.20190410  GCC6.3.0",
    "DeviceSerialNumber": "175956",
    "EchoTime": 0.00236,
    "FlipAngle": 9,
    "ImageOrientationPatientDICOM": [
      0.0509509,
      0.993914,
      0.097667,
      0.0684914,
      0.0940863,
      -0.993205
    ],
    "ImageType": [
      "ORIGINAL",
      "PRIMARY",
      "M",
      "NONE"
    ],
    "ImagingFrequency": 123.263,
    "InPlanePhaseEncodingDirectionDICOM": "ROW",
    "InstitutionAddress": "AT",
    "InstitutionName": "TU_Graz",
    "MRAcquisitionType": "3D",
    "MagneticFieldStrength": 3,
    "Manufacturer": "Siemens",
    "ManufacturersModelName": "MAGNETOM_Vida",
    "Modality": "MR",
    "PatientPosition": "HFS",
    "PercentPhaseFOV": 100,
    "PixelBandwidth": 251,
    "ProcedureStepDescription": "TU_2020",
    "ProtocolName": "anat-T1w",
    "ReceiveCoilActiveElements": "HC1-7;NC1_2",
    "ReconMatrixPE": 224,
    "RepetitionTime": 1.6,
    "SequenceVariant": "SK_SP_MP_OSP",
    "SeriesDescription": "anat-T1w",
    "SeriesNumber": 9,
    "SliceThickness": 1,
    "SoftwareVersions": "syngo_MR_XA20",
    "StationName": "AWP175956",
    "dataset": "ds003612",
    "modality": "T1w",
    "session_id": "1",
    "subject_id": "108TUSW011045"
  },
  "cjv": 0.37177487380120244,
  "cnr": 3.4713271167394533,
  "efc": 0.5941727565436021,
  "fber": 4608.836486212677,
  "fwhm_avg": 4.20868,
  "fwhm_x": 4.05895,
  "fwhm_y": 4.23401,
  "fwhm_z": 4.33308,
  "icvs_csf": 0.19753971845170928,
  "icvs_gm": 0.43163364637911317,
  "icvs_wm": 0.3708266351691776,
  "inu_med": 1.1404929161071777,
  "inu_range": 0.40740974247455597,
  "provenance": {
    "md5sum": "4cdad6f10f795a698b266f4d68e163ac",
    "settings": {
      "testing": false
    },
    "software": "mriqc",
    "version": "21.0.0rc2",
    "warnings": {
      "large_rot_frame": true,
      "small_air_mask": false
    },
    "webapi_port": null,
    "webapi_url": "https://mriqc.nimh.nih.gov/api/v1"
  },
  "qi_1": 0.0,
  "qi_2": 0.02644092154230093,
  "rpve_csf": 25.349350966256612,
  "rpve_gm": 12.332868698306099,
  "rpve_wm": 16.545017219038645,
  "size_x": 192,
  "size_y": 224,
  "size_z": 224,
  "snr_csf": 2.795435568420045,
  "snr_gm": 15.742141421046453,
  "snr_total": 13.341555632300059,
  "snr_wm": 21.487089907433678,
  "snrd_csf": 43.589409724097706,
  "snrd_gm": 93.91171746880434,
  "snrd_total": 86.72143201789498,
  "snrd_wm": 122.66316886078289,
  "spacing_x": 1.0,
  "spacing_y": 1.0,
  "spacing_z": 1.0,
  "summary_bg_k": 5.177350707708408,
  "summary_bg_mad": 5.340938147010184,
  "summary_bg_mean": 9.783851893972871,
  "summary_bg_median": 7.4418166019022465,
  "summary_bg_n": 1439201.0,
  "summary_bg_p05": 3.649808142334223,
  "summary_bg_p95": 18.486041240394115,
  "summary_bg_stdv": 5.310595008364732,
  "summary_csf_k": 17.55012738435803,
  "summary_csf_mad": 103.72664085509253,
  "summary_csf_mean": 397.02877365230944,
  "summary_csf_median": 355.3585927672684,
  "summary_csf_n": 18043.0,
  "summary_csf_p05": 256.58151240609584,
  "summary_csf_p95": 596.2933302670717,
  "summary_csf_stdv": 127.11748719872448,
  "summary_gm_k": 0.3898562738333551,
  "summary_gm_mad": 46.45210677860173,
  "summary_gm_mean": 764.489986706592,
  "summary_gm_median": 765.606507986784,
  "summary_gm_n": 27159.0,
  "summary_gm_p05": 682.9833836633712,
  "summary_gm_p95": 842.8212802447379,
  "summary_gm_stdv": 48.633308041462094,
  "summary_wm_k": 0.7902319874579069,
  "summary_wm_mad": 40.68951561998548,
  "summary_wm_mean": 997.0161335204986,
  "summary_wm_median": 1000.0000308938324,
  "summary_wm_n": 173115.0,
  "summary_wm_p05": 912.4046354778111,
  "summary_wm_p95": 1068.1282028805458,
  "summary_wm_stdv": 46.539440517263344,
  "tpm_overlap_csf": 0.17600269615650177,
  "tpm_overlap_gm": 0.4640289545059204,
  "tpm_overlap_wm": 0.5015021562576294,
  "wm2max": 0.4414152404067456
}