{
  "aor": 0.0007949999999999999,
  "aqi": 0.021578509574468087,
  "bids_meta": {
    "AcquisitionMatrixPE": 128,
    "AcquisitionNumber": 1,
    "AcquisitionTime": "14:43:41.840000",
    "BandwidthPerPixelPhaseEncode": 23.321,
    "BodyPartExamined": "HEAD",
    "CoilString": "HeadNeck_64_CS",
    "ConversionSoftware": "dcm2niix",
    "ConversionSoftwareVersion": "v1.0.20190410  GCC6.3.0",
    "DerivedVendorReportedEchoSpacing": 0.000334999,
    "DeviceSerialNumber": "175956",
    "EchoTime": 0.03,
    "EchoTrainLength": 63,
    "EffectiveEchoSpacing": 0.000334999,
    "FlipAngle": 72,
    "ImageOrientationPatientDICOM": [
      1,
      1.0084e-05,
      2.82979e-05,
      -5.09994e-08,
      0.942546,
      -0.334077
    ],
    "ImageType": [
      "ORIGINAL",
      "PRIMARY",
      "FMRI",
      "NONE"
    ],
    "ImagingFrequency": 123.263,
    "InPlanePhaseEncodingDirectionDICOM": "COL",
    "InstitutionAddress": "AT",
    "InstitutionName": "TU_Graz",
    "MRAcquisitionType": "2D",
    "MagneticFieldStrength": 3,
    "Manufacturer": "Siemens",
    "ManufacturersModelName": "MAGNETOM_Vida",
    "Modality": "MR",
    "MultibandAccelerationFactor": 3,
    "PartialFourier": 0.492188,
    "PatientPosition": "HFS",
    "PercentPhaseFOV": 100,
    "PhaseEncodingDirection": "j-",
    "PixelBandwidth": 1953,
    "ProcedureStepDescription": "TU_2020",
    "ProtocolName": "func_task-execution_acq-Fs2_run-02",
    "ReceiveCoilActiveElements": "HC1-7",
    "ReconMatrixPE": 128,
    "RepetitionTime": 2.3,
    "SequenceVariant": "SK",
    "SeriesDescription": "func_task-execution_acq-Fs2_run-02",
    "SeriesNumber": 14,
    "SliceThickness": 1.8,
    "SliceTiming": [
      0.0031775,
      0,
      0.00326,
      8e-05,
      0.00334,
      0.0001625,
      0.0034225,
      0.0002425,
      0.0035025,
      0.000325,
      0.003585,
      0.0004075,
      0.0036675,
      0.0004875,
      0.0037475,
      0.00057,
      0.00383,
      0.00065,
      0.00391,
      0.0007325,
      0.0039925,
      0.000815,
      0.004075,
      0.000895,
      0.004155,
      0.0009775,
      0.0042375,
      0.0010575,
      0.0043175,
      0.00114,
      0.0044,
      0.0012225,
      0.0044825,
      0.0013025,
      0.0045625,
      0.001385,
      0.004645,
      0.001465,
      0.004725,
      0.0015475,
      0.0048075,
      0.00163,
      0.00489,
      0.00171,
      0.00497,
      0.0017925,
      0.0050525,
      0.0018725,
      0.0051325,
      0.001955,
      0.005215,
      0.0020375,
      0.0052975,
      0.0021175,
      0.0053775,
      0.0022,
      0.00546,
      0.00228,
      0.00554,
      0.0023625,
      0.0056225,
      0.002445,
      0.005705,
      0.002525,
      0.005785,
      0.0026075,
      0.0058675,
      0.0026875,
      0.0059475,
      0.00277,
      0.00603,
      0.0028525,
      0.0061125,
      0.0029325,
      0.0061925,
      0.003015,
      0.006275,
      0.003095
    ],
    "SoftwareVersions": "syngo_MR_XA20",
    "SpacingBetweenSlices": 1.8,
    "StationName": "AWP175956",
    "TaskName": "execution",
    "TotalReadoutTime": 0.0425448,
    "acq_id": "Fs2",
    "dataset": "ds003612",
    "modality": "bold",
    "run_id": 2,
    "session_id": "1",
    "subject_id": "108TUSW011027",
    "task_id": "execution"
  },
  "dummy_trs": 0,
  "dvars_nstd": 52.82932881240639,
  "dvars_std": 1.1818942163101602,
  "dvars_vstd": 0.9804409622459893,
  "efc": 0.4715267732457687,
  "fber": 6806.25,
  "fd_mean": 0.15520643460916986,
  "fd_num": 36,
  "fd_perc": 19.148936170212767,
  "fwhm_avg": 2.193090471758826,
  "fwhm_x": 2.0971684173455594,
  "fwhm_y": 2.37349738651639,
  "fwhm_z": 2.108605611414528,
  "gcor": 0.0152096,
  "gsr_x": -0.010128462687134743,
  "gsr_y": 0.022351859137415886,
  "provenance": {
    "md5sum": "fda09f234e0369aa68ccb992f0bd2ace",
    "settings": {
      "fd_thres": 0.2,
      "testing": false
    },
    "software": "mriqc",
    "version": "21.0.0rc2",
    "webapi_port": null,
    "webapi_url": "https://mriqc.nimh.nih.gov/api/v1"
  },
  "size_t": 188,
  "size_x": 128,
  "size_y": 128,
  "size_z": 78,
  "snr": 4.78569598474532,
  "spacing_tr": 2.299999952316284,
  "spacing_x": 1.7968800067901611,
  "spacing_y": 1.7968800067901611,
  "spacing_z": 1.7999999523162842,
  "summary_bg_k": 45.4545327381136,
  "summary_bg_mad": 5.914636600245943,
  "summary_bg_mean": 27.981212615966797,
  "summary_bg_median": 7.5,
  "summary_bg_n": 926401.0,
  "summary_bg_p05": 2.2340424060821533,
  "summary_bg_p95": 139.29786682128906,
  "summary_bg_stdv": 61.54325485229492,
  "summary_fg_k": 2.2008299928040325,
  "summary_fg_mad": 114.87805382022968,
  "summary_fg_mean": 621.5839233398438,
  "summary_fg_median": 610.324462890625,
  "summary_fg_n": 222143.0,
  "summary_fg_p05": 449.0218017578125,
  "summary_fg_p95": 837.6276245117188,
  "summary_fg_stdv": 127.53068542480469,
  "tsnr": 30.281791732180864
}