{
  "aor": 0.00041230366492146596,
  "aqi": 0.013089345026178012,
  "bids_meta": {
    "AcquisitionMatrixPE": 128,
    "AcquisitionNumber": 1,
    "AcquisitionTime": "14:58:25.460000",
    "BandwidthPerPixelPhaseEncode": 21.171,
    "BodyPartExamined": "HEAD",
    "CoilString": "HeadNeck_64_CS",
    "ConversionSoftware": "dcm2niix",
    "ConversionSoftwareVersion": "v1.0.20190410  GCC6.3.0",
    "DerivedVendorReportedEchoSpacing": 0.000369019,
    "DeviceSerialNumber": "175956",
    "EchoTime": 0.03,
    "EchoTrainLength": 71,
    "EffectiveEchoSpacing": 0.000369019,
    "FlipAngle": 72,
    "ImageOrientationPatientDICOM": [
      0.998584,
      -0.0531658,
      0.00194058,
      0.0483148,
      0.890993,
      -0.451439
    ],
    "ImageType": [
      "ORIGINAL",
      "PRIMARY",
      "M",
      "NONE"
    ],
    "ImagingFrequency": 123.263,
    "InPlanePhaseEncodingDirectionDICOM": "COL",
    "InstitutionAddress": "AT",
    "InstitutionName": "TU_Graz",
    "MRAcquisitionType": "2D",
    "MagneticFieldStrength": 3,
    "Manufacturer": "Siemens",
    "ManufacturersModelName": "MAGNETOM_Vida",
    "Modality": "MR",
    "MultibandAccelerationFactor": 3,
    "PartialFourier": 0.554688,
    "PatientPosition": "HFS",
    "PercentPhaseFOV": 100,
    "PhaseEncodingDirection": "j-",
    "PixelBandwidth": 1953,
    "ProcedureStepDescription": "TU_2020",
    "ProtocolName": "func_task-execution_acq-Fs2_run-02",
    "ReceiveCoilActiveElements": "HC1-7;NC1",
    "ReconMatrixPE": 128,
    "RepetitionTime": 2.3,
    "SequenceVariant": "SK_OSP",
    "SeriesDescription": "func_task-execution_acq-Fs2_run-02",
    "SeriesNumber": 11,
    "SliceThickness": 1.8,
    "SliceTiming": [
      1.665,
      0,
      1.14,
      0.0874996,
      1.2275,
      0.174999,
      1.315,
      0.262501,
      1.4025,
      0.35,
      1.49,
      0.4375,
      1.5775,
      0.612499,
      1.7525,
      0.700001,
      1.84,
      0.7875,
      1.9275,
      0.877501,
      2.0175,
      0.965,
      2.105,
      1.0525,
      2.1925,
      0.525,
      1.665,
      0,
      1.14,
      0.0874996,
      1.2275,
      0.174999,
      1.315,
      0.262501,
      1.4025,
      0.35,
      1.49,
      0.4375,
      1.5775,
      0.612499,
      1.7525,
      0.700001,
      1.84,
      0.7875,
      1.9275,
      0.877501,
      2.0175,
      0.965,
      2.105,
      1.0525,
      2.1925,
      0.525,
      1.665,
      0,
      1.14,
      0.0874996,
      1.2275,
      0.174999,
      1.315,
      0.262501,
      1.4025,
      0.35,
      1.49,
      0.4375,
      1.5775,
      0.612499,
      1.7525,
      0.700001,
      1.84,
      0.7875,
      1.9275,
      0.877501,
      2.0175,
      0.965,
      2.105,
      1.0525,
      2.1925,
      0.525
    ],
    "SoftwareVersions": "syngo_MR_XA11",
    "SpacingBetweenSlices": 1.8,
    "StationName": "AWP175956",
    "TaskName": "execution",
    "TotalReadoutTime": 0.0468654,
    "acq_id": "Fs2",
    "dataset": "ds003612",
    "modality": "bold",
    "run_id": 2,
    "session_id": "1",
    "subject_id": "108TUSW011002",
    "task_id": "execution"
  },
  "dummy_trs": 0,
  "dvars_nstd": 50.05005079578945,
  "dvars_std": 1.1447020277368423,
  "dvars_vstd": 0.9992087882105264,
  "efc": 0.4972069814702972,
  "fber": 1858.5299072265625,
  "fd_mean": 0.07837884157775038,
  "fd_num": 2,
  "fd_perc": 1.0471204188481675,
  "fwhm_avg": 2.2189649233644126,
  "fwhm_x": 2.157183554467953,
  "fwhm_y": 2.323750046870889,
  "fwhm_z": 2.1759611687543967,
  "gcor": 0.0236718,
  "gsr_x": -0.012514770030975342,
  "gsr_y": 0.03138875588774681,
  "provenance": {
    "md5sum": "ef98d3f74d1264adea5b9c7878d0abbe",
    "settings": {
      "fd_thres": 0.2,
      "testing": false
    },
    "software": "mriqc",
    "version": "21.0.0rc2",
    "webapi_port": null,
    "webapi_url": "https://mriqc.nimh.nih.gov/api/v1"
  },
  "size_t": 191,
  "size_x": 128,
  "size_y": 128,
  "size_z": 78,
  "snr": 4.394148680044229,
  "spacing_tr": 2.299999952316284,
  "spacing_x": 1.7968800067901611,
  "spacing_y": 1.7968800067901611,
  "spacing_z": 1.7999999523162842,
  "summary_bg_k": 27.335384713830035,
  "summary_bg_mad": 8.4221121196604,
  "summary_bg_mean": 33.78977584838867,
  "summary_bg_median": 13.38219928741455,
  "summary_bg_n": 922117.0,
  "summary_bg_p05": 5.752879619598404,
  "summary_bg_p95": 150.952880859375,
  "summary_bg_stdv": 59.15474319458008,
  "summary_fg_k": 2.2977584160945854,
  "summary_fg_mad": 119.56294652387177,
  "summary_fg_mean": 583.9942016601562,
  "summary_fg_median": 574.5026245117188,
  "summary_fg_n": 225059.0,
  "summary_fg_p05": 398.5602111816406,
  "summary_fg_p95": 794.7911132812499,
  "summary_fg_stdv": 130.7423553466797,
  "tsnr": 32.540144705213606
}