{
  "aor": 0.0008546335078534031,
  "aqi": 0.020138265183246074,
  "bids_meta": {
    "AcquisitionMatrixPE": 128,
    "AcquisitionNumber": 1,
    "AcquisitionTime": "14:35:49.502500",
    "BandwidthPerPixelPhaseEncode": 21.171,
    "BodyPartExamined": "HEAD",
    "CoilString": "HeadNeck_64_CS",
    "ConversionSoftware": "dcm2niix",
    "ConversionSoftwareVersion": "v1.0.20190410  GCC6.3.0",
    "DerivedVendorReportedEchoSpacing": 0.000369019,
    "DeviceSerialNumber": "175956",
    "EchoTime": 0.03,
    "EchoTrainLength": 71,
    "EffectiveEchoSpacing": 0.000369019,
    "FlipAngle": 72,
    "ImageOrientationPatientDICOM": [
      0.998586,
      -0.053124,
      0.00191941,
      0.048268,
      0.890996,
      -0.451439
    ],
    "ImageType": [
      "ORIGINAL",
      "PRIMARY",
      "M",
      "NONE"
    ],
    "ImagingFrequency": 123.263,
    "InPlanePhaseEncodingDirectionDICOM": "COL",
    "InstitutionAddress": "AT",
    "InstitutionName": "TU_Graz",
    "MRAcquisitionType": "2D",
    "MagneticFieldStrength": 3,
    "Manufacturer": "Siemens",
    "ManufacturersModelName": "MAGNETOM_Vida",
    "Modality": "MR",
    "MultibandAccelerationFactor": 3,
    "PartialFourier": 0.554688,
    "PatientPosition": "HFS",
    "PercentPhaseFOV": 100,
    "PhaseEncodingDirection": "j-",
    "PixelBandwidth": 1953,
    "ProcedureStepDescription": "TU_2020",
    "ProtocolName": "func_task-imagery_acq-Fs2_run-01",
    "ReceiveCoilActiveElements": "HC1-7;NC1",
    "ReconMatrixPE": 128,
    "RepetitionTime": 2.3,
    "SequenceVariant": "SK_OSP",
    "SeriesDescription": "func_task-imagery_acq-Fs2_run-01",
    "SeriesNumber": 6,
    "SliceThickness": 1.8,
    "SliceTiming": [
      1.6675,
      0,
      1.14,
      0.0874996,
      1.2275,
      0.1775,
      1.3175,
      0.265001,
      1.405,
      0.352501,
      1.4925,
      0.440001,
      1.58,
      0.615,
      1.755,
      0.702501,
      1.8425,
      0.790001,
      1.93,
      0.877501,
      2.0175,
      0.965,
      2.105,
      1.0525,
      2.1925,
      0.5275,
      1.6675,
      0,
      1.14,
      0.0874996,
      1.2275,
      0.1775,
      1.3175,
      0.265001,
      1.405,
      0.352501,
      1.4925,
      0.440001,
      1.58,
      0.615,
      1.755,
      0.702501,
      1.8425,
      0.790001,
      1.93,
      0.877501,
      2.0175,
      0.965,
      2.105,
      1.0525,
      2.1925,
      0.5275,
      1.6675,
      0,
      1.14,
      0.0874996,
      1.2275,
      0.1775,
      1.3175,
      0.265001,
      1.405,
      0.352501,
      1.4925,
      0.440001,
      1.58,
      0.615,
      1.755,
      0.702501,
      1.8425,
      0.790001,
      1.93,
      0.877501,
      2.0175,
      0.965,
      2.105,
      1.0525,
      2.1925,
      0.5275
    ],
    "SoftwareVersions": "syngo_MR_XA11",
    "SpacingBetweenSlices": 1.8,
    "StationName": "AWP175956",
    "TaskName": "imagery",
    "TotalReadoutTime": 0.0468654,
    "acq_id": "Fs2",
    "dataset": "ds003612",
    "modality": "bold",
    "run_id": 1,
    "session_id": "1",
    "subject_id": "108TUSW011002",
    "task_id": "imagery"
  },
  "dummy_trs": 0,
  "dvars_nstd": 50.75934854157482,
  "dvars_std": 1.134485562440945,
  "dvars_vstd": 0.9868371815223101,
  "efc": 0.5002162527167788,
  "fber": 1752.075927734375,
  "fd_mean": 0.07232538175620992,
  "fd_num": 4,
  "fd_perc": 1.0471204188481675,
  "fwhm_avg": 2.2489507537222924,
  "fwhm_x": 2.1897956375110943,
  "fwhm_y": 2.359562120997614,
  "fwhm_z": 2.1974945026581687,
  "gcor": 0.0828011,
  "gsr_x": -0.01208022516220808,
  "gsr_y": 0.032891009002923965,
  "provenance": {
    "md5sum": "a0d1d1c513e64d1d782049500d83fbb3",
    "settings": {
      "fd_thres": 0.2,
      "testing": false
    },
    "software": "mriqc",
    "version": "21.0.0rc2",
    "webapi_port": null,
    "webapi_url": "https://mriqc.nimh.nih.gov/api/v1"
  },
  "size_t": 382,
  "size_x": 128,
  "size_y": 128,
  "size_z": 78,
  "snr": 4.378283164569702,
  "spacing_tr": 2.299999952316284,
  "spacing_x": 1.7968800067901611,
  "spacing_y": 1.7968800067901611,
  "spacing_z": 1.7999999523162842,
  "summary_bg_k": 28.430904621389352,
  "summary_bg_mad": 9.419569518415452,
  "summary_bg_mean": 34.725372314453125,
  "summary_bg_median": 13.916230201721191,
  "summary_bg_n": 919894.0,
  "summary_bg_p05": 5.604712009429932,
  "summary_bg_p95": 148.1884765625,
  "summary_bg_stdv": 59.83060073852539,
  "summary_fg_k": 2.4082170601226753,
  "summary_fg_mad": 119.2524497671428,
  "summary_fg_mean": 587.5924682617188,
  "summary_fg_median": 577.6871337890625,
  "summary_fg_n": 226170.0,
  "summary_fg_p05": 400.82265014648436,
  "summary_fg_p95": 800.8900756835938,
  "summary_fg_stdv": 131.94346618652344,
  "tsnr": 25.63700135727413
}