{
  "aor": 0.0005980266666666666,
  "aqi": 0.025537804800000004,
  "bids_meta": {
    "AcquisitionMatrixPE": 128,
    "AcquisitionNumber": 1,
    "AcquisitionTime": "10:23:20.812500",
    "BandwidthPerPixelPhaseEncode": 23.321,
    "BodyPartExamined": "HEAD",
    "CoilString": "HeadNeck_64_CS",
    "ConversionSoftware": "dcm2niix",
    "ConversionSoftwareVersion": "v1.0.20190410  GCC6.3.0",
    "DerivedVendorReportedEchoSpacing": 0.000334999,
    "DeviceSerialNumber": "175956",
    "EchoTime": 0.03,
    "EchoTrainLength": 63,
    "EffectiveEchoSpacing": 0.000334999,
    "FlipAngle": 72,
    "ImageOrientationPatientDICOM": [
      0.989924,
      -0.141412,
      0.00726331,
      0.130326,
      0.889861,
      -0.437221
    ],
    "ImageType": [
      "ORIGINAL",
      "PRIMARY",
      "FMRI",
      "NONE"
    ],
    "ImagingFrequency": 123.263,
    "InPlanePhaseEncodingDirectionDICOM": "COL",
    "InstitutionAddress": "AT",
    "InstitutionName": "TU_Graz",
    "MRAcquisitionType": "2D",
    "MagneticFieldStrength": 3,
    "Manufacturer": "Siemens",
    "ManufacturersModelName": "MAGNETOM_Vida",
    "Modality": "MR",
    "MultibandAccelerationFactor": 3,
    "PartialFourier": 0.492188,
    "PatientPosition": "HFS",
    "PercentPhaseFOV": 100,
    "PhaseEncodingDirection": "j-",
    "PixelBandwidth": 1953,
    "ProcedureStepDescription": "TU_2020",
    "ProtocolName": "func_task-imagery_acq-Fs2_run-01",
    "ReceiveCoilActiveElements": "HC1-7;NC1",
    "ReconMatrixPE": 128,
    "RepetitionTime": 2.3,
    "SequenceVariant": "SK",
    "SeriesDescription": "func_task-imagery_acq-Fs2_run-01",
    "SeriesNumber": 7,
    "SliceThickness": 1.8,
    "SliceTiming": [
      0.0031775,
      0,
      0.00326,
      8e-05,
      0.00334,
      0.0001625,
      0.0034225,
      0.000245,
      0.003505,
      0.000325,
      0.003585,
      0.0004075,
      0.0036675,
      0.0004875,
      0.0037475,
      0.00057,
      0.00383,
      0.0006525,
      0.0039125,
      0.0007325,
      0.0039925,
      0.000815,
      0.004075,
      0.000895,
      0.004155,
      0.0009775,
      0.0042375,
      0.00106,
      0.00432,
      0.00114,
      0.0044,
      0.0012225,
      0.0044825,
      0.0013025,
      0.0045625,
      0.001385,
      0.004645,
      0.0014675,
      0.0047275,
      0.0015475,
      0.0048075,
      0.00163,
      0.00489,
      0.00171,
      0.00497,
      0.0017925,
      0.0050525,
      0.001875,
      0.005135,
      0.001955,
      0.005215,
      0.0020375,
      0.0052975,
      0.0021175,
      0.0053775,
      0.0022,
      0.00546,
      0.0022825,
      0.0055425,
      0.0023625,
      0.0056225,
      0.002445,
      0.005705,
      0.002525,
      0.005785,
      0.0026075,
      0.0058675,
      0.00269,
      0.00595,
      0.00277,
      0.00603,
      0.0028525,
      0.0061125,
      0.0029325,
      0.0061925,
      0.003015,
      0.006275,
      0.0030975
    ],
    "SoftwareVersions": "syngo_MR_XA20",
    "SpacingBetweenSlices": 1.8,
    "StationName": "AWP175956",
    "TaskName": "imagery",
    "TotalReadoutTime": 0.0425448,
    "acq_id": "Fs2",
    "dataset": "ds003612",
    "modality": "bold",
    "run_id": 1,
    "session_id": "1",
    "subject_id": "108TUSW011033",
    "task_id": "imagery"
  },
  "dummy_trs": 0,
  "dvars_nstd": 52.636477567272735,
  "dvars_std": 1.1650504506417119,
  "dvars_vstd": 0.974952240347594,
  "efc": 0.4770244791491963,
  "fber": 3720.215576171875,
  "fd_mean": 0.10280452285739036,
  "fd_num": 25,
  "fd_perc": 6.666666666666667,
  "fwhm_avg": 2.155315446831327,
  "fwhm_x": 2.098019754046271,
  "fwhm_y": 2.268843614557984,
  "fwhm_z": 2.0990829718897257,
  "gcor": 0.0151807,
  "gsr_x": -0.012823951430618763,
  "gsr_y": 0.020425358787178993,
  "provenance": {
    "md5sum": "3b1538bf38e6e326034df51cca13c90d",
    "settings": {
      "fd_thres": 0.2,
      "testing": false
    },
    "software": "mriqc",
    "version": "21.0.0rc2",
    "webapi_port": null,
    "webapi_url": "https://mriqc.nimh.nih.gov/api/v1"
  },
  "size_t": 375,
  "size_x": 128,
  "size_y": 128,
  "size_z": 78,
  "snr": 5.182016207383301,
  "spacing_tr": 2.299999952316284,
  "spacing_x": 1.7968801259994507,
  "spacing_y": 1.7968801259994507,
  "spacing_z": 1.8000003099441528,
  "summary_bg_k": 41.624306091105886,
  "summary_bg_mad": 9.11306142903955,
  "summary_bg_mean": 29.66504669189453,
  "summary_bg_median": 10.27733325958252,
  "summary_bg_n": 931843.0,
  "summary_bg_p05": 2.9519999027252197,
  "summary_bg_p95": 118.45866394042969,
  "summary_bg_stdv": 58.20208740234375,
  "summary_fg_k": 2.1657485787477944,
  "summary_fg_mad": 109.49511463748895,
  "summary_fg_mean": 620.9500732421875,
  "summary_fg_median": 617.3466796875,
  "summary_fg_n": 214339.0,
  "summary_fg_p05": 451.66639099121096,
  "summary_fg_p95": 811.7762695312499,
  "summary_fg_stdv": 119.13224792480469,
  "tsnr": 27.95419927407056
}