{
  "aor": 0.003568229166666667,
  "aqi": 0.019429306770833335,
  "bids_meta": {
    "AcquisitionMatrixPE": 128,
    "AcquisitionNumber": 1,
    "AcquisitionTime": "10:45:46.835000",
    "BandwidthPerPixelPhaseEncode": 23.321,
    "BodyPartExamined": "HEAD",
    "CoilString": "HeadNeck_64_CS",
    "ConversionSoftware": "dcm2niix",
    "ConversionSoftwareVersion": "v1.0.20190410  GCC6.3.0",
    "DerivedVendorReportedEchoSpacing": 0.000334999,
    "DeviceSerialNumber": "175956",
    "EchoTime": 0.03,
    "EchoTrainLength": 63,
    "EffectiveEchoSpacing": 0.000334999,
    "FlipAngle": 72,
    "ImageOrientationPatientDICOM": [
      0.989924,
      -0.141412,
      0.00726331,
      0.130326,
      0.889861,
      -0.437221
    ],
    "ImageType": [
      "ORIGINAL",
      "PRIMARY",
      "FMRI",
      "NONE"
    ],
    "ImagingFrequency": 123.263,
    "InPlanePhaseEncodingDirectionDICOM": "COL",
    "InstitutionAddress": "AT",
    "InstitutionName": "TU_Graz",
    "MRAcquisitionType": "2D",
    "MagneticFieldStrength": 3,
    "Manufacturer": "Siemens",
    "ManufacturersModelName": "MAGNETOM_Vida",
    "Modality": "MR",
    "MultibandAccelerationFactor": 3,
    "PartialFourier": 0.492188,
    "PatientPosition": "HFS",
    "PercentPhaseFOV": 100,
    "PhaseEncodingDirection": "j-",
    "PixelBandwidth": 1953,
    "ProcedureStepDescription": "TU_2020",
    "ProtocolName": "func_task-execution_acq-Fs2_run-02",
    "ReceiveCoilActiveElements": "HC1-7;NC1",
    "ReconMatrixPE": 128,
    "RepetitionTime": 2.3,
    "SequenceVariant": "SK",
    "SeriesDescription": "func_task-execution_acq-Fs2_run-02",
    "SeriesNumber": 13,
    "SliceThickness": 1.8,
    "SliceTiming": [
      0.00318,
      0,
      0.00326,
      8.25e-05,
      0.0033425,
      0.000165,
      0.003425,
      0.000245,
      0.003505,
      0.0003275,
      0.0035875,
      0.0004075,
      0.0036675,
      0.00049,
      0.00375,
      0.0005725,
      0.0038325,
      0.0006525,
      0.0039125,
      0.000735,
      0.003995,
      0.000815,
      0.004075,
      0.0008975,
      0.0041575,
      0.00098,
      0.00424,
      0.00106,
      0.00432,
      0.0011425,
      0.0044025,
      0.0012225,
      0.0044825,
      0.001305,
      0.004565,
      0.0013875,
      0.0046475,
      0.0014675,
      0.0047275,
      0.00155,
      0.00481,
      0.00163,
      0.00489,
      0.0017125,
      0.0049725,
      0.001795,
      0.005055,
      0.001875,
      0.005135,
      0.0019575,
      0.0052175,
      0.0020375,
      0.0052975,
      0.00212,
      0.00538,
      0.0022025,
      0.0054625,
      0.0022825,
      0.0055425,
      0.002365,
      0.005625,
      0.002445,
      0.005705,
      0.0025275,
      0.0057875,
      0.00261,
      0.00587,
      0.00269,
      0.00595,
      0.0027725,
      0.0060325,
      0.0028525,
      0.0061125,
      0.002935,
      0.006195,
      0.0030175,
      0.0062775,
      0.0030975
    ],
    "SoftwareVersions": "syngo_MR_XA20",
    "SpacingBetweenSlices": 1.8,
    "StationName": "AWP175956",
    "TaskName": "execution",
    "TotalReadoutTime": 0.0425448,
    "acq_id": "Fs2",
    "dataset": "ds003612",
    "modality": "bold",
    "run_id": 2,
    "session_id": "1",
    "subject_id": "108TUSW011033",
    "task_id": "execution"
  },
  "dummy_trs": 0,
  "dvars_nstd": 53.69936276973827,
  "dvars_std": 1.1887303116753924,
  "dvars_vstd": 1.0154258697382201,
  "efc": 0.4765762617102158,
  "fber": 3744.715087890625,
  "fd_mean": 0.13249897452950257,
  "fd_num": 14,
  "fd_perc": 7.291666666666667,
  "fwhm_avg": 2.1508327023754754,
  "fwhm_x": 2.0969011485416984,
  "fwhm_y": 2.2677750958670493,
  "fwhm_z": 2.0878218627176786,
  "gcor": 0.0123872,
  "gsr_x": -0.013193359598517418,
  "gsr_y": 0.019806860014796257,
  "provenance": {
    "md5sum": "3ceaa07b5a23f8511e150b0380eae61f",
    "settings": {
      "fd_thres": 0.2,
      "testing": false
    },
    "software": "mriqc",
    "version": "21.0.0rc2",
    "webapi_port": null,
    "webapi_url": "https://mriqc.nimh.nih.gov/api/v1"
  },
  "size_t": 192,
  "size_x": 128,
  "size_y": 128,
  "size_z": 78,
  "snr": 5.058521900691712,
  "spacing_tr": 2.299999952316284,
  "spacing_x": 1.7968801259994507,
  "spacing_y": 1.7968801259994507,
  "spacing_z": 1.8000003099441528,
  "summary_bg_k": 40.65964888403283,
  "summary_bg_mad": 8.648513176935953,
  "summary_bg_mean": 29.63930320739746,
  "summary_bg_median": 10.135416984558105,
  "summary_bg_n": 932589.0,
  "summary_bg_p05": 3.1666667461395264,
  "summary_bg_p95": 122.78958740234363,
  "summary_bg_stdv": 58.72600173950195,
  "summary_fg_k": 1.9518317359997166,
  "summary_fg_mad": 111.79747353918805,
  "summary_fg_mean": 615.9835205078125,
  "summary_fg_median": 611.8698120117188,
  "summary_fg_n": 214275.0,
  "summary_fg_p05": 444.31615295410154,
  "summary_fg_p95": 810.683868408203,
  "summary_fg_stdv": 120.95793914794922,
  "tsnr": 30.84951212850865
}