{
  "bids_meta": {
    "AcquisitionMatrixPE": 224,
    "AcquisitionNumber": 1,
    "AcquisitionTime": "11:35:20.190000",
    "BodyPartExamined": "HEAD",
    "CoilString": "HeadNeck_64_CS",
    "ConversionSoftware": "dcm2niix",
    "ConversionSoftwareVersion": "v1.0.20190410  GCC6.3.0",
    "DeviceSerialNumber": "175956",
    "EchoTime": 0.00236,
    "FlipAngle": 9,
    "ImageOrientationPatientDICOM": [
      -0.0293522,
      0.995659,
      -0.0883283,
      0.0229438,
      -0.087672,
      -0.995885
    ],
    "ImageType": [
      "ORIGINAL",
      "PRIMARY",
      "M",
      "NONE"
    ],
    "ImagingFrequency": 123.263,
    "InPlanePhaseEncodingDirectionDICOM": "ROW",
    "InstitutionAddress": "AT",
    "InstitutionName": "TU_Graz",
    "MRAcquisitionType": "3D",
    "MagneticFieldStrength": 3,
    "Manufacturer": "Siemens",
    "ManufacturersModelName": "MAGNETOM_Vida",
    "Modality": "MR",
    "PatientPosition": "HFS",
    "PercentPhaseFOV": 100,
    "PixelBandwidth": 251,
    "ProcedureStepDescription": "TU_2020",
    "ProtocolName": "anat-T1w",
    "ReceiveCoilActiveElements": "HC1-7;NC1_2",
    "ReconMatrixPE": 224,
    "RepetitionTime": 1.6,
    "SequenceVariant": "SK_SP_MP_OSP",
    "SeriesDescription": "anat-T1w",
    "SeriesNumber": 5,
    "SliceThickness": 1,
    "SoftwareVersions": "syngo_MR_XA20",
    "StationName": "AWP175956",
    "dataset": "ds003612",
    "modality": "T1w",
    "session_id": "1",
    "subject_id": "108TUSW011022"
  },
  "cjv": 0.42999943497443444,
  "cnr": 3.0977066436700373,
  "efc": 0.6122653033994104,
  "fber": 4288.323745674741,
  "fwhm_avg": 4.258726666666667,
  "fwhm_x": 4.10592,
  "fwhm_y": 4.29656,
  "fwhm_z": 4.3737,
  "icvs_csf": 0.21901010084084072,
  "icvs_gm": 0.40879883987301163,
  "icvs_wm": 0.37219105928614765,
  "inu_med": 1.1255614757537842,
  "inu_range": 0.3914064645767211,
  "provenance": {
    "md5sum": "df48fb907526aeb67ca55d6d590fcd7c",
    "settings": {
      "testing": false
    },
    "software": "mriqc",
    "version": "21.0.0rc2",
    "warnings": {
      "large_rot_frame": true,
      "small_air_mask": false
    },
    "webapi_port": null,
    "webapi_url": "https://mriqc.nimh.nih.gov/api/v1"
  },
  "qi_1": 0.0,
  "qi_2": 0.0168396226267136,
  "rpve_csf": 20.588466675441303,
  "rpve_gm": 11.14181754328901,
  "rpve_wm": 14.650954459773926,
  "size_x": 192,
  "size_y": 224,
  "size_z": 224,
  "snr_csf": 2.760646026168321,
  "snr_gm": 12.929013416632925,
  "snr_total": 13.77203495599762,
  "snr_wm": 25.62644542519162,
  "snrd_csf": 45.40840123558152,
  "snrd_gm": 91.47632899600809,
  "snrd_total": 84.85248426481434,
  "snrd_wm": 117.67272256285338,
  "spacing_x": 1.0,
  "spacing_y": 1.0,
  "spacing_z": 1.0,
  "summary_bg_k": 6.811176853917493,
  "summary_bg_mad": 5.567444784317645,
  "summary_bg_mean": 9.44657567216579,
  "summary_bg_median": 7.678511470556259,
  "summary_bg_n": 1424660.0,
  "summary_bg_p05": 3.8112319707870483,
  "summary_bg_p95": 19.05615985393524,
  "summary_bg_stdv": 5.194131491045834,
  "summary_csf_k": 47.623205205887736,
  "summary_csf_mad": 117.33182142472408,
  "summary_csf_mean": 416.69405693464176,
  "summary_csf_median": 385.88723704218864,
  "summary_csf_n": 24811.0,
  "summary_csf_p05": 261.2375325858593,
  "summary_csf_p95": 612.319254130125,
  "summary_csf_stdv": 139.77868106620983,
  "summary_gm_k": -0.0759229583835146,
  "summary_gm_mad": 60.82641167344053,
  "summary_gm_mean": 776.6377534283264,
  "summary_gm_median": 777.3792269825935,
  "summary_gm_n": 22941.0,
  "summary_gm_p05": 677.2783402204514,
  "summary_gm_p95": 874.2854045927525,
  "summary_gm_stdv": 60.12541396136014,
  "summary_wm_k": 0.9128156053583396,
  "summary_wm_mad": 34.90040014049867,
  "summary_wm_mean": 999.3021956295382,
  "summary_wm_median": 1000.0000120997429,
  "summary_wm_n": 206997.0,
  "summary_wm_p05": 932.406692147255,
  "summary_wm_p95": 1060.6994859874249,
  "summary_wm_stdv": 39.0220953398329,
  "tpm_overlap_csf": 0.17583513259887695,
  "tpm_overlap_gm": 0.4539202153682709,
  "tpm_overlap_wm": 0.5147344470024109,
  "wm2max": 0.4091722793600797
}