{
  "bids_meta": {
    "AcquisitionMatrixPE": 224,
    "AcquisitionNumber": 1,
    "AcquisitionTime": "11:43:46.717500",
    "BodyPartExamined": "HEAD",
    "CoilString": "HeadNeck_64_CS",
    "ConversionSoftware": "dcm2niix",
    "ConversionSoftwareVersion": "v1.0.20190410  GCC6.3.0",
    "DeviceSerialNumber": "175956",
    "EchoTime": 0.00236,
    "FlipAngle": 9,
    "ImageOrientationPatientDICOM": [
      0.0255416,
      0.996934,
      0.0739641,
      0.0366768,
      0.0730039,
      -0.996657
    ],
    "ImageType": [
      "ORIGINAL",
      "PRIMARY",
      "M",
      "NONE"
    ],
    "ImagingFrequency": 123.263,
    "InPlanePhaseEncodingDirectionDICOM": "ROW",
    "InstitutionAddress": "AT",
    "InstitutionName": "TU_Graz",
    "MRAcquisitionType": "3D",
    "MagneticFieldStrength": 3,
    "Manufacturer": "Siemens",
    "ManufacturersModelName": "MAGNETOM_Vida",
    "Modality": "MR",
    "PatientPosition": "HFS",
    "PercentPhaseFOV": 100,
    "PixelBandwidth": 251,
    "ProcedureStepDescription": "TU_2020",
    "ProtocolName": "anat-T1w",
    "ReceiveCoilActiveElements": "HC1-7;NC1_2",
    "ReconMatrixPE": 224,
    "RepetitionTime": 1.6,
    "SequenceVariant": "SK_SP_MP_OSP",
    "SeriesDescription": "anat-T1w",
    "SeriesNumber": 5,
    "SliceThickness": 1,
    "SoftwareVersions": "syngo_MR_XA20",
    "StationName": "AWP175956",
    "dataset": "ds003612",
    "modality": "T1w",
    "session_id": "1",
    "subject_id": "108TUSW011047"
  },
  "cjv": 0.38126783797424396,
  "cnr": 3.368782989414059,
  "efc": 0.6084901608351122,
  "fber": 6060.543067992503,
  "fwhm_avg": 4.610376666666666,
  "fwhm_x": 4.46121,
  "fwhm_y": 4.69064,
  "fwhm_z": 4.67928,
  "icvs_csf": 0.21313110116908798,
  "icvs_gm": 0.4040449646716744,
  "icvs_wm": 0.38282393415923766,
  "inu_med": 1.0215901136398315,
  "inu_range": 0.3815814375877379,
  "provenance": {
    "md5sum": "8b3957499471be702eba42e81a565dbc",
    "settings": {
      "testing": false
    },
    "software": "mriqc",
    "version": "21.0.0rc2",
    "warnings": {
      "large_rot_frame": true,
      "small_air_mask": false
    },
    "webapi_port": null,
    "webapi_url": "https://mriqc.nimh.nih.gov/api/v1"
  },
  "qi_1": 0.0,
  "qi_2": 0.022405048651826995,
  "rpve_csf": 22.016253766397963,
  "rpve_gm": 11.685473096151826,
  "rpve_wm": 14.943997970906938,
  "size_x": 192,
  "size_y": 224,
  "size_z": 224,
  "snr_csf": 4.324699841607702,
  "snr_gm": 14.00091624947985,
  "snr_total": 13.8842367544598,
  "snr_wm": 23.327094172291854,
  "snrd_csf": 66.11246083475568,
  "snrd_gm": 103.34278389506822,
  "snrd_total": 101.49367445064114,
  "snrd_wm": 135.02577862209947,
  "spacing_x": 1.0,
  "spacing_y": 1.0,
  "spacing_z": 1.0,
  "summary_bg_k": 5.835956968208574,
  "summary_bg_mad": 4.851935392243631,
  "summary_bg_mean": 8.180463649291625,
  "summary_bg_median": 6.545161381363869,
  "summary_bg_n": 1345337.0,
  "summary_bg_p05": 3.2725806906819344,
  "summary_bg_p95": 16.715335220098495,
  "summary_bg_stdv": 5.066158773585511,
  "summary_csf_k": 27.967570276397645,
  "summary_csf_mad": 110.99735274255814,
  "summary_csf_mean": 471.8024362198294,
  "summary_csf_median": 489.62841872125864,
  "summary_csf_n": 24465.0,
  "summary_csf_p05": 282.34819251298904,
  "summary_csf_p95": 607.3305593162775,
  "summary_csf_stdv": 113.21442639704094,
  "summary_gm_k": 0.183727907282897,
  "summary_gm_mad": 51.99035385688752,
  "summary_gm_mean": 767.0119372173409,
  "summary_gm_median": 765.3559287600219,
  "summary_gm_n": 21558.0,
  "summary_gm_p05": 679.5387935712934,
  "summary_gm_p95": 863.5585231781006,
  "summary_gm_stdv": 54.66343515155069,
  "summary_wm_k": 0.7712471643203278,
  "summary_wm_mad": 37.47187026009696,
  "summary_wm_mean": 998.3250955423176,
  "summary_wm_median": 999.9999642819166,
  "summary_wm_n": 213770.0,
  "summary_wm_p05": 922.8174073770642,
  "summary_wm_p95": 1066.0053994432092,
  "summary_wm_stdv": 42.86850380638645,
  "tpm_overlap_csf": 0.16683170199394226,
  "tpm_overlap_gm": 0.4620337188243866,
  "tpm_overlap_wm": 0.5122892260551453,
  "wm2max": 0.4264693155681612
}