{
  "bids_meta": {
    "AcquisitionMatrixPE": 224,
    "AcquisitionNumber": 1,
    "AcquisitionTime": "17:06:48.690000",
    "BodyPartExamined": "HEAD",
    "CoilString": "HeadNeck_64_CS",
    "ConversionSoftware": "dcm2niix",
    "ConversionSoftwareVersion": "v1.0.20190410  GCC6.3.0",
    "DeviceSerialNumber": "175956",
    "EchoTime": 0.00236,
    "FlipAngle": 9,
    "ImageOrientationPatientDICOM": [
      0.0712079,
      0.996203,
      0.0500973,
      0.0936647,
      0.0433247,
      -0.994661
    ],
    "ImageType": [
      "ORIGINAL",
      "PRIMARY",
      "M",
      "NONE"
    ],
    "ImagingFrequency": 123.263,
    "InPlanePhaseEncodingDirectionDICOM": "ROW",
    "InstitutionAddress": "AT",
    "InstitutionName": "TU_Graz",
    "MRAcquisitionType": "3D",
    "MagneticFieldStrength": 3,
    "Manufacturer": "Siemens",
    "ManufacturersModelName": "MAGNETOM_Vida",
    "Modality": "MR",
    "PatientPosition": "HFS",
    "PercentPhaseFOV": 100,
    "PixelBandwidth": 251,
    "ProcedureStepDescription": "TU_2020",
    "ProtocolName": "anat-T1w",
    "ReceiveCoilActiveElements": "HC1-7;NC1_2",
    "ReconMatrixPE": 224,
    "RepetitionTime": 1.6,
    "SequenceVariant": "SK_SP_MP_OSP",
    "SeriesDescription": "anat-T1w",
    "SeriesNumber": 5,
    "SliceThickness": 1,
    "SoftwareVersions": "syngo_MR_XA20",
    "StationName": "AWP175956",
    "dataset": "ds003612",
    "modality": "T1w",
    "session_id": "1",
    "subject_id": "108TUSW011019"
  },
  "cjv": 0.5343624762449618,
  "cnr": 2.49222004759425,
  "efc": 0.647556596403721,
  "fber": 7997.649325530649,
  "fwhm_avg": 4.096983333333333,
  "fwhm_x": 3.91451,
  "fwhm_y": 4.19471,
  "fwhm_z": 4.18173,
  "icvs_csf": 0.21168436288829443,
  "icvs_gm": 0.40198926069433216,
  "icvs_wm": 0.38632637641737344,
  "inu_med": 1.301003098487854,
  "inu_range": 0.5391189098358153,
  "provenance": {
    "md5sum": "ec381018e5041a99a456a9a1ee363d4f",
    "settings": {
      "testing": false
    },
    "software": "mriqc",
    "version": "21.0.0rc2",
    "warnings": {
      "large_rot_frame": true,
      "small_air_mask": false
    },
    "webapi_port": null,
    "webapi_url": "https://mriqc.nimh.nih.gov/api/v1"
  },
  "qi_1": 0.0,
  "qi_2": 0.021761663862774654,
  "rpve_csf": 20.535445028317735,
  "rpve_gm": 10.930146523280253,
  "rpve_wm": 13.519918415711354,
  "size_x": 192,
  "size_y": 224,
  "size_z": 224,
  "snr_csf": 2.401499095620544,
  "snr_gm": 10.924550783466072,
  "snr_total": 11.31541742310291,
  "snr_wm": 20.620202390222115,
  "snrd_csf": 39.686196172338974,
  "snrd_gm": 81.39608735685466,
  "snrd_total": 74.97918102077533,
  "snrd_wm": 103.85525953313235,
  "spacing_x": 1.0,
  "spacing_y": 1.0,
  "spacing_z": 1.0,
  "summary_bg_k": 5.181523723557072,
  "summary_bg_mad": 6.308167644615625,
  "summary_bg_mean": 9.517661490078702,
  "summary_bg_median": 8.694579899311066,
  "summary_bg_n": 1539510.0,
  "summary_bg_p05": 4.254794418811798,
  "summary_bg_p95": 21.212308406829834,
  "summary_bg_stdv": 5.5602456804340425,
  "summary_csf_k": 33.26892199912597,
  "summary_csf_mad": 119.21522621128659,
  "summary_csf_mean": 422.4258818446419,
  "summary_csf_median": 382.1298697590828,
  "summary_csf_n": 30742.0,
  "summary_csf_p05": 261.8887628465891,
  "summary_csf_p95": 652.4018108844757,
  "summary_csf_stdv": 159.11880012557015,
  "summary_gm_k": 0.09393361341986228,
  "summary_gm_mad": 69.11557593231032,
  "summary_gm_mean": 790.2572299501005,
  "summary_gm_median": 783.745464682579,
  "summary_gm_n": 17597.0,
  "summary_gm_p05": 681.9263843297958,
  "summary_gm_p95": 921.5761383771896,
  "summary_gm_stdv": 71.73962670028236,
  "summary_wm_k": 0.5799234191008824,
  "summary_wm_mad": 46.44274149948895,
  "summary_wm_mean": 999.2527849144822,
  "summary_wm_median": 1000.0000157952309,
  "summary_wm_n": 222754.0,
  "summary_wm_p05": 918.5422849655151,
  "summary_wm_p95": 1075.9696784615517,
  "summary_wm_stdv": 48.49602114663341,
  "tpm_overlap_csf": 0.16104501485824585,
  "tpm_overlap_gm": 0.4316590130329132,
  "tpm_overlap_wm": 0.47718051075935364,
  "wm2max": 0.41950891588374023
}