{
  "aor": 0.0004129166666666667,
  "aqi": 0.017432147916666665,
  "bids_meta": {
    "AcquisitionMatrixPE": 128,
    "AcquisitionNumber": 1,
    "AcquisitionTime": "11:36:6.840000",
    "BandwidthPerPixelPhaseEncode": 23.321,
    "BodyPartExamined": "HEAD",
    "CoilString": "HeadNeck_64_CS",
    "ConversionSoftware": "dcm2niix",
    "ConversionSoftwareVersion": "v1.0.20190410  GCC6.3.0",
    "DerivedVendorReportedEchoSpacing": 0.000334999,
    "DeviceSerialNumber": "175956",
    "EchoTime": 0.03,
    "EchoTrainLength": 63,
    "EffectiveEchoSpacing": 0.000334999,
    "FlipAngle": 72,
    "ImageOrientationPatientDICOM": [
      0.999178,
      -0.0247047,
      0.0321268,
      0.0350667,
      0.924422,
      -0.379757
    ],
    "ImageType": [
      "ORIGINAL",
      "PRIMARY",
      "FMRI",
      "NONE"
    ],
    "ImagingFrequency": 123.263,
    "InPlanePhaseEncodingDirectionDICOM": "COL",
    "InstitutionAddress": "AT",
    "InstitutionName": "TU_Graz",
    "MRAcquisitionType": "2D",
    "MagneticFieldStrength": 3,
    "Manufacturer": "Siemens",
    "ManufacturersModelName": "MAGNETOM_Vida",
    "Modality": "MR",
    "MultibandAccelerationFactor": 3,
    "PartialFourier": 0.492188,
    "PatientPosition": "HFS",
    "PercentPhaseFOV": 100,
    "PhaseEncodingDirection": "j-",
    "PixelBandwidth": 1953,
    "ProcedureStepDescription": "TU_2020",
    "ProtocolName": "func_task-execution_acq-Fs2_run-02",
    "ReceiveCoilActiveElements": "HC1-7;NC1",
    "ReconMatrixPE": 128,
    "RepetitionTime": 2.3,
    "SequenceVariant": "SK",
    "SeriesDescription": "func_task-execution_acq-Fs2_run-02",
    "SeriesNumber": 15,
    "SliceThickness": 1.8,
    "SliceTiming": [
      0.00318,
      0,
      0.00326,
      8.25e-05,
      0.0033425,
      0.0001625,
      0.0034225,
      0.000245,
      0.003505,
      0.0003275,
      0.0035875,
      0.0004075,
      0.0036675,
      0.00049,
      0.00375,
      0.00057,
      0.00383,
      0.0006525,
      0.0039125,
      0.000735,
      0.003995,
      0.000815,
      0.004075,
      0.0008975,
      0.0041575,
      0.0009775,
      0.0042375,
      0.00106,
      0.00432,
      0.0011425,
      0.0044025,
      0.0012225,
      0.0044825,
      0.001305,
      0.004565,
      0.001385,
      0.004645,
      0.0014675,
      0.0047275,
      0.00155,
      0.00481,
      0.00163,
      0.00489,
      0.0017125,
      0.0049725,
      0.0017925,
      0.0050525,
      0.001875,
      0.005135,
      0.0019575,
      0.0052175,
      0.0020375,
      0.0052975,
      0.00212,
      0.00538,
      0.0022,
      0.00546,
      0.0022825,
      0.0055425,
      0.002365,
      0.005625,
      0.002445,
      0.005705,
      0.0025275,
      0.0057875,
      0.0026075,
      0.0058675,
      0.00269,
      0.00595,
      0.0027725,
      0.0060325,
      0.0028525,
      0.0061125,
      0.002935,
      0.006195,
      0.003015,
      0.006275,
      0.0030975
    ],
    "SoftwareVersions": "syngo_MR_XA20",
    "SpacingBetweenSlices": 1.8,
    "StationName": "AWP175956",
    "TaskName": "execution",
    "TotalReadoutTime": 0.0425448,
    "acq_id": "Fs2",
    "dataset": "ds003612",
    "modality": "bold",
    "run_id": 2,
    "session_id": "1",
    "subject_id": "108TUSW011039",
    "task_id": "execution"
  },
  "dummy_trs": 0,
  "dvars_nstd": 54.71782548523558,
  "dvars_std": 1.2481881356020943,
  "dvars_vstd": 0.9989749985340313,
  "efc": 0.4445240916496034,
  "fber": 5687.74365234375,
  "fd_mean": 0.0744055969251427,
  "fd_num": 0,
  "fd_perc": 0.0,
  "fwhm_avg": 2.0655432039946735,
  "fwhm_x": 1.9824750401858966,
  "fwhm_y": 2.1758490972375504,
  "fwhm_z": 2.0383054745605733,
  "gcor": 0.0024471,
  "gsr_x": -0.010700727812945843,
  "gsr_y": 0.02099459618330002,
  "provenance": {
    "md5sum": "328380b631398f3693b4d5bcf820595e",
    "settings": {
      "fd_thres": 0.2,
      "testing": false
    },
    "software": "mriqc",
    "version": "21.0.0rc2",
    "webapi_port": null,
    "webapi_url": "https://mriqc.nimh.nih.gov/api/v1"
  },
  "size_t": 192,
  "size_x": 128,
  "size_y": 128,
  "size_z": 78,
  "snr": 5.3525885929317045,
  "spacing_tr": 2.299999952316284,
  "spacing_x": 1.7968801259994507,
  "spacing_y": 1.7968801259994507,
  "spacing_z": 1.8000000715255737,
  "summary_bg_k": 62.87118781391982,
  "summary_bg_mad": 4.432363118060649,
  "summary_bg_mean": 18.37590789794922,
  "summary_bg_median": 7.6041669845581055,
  "summary_bg_n": 945003.0,
  "summary_bg_p05": 3.5729167461395264,
  "summary_bg_p95": 64.97917175292969,
  "summary_bg_stdv": 39.609832763671875,
  "summary_fg_k": 2.5046584720238414,
  "summary_fg_mad": 90.27657571119266,
  "summary_fg_mean": 579.4611206054688,
  "summary_fg_median": 570.65625,
  "summary_fg_n": 206567.0,
  "summary_fg_p05": 431.10418701171875,
  "summary_fg_p95": 758.8421936035155,
  "summary_fg_stdv": 106.61287689208984,
  "tsnr": 36.76241497742012
}