{
  "aor": 0.0015311590296495957,
  "aqi": 0.02664170026954178,
  "bids_meta": {
    "AcquisitionMatrixPE": 128,
    "AcquisitionNumber": 1,
    "AcquisitionTime": "17:28:50.807500",
    "BandwidthPerPixelPhaseEncode": 23.321,
    "BodyPartExamined": "HEAD",
    "CoilString": "HeadNeck_64_CS",
    "ConversionSoftware": "dcm2niix",
    "ConversionSoftwareVersion": "v1.0.20190410  GCC6.3.0",
    "DerivedVendorReportedEchoSpacing": 0.000334999,
    "DeviceSerialNumber": "175956",
    "EchoTime": 0.03,
    "EchoTrainLength": 63,
    "EffectiveEchoSpacing": 0.000334999,
    "FlipAngle": 72,
    "ImageOrientationPatientDICOM": [
      0.996901,
      -0.0786603,
      -0.000945063,
      0.0716337,
      0.912682,
      -0.402342
    ],
    "ImageType": [
      "ORIGINAL",
      "PRIMARY",
      "FMRI",
      "NONE"
    ],
    "ImagingFrequency": 123.263,
    "InPlanePhaseEncodingDirectionDICOM": "COL",
    "InstitutionAddress": "AT",
    "InstitutionName": "TU_Graz",
    "MRAcquisitionType": "2D",
    "MagneticFieldStrength": 3,
    "Manufacturer": "Siemens",
    "ManufacturersModelName": "MAGNETOM_Vida",
    "Modality": "MR",
    "MultibandAccelerationFactor": 3,
    "PartialFourier": 0.492188,
    "PatientPosition": "HFS",
    "PercentPhaseFOV": 100,
    "PhaseEncodingDirection": "j-",
    "PixelBandwidth": 1953,
    "ProcedureStepDescription": "TU_2020",
    "ProtocolName": "func_task-imagery_acq-Fs2_run-01",
    "ReceiveCoilActiveElements": "HC1-7;NC1",
    "ReconMatrixPE": 128,
    "RepetitionTime": 2.3,
    "SequenceVariant": "SK",
    "SeriesDescription": "func_task-imagery_acq-Fs2_run-01",
    "SeriesNumber": 7,
    "SliceThickness": 1.8,
    "SliceTiming": [
      0.0031775,
      0,
      0.00326,
      8.25e-05,
      0.0033425,
      0.0001625,
      0.0034225,
      0.000245,
      0.003505,
      0.000325,
      0.003585,
      0.0004075,
      0.0036675,
      0.00049,
      0.00375,
      0.00057,
      0.00383,
      0.0006525,
      0.0039125,
      0.0007325,
      0.0039925,
      0.000815,
      0.004075,
      0.0008975,
      0.0041575,
      0.0009775,
      0.0042375,
      0.00106,
      0.00432,
      0.00114,
      0.0044,
      0.0012225,
      0.0044825,
      0.001305,
      0.004565,
      0.001385,
      0.004645,
      0.0014675,
      0.0047275,
      0.0015475,
      0.0048075,
      0.00163,
      0.00489,
      0.0017125,
      0.0049725,
      0.0017925,
      0.0050525,
      0.001875,
      0.005135,
      0.001955,
      0.005215,
      0.0020375,
      0.0052975,
      0.00212,
      0.00538,
      0.0022,
      0.00546,
      0.0022825,
      0.0055425,
      0.0023625,
      0.0056225,
      0.002445,
      0.005705,
      0.0025275,
      0.0057875,
      0.0026075,
      0.0058675,
      0.00269,
      0.00595,
      0.00277,
      0.00603,
      0.0028525,
      0.0061125,
      0.002935,
      0.006195,
      0.003015,
      0.006275,
      0.0030975
    ],
    "SoftwareVersions": "syngo_MR_XA20",
    "SpacingBetweenSlices": 1.8,
    "StationName": "AWP175956",
    "TaskName": "imagery",
    "TotalReadoutTime": 0.0425448,
    "acq_id": "Fs2",
    "dataset": "ds003612",
    "modality": "bold",
    "run_id": 1,
    "session_id": "1",
    "subject_id": "108TUSW011037",
    "task_id": "imagery"
  },
  "dummy_trs": 0,
  "dvars_nstd": 53.42682743589187,
  "dvars_std": 1.155925264351352,
  "dvars_vstd": 0.9898969424324324,
  "efc": 0.5158354524007746,
  "fber": 3507.43994140625,
  "fd_mean": 0.11135572376116366,
  "fd_num": 30,
  "fd_perc": 8.086253369272237,
  "fwhm_avg": 2.226268675932087,
  "fwhm_x": 2.1220393045673673,
  "fwhm_y": 2.413466666450833,
  "fwhm_z": 2.143300056778062,
  "gcor": 0.0227531,
  "gsr_x": -0.013818209059536457,
  "gsr_y": 0.03671564161777496,
  "provenance": {
    "md5sum": "edcb892386aac42d99fcecde2ea1e8ea",
    "settings": {
      "fd_thres": 0.2,
      "testing": false
    },
    "software": "mriqc",
    "version": "21.0.0rc2",
    "webapi_port": null,
    "webapi_url": "https://mriqc.nimh.nih.gov/api/v1"
  },
  "size_t": 371,
  "size_x": 128,
  "size_y": 128,
  "size_z": 78,
  "snr": 5.39070375163531,
  "spacing_tr": 2.299999952316284,
  "spacing_x": 1.7968800067901611,
  "spacing_y": 1.7968800067901611,
  "spacing_z": 1.7999999523162842,
  "summary_bg_k": 15.371193475141233,
  "summary_bg_mad": 8.627865708181341,
  "summary_bg_mean": 37.328575134277344,
  "summary_bg_median": 10.318058967590332,
  "summary_bg_n": 896485.0,
  "summary_bg_p05": 3.2695417404174805,
  "summary_bg_p95": 190.45228271484356,
  "summary_bg_stdv": 69.82337951660156,
  "summary_fg_k": 2.057673538185928,
  "summary_fg_mad": 102.96294155734702,
  "summary_fg_mean": 611.4390258789062,
  "summary_fg_median": 606.9676513671875,
  "summary_fg_n": 246237.0,
  "summary_fg_p05": 447.53261108398436,
  "summary_fg_p95": 794.3671142578124,
  "summary_fg_stdv": 112.59502410888672,
  "tsnr": 26.88710994203575
}