{
  "bids_meta": {
    "AcquisitionMatrixPE": 224,
    "AcquisitionNumber": 1,
    "AcquisitionTime": "09:04:52.197500",
    "BodyPartExamined": "HEAD",
    "CoilString": "HeadNeck_64_CS",
    "ConversionSoftware": "dcm2niix",
    "ConversionSoftwareVersion": "v1.0.20190410  GCC6.3.0",
    "DeviceSerialNumber": "175956",
    "EchoTime": 0.00236,
    "FlipAngle": 9,
    "ImageOrientationPatientDICOM": [
      0.0362212,
      0.99795,
      0.0527673,
      -0.0132376,
      0.0532764,
      -0.998492
    ],
    "ImageType": [
      "ORIGINAL",
      "PRIMARY",
      "M",
      "NONE"
    ],
    "ImagingFrequency": 123.263,
    "InPlanePhaseEncodingDirectionDICOM": "ROW",
    "InstitutionAddress": "AT",
    "InstitutionName": "TU_Graz",
    "MRAcquisitionType": "3D",
    "MagneticFieldStrength": 3,
    "Manufacturer": "Siemens",
    "ManufacturersModelName": "MAGNETOM_Vida",
    "Modality": "MR",
    "PatientPosition": "HFS",
    "PercentPhaseFOV": 100,
    "PixelBandwidth": 251,
    "ProcedureStepDescription": "TU_2020",
    "ProtocolName": "anat-T1w",
    "ReceiveCoilActiveElements": "HC1-7;NC1",
    "ReconMatrixPE": 224,
    "RepetitionTime": 1.6,
    "SequenceVariant": "SK_SP_MP_OSP",
    "SeriesDescription": "anat-T1w",
    "SeriesNumber": 5,
    "SliceThickness": 1,
    "SoftwareVersions": "syngo_MR_XA20",
    "StationName": "AWP175956",
    "dataset": "ds003612",
    "modality": "T1w",
    "session_id": "1",
    "subject_id": "108TUSW011020"
  },
  "cjv": 0.44209113771765685,
  "cnr": 2.98786833849993,
  "efc": 0.6250782707601537,
  "fber": 6326.844402141583,
  "fwhm_avg": 4.549963333333333,
  "fwhm_x": 4.34833,
  "fwhm_y": 4.69061,
  "fwhm_z": 4.61095,
  "icvs_csf": 0.243168629781445,
  "icvs_gm": 0.39581774785961354,
  "icvs_wm": 0.3610136223589415,
  "inu_med": 1.2233363389968872,
  "inu_range": 0.4776982724666595,
  "provenance": {
    "md5sum": "0bdc83e51de0219c0c27554305c7dbaf",
    "settings": {
      "testing": false
    },
    "software": "mriqc",
    "version": "21.0.0rc2",
    "warnings": {
      "large_rot_frame": true,
      "small_air_mask": false
    },
    "webapi_port": null,
    "webapi_url": "https://mriqc.nimh.nih.gov/api/v1"
  },
  "qi_1": 4.297756010785499e-05,
  "qi_2": 0.018452717750930374,
  "rpve_csf": 18.61840967430239,
  "rpve_gm": 10.979258360245616,
  "rpve_wm": 14.208392489754083,
  "size_x": 192,
  "size_y": 224,
  "size_z": 224,
  "snr_csf": 4.440606646401902,
  "snr_gm": 13.700482756496818,
  "snr_total": 11.78104028108609,
  "snr_wm": 17.20203144035955,
  "snrd_csf": 54.111144698496425,
  "snrd_gm": 108.3977428504406,
  "snrd_total": 101.76516909171211,
  "snrd_wm": 142.78661972619935,
  "spacing_x": 1.0,
  "spacing_y": 1.0,
  "spacing_z": 1.0,
  "summary_bg_k": 29.563232786083717,
  "summary_bg_mad": 4.5882197690801725,
  "summary_bg_mean": 7.472360042968799,
  "summary_bg_median": 6.189414411783218,
  "summary_bg_n": 1421417.0,
  "summary_bg_p05": 3.094707205891609,
  "summary_bg_p95": 18.79579523578286,
  "summary_bg_stdv": 6.908587362252755,
  "summary_csf_k": 5.371112824042116,
  "summary_csf_mad": 79.68658157770123,
  "summary_csf_mean": 387.82827414340994,
  "summary_csf_median": 378.9651015214622,
  "summary_csf_n": 56875.0,
  "summary_csf_p05": 264.55195570364594,
  "summary_csf_p95": 545.0143472775814,
  "summary_csf_stdv": 85.34008979438606,
  "summary_gm_k": 0.11827860776018806,
  "summary_gm_mad": 54.856215768561476,
  "summary_gm_mean": 757.4749384660939,
  "summary_gm_median": 759.1589838452637,
  "summary_gm_n": 22957.0,
  "summary_gm_p05": 663.9967372640967,
  "summary_gm_p95": 845.8562960103154,
  "summary_gm_stdv": 55.40990509527582,
  "summary_wm_k": 0.66017449240739,
  "summary_wm_mad": 51.61747240215194,
  "summary_wm_mean": 997.9547581646641,
  "summary_wm_median": 1000.0000211037695,
  "summary_wm_n": 204447.0,
  "summary_wm_p05": 896.1907985061407,
  "summary_wm_p95": 1091.5669460780919,
  "summary_wm_stdv": 58.13252806484942,
  "tpm_overlap_csf": 0.17081786692142487,
  "tpm_overlap_gm": 0.4345304071903229,
  "tpm_overlap_wm": 0.48663660883903503,
  "wm2max": 0.48033664881407806
}