{
  "bids_meta": {
    "AcquisitionMatrixPE": 224,
    "AcquisitionNumber": 1,
    "AcquisitionTime": "09:09:59.767500",
    "BodyPartExamined": "HEAD",
    "CoilString": "HeadNeck_64_CS",
    "ConversionSoftware": "dcm2niix",
    "ConversionSoftwareVersion": "v1.0.20190410  GCC6.3.0",
    "DeviceSerialNumber": "175956",
    "EchoTime": 0.00236,
    "FlipAngle": 9,
    "ImageOrientationPatientDICOM": [
      -0.0235094,
      0.995788,
      0.0886168,
      0.0310219,
      0.0893252,
      -0.995519
    ],
    "ImageType": [
      "ORIGINAL",
      "PRIMARY",
      "M",
      "NONE"
    ],
    "ImagingFrequency": 123.263,
    "InPlanePhaseEncodingDirectionDICOM": "ROW",
    "InstitutionAddress": "AT",
    "InstitutionName": "TU_Graz",
    "MRAcquisitionType": "3D",
    "MagneticFieldStrength": 3,
    "Manufacturer": "Siemens",
    "ManufacturersModelName": "MAGNETOM_Vida",
    "Modality": "MR",
    "PatientPosition": "HFS",
    "PercentPhaseFOV": 100,
    "PixelBandwidth": 251,
    "ProcedureStepDescription": "TU_2020",
    "ProtocolName": "anat-T1w",
    "ReceiveCoilActiveElements": "HC1-7;NC1_2",
    "ReconMatrixPE": 224,
    "RepetitionTime": 1.6,
    "SequenceVariant": "SK_SP_MP_OSP",
    "SeriesDescription": "anat-T1w",
    "SeriesNumber": 5,
    "SliceThickness": 1,
    "SoftwareVersions": "syngo_MR_XA20",
    "StationName": "AWP175956",
    "dataset": "ds003612",
    "modality": "T1w",
    "session_id": "1",
    "subject_id": "108TUSW011032"
  },
  "cjv": 0.4529984790395037,
  "cnr": 2.99717077274585,
  "efc": 0.6444833153337871,
  "fber": 3694.3289563554404,
  "fwhm_avg": 4.238706666666666,
  "fwhm_x": 4.0703,
  "fwhm_y": 4.36808,
  "fwhm_z": 4.27774,
  "icvs_csf": 0.19142610274140473,
  "icvs_gm": 0.4385217765269431,
  "icvs_wm": 0.37005212073165217,
  "inu_med": 1.0763719081878662,
  "inu_range": 0.47817346453666687,
  "provenance": {
    "md5sum": "b0b6be684069f14ad9a49f350534c7f1",
    "settings": {
      "testing": false
    },
    "software": "mriqc",
    "version": "21.0.0rc2",
    "warnings": {
      "large_rot_frame": true,
      "small_air_mask": false
    },
    "webapi_port": null,
    "webapi_url": "https://mriqc.nimh.nih.gov/api/v1"
  },
  "qi_1": 0.0,
  "qi_2": 0.031004918147668026,
  "rpve_csf": 20.100161836848226,
  "rpve_gm": 9.479042000351468,
  "rpve_wm": 12.828924682120837,
  "size_x": 192,
  "size_y": 224,
  "size_z": 224,
  "snr_csf": 2.6551501833587077,
  "snr_gm": 12.909950297083652,
  "snr_total": 11.625592239119177,
  "snr_wm": 19.31167623691517,
  "snrd_csf": 38.86635153360449,
  "snrd_gm": 78.0144033341334,
  "snrd_total": 73.00363682148723,
  "snrd_wm": 102.13015559672378,
  "spacing_x": 1.0,
  "spacing_y": 1.0,
  "spacing_z": 1.0,
  "summary_bg_k": 3.1603733131560254,
  "summary_bg_mad": 6.415067040300932,
  "summary_bg_mean": 9.862343025759946,
  "summary_bg_median": 8.816052567213774,
  "summary_bg_n": 1492008.0,
  "summary_bg_p05": 4.380983177572489,
  "summary_bg_p95": 17.686191346496344,
  "summary_bg_stdv": 4.956435215502589,
  "summary_csf_k": 18.5453346023601,
  "summary_csf_mad": 123.3697580187873,
  "summary_csf_mean": 418.91457533446476,
  "summary_csf_median": 380.57763122208416,
  "summary_csf_n": 30448.0,
  "summary_csf_p05": 258.04531778022647,
  "summary_csf_p95": 649.5564767720176,
  "summary_csf_stdv": 143.3332788191598,
  "summary_gm_k": 0.6202618446076222,
  "summary_gm_mad": 54.848823194572965,
  "summary_gm_mean": 767.6632521432789,
  "summary_gm_median": 763.9136592596769,
  "summary_gm_n": 33808.0,
  "summary_gm_p05": 677.2675475254655,
  "summary_gm_p95": 872.4646868817508,
  "summary_gm_stdv": 59.17159584454944,
  "summary_wm_k": 0.1896088837935741,
  "summary_wm_mad": 52.12241970244507,
  "summary_wm_mean": 999.9688301440922,
  "summary_wm_median": 1000.054061152041,
  "summary_wm_n": 230253.0,
  "summary_wm_p05": 915.0846219919622,
  "summary_wm_p95": 1083.0223104655743,
  "summary_wm_stdv": 51.784830961295604,
  "tpm_overlap_csf": 0.16742052137851715,
  "tpm_overlap_gm": 0.4559136927127838,
  "tpm_overlap_wm": 0.4780672490596771,
  "wm2max": 0.43969152726314237
}