{
  "bids_meta": {
    "AcquisitionMatrixPE": 224,
    "AcquisitionNumber": 1,
    "AcquisitionTime": "12:59:42.710000",
    "BodyPartExamined": "HEAD",
    "CoilString": "HeadNeck_64_CS",
    "ConversionSoftware": "dcm2niix",
    "ConversionSoftwareVersion": "v1.0.20190410  GCC6.3.0",
    "DeviceSerialNumber": "175956",
    "EchoTime": 0.00236,
    "FlipAngle": 9,
    "ImageOrientationPatientDICOM": [
      0.0473493,
      0.998686,
      0.019622,
      0.0811714,
      0.0157321,
      -0.996576
    ],
    "ImageType": [
      "ORIGINAL",
      "PRIMARY",
      "M",
      "NONE"
    ],
    "ImagingFrequency": 123.263,
    "InPlanePhaseEncodingDirectionDICOM": "ROW",
    "InstitutionAddress": "AT",
    "InstitutionName": "TU_Graz",
    "MRAcquisitionType": "3D",
    "MagneticFieldStrength": 3,
    "Manufacturer": "Siemens",
    "ManufacturersModelName": "MAGNETOM_Vida",
    "Modality": "MR",
    "PatientPosition": "HFS",
    "PercentPhaseFOV": 100,
    "PixelBandwidth": 251,
    "ProcedureStepDescription": "TU_2020",
    "ProtocolName": "anat-T1w",
    "ReceiveCoilActiveElements": "HC1-7;NC1_2",
    "ReconMatrixPE": 224,
    "RepetitionTime": 1.6,
    "SequenceVariant": "SK_SP_MP_OSP",
    "SeriesDescription": "anat-T1w",
    "SeriesNumber": 5,
    "SliceThickness": 1,
    "SoftwareVersions": "syngo_MR_XA20",
    "StationName": "AWP175956",
    "dataset": "ds003612",
    "modality": "T1w",
    "session_id": "1",
    "subject_id": "108TUSW011012"
  },
  "cjv": 0.47316225704573184,
  "cnr": 2.860158540742327,
  "efc": 0.634971844591625,
  "fber": 3628.9468449931414,
  "fwhm_avg": 4.228483333333333,
  "fwhm_x": 4.06313,
  "fwhm_y": 4.24548,
  "fwhm_z": 4.37684,
  "icvs_csf": 0.20537816057520103,
  "icvs_gm": 0.40891947929695865,
  "icvs_wm": 0.38570236012784037,
  "inu_med": 1.2937551736831665,
  "inu_range": 0.5111708045005798,
  "provenance": {
    "md5sum": "c1b41ca87f3371650026b8ab4d981ec0",
    "settings": {
      "testing": false
    },
    "software": "mriqc",
    "version": "21.0.0rc2",
    "warnings": {
      "large_rot_frame": true,
      "small_air_mask": false
    },
    "webapi_port": null,
    "webapi_url": "https://mriqc.nimh.nih.gov/api/v1"
  },
  "qi_1": 0.0,
  "qi_2": 0.023552087195750603,
  "rpve_csf": 18.88457226168639,
  "rpve_gm": 9.772897358917461,
  "rpve_wm": 12.413184452112768,
  "size_x": 192,
  "size_y": 224,
  "size_z": 224,
  "snr_csf": 2.9526338713158418,
  "snr_gm": 12.687340795281873,
  "snr_total": 12.808595827664334,
  "snr_wm": 22.78581281639529,
  "snrd_csf": 43.28584051829853,
  "snrd_gm": 81.68607574445265,
  "snrd_total": 76.43949579378038,
  "snrd_wm": 104.34657111858994,
  "spacing_x": 1.0,
  "spacing_y": 1.0,
  "spacing_z": 1.0,
  "summary_bg_k": 2.2063475750009367,
  "summary_bg_mad": 6.278465964595946,
  "summary_bg_mean": 11.38397632127989,
  "summary_bg_median": 8.708099961280823,
  "summary_bg_n": 1844917.0,
  "summary_bg_p05": 4.354049980640411,
  "summary_bg_p95": 21.59131634235382,
  "summary_bg_stdv": 5.653584014602262,
  "summary_csf_k": 10.499832058147438,
  "summary_csf_mad": 144.75843357807835,
  "summary_csf_mean": 444.4984169832502,
  "summary_csf_median": 414.827638566494,
  "summary_csf_n": 32547.0,
  "summary_csf_p05": 267.0881618261337,
  "summary_csf_p95": 661.8573482215403,
  "summary_csf_stdv": 140.49194172015007,
  "summary_gm_k": -0.017658091614265015,
  "summary_gm_mad": 62.60780144977366,
  "summary_gm_mean": 782.8816784236585,
  "summary_gm_median": 782.8343287110329,
  "summary_gm_n": 32047.0,
  "summary_gm_p05": 682.6315346360207,
  "summary_gm_p95": 883.9317905902863,
  "summary_gm_stdv": 61.70103943763899,
  "summary_wm_k": 0.7546438362955126,
  "summary_wm_mad": 40.14681053417689,
  "summary_wm_mean": 997.9405145411517,
  "summary_wm_median": 1000.0000270605087,
  "summary_wm_n": 256547.0,
  "summary_wm_p05": 921.6867719292641,
  "summary_wm_p95": 1066.0861555337906,
  "summary_wm_stdv": 43.8868732116679,
  "tpm_overlap_csf": 0.17171001434326172,
  "tpm_overlap_gm": 0.4420004189014435,
  "tpm_overlap_wm": 0.5042346119880676,
  "wm2max": 0.4328496927763722
}