{
  "bids_meta": {
    "AcquisitionMatrixPE": 224,
    "AcquisitionNumber": 1,
    "AcquisitionTime": "10:24:43.162500",
    "BodyPartExamined": "HEAD",
    "CoilString": "HeadNeck_64_CS",
    "ConversionSoftware": "dcm2niix",
    "ConversionSoftwareVersion": "v1.0.20190410  GCC6.3.0",
    "DeviceSerialNumber": "175956",
    "EchoTime": 0.00236,
    "FlipAngle": 9,
    "ImageOrientationPatientDICOM": [
      0.0618229,
      0.996684,
      -0.0529117,
      0.0925707,
      -0.0585105,
      -0.993986
    ],
    "ImageType": [
      "ORIGINAL",
      "PRIMARY",
      "M",
      "NONE"
    ],
    "ImagingFrequency": 123.263,
    "InPlanePhaseEncodingDirectionDICOM": "ROW",
    "InstitutionAddress": "AT",
    "InstitutionName": "TU_Graz",
    "MRAcquisitionType": "3D",
    "MagneticFieldStrength": 3,
    "Manufacturer": "Siemens",
    "ManufacturersModelName": "MAGNETOM_Vida",
    "Modality": "MR",
    "PatientPosition": "HFS",
    "PercentPhaseFOV": 100,
    "PixelBandwidth": 251,
    "ProcedureStepDescription": "TU_2020",
    "ProtocolName": "anat-T1w",
    "ReceiveCoilActiveElements": "HC1-7;NC1",
    "ReconMatrixPE": 224,
    "RepetitionTime": 1.6,
    "SequenceVariant": "SK_SP_MP_OSP",
    "SeriesDescription": "anat-T1w",
    "SeriesNumber": 5,
    "SliceThickness": 1,
    "SoftwareVersions": "syngo_MR_XA20",
    "StationName": "AWP175956",
    "dataset": "ds003612",
    "modality": "T1w",
    "session_id": "1",
    "subject_id": "108TUSW011010"
  },
  "cjv": 0.3258531401661694,
  "cnr": 3.917477568025311,
  "efc": 0.6188008572983867,
  "fber": 11828.161818771627,
  "fwhm_avg": 4.23699,
  "fwhm_x": 4.08174,
  "fwhm_y": 4.33575,
  "fwhm_z": 4.29348,
  "icvs_csf": 0.20787265710482433,
  "icvs_gm": 0.41534458543873365,
  "icvs_wm": 0.376782757456442,
  "inu_med": 1.1701873540878296,
  "inu_range": 0.41730256676673894,
  "provenance": {
    "md5sum": "5480599c9e858b45629523aeab297587",
    "settings": {
      "testing": false
    },
    "software": "mriqc",
    "version": "21.0.0rc2",
    "warnings": {
      "large_rot_frame": true,
      "small_air_mask": false
    },
    "webapi_port": null,
    "webapi_url": "https://mriqc.nimh.nih.gov/api/v1"
  },
  "qi_1": 0.0,
  "qi_2": 0.014679805665563176,
  "rpve_csf": 21.595000735518767,
  "rpve_gm": 11.135642263095045,
  "rpve_wm": 14.694262927232508,
  "size_x": 192,
  "size_y": 224,
  "size_z": 224,
  "snr_csf": 3.055147968352379,
  "snr_gm": 14.22873644113101,
  "snr_total": 14.365134914990529,
  "snr_wm": 25.8115203354882,
  "snrd_csf": 47.91415235281668,
  "snrd_gm": 97.70965408188454,
  "snrd_total": 92.30105359155864,
  "snrd_wm": 131.27935433997476,
  "spacing_x": 1.0,
  "spacing_y": 1.0,
  "spacing_z": 1.0,
  "summary_bg_k": 397.67878433572344,
  "summary_bg_mad": 4.990653680080359,
  "summary_bg_mean": 7.92115090772275,
  "summary_bg_median": 6.8852960877120495,
  "summary_bg_n": 1939963.0,
  "summary_bg_p05": 3.417146947234869,
  "summary_bg_p95": 17.136736929416656,
  "summary_bg_stdv": 4.869773977879467,
  "summary_csf_k": 34.829097390754534,
  "summary_csf_mad": 92.1380531693624,
  "summary_csf_mean": 393.39187817793965,
  "summary_csf_median": 364.9971959386021,
  "summary_csf_n": 25506.0,
  "summary_csf_p05": 265.46641582623124,
  "summary_csf_p95": 575.9422671888024,
  "summary_csf_stdv": 119.46722205442009,
  "summary_gm_k": 0.40922178893366556,
  "summary_gm_mad": 48.923529257757465,
  "summary_gm_mean": 746.6627642723578,
  "summary_gm_median": 744.3260081782937,
  "summary_gm_n": 25166.0,
  "summary_gm_p05": 664.7115845270455,
  "summary_gm_p95": 837.290255910717,
  "summary_gm_stdv": 52.31042283938307,
  "summary_wm_k": 0.9002930238673015,
  "summary_wm_mad": 34.4052640066146,
  "summary_wm_mean": 997.4012976859153,
  "summary_wm_median": 1000.0510050952435,
  "summary_wm_n": 209952.0,
  "summary_wm_p05": 927.6049397042021,
  "summary_wm_p95": 1055.643395729363,
  "summary_wm_stdv": 38.74427428047512,
  "tpm_overlap_csf": 0.17552483081817627,
  "tpm_overlap_gm": 0.4583336114883423,
  "tpm_overlap_wm": 0.51279616355896,
  "wm2max": 0.4185629509456517
}