{
  "aor": 0.000720642673521851,
  "aqi": 0.03222402390745501,
  "bids_meta": {
    "AcquisitionMatrixPE": 128,
    "AcquisitionNumber": 1,
    "AcquisitionTime": "14:51:30.825000",
    "BandwidthPerPixelPhaseEncode": 23.321,
    "BodyPartExamined": "HEAD",
    "CoilString": "HeadNeck_64_CS",
    "ConversionSoftware": "dcm2niix",
    "ConversionSoftwareVersion": "v1.0.20190410  GCC6.3.0",
    "DerivedVendorReportedEchoSpacing": 0.000334999,
    "DeviceSerialNumber": "175956",
    "EchoTime": 0.03,
    "EchoTrainLength": 63,
    "EffectiveEchoSpacing": 0.000334999,
    "FlipAngle": 72,
    "ImageOrientationPatientDICOM": [
      0.999995,
      -0.00183589,
      -0.0025992,
      0.0010472,
      0.961156,
      -0.276002
    ],
    "ImageType": [
      "ORIGINAL",
      "PRIMARY",
      "FMRI",
      "NONE"
    ],
    "ImagingFrequency": 123.263,
    "InPlanePhaseEncodingDirectionDICOM": "COL",
    "InstitutionAddress": "AT",
    "InstitutionName": "TU_Graz",
    "MRAcquisitionType": "2D",
    "MagneticFieldStrength": 3,
    "Manufacturer": "Siemens",
    "ManufacturersModelName": "MAGNETOM_Vida",
    "Modality": "MR",
    "MultibandAccelerationFactor": 3,
    "PartialFourier": 0.492188,
    "PatientPosition": "HFS",
    "PercentPhaseFOV": 100,
    "PhaseEncodingDirection": "j-",
    "PixelBandwidth": 1953,
    "ProcedureStepDescription": "TU_2020",
    "ProtocolName": "func_task-imagery_acq-Fs2_run-01",
    "ReceiveCoilActiveElements": "HC1-7;NC1",
    "ReconMatrixPE": 128,
    "RepetitionTime": 2.3,
    "SequenceVariant": "SK",
    "SeriesDescription": "func_task-imagery_acq-Fs2_run-01",
    "SeriesNumber": 7,
    "SliceThickness": 1.8,
    "SliceTiming": [
      0.00318,
      0,
      0.00326,
      8.25e-05,
      0.0033425,
      0.0001625,
      0.0034225,
      0.000245,
      0.003505,
      0.0003275,
      0.0035875,
      0.0004075,
      0.0036675,
      0.00049,
      0.00375,
      0.00057,
      0.00383,
      0.0006525,
      0.0039125,
      0.000735,
      0.003995,
      0.000815,
      0.004075,
      0.0008975,
      0.0041575,
      0.0009775,
      0.0042375,
      0.00106,
      0.00432,
      0.0011425,
      0.0044025,
      0.0012225,
      0.0044825,
      0.001305,
      0.004565,
      0.001385,
      0.004645,
      0.0014675,
      0.0047275,
      0.00155,
      0.00481,
      0.00163,
      0.00489,
      0.0017125,
      0.0049725,
      0.0017925,
      0.0050525,
      0.001875,
      0.005135,
      0.0019575,
      0.0052175,
      0.0020375,
      0.0052975,
      0.00212,
      0.00538,
      0.0022,
      0.00546,
      0.0022825,
      0.0055425,
      0.002365,
      0.005625,
      0.002445,
      0.005705,
      0.0025275,
      0.0057875,
      0.0026075,
      0.0058675,
      0.00269,
      0.00595,
      0.0027725,
      0.0060325,
      0.0028525,
      0.0061125,
      0.002935,
      0.006195,
      0.003015,
      0.006275,
      0.0030975
    ],
    "SoftwareVersions": "syngo_MR_XA20",
    "SpacingBetweenSlices": 1.8,
    "StationName": "AWP175956",
    "TaskName": "imagery",
    "TotalReadoutTime": 0.0425448,
    "acq_id": "Fs2",
    "dataset": "ds003612",
    "modality": "bold",
    "run_id": 1,
    "session_id": "1",
    "subject_id": "108TUSW011035",
    "task_id": "imagery"
  },
  "dummy_trs": 0,
  "dvars_nstd": 55.07180357458765,
  "dvars_std": 1.2041013466752566,
  "dvars_vstd": 0.9805631296391761,
  "efc": 0.45758294405759653,
  "fber": 5062.6142578125,
  "fd_mean": 0.12726474082630682,
  "fd_num": 40,
  "fd_perc": 10.282776349614396,
  "fwhm_avg": 2.1319187921393286,
  "fwhm_x": 2.0052201518099326,
  "fwhm_y": 2.286897279991763,
  "fwhm_z": 2.1036389446162898,
  "gcor": 0.0103505,
  "gsr_x": -0.01836482435464859,
  "gsr_y": 0.020794620737433434,
  "provenance": {
    "md5sum": "6ad8c1289c7e44b0d86268589907c9b2",
    "settings": {
      "fd_thres": 0.2,
      "testing": false
    },
    "software": "mriqc",
    "version": "21.0.0rc2",
    "webapi_port": null,
    "webapi_url": "https://mriqc.nimh.nih.gov/api/v1"
  },
  "size_t": 389,
  "size_x": 128,
  "size_y": 128,
  "size_z": 78,
  "snr": 5.634164356947513,
  "spacing_tr": 2.299999952316284,
  "spacing_x": 1.7968800067901611,
  "spacing_y": 1.7968800067901611,
  "spacing_z": 1.7999999523162842,
  "summary_bg_k": 38.87830260671086,
  "summary_bg_mad": 5.530220830796525,
  "summary_bg_mean": 23.528738021850586,
  "summary_bg_median": 8.334190368652344,
  "summary_bg_n": 943542.0,
  "summary_bg_p05": 3.246786594390869,
  "summary_bg_p95": 90.48316307067859,
  "summary_bg_stdv": 49.24961471557617,
  "summary_fg_k": 2.852860236233755,
  "summary_fg_mad": 90.42733348072576,
  "summary_fg_mean": 590.9942016601562,
  "summary_fg_median": 586.33935546875,
  "summary_fg_n": 207145.0,
  "summary_fg_p05": 443.53675537109376,
  "summary_fg_p95": 758.7809814453125,
  "summary_fg_stdv": 104.06830596923828,
  "tsnr": 27.861378280213103
}