{
  "aor": 0.001527157894736842,
  "aqi": 0.017644693157894735,
  "bids_meta": {
    "AcquisitionMatrixPE": 128,
    "AcquisitionNumber": 1,
    "AcquisitionTime": "16:28:3.815000",
    "BandwidthPerPixelPhaseEncode": 23.321,
    "BodyPartExamined": "HEAD",
    "CoilString": "HeadNeck_64_CS",
    "ConversionSoftware": "dcm2niix",
    "ConversionSoftwareVersion": "v1.0.20190410  GCC6.3.0",
    "DerivedVendorReportedEchoSpacing": 0.000334999,
    "DeviceSerialNumber": "175956",
    "EchoTime": 0.03,
    "EchoTrainLength": 63,
    "EffectiveEchoSpacing": 0.000334999,
    "FlipAngle": 72,
    "ImageOrientationPatientDICOM": [
      1,
      -0.000253213,
      -0.000861514,
      -7.53796e-08,
      0.959394,
      -0.282069
    ],
    "ImageType": [
      "ORIGINAL",
      "PRIMARY",
      "FMRI",
      "NONE"
    ],
    "ImagingFrequency": 123.263,
    "InPlanePhaseEncodingDirectionDICOM": "COL",
    "InstitutionAddress": "AT",
    "InstitutionName": "TU_Graz",
    "MRAcquisitionType": "2D",
    "MagneticFieldStrength": 3,
    "Manufacturer": "Siemens",
    "ManufacturersModelName": "MAGNETOM_Vida",
    "Modality": "MR",
    "MultibandAccelerationFactor": 3,
    "PartialFourier": 0.492188,
    "PatientPosition": "HFS",
    "PercentPhaseFOV": 100,
    "PhaseEncodingDirection": "j-",
    "PixelBandwidth": 1953,
    "ProcedureStepDescription": "TU_2020",
    "ProtocolName": "func_task-execution_acq-Fs2_run-02",
    "ReceiveCoilActiveElements": "HC1-7",
    "ReconMatrixPE": 128,
    "RepetitionTime": 2.3,
    "SequenceVariant": "SK",
    "SeriesDescription": "func_task-execution_acq-Fs2_run-02",
    "SeriesNumber": 12,
    "SliceThickness": 1.8,
    "SliceTiming": [
      0.0031775,
      0,
      0.00326,
      8e-05,
      0.00334,
      0.0001625,
      0.0034225,
      0.000245,
      0.003505,
      0.000325,
      0.003585,
      0.0004075,
      0.0036675,
      0.0004875,
      0.0037475,
      0.00057,
      0.00383,
      0.0006525,
      0.0039125,
      0.0007325,
      0.0039925,
      0.000815,
      0.004075,
      0.000895,
      0.004155,
      0.0009775,
      0.0042375,
      0.00106,
      0.00432,
      0.00114,
      0.0044,
      0.0012225,
      0.0044825,
      0.0013025,
      0.0045625,
      0.001385,
      0.004645,
      0.0014675,
      0.0047275,
      0.0015475,
      0.0048075,
      0.00163,
      0.00489,
      0.00171,
      0.00497,
      0.0017925,
      0.0050525,
      0.001875,
      0.005135,
      0.001955,
      0.005215,
      0.0020375,
      0.0052975,
      0.0021175,
      0.0053775,
      0.0022,
      0.00546,
      0.0022825,
      0.0055425,
      0.0023625,
      0.0056225,
      0.002445,
      0.005705,
      0.002525,
      0.005785,
      0.0026075,
      0.0058675,
      0.00269,
      0.00595,
      0.00277,
      0.00603,
      0.0028525,
      0.0061125,
      0.0029325,
      0.0061925,
      0.003015,
      0.006275,
      0.0030975
    ],
    "SoftwareVersions": "syngo_MR_XA20",
    "SpacingBetweenSlices": 1.8,
    "StationName": "AWP175956",
    "TaskName": "execution",
    "TotalReadoutTime": 0.0425448,
    "acq_id": "Fs2",
    "dataset": "ds003612",
    "modality": "bold",
    "run_id": 2,
    "session_id": "1",
    "subject_id": "108TUSW011018",
    "task_id": "execution"
  },
  "dummy_trs": 0,
  "dvars_nstd": 51.39067838555557,
  "dvars_std": 1.2199589633862435,
  "dvars_vstd": 0.9995860453968257,
  "efc": 0.47383596393338756,
  "fber": 6751.87109375,
  "fd_mean": 0.08981955736967523,
  "fd_num": 5,
  "fd_perc": 2.6315789473684212,
  "fwhm_avg": 2.2288343068799077,
  "fwhm_x": 2.169221086144116,
  "fwhm_y": 2.3580817772963387,
  "fwhm_z": 2.1592000571992678,
  "gcor": 0.0125957,
  "gsr_x": -0.021178152412176132,
  "gsr_y": 0.02357379160821438,
  "provenance": {
    "md5sum": "fc7836081046786ce2907e6f8a0a876e",
    "settings": {
      "fd_thres": 0.2,
      "testing": false
    },
    "software": "mriqc",
    "version": "21.0.0rc2",
    "webapi_port": null,
    "webapi_url": "https://mriqc.nimh.nih.gov/api/v1"
  },
  "size_t": 190,
  "size_x": 128,
  "size_y": 128,
  "size_z": 78,
  "snr": 4.5369662208348736,
  "spacing_tr": 2.299999952316284,
  "spacing_x": 1.7968800067901611,
  "spacing_y": 1.7968800067901611,
  "spacing_z": 1.7999999523162842,
  "summary_bg_k": 33.2315992870655,
  "summary_bg_mad": 6.125488076091049,
  "summary_bg_mean": 22.325782775878906,
  "summary_bg_median": 6.931579113006592,
  "summary_bg_n": 908911.0,
  "summary_bg_p05": 1.5473685264587402,
  "summary_bg_p95": 97.56842803955078,
  "summary_bg_stdv": 48.36516571044922,
  "summary_fg_k": 2.174381099535502,
  "summary_fg_mad": 105.56129605577047,
  "summary_fg_mean": 576.6420288085938,
  "summary_fg_median": 563.5105590820312,
  "summary_fg_n": 235623.0,
  "summary_fg_p05": 410.13739624023435,
  "summary_fg_p95": 804.3294982910155,
  "summary_fg_stdv": 124.2040023803711,
  "tsnr": 32.959000022150576
}