{
  "bids_meta": {
    "AcquisitionMatrixPE": 224,
    "AcquisitionNumber": 1,
    "AcquisitionTime": "16:43:53.932500",
    "BodyPartExamined": "HEAD",
    "CoilString": "HeadNeck_64_CS",
    "ConversionSoftware": "dcm2niix",
    "ConversionSoftwareVersion": "v1.0.20190410  GCC6.3.0",
    "DeviceSerialNumber": "175956",
    "EchoTime": 0.00236,
    "FlipAngle": 9,
    "ImageOrientationPatientDICOM": [
      0.0679999,
      0.996929,
      0.038846,
      0.0938928,
      0.0323686,
      -0.995056
    ],
    "ImageType": [
      "ORIGINAL",
      "PRIMARY",
      "M",
      "NONE"
    ],
    "ImagingFrequency": 123.263,
    "InPlanePhaseEncodingDirectionDICOM": "ROW",
    "InstitutionAddress": "AT",
    "InstitutionName": "TU_Graz",
    "MRAcquisitionType": "3D",
    "MagneticFieldStrength": 3,
    "Manufacturer": "Siemens",
    "ManufacturersModelName": "MAGNETOM_Vida",
    "Modality": "MR",
    "PatientPosition": "HFS",
    "PercentPhaseFOV": 100,
    "PixelBandwidth": 251,
    "ProcedureStepDescription": "TU_2020",
    "ProtocolName": "anat-T1w",
    "ReceiveCoilActiveElements": "HC1-7;NC1_2",
    "ReconMatrixPE": 224,
    "RepetitionTime": 1.6,
    "SequenceVariant": "SK_SP_MP_OSP",
    "SeriesDescription": "anat-T1w",
    "SeriesNumber": 5,
    "SliceThickness": 1,
    "SoftwareVersions": "syngo_MR_XA20",
    "StationName": "AWP175956",
    "dataset": "ds003612",
    "modality": "T1w",
    "session_id": "1",
    "subject_id": "108TUSW011029"
  },
  "cjv": 0.4161999572272679,
  "cnr": 3.1640820897061266,
  "efc": 0.663056266281633,
  "fber": 3733.9670295246297,
  "fwhm_avg": 4.253466666666667,
  "fwhm_x": 4.03509,
  "fwhm_y": 4.4283,
  "fwhm_z": 4.29701,
  "icvs_csf": 0.2195758177602171,
  "icvs_gm": 0.39932819401433345,
  "icvs_wm": 0.3810959882254495,
  "inu_med": 1.2537658214569092,
  "inu_range": 0.4701995730400086,
  "provenance": {
    "md5sum": "47504aff3ec2e2ac6038fdf9cc904e08",
    "settings": {
      "testing": false
    },
    "software": "mriqc",
    "version": "21.0.0rc2",
    "warnings": {
      "large_rot_frame": true,
      "small_air_mask": false
    },
    "webapi_port": null,
    "webapi_url": "https://mriqc.nimh.nih.gov/api/v1"
  },
  "qi_1": 0.0,
  "qi_2": 0.0207128813903212,
  "rpve_csf": 15.747444405481048,
  "rpve_gm": 8.692425045573843,
  "rpve_wm": 11.003315864389235,
  "size_x": 192,
  "size_y": 224,
  "size_z": 224,
  "snr_csf": 3.1418557059880077,
  "snr_gm": 12.777985116482565,
  "snr_total": 13.45775124297842,
  "snr_wm": 24.45341290646469,
  "snrd_csf": 38.202238551384575,
  "snrd_gm": 82.39051571600277,
  "snrd_total": 75.9233158625322,
  "snrd_wm": 107.17719332020927,
  "spacing_x": 1.0,
  "spacing_y": 1.0,
  "spacing_z": 1.0,
  "summary_bg_k": 8.045083314056562,
  "summary_bg_mad": 6.112983188379375,
  "summary_bg_mean": 13.48515569652116,
  "summary_bg_median": 12.369433511048555,
  "summary_bg_n": 1623065.0,
  "summary_bg_p05": 4.123144503682852,
  "summary_bg_p95": 24.793842282146215,
  "summary_bg_stdv": 7.133819312534757,
  "summary_csf_k": -0.41394305509675666,
  "summary_csf_mad": 102.94263689230867,
  "summary_csf_mean": 391.10019116678296,
  "summary_csf_median": 356.4595861583948,
  "summary_csf_n": 49566.0,
  "summary_csf_p05": 249.09290328249335,
  "summary_csf_p95": 604.7141167251393,
  "summary_csf_stdv": 113.4539659645809,
  "summary_gm_k": 0.11940133379435114,
  "summary_gm_mad": 59.3366901485358,
  "summary_gm_mean": 769.1391156789903,
  "summary_gm_median": 768.77403652668,
  "summary_gm_n": 33067.0,
  "summary_gm_p05": 671.1929499395192,
  "summary_gm_p95": 869.2138366363943,
  "summary_gm_stdv": 60.1630386121617,
  "summary_wm_k": 1.1170668018018608,
  "summary_wm_mad": 36.922418457811425,
  "summary_wm_mean": 1000.2273031123784,
  "summary_wm_median": 1000.0549555532634,
  "summary_wm_n": 293699.0,
  "summary_wm_p05": 933.2050393335521,
  "summary_wm_p95": 1066.1901933923364,
  "summary_wm_stdv": 40.89626494511307,
  "tpm_overlap_csf": 0.1743365228176117,
  "tpm_overlap_gm": 0.4406609833240509,
  "tpm_overlap_wm": 0.5044527053833008,
  "wm2max": 0.45861469998142584
}