{
  "aor": 0.0005417724867724867,
  "aqi": 0.02025558386243386,
  "bids_meta": {
    "AcquisitionMatrixPE": 128,
    "AcquisitionNumber": 1,
    "AcquisitionTime": "13:36:53.377500",
    "BandwidthPerPixelPhaseEncode": 21.171,
    "BodyPartExamined": "HEAD",
    "CoilString": "HeadNeck_64_CS",
    "ConversionSoftware": "dcm2niix",
    "ConversionSoftwareVersion": "v1.0.20190410  GCC6.3.0",
    "DerivedVendorReportedEchoSpacing": 0.000369019,
    "DeviceSerialNumber": "175956",
    "EchoTime": 0.03,
    "EchoTrainLength": 71,
    "EffectiveEchoSpacing": 0.000369019,
    "FlipAngle": 72,
    "ImageOrientationPatientDICOM": [
      0.997555,
      -0.0660498,
      0.0228422,
      0.069888,
      0.942774,
      -0.326027
    ],
    "ImageType": [
      "ORIGINAL",
      "PRIMARY",
      "M",
      "NONE"
    ],
    "ImagingFrequency": 123.263,
    "InPlanePhaseEncodingDirectionDICOM": "COL",
    "InstitutionAddress": "AT",
    "InstitutionName": "TU_Graz",
    "MRAcquisitionType": "2D",
    "MagneticFieldStrength": 3,
    "Manufacturer": "Siemens",
    "ManufacturersModelName": "MAGNETOM_Vida",
    "Modality": "MR",
    "MultibandAccelerationFactor": 3,
    "PartialFourier": 0.554688,
    "PatientPosition": "HFS",
    "PercentPhaseFOV": 100,
    "PhaseEncodingDirection": "j-",
    "PixelBandwidth": 1953,
    "ProcedureStepDescription": "TU_2020",
    "ProtocolName": "func_task-imagery_acq-Fs2_run-01",
    "ReceiveCoilActiveElements": "HC1-7;NC1",
    "ReconMatrixPE": 128,
    "RepetitionTime": 2.3,
    "SequenceVariant": "SK_OSP",
    "SeriesDescription": "func_task-imagery_acq-Fs2_run-01",
    "SeriesNumber": 6,
    "SliceThickness": 1.8,
    "SliceTiming": [
      1.6675,
      0,
      1.14,
      0.0874996,
      1.2275,
      0.174999,
      1.315,
      0.262501,
      1.4025,
      0.35,
      1.49,
      0.4375,
      1.5775,
      0.615,
      1.755,
      0.702499,
      1.8425,
      0.789999,
      1.93,
      0.877501,
      2.0175,
      0.965,
      2.105,
      1.0525,
      2.1925,
      0.5275,
      1.6675,
      0,
      1.14,
      0.0874996,
      1.2275,
      0.174999,
      1.315,
      0.262501,
      1.4025,
      0.35,
      1.49,
      0.4375,
      1.5775,
      0.615,
      1.755,
      0.702499,
      1.8425,
      0.789999,
      1.93,
      0.877501,
      2.0175,
      0.965,
      2.105,
      1.0525,
      2.1925,
      0.5275,
      1.6675,
      0,
      1.14,
      0.0874996,
      1.2275,
      0.174999,
      1.315,
      0.262501,
      1.4025,
      0.35,
      1.49,
      0.4375,
      1.5775,
      0.615,
      1.755,
      0.702499,
      1.8425,
      0.789999,
      1.93,
      0.877501,
      2.0175,
      0.965,
      2.105,
      1.0525,
      2.1925,
      0.5275
    ],
    "SoftwareVersions": "syngo_MR_XA11",
    "SpacingBetweenSlices": 1.8,
    "StationName": "AWP175956",
    "TaskName": "imagery",
    "TotalReadoutTime": 0.0468654,
    "acq_id": "Fs2",
    "dataset": "ds003612",
    "modality": "bold",
    "run_id": 1,
    "session_id": "1",
    "subject_id": "108TUSW011001",
    "task_id": "imagery"
  },
  "dummy_trs": 0,
  "dvars_nstd": 50.570401897480124,
  "dvars_std": 1.1003048816710872,
  "dvars_vstd": 0.9719983252785149,
  "efc": 0.49917212203684264,
  "fber": 1597.5772705078125,
  "fd_mean": 0.08646767136647977,
  "fd_num": 3,
  "fd_perc": 0.7936507936507936,
  "fwhm_avg": 2.2465121843732008,
  "fwhm_x": 2.1945761459298754,
  "fwhm_y": 2.3264881261980603,
  "fwhm_z": 2.218472280991668,
  "gcor": 0.071829,
  "gsr_x": 0.0039649177342653275,
  "gsr_y": 0.004804032389074564,
  "provenance": {
    "md5sum": "033d3229747a530a3688eebace04eb5b",
    "settings": {
      "fd_thres": 0.2,
      "testing": false
    },
    "software": "mriqc",
    "version": "21.0.0rc2",
    "webapi_port": null,
    "webapi_url": "https://mriqc.nimh.nih.gov/api/v1"
  },
  "size_t": 378,
  "size_x": 128,
  "size_y": 128,
  "size_z": 78,
  "snr": 4.437176608625192,
  "spacing_tr": 2.299999952316284,
  "spacing_x": 1.7968800067901611,
  "spacing_y": 1.7968800067901611,
  "spacing_z": 1.7999999523162842,
  "summary_bg_k": 21.45133751212266,
  "summary_bg_mad": 13.166918961818025,
  "summary_bg_mean": 44.098052978515625,
  "summary_bg_median": 17.214284896850586,
  "summary_bg_n": 933316.0,
  "summary_bg_p05": 5.497354507446289,
  "summary_bg_p95": 192.6560821533203,
  "summary_bg_stdv": 75.79912567138672,
  "summary_fg_k": 1.8128652699549361,
  "summary_fg_mad": 144.9440033751223,
  "summary_fg_mean": 694.212158203125,
  "summary_fg_median": 683.797607421875,
  "summary_fg_n": 216040.0,
  "summary_fg_p05": 475.9784240722656,
  "summary_fg_p95": 947.637646484375,
  "summary_fg_stdv": 154.10610961914062,
  "tsnr": 24.20684807060752
}