{
  "aor": 0.0010439267015706806,
  "aqi": 0.015575527748691096,
  "bids_meta": {
    "AcquisitionMatrixPE": 128,
    "AcquisitionNumber": 1,
    "AcquisitionTime": "13:59:13.215000",
    "BandwidthPerPixelPhaseEncode": 21.171,
    "BodyPartExamined": "HEAD",
    "CoilString": "HeadNeck_64_CS",
    "ConversionSoftware": "dcm2niix",
    "ConversionSoftwareVersion": "v1.0.20190410  GCC6.3.0",
    "DerivedVendorReportedEchoSpacing": 0.000369019,
    "DeviceSerialNumber": "175956",
    "EchoTime": 0.03,
    "EchoTrainLength": 71,
    "EffectiveEchoSpacing": 0.000369019,
    "FlipAngle": 72,
    "ImageOrientationPatientDICOM": [
      0.997552,
      -0.06609,
      0.0228562,
      0.0699306,
      0.942771,
      -0.326026
    ],
    "ImageType": [
      "ORIGINAL",
      "PRIMARY",
      "M",
      "NONE"
    ],
    "ImagingFrequency": 123.263,
    "InPlanePhaseEncodingDirectionDICOM": "COL",
    "InstitutionAddress": "AT",
    "InstitutionName": "TU_Graz",
    "MRAcquisitionType": "2D",
    "MagneticFieldStrength": 3,
    "Manufacturer": "Siemens",
    "ManufacturersModelName": "MAGNETOM_Vida",
    "Modality": "MR",
    "MultibandAccelerationFactor": 3,
    "PartialFourier": 0.554688,
    "PatientPosition": "HFS",
    "PercentPhaseFOV": 100,
    "PhaseEncodingDirection": "j-",
    "PixelBandwidth": 1953,
    "ProcedureStepDescription": "TU_2020",
    "ProtocolName": "func_task-execution_acq-Fs2_run-02",
    "ReceiveCoilActiveElements": "HC1-7;NC1",
    "ReconMatrixPE": 128,
    "RepetitionTime": 2.3,
    "SequenceVariant": "SK_OSP",
    "SeriesDescription": "func_task-execution_acq-Fs2_run-02",
    "SeriesNumber": 12,
    "SliceThickness": 1.8,
    "SliceTiming": [
      1.665,
      0,
      1.14,
      0.0874996,
      1.2275,
      0.174999,
      1.315,
      0.262501,
      1.4025,
      0.35,
      1.49,
      0.4375,
      1.5775,
      0.612499,
      1.7525,
      0.700001,
      1.84,
      0.7875,
      1.9275,
      0.875,
      2.015,
      0.9625,
      2.1025,
      1.05,
      2.19,
      0.525,
      1.665,
      0,
      1.14,
      0.0874996,
      1.2275,
      0.174999,
      1.315,
      0.262501,
      1.4025,
      0.35,
      1.49,
      0.4375,
      1.5775,
      0.612499,
      1.7525,
      0.700001,
      1.84,
      0.7875,
      1.9275,
      0.875,
      2.015,
      0.9625,
      2.1025,
      1.05,
      2.19,
      0.525,
      1.665,
      0,
      1.14,
      0.0874996,
      1.2275,
      0.174999,
      1.315,
      0.262501,
      1.4025,
      0.35,
      1.49,
      0.4375,
      1.5775,
      0.612499,
      1.7525,
      0.700001,
      1.84,
      0.7875,
      1.9275,
      0.875,
      2.015,
      0.9625,
      2.1025,
      1.05,
      2.19,
      0.525
    ],
    "SoftwareVersions": "syngo_MR_XA11",
    "SpacingBetweenSlices": 1.8,
    "StationName": "AWP175956",
    "TaskName": "execution",
    "TotalReadoutTime": 0.0468654,
    "acq_id": "Fs2",
    "dataset": "ds003612",
    "modality": "bold",
    "run_id": 2,
    "session_id": "1",
    "subject_id": "108TUSW011001",
    "task_id": "execution"
  },
  "dummy_trs": 0,
  "dvars_nstd": 51.49451380300001,
  "dvars_std": 1.1152206688421056,
  "dvars_vstd": 0.9951263638421054,
  "efc": 0.4963723220203252,
  "fber": 1743.0010986328125,
  "fd_mean": 0.1407432747598624,
  "fd_num": 27,
  "fd_perc": 14.136125654450261,
  "fwhm_avg": 2.2211381803560273,
  "fwhm_x": 2.168926130444238,
  "fwhm_y": 2.3041827970450046,
  "fwhm_z": 2.1903056135788392,
  "gcor": 0.0120461,
  "gsr_x": 0.003859317861497402,
  "gsr_y": 0.0028788812924176455,
  "provenance": {
    "md5sum": "e7bf4cc7982775279b8bb86f6d2e9563",
    "settings": {
      "fd_thres": 0.2,
      "testing": false
    },
    "software": "mriqc",
    "version": "21.0.0rc2",
    "webapi_port": null,
    "webapi_url": "https://mriqc.nimh.nih.gov/api/v1"
  },
  "size_t": 191,
  "size_x": 128,
  "size_y": 128,
  "size_z": 78,
  "snr": 4.395532160023436,
  "spacing_tr": 2.299999952316284,
  "spacing_x": 1.7968800067901611,
  "spacing_y": 1.7968800067901611,
  "spacing_z": 1.7999999523162842,
  "summary_bg_k": 21.65644696202593,
  "summary_bg_mad": 11.759909129947216,
  "summary_bg_mean": 43.269309997558594,
  "summary_bg_median": 16.350786209106445,
  "summary_bg_n": 934532.0,
  "summary_bg_p05": 5.596858501434326,
  "summary_bg_p95": 196.83245849609375,
  "summary_bg_stdv": 76.12627410888672,
  "summary_fg_k": 1.9278932250294547,
  "summary_fg_mad": 144.58086356171512,
  "summary_fg_mean": 690.6192626953125,
  "summary_fg_median": 679.4555053710938,
  "summary_fg_n": 214902.0,
  "summary_fg_p05": 472.52880859375,
  "summary_fg_p95": 943.7693908691406,
  "summary_fg_stdv": 154.57830810546875,
  "tsnr": 29.057289625518024
}