{
  "aor": 0.00032717391304347827,
  "aqi": 0.026233954076086953,
  "bids_meta": {
    "AcquisitionMatrixPE": 128,
    "AcquisitionNumber": 1,
    "AcquisitionTime": "16:49:48.805000",
    "BandwidthPerPixelPhaseEncode": 23.321,
    "BodyPartExamined": "HEAD",
    "CoilString": "HeadNeck_64_CS",
    "ConversionSoftware": "dcm2niix",
    "ConversionSoftwareVersion": "v1.0.20190410  GCC6.3.0",
    "DerivedVendorReportedEchoSpacing": 0.000334999,
    "DeviceSerialNumber": "175956",
    "EchoTime": 0.03,
    "EchoTrainLength": 63,
    "EffectiveEchoSpacing": 0.000334999,
    "FlipAngle": 72,
    "ImageOrientationPatientDICOM": [
      0.998062,
      -0.0549223,
      0.0292691,
      0.0608691,
      0.959445,
      -0.275245
    ],
    "ImageType": [
      "ORIGINAL",
      "PRIMARY",
      "FMRI",
      "NONE"
    ],
    "ImagingFrequency": 123.263,
    "InPlanePhaseEncodingDirectionDICOM": "COL",
    "InstitutionAddress": "AT",
    "InstitutionName": "TU_Graz",
    "MRAcquisitionType": "2D",
    "MagneticFieldStrength": 3,
    "Manufacturer": "Siemens",
    "ManufacturersModelName": "MAGNETOM_Vida",
    "Modality": "MR",
    "MultibandAccelerationFactor": 3,
    "PartialFourier": 0.492188,
    "PatientPosition": "HFS",
    "PercentPhaseFOV": 100,
    "PhaseEncodingDirection": "j-",
    "PixelBandwidth": 1953,
    "ProcedureStepDescription": "TU_2020",
    "ProtocolName": "func_task-imagery_acq-Fs2_run-01",
    "ReceiveCoilActiveElements": "HC1-7;NC1",
    "ReconMatrixPE": 128,
    "RepetitionTime": 2.3,
    "SequenceVariant": "SK",
    "SeriesDescription": "func_task-imagery_acq-Fs2_run-01",
    "SeriesNumber": 7,
    "SliceThickness": 1.8,
    "SliceTiming": [
      0.00318,
      0,
      0.00326,
      8.25e-05,
      0.0033425,
      0.000165,
      0.003425,
      0.000245,
      0.003505,
      0.0003275,
      0.0035875,
      0.0004075,
      0.0036675,
      0.00049,
      0.00375,
      0.0005725,
      0.0038325,
      0.0006525,
      0.0039125,
      0.000735,
      0.003995,
      0.000815,
      0.004075,
      0.0008975,
      0.0041575,
      0.00098,
      0.00424,
      0.00106,
      0.00432,
      0.0011425,
      0.0044025,
      0.0012225,
      0.0044825,
      0.001305,
      0.004565,
      0.0013875,
      0.0046475,
      0.0014675,
      0.0047275,
      0.00155,
      0.00481,
      0.00163,
      0.00489,
      0.0017125,
      0.0049725,
      0.001795,
      0.005055,
      0.001875,
      0.005135,
      0.0019575,
      0.0052175,
      0.0020375,
      0.0052975,
      0.00212,
      0.00538,
      0.0022025,
      0.0054625,
      0.0022825,
      0.0055425,
      0.002365,
      0.005625,
      0.002445,
      0.005705,
      0.0025275,
      0.0057875,
      0.00261,
      0.00587,
      0.00269,
      0.00595,
      0.0027725,
      0.0060325,
      0.0028525,
      0.0061125,
      0.002935,
      0.006195,
      0.0030175,
      0.0062775,
      0.0030975
    ],
    "SoftwareVersions": "syngo_MR_XA20",
    "SpacingBetweenSlices": 1.8,
    "StationName": "AWP175956",
    "TaskName": "imagery",
    "TotalReadoutTime": 0.0425448,
    "acq_id": "Fs2",
    "dataset": "ds003612",
    "modality": "bold",
    "run_id": 1,
    "session_id": "1",
    "subject_id": "108TUSW011029",
    "task_id": "imagery"
  },
  "dummy_trs": 0,
  "dvars_nstd": 55.801958432234265,
  "dvars_std": 1.1470899386920987,
  "dvars_vstd": 0.9841326589373294,
  "efc": 0.5244338793016156,
  "fber": 3089.96142578125,
  "fd_mean": 0.05218584226785101,
  "fd_num": 3,
  "fd_perc": 0.8152173913043478,
  "fwhm_avg": 2.1905387529509315,
  "fwhm_x": 2.063793901644243,
  "fwhm_y": 2.378255634127633,
  "fwhm_z": 2.129566723080919,
  "gcor": 0.0104953,
  "gsr_x": -0.020907489582896233,
  "gsr_y": 0.04219774901866913,
  "provenance": {
    "md5sum": "596e01b726b4c9b7fecc3169810f3bf9",
    "settings": {
      "fd_thres": 0.2,
      "testing": false
    },
    "software": "mriqc",
    "version": "21.0.0rc2",
    "webapi_port": null,
    "webapi_url": "https://mriqc.nimh.nih.gov/api/v1"
  },
  "size_t": 368,
  "size_x": 128,
  "size_y": 128,
  "size_z": 78,
  "snr": 4.910120476703395,
  "spacing_tr": 2.299999952316284,
  "spacing_x": 1.7968800067901611,
  "spacing_y": 1.7968800067901611,
  "spacing_z": 1.7999999523162842,
  "summary_bg_k": 17.21303287142682,
  "summary_bg_mad": 8.009274444221056,
  "summary_bg_mean": 31.931501388549805,
  "summary_bg_median": 9.97282600402832,
  "summary_bg_n": 872783.0,
  "summary_bg_p05": 3.4402174949645996,
  "summary_bg_p95": 149.75,
  "summary_bg_stdv": 56.8770866394043,
  "summary_fg_k": 2.7297481645396378,
  "summary_fg_mad": 92.70494313274462,
  "summary_fg_mean": 561.5545043945312,
  "summary_fg_median": 551.5584716796875,
  "summary_fg_n": 266902.0,
  "summary_fg_p05": 412.6766357421875,
  "summary_fg_p95": 751.1216339111326,
  "summary_fg_stdv": 112.33073425292969,
  "tsnr": 27.23096468253061
}