{
  "aor": 0.0005271957671957673,
  "aqi": 0.018992629100529103,
  "bids_meta": {
    "AcquisitionMatrixPE": 128,
    "AcquisitionNumber": 1,
    "AcquisitionTime": "17:12:56.782500",
    "BandwidthPerPixelPhaseEncode": 23.321,
    "BodyPartExamined": "HEAD",
    "CoilString": "HeadNeck_64_CS",
    "ConversionSoftware": "dcm2niix",
    "ConversionSoftwareVersion": "v1.0.20190410  GCC6.3.0",
    "DerivedVendorReportedEchoSpacing": 0.000334999,
    "DeviceSerialNumber": "175956",
    "EchoTime": 0.03,
    "EchoTrainLength": 63,
    "EffectiveEchoSpacing": 0.000334999,
    "FlipAngle": 72,
    "ImageOrientationPatientDICOM": [
      0.998062,
      -0.0549223,
      0.0292691,
      0.0608691,
      0.959445,
      -0.275245
    ],
    "ImageType": [
      "ORIGINAL",
      "PRIMARY",
      "FMRI",
      "NONE"
    ],
    "ImagingFrequency": 123.263,
    "InPlanePhaseEncodingDirectionDICOM": "COL",
    "InstitutionAddress": "AT",
    "InstitutionName": "TU_Graz",
    "MRAcquisitionType": "2D",
    "MagneticFieldStrength": 3,
    "Manufacturer": "Siemens",
    "ManufacturersModelName": "MAGNETOM_Vida",
    "Modality": "MR",
    "MultibandAccelerationFactor": 3,
    "PartialFourier": 0.492188,
    "PatientPosition": "HFS",
    "PercentPhaseFOV": 100,
    "PhaseEncodingDirection": "j-",
    "PixelBandwidth": 1953,
    "ProcedureStepDescription": "TU_2020",
    "ProtocolName": "func_task-execution_acq-Fs2_run-02",
    "ReceiveCoilActiveElements": "HC1-7;NC1",
    "ReconMatrixPE": 128,
    "RepetitionTime": 2.3,
    "SequenceVariant": "SK",
    "SeriesDescription": "func_task-execution_acq-Fs2_run-02",
    "SeriesNumber": 14,
    "SliceThickness": 1.8,
    "SliceTiming": [
      0.00318,
      0,
      0.00326,
      8.25e-05,
      0.0033425,
      0.0001625,
      0.0034225,
      0.000245,
      0.003505,
      0.0003275,
      0.0035875,
      0.0004075,
      0.0036675,
      0.00049,
      0.00375,
      0.00057,
      0.00383,
      0.0006525,
      0.0039125,
      0.000735,
      0.003995,
      0.000815,
      0.004075,
      0.0008975,
      0.0041575,
      0.0009775,
      0.0042375,
      0.00106,
      0.00432,
      0.0011425,
      0.0044025,
      0.0012225,
      0.0044825,
      0.001305,
      0.004565,
      0.001385,
      0.004645,
      0.0014675,
      0.0047275,
      0.00155,
      0.00481,
      0.00163,
      0.00489,
      0.0017125,
      0.0049725,
      0.0017925,
      0.0050525,
      0.001875,
      0.005135,
      0.0019575,
      0.0052175,
      0.0020375,
      0.0052975,
      0.00212,
      0.00538,
      0.0022,
      0.00546,
      0.0022825,
      0.0055425,
      0.002365,
      0.005625,
      0.002445,
      0.005705,
      0.0025275,
      0.0057875,
      0.0026075,
      0.0058675,
      0.00269,
      0.00595,
      0.0027725,
      0.0060325,
      0.0028525,
      0.0061125,
      0.002935,
      0.006195,
      0.003015,
      0.006275,
      0.0030975
    ],
    "SoftwareVersions": "syngo_MR_XA20",
    "SpacingBetweenSlices": 1.8,
    "StationName": "AWP175956",
    "TaskName": "execution",
    "TotalReadoutTime": 0.0425448,
    "acq_id": "Fs2",
    "dataset": "ds003612",
    "modality": "bold",
    "run_id": 2,
    "session_id": "1",
    "subject_id": "108TUSW011029",
    "task_id": "execution"
  },
  "dummy_trs": 0,
  "dvars_nstd": 57.196230421808515,
  "dvars_std": 1.180396474414893,
  "dvars_vstd": 1.0089755058510639,
  "efc": 0.5245103690160328,
  "fber": 3069.862060546875,
  "fd_mean": 0.06349780989135109,
  "fd_num": 2,
  "fd_perc": 1.0582010582010581,
  "fwhm_avg": 2.19037679018616,
  "fwhm_x": 2.070049188562415,
  "fwhm_y": 2.3769366812810078,
  "fwhm_z": 2.124144500715057,
  "gcor": 0.005549,
  "gsr_x": -0.02060050144791603,
  "gsr_y": 0.040460530668497086,
  "provenance": {
    "md5sum": "235cb673681c3a9b1227264ae7361ee9",
    "settings": {
      "fd_thres": 0.2,
      "testing": false
    },
    "software": "mriqc",
    "version": "21.0.0rc2",
    "webapi_port": null,
    "webapi_url": "https://mriqc.nimh.nih.gov/api/v1"
  },
  "size_t": 189,
  "size_x": 128,
  "size_y": 128,
  "size_z": 78,
  "snr": 4.734491029633866,
  "spacing_tr": 2.299999952316284,
  "spacing_x": 1.7968800067901611,
  "spacing_y": 1.7968800067901611,
  "spacing_z": 1.7999999523162842,
  "summary_bg_k": 17.109769144259474,
  "summary_bg_mad": 7.836610817438402,
  "summary_bg_mean": 32.434654235839844,
  "summary_bg_median": 9.90476131439209,
  "summary_bg_n": 873525.0,
  "summary_bg_p05": 3.412698268890381,
  "summary_bg_p95": 156.55026245117188,
  "summary_bg_stdv": 58.540279388427734,
  "summary_fg_k": 2.921859270802388,
  "summary_fg_mad": 93.96086575180219,
  "summary_fg_mean": 558.7023315429688,
  "summary_fg_median": 547.5978393554688,
  "summary_fg_n": 266640.0,
  "summary_fg_p05": 408.38623046875,
  "summary_fg_p95": 753.630108642578,
  "summary_fg_stdv": 115.66117858886719,
  "tsnr": 31.460066467523575
}