{
  "bids_meta": {
    "AcquisitionMatrixPE": 224,
    "AcquisitionNumber": 1,
    "AcquisitionTime": "13:30:24.220000",
    "BodyPartExamined": "HEAD",
    "CoilString": "HeadNeck_64_CS",
    "ConversionSoftware": "dcm2niix",
    "ConversionSoftwareVersion": "v1.0.20190410  GCC6.3.0",
    "DeviceSerialNumber": "175956",
    "EchoTime": 0.00238,
    "FlipAngle": 9,
    "ImageOrientationPatientDICOM": [
      0.0782249,
      0.994709,
      -0.066596,
      0.0174056,
      -0.0681532,
      -0.997523
    ],
    "ImageType": [
      "ORIGINAL",
      "PRIMARY",
      "M",
      "NONE"
    ],
    "ImagingFrequency": 123.263,
    "InPlanePhaseEncodingDirectionDICOM": "ROW",
    "InstitutionAddress": "AT",
    "InstitutionName": "TU_Graz",
    "MRAcquisitionType": "3D",
    "MagneticFieldStrength": 3,
    "Manufacturer": "Siemens",
    "ManufacturersModelName": "MAGNETOM_Vida",
    "Modality": "MR",
    "PatientPosition": "HFS",
    "PercentPhaseFOV": 100,
    "PixelBandwidth": 248,
    "ProcedureStepDescription": "TU_2020",
    "ProtocolName": "anat-T1w",
    "ReceiveCoilActiveElements": "HC1-7;NC1",
    "ReconMatrixPE": 224,
    "RepetitionTime": 1.6,
    "SequenceVariant": "SK_SP_MP_OSP",
    "SeriesDescription": "anat-T1w",
    "SeriesNumber": 5,
    "SliceThickness": 1,
    "SoftwareVersions": "syngo_MR_XA11",
    "StationName": "AWP175956",
    "dataset": "ds003612",
    "modality": "T1w",
    "session_id": "1",
    "subject_id": "108TUSW011001"
  },
  "cjv": 0.4276931610101407,
  "cnr": 3.0118126614789027,
  "efc": 0.6145348930658042,
  "fber": 6864.774144678703,
  "fwhm_avg": 4.337583333333334,
  "fwhm_x": 4.24426,
  "fwhm_y": 4.32601,
  "fwhm_z": 4.44248,
  "icvs_csf": 0.2008926340018533,
  "icvs_gm": 0.40822544878583694,
  "icvs_wm": 0.39088191721230975,
  "inu_med": 1.0914030075073242,
  "inu_range": 0.46161780655384066,
  "provenance": {
    "md5sum": "fc221736e3db780d357bd7ccaa5ac2e5",
    "settings": {
      "testing": false
    },
    "software": "mriqc",
    "version": "21.0.0rc2",
    "warnings": {
      "large_rot_frame": true,
      "small_air_mask": false
    },
    "webapi_port": null,
    "webapi_url": "https://mriqc.nimh.nih.gov/api/v1"
  },
  "qi_1": 0.0,
  "qi_2": 0.01501162247935198,
  "rpve_csf": 22.637537293449387,
  "rpve_gm": 11.399159896691627,
  "rpve_wm": 14.099595436021856,
  "size_x": 192,
  "size_y": 224,
  "size_z": 224,
  "snr_csf": 3.020938776117075,
  "snr_gm": 12.933560119703623,
  "snr_total": 12.184959526525603,
  "snr_wm": 20.600379683756113,
  "snrd_csf": 54.91129908989887,
  "snrd_gm": 107.35541937143988,
  "snrd_total": 100.67316990243485,
  "snrd_wm": 139.7527912459658,
  "spacing_x": 1.0,
  "spacing_y": 1.0,
  "spacing_z": 1.0,
  "summary_bg_k": 2471.398892201062,
  "summary_bg_mad": 4.687823339334143,
  "summary_bg_mean": 7.950710873900707,
  "summary_bg_median": 6.323777586221695,
  "summary_bg_n": 2221548.0,
  "summary_bg_p05": 0.0,
  "summary_bg_p95": 16.336425431072712,
  "summary_bg_stdv": 6.360027649379972,
  "summary_csf_k": 10.982614501186141,
  "summary_csf_mad": 98.6786812929837,
  "summary_csf_mean": 440.5162884743295,
  "summary_csf_median": 392.91738069057465,
  "summary_csf_n": 31573.0,
  "summary_csf_p05": 286.730615388602,
  "summary_csf_p95": 666.736950173974,
  "summary_csf_stdv": 130.06260218970343,
  "summary_gm_k": 0.31312709691803153,
  "summary_gm_mad": 56.33201046099862,
  "summary_gm_mean": 772.4599154904114,
  "summary_gm_median": 768.1808822862804,
  "summary_gm_n": 22279.0,
  "summary_gm_p05": 681.7032237946987,
  "summary_gm_p95": 877.0078247305005,
  "summary_gm_stdv": 59.39305457752235,
  "summary_wm_k": 0.8692470820244602,
  "summary_wm_mad": 42.815453165918505,
  "summary_wm_mean": 995.5820244268164,
  "summary_wm_median": 1000.0000289678574,
  "summary_wm_n": 218081.0,
  "summary_wm_p05": 906.3027243986726,
  "summary_wm_p95": 1066.7158825024962,
  "summary_wm_stdv": 48.54268472670857,
  "tpm_overlap_csf": 0.17063574492931366,
  "tpm_overlap_gm": 0.4412964880466461,
  "tpm_overlap_wm": 0.4960258901119232,
  "wm2max": 0.41138595616450235
}