{
  "aor": 0.0026048241206030154,
  "aqi": 0.024751623115577888,
  "bids_meta": {
    "AcquisitionMatrixPE": 128,
    "AcquisitionNumber": 1,
    "AcquisitionTime": "11:28:6.805000",
    "BandwidthPerPixelPhaseEncode": 23.321,
    "BodyPartExamined": "HEAD",
    "CoilString": "HeadNeck_64_CS",
    "ConversionSoftware": "dcm2niix",
    "ConversionSoftwareVersion": "v1.0.20190410  GCC6.3.0",
    "DerivedVendorReportedEchoSpacing": 0.000334999,
    "DeviceSerialNumber": "175956",
    "EchoTime": 0.03,
    "EchoTrainLength": 63,
    "EffectiveEchoSpacing": 0.000334999,
    "FlipAngle": 72,
    "ImageOrientationPatientDICOM": [
      0.999675,
      -0.0253874,
      -0.00232768,
      0.0235586,
      0.954826,
      -0.296231
    ],
    "ImageType": [
      "ORIGINAL",
      "PRIMARY",
      "FMRI",
      "NONE"
    ],
    "ImagingFrequency": 123.263,
    "InPlanePhaseEncodingDirectionDICOM": "COL",
    "InstitutionAddress": "AT",
    "InstitutionName": "TU_Graz",
    "MRAcquisitionType": "2D",
    "MagneticFieldStrength": 3,
    "Manufacturer": "Siemens",
    "ManufacturersModelName": "MAGNETOM_Vida",
    "Modality": "MR",
    "MultibandAccelerationFactor": 3,
    "PartialFourier": 0.492188,
    "PatientPosition": "HFS",
    "PercentPhaseFOV": 100,
    "PhaseEncodingDirection": "j-",
    "PixelBandwidth": 1953,
    "ProcedureStepDescription": "TU_2020",
    "ProtocolName": "func_task-execution_acq-Fs2_run-02",
    "ReceiveCoilActiveElements": "HC1-7;NC1",
    "ReconMatrixPE": 128,
    "RepetitionTime": 2.3,
    "SequenceVariant": "SK",
    "SeriesDescription": "func_task-execution_acq-Fs2_run-02",
    "SeriesNumber": 12,
    "SliceThickness": 1.8,
    "SliceTiming": [
      0.00318,
      0,
      0.00326,
      8.25e-05,
      0.0033425,
      0.000165,
      0.003425,
      0.000245,
      0.003505,
      0.0003275,
      0.0035875,
      0.0004075,
      0.0036675,
      0.00049,
      0.00375,
      0.0005725,
      0.0038325,
      0.0006525,
      0.0039125,
      0.000735,
      0.003995,
      0.000815,
      0.004075,
      0.0008975,
      0.0041575,
      0.00098,
      0.00424,
      0.00106,
      0.00432,
      0.0011425,
      0.0044025,
      0.0012225,
      0.0044825,
      0.001305,
      0.004565,
      0.0013875,
      0.0046475,
      0.0014675,
      0.0047275,
      0.00155,
      0.00481,
      0.00163,
      0.00489,
      0.0017125,
      0.0049725,
      0.001795,
      0.005055,
      0.001875,
      0.005135,
      0.0019575,
      0.0052175,
      0.0020375,
      0.0052975,
      0.00212,
      0.00538,
      0.0022025,
      0.0054625,
      0.0022825,
      0.0055425,
      0.002365,
      0.005625,
      0.002445,
      0.005705,
      0.0025275,
      0.0057875,
      0.00261,
      0.00587,
      0.00269,
      0.00595,
      0.0027725,
      0.0060325,
      0.0028525,
      0.0061125,
      0.002935,
      0.006195,
      0.0030175,
      0.0062775,
      0.0030975
    ],
    "SoftwareVersions": "syngo_MR_XA20",
    "SpacingBetweenSlices": 1.8,
    "StationName": "AWP175956",
    "TaskName": "execution",
    "TotalReadoutTime": 0.0425448,
    "acq_id": "Fs2",
    "dataset": "ds003612",
    "modality": "bold",
    "run_id": 2,
    "session_id": "1",
    "subject_id": "108TUSW011005",
    "task_id": "execution"
  },
  "dummy_trs": 0,
  "dvars_nstd": 53.09799945681818,
  "dvars_std": 1.1769827756565658,
  "dvars_vstd": 0.9926056618181825,
  "efc": 0.45397689944485653,
  "fber": 4675.61181640625,
  "fd_mean": 0.11640357745108848,
  "fd_num": 16,
  "fd_perc": 8.040201005025125,
  "fwhm_avg": 2.0691438690145545,
  "fwhm_x": 1.9887193282224052,
  "fwhm_y": 2.180134447039611,
  "fwhm_z": 2.0385778317816476,
  "gcor": 0.00892669,
  "gsr_x": -0.01465657725930214,
  "gsr_y": 0.010568044148385525,
  "provenance": {
    "md5sum": "9ebfea52cfce037261ea6a11454bf31f",
    "settings": {
      "fd_thres": 0.2,
      "testing": false
    },
    "software": "mriqc",
    "version": "21.0.0rc2",
    "webapi_port": null,
    "webapi_url": "https://mriqc.nimh.nih.gov/api/v1"
  },
  "size_t": 199,
  "size_x": 128,
  "size_y": 128,
  "size_z": 78,
  "snr": 5.399096044325916,
  "spacing_tr": 2.299999952316284,
  "spacing_x": 1.7968800067901611,
  "spacing_y": 1.7968800067901611,
  "spacing_z": 1.7999999523162842,
  "summary_bg_k": 44.73284080108681,
  "summary_bg_mad": 5.349287894898527,
  "summary_bg_mean": 22.672807693481445,
  "summary_bg_median": 7.994974613189697,
  "summary_bg_n": 952357.0,
  "summary_bg_p05": 3.3819096088409424,
  "summary_bg_p95": 92.19196014404274,
  "summary_bg_stdv": 47.50300979614258,
  "summary_fg_k": 2.7906221343671618,
  "summary_fg_mad": 89.28389099824061,
  "summary_fg_mean": 546.4810180664062,
  "summary_fg_median": 542.67333984375,
  "summary_fg_n": 198079.0,
  "summary_fg_p05": 406.15025329589844,
  "summary_fg_p95": 703.7552917480465,
  "summary_fg_stdv": 100.51163482666016,
  "tsnr": 30.189883902668953
}