{
  "bids_meta": {
    "AcquisitionMatrixPE": 224,
    "AcquisitionNumber": 1,
    "AcquisitionTime": "13:18:30.222500",
    "BodyPartExamined": "HEAD",
    "CoilString": "HeadNeck_64_CS",
    "ConversionSoftware": "dcm2niix",
    "ConversionSoftwareVersion": "v1.0.20190410  GCC6.3.0",
    "DeviceSerialNumber": "175956",
    "EchoTime": 0.00236,
    "FlipAngle": 9,
    "ImageOrientationPatientDICOM": [
      0.0831704,
      0.992937,
      -0.0846134,
      0.0524317,
      -0.0891501,
      -0.994637
    ],
    "ImageType": [
      "ORIGINAL",
      "PRIMARY",
      "M",
      "NONE"
    ],
    "ImagingFrequency": 123.263,
    "InPlanePhaseEncodingDirectionDICOM": "ROW",
    "InstitutionAddress": "AT",
    "InstitutionName": "TU_Graz",
    "MRAcquisitionType": "3D",
    "MagneticFieldStrength": 3,
    "Manufacturer": "Siemens",
    "ManufacturersModelName": "MAGNETOM_Vida",
    "Modality": "MR",
    "PatientPosition": "HFS",
    "PercentPhaseFOV": 100,
    "PixelBandwidth": 251,
    "ProcedureStepDescription": "TU_2020",
    "ProtocolName": "anat-T1w",
    "ReceiveCoilActiveElements": "HC1-7;NC1",
    "ReconMatrixPE": 224,
    "RepetitionTime": 1.6,
    "SequenceVariant": "SK_SP_MP_OSP",
    "SeriesDescription": "anat-T1w",
    "SeriesNumber": 5,
    "SliceThickness": 1,
    "SoftwareVersions": "syngo_MR_XA20",
    "StationName": "AWP175956",
    "dataset": "ds003612",
    "modality": "T1w",
    "session_id": "1",
    "subject_id": "108TUSW011041"
  },
  "cjv": 0.47482031834493127,
  "cnr": 2.7963073050467533,
  "efc": 0.6253872949022313,
  "fber": 3234.254179390301,
  "fwhm_avg": 4.63517,
  "fwhm_x": 4.57313,
  "fwhm_y": 4.55105,
  "fwhm_z": 4.78133,
  "icvs_csf": 0.24587088967864956,
  "icvs_gm": 0.3859437271246593,
  "icvs_wm": 0.36818538319669114,
  "inu_med": 1.2255430221557617,
  "inu_range": 0.5342497467994688,
  "provenance": {
    "md5sum": "9c1af17ca8a250f60a0e2601917c1339",
    "settings": {
      "testing": false
    },
    "software": "mriqc",
    "version": "21.0.0rc2",
    "warnings": {
      "large_rot_frame": true,
      "small_air_mask": false
    },
    "webapi_port": null,
    "webapi_url": "https://mriqc.nimh.nih.gov/api/v1"
  },
  "qi_1": 0.0,
  "qi_2": 0.012836224049298565,
  "rpve_csf": 18.27963228770019,
  "rpve_gm": 10.959676708029841,
  "rpve_wm": 13.797496849722732,
  "size_x": 192,
  "size_y": 224,
  "size_z": 224,
  "snr_csf": 4.150042507546322,
  "snr_gm": 12.272005961937882,
  "snr_total": 11.41355172496192,
  "snr_wm": 17.818606705401557,
  "snrd_csf": 28.429957734588907,
  "snrd_gm": 51.404612722163556,
  "snrd_total": 49.04898765272619,
  "snrd_wm": 67.3123925014261,
  "spacing_x": 1.0,
  "spacing_y": 1.0,
  "spacing_z": 1.0,
  "summary_bg_k": 107.08509543675135,
  "summary_bg_mad": 9.733245164198786,
  "summary_bg_mean": 14.052925532035596,
  "summary_bg_median": 10.23363609611988,
  "summary_bg_n": 1986072.0,
  "summary_bg_p05": 3.3307589180767536,
  "summary_bg_p95": 33.886851601302624,
  "summary_bg_stdv": 10.996757741320922,
  "summary_csf_k": -0.318250305932966,
  "summary_csf_mad": 106.77942488959256,
  "summary_csf_mean": 428.4768274214625,
  "summary_csf_median": 422.3788483068347,
  "summary_csf_n": 51527.0,
  "summary_csf_p05": 272.21954734362663,
  "summary_csf_p95": 604.011407452449,
  "summary_csf_stdv": 101.77600564384245,
  "summary_gm_k": 0.21131658092535544,
  "summary_gm_mad": 60.90435025539093,
  "summary_gm_mean": 764.1649442429133,
  "summary_gm_median": 763.7092296071351,
  "summary_gm_n": 14996.0,
  "summary_gm_p05": 662.169354474172,
  "summary_gm_p95": 866.1421343050897,
  "summary_gm_stdv": 62.22974204759596,
  "summary_wm_k": 1.100581971131592,
  "summary_wm_mad": 51.31424104948918,
  "summary_wm_mean": 1000.3719949604656,
  "summary_wm_median": 1000.0482971854508,
  "summary_wm_n": 223242.0,
  "summary_wm_p05": 907.8973004519939,
  "summary_wm_p95": 1091.7165752351284,
  "summary_wm_stdv": 56.123695521586356,
  "tpm_overlap_csf": 0.16745787858963013,
  "tpm_overlap_gm": 0.44674262404441833,
  "tpm_overlap_wm": 0.501578152179718,
  "wm2max": 0.4210412162097537
}