{
  "bids_meta": {
    "AcquisitionMatrixPE": 224,
    "AcquisitionNumber": 1,
    "AcquisitionTime": "16:04:15.172500",
    "BodyPartExamined": "HEAD",
    "CoilString": "HeadNeck_64_CS",
    "ConversionSoftware": "dcm2niix",
    "ConversionSoftwareVersion": "v1.0.20190410  GCC6.3.0",
    "DeviceSerialNumber": "175956",
    "EchoTime": 0.00236,
    "FlipAngle": 9,
    "ImageOrientationPatientDICOM": [
      -0.014247,
      0.999536,
      0.0269187,
      0.0342233,
      0.0273931,
      -0.999039
    ],
    "ImageType": [
      "ORIGINAL",
      "PRIMARY",
      "M",
      "NONE"
    ],
    "ImagingFrequency": 123.263,
    "InPlanePhaseEncodingDirectionDICOM": "ROW",
    "InstitutionAddress": "AT",
    "InstitutionName": "TU_Graz",
    "MRAcquisitionType": "3D",
    "MagneticFieldStrength": 3,
    "Manufacturer": "Siemens",
    "ManufacturersModelName": "MAGNETOM_Vida",
    "Modality": "MR",
    "PatientPosition": "HFS",
    "PercentPhaseFOV": 100,
    "PixelBandwidth": 251,
    "ProcedureStepDescription": "TU_2020",
    "ProtocolName": "anat-T1w",
    "ReceiveCoilActiveElements": "HC1-7;NC1",
    "ReconMatrixPE": 224,
    "RepetitionTime": 1.6,
    "SequenceVariant": "SK_SP_MP_OSP",
    "SeriesDescription": "anat-T1w",
    "SeriesNumber": 5,
    "SliceThickness": 1,
    "SoftwareVersions": "syngo_MR_XA20",
    "StationName": "AWP175956",
    "dataset": "ds003612",
    "modality": "T1w",
    "session_id": "1",
    "subject_id": "108TUSW011009"
  },
  "cjv": 0.35405206389692906,
  "cnr": 3.6674611121619063,
  "efc": 0.5974392846468408,
  "fber": 13605.926419753087,
  "fwhm_avg": 4.41864,
  "fwhm_x": 4.26592,
  "fwhm_y": 4.46079,
  "fwhm_z": 4.52921,
  "icvs_csf": 0.20031337065369462,
  "icvs_gm": 0.4082764011191836,
  "icvs_wm": 0.39141022822712174,
  "inu_med": 1.000880241394043,
  "inu_range": 0.34493468701839436,
  "provenance": {
    "md5sum": "0aa59dddcc60dc8b4b59a10ecf8ed773",
    "settings": {
      "testing": false
    },
    "software": "mriqc",
    "version": "21.0.0rc2",
    "warnings": {
      "large_rot_frame": true,
      "small_air_mask": false
    },
    "webapi_port": null,
    "webapi_url": "https://mriqc.nimh.nih.gov/api/v1"
  },
  "qi_1": 0.0,
  "qi_2": 0.01208052956286508,
  "rpve_csf": 23.79058979456594,
  "rpve_gm": 12.01821938702291,
  "rpve_wm": 15.110129948242296,
  "size_x": 192,
  "size_y": 224,
  "size_z": 224,
  "snr_csf": 4.258062943868343,
  "snr_gm": 15.127583967826034,
  "snr_total": 14.836559024744915,
  "snr_wm": 25.124030162540365,
  "snrd_csf": 66.16524986050595,
  "snrd_gm": 108.91406042051916,
  "snrd_total": 105.90233920669834,
  "snrd_wm": 142.6277073390699,
  "spacing_x": 1.0,
  "spacing_y": 1.0,
  "spacing_z": 1.0,
  "summary_bg_k": 10.746957711844741,
  "summary_bg_mad": 4.593547263701174,
  "summary_bg_mean": 6.831456121964661,
  "summary_bg_median": 6.243545040488243,
  "summary_bg_n": 1753195.0,
  "summary_bg_p05": 3.1452444940805435,
  "summary_bg_p95": 15.820110365748405,
  "summary_bg_stdv": 4.673321422623013,
  "summary_csf_k": 4.668072521499787,
  "summary_csf_mad": 125.31336133778733,
  "summary_csf_mean": 454.0933431079557,
  "summary_csf_median": 463.92356287688017,
  "summary_csf_n": 18882.0,
  "summary_csf_p05": 277.62885373458266,
  "summary_csf_p95": 608.6752255260944,
  "summary_csf_stdv": 108.94890094856693,
  "summary_gm_k": 0.1424054987215091,
  "summary_gm_mad": 49.72862908961347,
  "summary_gm_mean": 763.5320669911627,
  "summary_gm_median": 763.6606687679887,
  "summary_gm_n": 18290.0,
  "summary_gm_p05": 679.8164310269058,
  "summary_gm_p95": 846.9204543605446,
  "summary_gm_stdv": 50.47995725247832,
  "summary_wm_k": 1.1559435421364492,
  "summary_wm_mad": 33.96441007100262,
  "summary_wm_mean": 996.5695209689205,
  "summary_wm_median": 1000.0469172745943,
  "summary_wm_n": 206694.0,
  "summary_wm_p05": 922.2607959806919,
  "summary_wm_p95": 1054.7366163134575,
  "summary_wm_stdv": 39.804302560276604,
  "tpm_overlap_csf": 0.16175465285778046,
  "tpm_overlap_gm": 0.45994991064071655,
  "tpm_overlap_wm": 0.5079588890075684,
  "wm2max": 0.43049318002348447
}