{
  "bids_meta": {
    "AcquisitionMatrixPE": 224,
    "AcquisitionNumber": 1,
    "AcquisitionTime": "14:15:32.130000",
    "BodyPartExamined": "HEAD",
    "CoilString": "HeadNeck_64_CS",
    "ConversionSoftware": "dcm2niix",
    "ConversionSoftwareVersion": "v1.0.20190410  GCC6.3.0",
    "DeviceSerialNumber": "175956",
    "EchoTime": 0.00236,
    "FlipAngle": 9,
    "ImageOrientationPatientDICOM": [
      0.0975547,
      0.984909,
      0.142957,
      0.0739765,
      0.136068,
      -0.987934
    ],
    "ImageType": [
      "ORIGINAL",
      "PRIMARY",
      "M",
      "NONE"
    ],
    "ImagingFrequency": 123.263,
    "InPlanePhaseEncodingDirectionDICOM": "ROW",
    "InstitutionAddress": "AT",
    "InstitutionName": "TU_Graz",
    "MRAcquisitionType": "3D",
    "MagneticFieldStrength": 3,
    "Manufacturer": "Siemens",
    "ManufacturersModelName": "MAGNETOM_Vida",
    "Modality": "MR",
    "PatientPosition": "HFS",
    "PercentPhaseFOV": 100,
    "PixelBandwidth": 251,
    "ProcedureStepDescription": "TU_2020",
    "ProtocolName": "anat-T1w",
    "ReceiveCoilActiveElements": "HC1-7;NC1_2",
    "ReconMatrixPE": 224,
    "RepetitionTime": 1.6,
    "SequenceVariant": "SK_SP_MP_OSP",
    "SeriesDescription": "anat-T1w",
    "SeriesNumber": 5,
    "SliceThickness": 1,
    "SoftwareVersions": "syngo_MR_XA20",
    "StationName": "AWP175956",
    "dataset": "ds003612",
    "modality": "T1w",
    "session_id": "1",
    "subject_id": "108TUSW011013"
  },
  "cjv": 0.3146900476423767,
  "cnr": 4.105769706299516,
  "efc": 0.5861950690854909,
  "fber": 7173.576675849404,
  "fwhm_avg": 4.366596666666667,
  "fwhm_x": 4.30948,
  "fwhm_y": 4.36825,
  "fwhm_z": 4.42206,
  "icvs_csf": 0.20341072975147875,
  "icvs_gm": 0.40894234416982705,
  "icvs_wm": 0.3876469260786942,
  "inu_med": 1.4309508800506592,
  "inu_range": 0.4070369005203247,
  "provenance": {
    "md5sum": "17e2d3198c1ce0ffe875be315b21f09b",
    "settings": {
      "testing": false
    },
    "software": "mriqc",
    "version": "21.0.0rc2",
    "warnings": {
      "large_rot_frame": true,
      "small_air_mask": false
    },
    "webapi_port": null,
    "webapi_url": "https://mriqc.nimh.nih.gov/api/v1"
  },
  "qi_1": 0.0,
  "qi_2": 0.01898890395063018,
  "rpve_csf": 22.74082562796471,
  "rpve_gm": 11.685953333448644,
  "rpve_wm": 14.90550338965585,
  "size_x": 192,
  "size_y": 224,
  "size_z": 224,
  "snr_csf": 2.205079767018836,
  "snr_gm": 15.392030696867602,
  "snr_total": 14.953689093435285,
  "snr_wm": 27.263956816419412,
  "snrd_csf": 62.50186314506551,
  "snrd_gm": 115.96149549996377,
  "snrd_total": 111.09532966899594,
  "snrd_wm": 154.82263036195855,
  "spacing_x": 1.0,
  "spacing_y": 1.0,
  "spacing_z": 1.0,
  "summary_bg_k": 4.418053067369848,
  "summary_bg_mad": 4.23152867753595,
  "summary_bg_mean": 8.37949520665285,
  "summary_bg_median": 8.615222286432981,
  "summary_bg_n": 1688376.0,
  "summary_bg_p05": 2.906976845115423,
  "summary_bg_p95": 17.44186107069254,
  "summary_bg_stdv": 4.930642142228645,
  "summary_csf_k": 36.7036714828349,
  "summary_csf_mad": 132.11772870973357,
  "summary_csf_mean": 430.50122761271604,
  "summary_csf_median": 403.6998025998473,
  "summary_csf_n": 20315.0,
  "summary_csf_p05": 264.00635166093707,
  "summary_csf_p95": 586.5222190953791,
  "summary_csf_stdv": 183.07268177437513,
  "summary_gm_k": 0.2364576231248825,
  "summary_gm_mad": 47.40879351683796,
  "summary_gm_mean": 747.391902509372,
  "summary_gm_median": 748.995797675103,
  "summary_gm_n": 22488.0,
  "summary_gm_p05": 663.9720103679225,
  "summary_gm_p95": 823.6258214078844,
  "summary_gm_stdv": 48.66019039382527,
  "summary_wm_k": 1.2180899384358135,
  "summary_wm_mad": 31.579741797166445,
  "summary_wm_mean": 997.6019090564293,
  "summary_wm_median": 1000.0000347197056,
  "summary_wm_n": 217936.0,
  "summary_wm_p05": 931.6067976728082,
  "summary_wm_p95": 1052.959867425263,
  "summary_wm_stdv": 36.67837897480946,
  "tpm_overlap_csf": 0.1692792922258377,
  "tpm_overlap_gm": 0.44689080119132996,
  "tpm_overlap_wm": 0.511620044708252,
  "wm2max": 0.4415196490245496
}