{
  "aor": 0.0039026737967914438,
  "aqi": 0.0251335807486631,
  "bids_meta": {
    "AcquisitionMatrixPE": 128,
    "AcquisitionNumber": 1,
    "AcquisitionTime": "16:31:35.807500",
    "BandwidthPerPixelPhaseEncode": 23.321,
    "BodyPartExamined": "HEAD",
    "CoilString": "HeadNeck_64_CS",
    "ConversionSoftware": "dcm2niix",
    "ConversionSoftwareVersion": "v1.0.20190410  GCC6.3.0",
    "DerivedVendorReportedEchoSpacing": 0.000334999,
    "DeviceSerialNumber": "175956",
    "EchoTime": 0.03,
    "EchoTrainLength": 63,
    "EffectiveEchoSpacing": 0.000334999,
    "FlipAngle": 72,
    "ImageOrientationPatientDICOM": [
      0.988513,
      -0.128598,
      0.079407,
      0.14509,
      0.954573,
      -0.260268
    ],
    "ImageType": [
      "ORIGINAL",
      "PRIMARY",
      "FMRI",
      "NONE"
    ],
    "ImagingFrequency": 123.263,
    "InPlanePhaseEncodingDirectionDICOM": "COL",
    "InstitutionAddress": "AT",
    "InstitutionName": "TU_Graz",
    "MRAcquisitionType": "2D",
    "MagneticFieldStrength": 3,
    "Manufacturer": "Siemens",
    "ManufacturersModelName": "MAGNETOM_Vida",
    "Modality": "MR",
    "MultibandAccelerationFactor": 3,
    "PartialFourier": 0.492188,
    "PatientPosition": "HFS",
    "PercentPhaseFOV": 100,
    "PhaseEncodingDirection": "j-",
    "PixelBandwidth": 1953,
    "ProcedureStepDescription": "TU_2020",
    "ProtocolName": "func_task-execution_acq-Fs2_run-02",
    "ReceiveCoilActiveElements": "HC1-7;NC1",
    "ReconMatrixPE": 128,
    "RepetitionTime": 2.3,
    "SequenceVariant": "SK",
    "SeriesDescription": "func_task-execution_acq-Fs2_run-02",
    "SeriesNumber": 14,
    "SliceThickness": 1.8,
    "SliceTiming": [
      0.00318,
      0,
      0.00326,
      8.25e-05,
      0.0033425,
      0.000165,
      0.003425,
      0.000245,
      0.003505,
      0.0003275,
      0.0035875,
      0.0004075,
      0.0036675,
      0.00049,
      0.00375,
      0.0005725,
      0.0038325,
      0.0006525,
      0.0039125,
      0.000735,
      0.003995,
      0.000815,
      0.004075,
      0.0008975,
      0.0041575,
      0.00098,
      0.00424,
      0.00106,
      0.00432,
      0.0011425,
      0.0044025,
      0.0012225,
      0.0044825,
      0.001305,
      0.004565,
      0.0013875,
      0.0046475,
      0.0014675,
      0.0047275,
      0.00155,
      0.00481,
      0.00163,
      0.00489,
      0.0017125,
      0.0049725,
      0.001795,
      0.005055,
      0.001875,
      0.005135,
      0.0019575,
      0.0052175,
      0.0020375,
      0.0052975,
      0.00212,
      0.00538,
      0.0022025,
      0.0054625,
      0.0022825,
      0.0055425,
      0.002365,
      0.005625,
      0.002445,
      0.005705,
      0.0025275,
      0.0057875,
      0.00261,
      0.00587,
      0.00269,
      0.00595,
      0.0027725,
      0.0060325,
      0.0028525,
      0.0061125,
      0.002935,
      0.006195,
      0.0030175,
      0.0062775,
      0.0030975
    ],
    "SoftwareVersions": "syngo_MR_XA20",
    "SpacingBetweenSlices": 1.8,
    "StationName": "AWP175956",
    "TaskName": "execution",
    "TotalReadoutTime": 0.0425448,
    "acq_id": "Fs2",
    "dataset": "ds003612",
    "modality": "bold",
    "run_id": 2,
    "session_id": "1",
    "subject_id": "108TUSW011051",
    "task_id": "execution"
  },
  "dummy_trs": 0,
  "dvars_nstd": 57.50578197365591,
  "dvars_std": 1.1605584627419359,
  "dvars_vstd": 1.0180296760215055,
  "efc": 0.4659349450592188,
  "fber": 4428.9541015625,
  "fd_mean": 0.2685980933516265,
  "fd_num": 84,
  "fd_perc": 44.919786096256686,
  "fwhm_avg": 2.1694886235529593,
  "fwhm_x": 2.0947976413427645,
  "fwhm_y": 2.29574595098811,
  "fwhm_z": 2.1179222783280025,
  "gcor": 0.0167851,
  "gsr_x": -0.017908668145537376,
  "gsr_y": 0.028697490692138672,
  "provenance": {
    "md5sum": "96d8e831b3373d5ca376de77226cdde3",
    "settings": {
      "fd_thres": 0.2,
      "testing": false
    },
    "software": "mriqc",
    "version": "21.0.0rc2",
    "webapi_port": null,
    "webapi_url": "https://mriqc.nimh.nih.gov/api/v1"
  },
  "size_t": 187,
  "size_x": 128,
  "size_y": 128,
  "size_z": 78,
  "snr": 5.07061165298438,
  "spacing_tr": 2.299999952316284,
  "spacing_x": 1.7968800067901611,
  "spacing_y": 1.7968800067901611,
  "spacing_z": 1.7999999523162842,
  "summary_bg_k": 31.680312448676275,
  "summary_bg_mad": 7.436796049002029,
  "summary_bg_mean": 27.531780242919922,
  "summary_bg_median": 9.208556175231934,
  "summary_bg_n": 943442.0,
  "summary_bg_p05": 2.909090995788574,
  "summary_bg_p95": 107.9786148071289,
  "summary_bg_stdv": 53.68460464477539,
  "summary_fg_k": 2.00236033120545,
  "summary_fg_mad": 114.08897353791957,
  "summary_fg_mean": 612.8201293945312,
  "summary_fg_median": 605.2139282226562,
  "summary_fg_n": 206797.0,
  "summary_fg_p05": 447.5550842285156,
  "summary_fg_p95": 808.8502807617188,
  "summary_fg_stdv": 119.35689544677734,
  "tsnr": 26.997548140701838
}