{
  "aor": 0.0005627882037533512,
  "aqi": 0.018494935388739944,
  "bids_meta": {
    "AcquisitionMatrixPE": 128,
    "AcquisitionNumber": 1,
    "AcquisitionTime": "16:38:40.820000",
    "BandwidthPerPixelPhaseEncode": 23.321,
    "BodyPartExamined": "HEAD",
    "CoilString": "HeadNeck_64_CS",
    "ConversionSoftware": "dcm2niix",
    "ConversionSoftwareVersion": "v1.0.20190410  GCC6.3.0",
    "DerivedVendorReportedEchoSpacing": 0.000334999,
    "DeviceSerialNumber": "175956",
    "EchoTime": 0.03,
    "EchoTrainLength": 63,
    "EffectiveEchoSpacing": 0.000334999,
    "FlipAngle": 72,
    "ImageOrientationPatientDICOM": [
      0.999813,
      -0.00917507,
      -0.0170047,
      2.40879e-08,
      0.880067,
      -0.474849
    ],
    "ImageType": [
      "ORIGINAL",
      "PRIMARY",
      "FMRI",
      "NONE"
    ],
    "ImagingFrequency": 123.263,
    "InPlanePhaseEncodingDirectionDICOM": "COL",
    "InstitutionAddress": "AT",
    "InstitutionName": "TU_Graz",
    "MRAcquisitionType": "2D",
    "MagneticFieldStrength": 3,
    "Manufacturer": "Siemens",
    "ManufacturersModelName": "MAGNETOM_Vida",
    "Modality": "MR",
    "MultibandAccelerationFactor": 3,
    "PartialFourier": 0.492188,
    "PatientPosition": "HFS",
    "PercentPhaseFOV": 100,
    "PhaseEncodingDirection": "j-",
    "PixelBandwidth": 1953,
    "ProcedureStepDescription": "TU_2020",
    "ProtocolName": "func_task-imagery_acq-Fs2_run-01",
    "ReceiveCoilActiveElements": "HC1-7;NC1",
    "ReconMatrixPE": 128,
    "RepetitionTime": 2.3,
    "SequenceVariant": "SK",
    "SeriesDescription": "func_task-imagery_acq-Fs2_run-01",
    "SeriesNumber": 7,
    "SliceThickness": 1.8,
    "SliceTiming": [
      0.0031775,
      0,
      0.00326,
      8e-05,
      0.00334,
      0.0001625,
      0.0034225,
      0.000245,
      0.003505,
      0.000325,
      0.003585,
      0.0004075,
      0.0036675,
      0.0004875,
      0.0037475,
      0.00057,
      0.00383,
      0.0006525,
      0.0039125,
      0.0007325,
      0.0039925,
      0.000815,
      0.004075,
      0.000895,
      0.004155,
      0.0009775,
      0.0042375,
      0.00106,
      0.00432,
      0.00114,
      0.0044,
      0.0012225,
      0.0044825,
      0.0013025,
      0.0045625,
      0.001385,
      0.004645,
      0.0014675,
      0.0047275,
      0.0015475,
      0.0048075,
      0.00163,
      0.00489,
      0.00171,
      0.00497,
      0.0017925,
      0.0050525,
      0.001875,
      0.005135,
      0.001955,
      0.005215,
      0.0020375,
      0.0052975,
      0.0021175,
      0.0053775,
      0.0022,
      0.00546,
      0.0022825,
      0.0055425,
      0.0023625,
      0.0056225,
      0.002445,
      0.005705,
      0.002525,
      0.005785,
      0.0026075,
      0.0058675,
      0.00269,
      0.00595,
      0.00277,
      0.00603,
      0.0028525,
      0.0061125,
      0.0029325,
      0.0061925,
      0.003015,
      0.006275,
      0.0030975
    ],
    "SoftwareVersions": "syngo_MR_XA20",
    "SpacingBetweenSlices": 1.8,
    "StationName": "AWP175956",
    "TaskName": "imagery",
    "TotalReadoutTime": 0.0425448,
    "acq_id": "Fs2",
    "dataset": "ds003612",
    "modality": "bold",
    "run_id": 1,
    "session_id": "1",
    "subject_id": "108TUSW011025",
    "task_id": "imagery"
  },
  "dummy_trs": 0,
  "dvars_nstd": 50.024878142634364,
  "dvars_std": 1.1767790070967734,
  "dvars_vstd": 1.0029364341666667,
  "efc": 0.48609763377959714,
  "fber": 5054.95068359375,
  "fd_mean": 0.06231316198291183,
  "fd_num": 8,
  "fd_perc": 2.1447721179624666,
  "fwhm_avg": 2.0787113580100858,
  "fwhm_x": 1.9996827759348603,
  "fwhm_y": 2.202645688662393,
  "fwhm_z": 2.0338056094330046,
  "gcor": 0.0270211,
  "gsr_x": -0.014273063279688358,
  "gsr_y": 0.020683323964476585,
  "provenance": {
    "md5sum": "d27cf8a59352d76828b2faaaca8e1e87",
    "settings": {
      "fd_thres": 0.2,
      "testing": false
    },
    "software": "mriqc",
    "version": "21.0.0rc2",
    "webapi_port": null,
    "webapi_url": "https://mriqc.nimh.nih.gov/api/v1"
  },
  "size_t": 373,
  "size_x": 128,
  "size_y": 128,
  "size_z": 78,
  "snr": 5.472817276232322,
  "spacing_tr": 2.299999952316284,
  "spacing_x": 1.7968800067901611,
  "spacing_y": 1.7968800067901611,
  "spacing_z": 1.7999999523162842,
  "summary_bg_k": 28.17502679411758,
  "summary_bg_mad": 6.5067550464638035,
  "summary_bg_mean": 29.774581909179688,
  "summary_bg_median": 8.8230562210083,
  "summary_bg_n": 916152.0,
  "summary_bg_p05": 3.4316353797912598,
  "summary_bg_p95": 135.8725242614745,
  "summary_bg_stdv": 59.96117401123047,
  "summary_fg_k": 2.175529231181037,
  "summary_fg_mad": 103.6788147354841,
  "summary_fg_mean": 627.085205078125,
  "summary_fg_median": 622.7828369140625,
  "summary_fg_n": 230617.0,
  "summary_fg_p05": 462.4263000488281,
  "summary_fg_p95": 809.1689331054686,
  "summary_fg_stdv": 113.79541015625,
  "tsnr": 33.54707630875055
}