{
  "aor": 0.0006682795698924732,
  "aqi": 0.014723683333333333,
  "bids_meta": {
    "AcquisitionMatrixPE": 128,
    "AcquisitionNumber": 1,
    "AcquisitionTime": "14:24:3.802500",
    "BandwidthPerPixelPhaseEncode": 23.321,
    "BodyPartExamined": "HEAD",
    "CoilString": "HeadNeck_64_CS",
    "ConversionSoftware": "dcm2niix",
    "ConversionSoftwareVersion": "v1.0.20190410  GCC6.3.0",
    "DerivedVendorReportedEchoSpacing": 0.000334999,
    "DeviceSerialNumber": "175956",
    "EchoTime": 0.03,
    "EchoTrainLength": 63,
    "EffectiveEchoSpacing": 0.000334999,
    "FlipAngle": 72,
    "ImageOrientationPatientDICOM": [
      0.999689,
      -0.0245392,
      -0.00447678,
      0.0209406,
      0.923126,
      -0.383927
    ],
    "ImageType": [
      "ORIGINAL",
      "PRIMARY",
      "FMRI",
      "NONE"
    ],
    "ImagingFrequency": 123.263,
    "InPlanePhaseEncodingDirectionDICOM": "COL",
    "InstitutionAddress": "AT",
    "InstitutionName": "TU_Graz",
    "MRAcquisitionType": "2D",
    "MagneticFieldStrength": 3,
    "Manufacturer": "Siemens",
    "ManufacturersModelName": "MAGNETOM_Vida",
    "Modality": "MR",
    "MultibandAccelerationFactor": 3,
    "PartialFourier": 0.492188,
    "PatientPosition": "HFS",
    "PercentPhaseFOV": 100,
    "PhaseEncodingDirection": "j-",
    "PixelBandwidth": 1953,
    "ProcedureStepDescription": "TU_2020",
    "ProtocolName": "func_task-execution_acq-Fs2_run-02",
    "ReceiveCoilActiveElements": "HC1-7;NC1",
    "ReconMatrixPE": 128,
    "RepetitionTime": 2.3,
    "SequenceVariant": "SK",
    "SeriesDescription": "func_task-execution_acq-Fs2_run-02",
    "SeriesNumber": 12,
    "SliceThickness": 1.8,
    "SliceTiming": [
      0.00318,
      0,
      0.00326,
      8.25e-05,
      0.0033425,
      0.000165,
      0.003425,
      0.000245,
      0.003505,
      0.0003275,
      0.0035875,
      0.0004075,
      0.0036675,
      0.00049,
      0.00375,
      0.0005725,
      0.0038325,
      0.0006525,
      0.0039125,
      0.000735,
      0.003995,
      0.000815,
      0.004075,
      0.0008975,
      0.0041575,
      0.00098,
      0.00424,
      0.00106,
      0.00432,
      0.0011425,
      0.0044025,
      0.0012225,
      0.0044825,
      0.001305,
      0.004565,
      0.0013875,
      0.0046475,
      0.0014675,
      0.0047275,
      0.00155,
      0.00481,
      0.00163,
      0.00489,
      0.0017125,
      0.0049725,
      0.001795,
      0.005055,
      0.001875,
      0.005135,
      0.0019575,
      0.0052175,
      0.0020375,
      0.0052975,
      0.00212,
      0.00538,
      0.0022025,
      0.0054625,
      0.0022825,
      0.0055425,
      0.002365,
      0.005625,
      0.002445,
      0.005705,
      0.0025275,
      0.0057875,
      0.00261,
      0.00587,
      0.00269,
      0.00595,
      0.0027725,
      0.0060325,
      0.0028525,
      0.0061125,
      0.002935,
      0.006195,
      0.0030175,
      0.0062775,
      0.0030975
    ],
    "SoftwareVersions": "syngo_MR_XA20",
    "SpacingBetweenSlices": 1.8,
    "StationName": "AWP175956",
    "TaskName": "execution",
    "TotalReadoutTime": 0.0425448,
    "acq_id": "Fs2",
    "dataset": "ds003612",
    "modality": "bold",
    "run_id": 2,
    "session_id": "1",
    "subject_id": "108TUSW011023",
    "task_id": "execution"
  },
  "dummy_trs": 0,
  "dvars_nstd": 55.74274753864863,
  "dvars_std": 1.2407507491891896,
  "dvars_vstd": 1.0111616358918911,
  "efc": 0.4936562306270154,
  "fber": 3992.408203125,
  "fd_mean": 0.12369196814896952,
  "fd_num": 22,
  "fd_perc": 11.827956989247312,
  "fwhm_avg": 2.164615737755527,
  "fwhm_x": 2.0875573136910366,
  "fwhm_y": 2.2858120656242864,
  "fwhm_z": 2.120477833951257,
  "gcor": 0.00759896,
  "gsr_x": -0.009865297935903072,
  "gsr_y": 0.023033402860164642,
  "provenance": {
    "md5sum": "6c6c4c009ed23001a524a64dec7e1636",
    "settings": {
      "fd_thres": 0.2,
      "testing": false
    },
    "software": "mriqc",
    "version": "21.0.0rc2",
    "webapi_port": null,
    "webapi_url": "https://mriqc.nimh.nih.gov/api/v1"
  },
  "size_t": 186,
  "size_x": 128,
  "size_y": 128,
  "size_z": 78,
  "snr": 4.642441133926331,
  "spacing_tr": 2.299999952316284,
  "spacing_x": 1.7968800067901611,
  "spacing_y": 1.7968800067901611,
  "spacing_z": 1.7999999523162842,
  "summary_bg_k": 24.752444264822582,
  "summary_bg_mad": 7.157939986362686,
  "summary_bg_mean": 32.148048400878906,
  "summary_bg_median": 9.45161247253418,
  "summary_bg_n": 912039.0,
  "summary_bg_p05": 3.3333332538604736,
  "summary_bg_p95": 160.59140014648438,
  "summary_bg_stdv": 63.82204818725586,
  "summary_fg_k": 2.2996511021352246,
  "summary_fg_mad": 113.1321232047605,
  "summary_fg_mean": 601.027099609375,
  "summary_fg_median": 594.1613159179688,
  "summary_fg_n": 231613.0,
  "summary_fg_p05": 421.80108642578125,
  "summary_fg_p95": 810.5591430664062,
  "summary_fg_stdv": 127.9843978881836,
  "tsnr": 33.5966317539569
}