{
  "bids_meta": {
    "AcquisitionMatrixPE": 224,
    "AcquisitionNumber": 1,
    "AcquisitionTime": "11:52:32.177500",
    "BodyPartExamined": "HEAD",
    "CoilString": "HeadNeck_64_CS",
    "ConversionSoftware": "dcm2niix",
    "ConversionSoftwareVersion": "v1.0.20190410  GCC6.3.0",
    "DeviceSerialNumber": "175956",
    "EchoTime": 0.00236,
    "FlipAngle": 9,
    "ImageOrientationPatientDICOM": [
      0.0126705,
      0.996974,
      0.0766969,
      0.013008,
      0.0765322,
      -0.996982
    ],
    "ImageType": [
      "ORIGINAL",
      "PRIMARY",
      "M",
      "NONE"
    ],
    "ImagingFrequency": 123.263,
    "InPlanePhaseEncodingDirectionDICOM": "ROW",
    "InstitutionAddress": "AT",
    "InstitutionName": "TU_Graz",
    "MRAcquisitionType": "3D",
    "MagneticFieldStrength": 3,
    "Manufacturer": "Siemens",
    "ManufacturersModelName": "MAGNETOM_Vida",
    "Modality": "MR",
    "PatientPosition": "HFS",
    "PercentPhaseFOV": 100,
    "PixelBandwidth": 251,
    "ProcedureStepDescription": "TU_2020",
    "ProtocolName": "anat-T1w",
    "ReceiveCoilActiveElements": "HC1-7;NC1",
    "ReconMatrixPE": 224,
    "RepetitionTime": 1.6,
    "SequenceVariant": "SK_SP_MP_OSP",
    "SeriesDescription": "anat-T1w",
    "SeriesNumber": 5,
    "SliceThickness": 1,
    "SoftwareVersions": "syngo_MR_XA20",
    "StationName": "AWP175956",
    "dataset": "ds003612",
    "modality": "T1w",
    "session_id": "1",
    "subject_id": "108TUSW011011"
  },
  "cjv": 0.4072790282818344,
  "cnr": 3.111090087618983,
  "efc": 0.6094193021911845,
  "fber": 6508.716516917898,
  "fwhm_avg": 4.080643333333334,
  "fwhm_x": 3.94957,
  "fwhm_y": 4.15114,
  "fwhm_z": 4.14122,
  "icvs_csf": 0.20396239026988774,
  "icvs_gm": 0.40304502420541277,
  "icvs_wm": 0.3929925855246995,
  "inu_med": 1.492640733718872,
  "inu_range": 0.4829980134963989,
  "provenance": {
    "md5sum": "2a8a0f4b3eaf6aba8ac9459ff207f70a",
    "settings": {
      "testing": false
    },
    "software": "mriqc",
    "version": "21.0.0rc2",
    "warnings": {
      "large_rot_frame": true,
      "small_air_mask": false
    },
    "webapi_port": null,
    "webapi_url": "https://mriqc.nimh.nih.gov/api/v1"
  },
  "qi_1": 0.0,
  "qi_2": 0.00911469653269605,
  "rpve_csf": 24.26221348651298,
  "rpve_gm": 12.599483723045742,
  "rpve_wm": 15.683958956945514,
  "size_x": 192,
  "size_y": 224,
  "size_z": 224,
  "snr_csf": 3.1778534369323133,
  "snr_gm": 12.503968357966702,
  "snr_total": 13.228317582262116,
  "snr_wm": 24.003130951887336,
  "snrd_csf": 54.20648507701446,
  "snrd_gm": 109.69904687747677,
  "snrd_total": 102.2134208204855,
  "snrd_wm": 142.7347305069652,
  "spacing_x": 1.0,
  "spacing_y": 1.0,
  "spacing_z": 1.0,
  "summary_bg_k": 9.427086498865565,
  "summary_bg_mad": 4.589887807657054,
  "summary_bg_mean": 6.588373403975675,
  "summary_bg_median": 6.28407746553421,
  "summary_bg_n": 1525543.0,
  "summary_bg_p05": 3.142038732767105,
  "summary_bg_p95": 15.80260656774044,
  "summary_bg_stdv": 4.605022381904527,
  "summary_csf_k": 37.57949029446033,
  "summary_csf_mad": 105.49891378793826,
  "summary_csf_mean": 406.8081356172484,
  "summary_csf_median": 379.7708285972476,
  "summary_csf_n": 18751.0,
  "summary_csf_p05": 264.09297613427043,
  "summary_csf_p95": 585.6898817233741,
  "summary_csf_stdv": 119.50227073619169,
  "summary_gm_k": 0.20372891639887314,
  "summary_gm_mad": 55.8322173617985,
  "summary_gm_mean": 773.9217041099332,
  "summary_gm_median": 768.5519153252244,
  "summary_gm_n": 17956.0,
  "summary_gm_p05": 683.0237727612257,
  "summary_gm_p95": 888.619380723685,
  "summary_gm_stdv": 61.462928571774505,
  "summary_wm_k": 0.5119195242335057,
  "summary_wm_mad": 38.43174716560608,
  "summary_wm_mean": 998.6245271044547,
  "summary_wm_median": 1000.0000331550837,
  "summary_wm_n": 204428.0,
  "summary_wm_p05": 925.28420034796,
  "summary_wm_p95": 1063.5339045897126,
  "summary_wm_stdv": 41.66113117940881,
  "tpm_overlap_csf": 0.17144156992435455,
  "tpm_overlap_gm": 0.43843862414360046,
  "tpm_overlap_wm": 0.49052247405052185,
  "wm2max": 0.443629058707773
}