{
  "aor": 0.0006231621621621622,
  "aqi": 0.021070654594594597,
  "bids_meta": {
    "AcquisitionMatrixPE": 128,
    "AcquisitionNumber": 1,
    "AcquisitionTime": "14:21:23.797500",
    "BandwidthPerPixelPhaseEncode": 23.321,
    "BodyPartExamined": "HEAD",
    "CoilString": "HeadNeck_64_CS",
    "ConversionSoftware": "dcm2niix",
    "ConversionSoftwareVersion": "v1.0.20190410  GCC6.3.0",
    "DerivedVendorReportedEchoSpacing": 0.000334999,
    "DeviceSerialNumber": "175956",
    "EchoTime": 0.03,
    "EchoTrainLength": 63,
    "EffectiveEchoSpacing": 0.000334999,
    "FlipAngle": 72,
    "ImageOrientationPatientDICOM": [
      1,
      1.0084e-05,
      2.82979e-05,
      -5.09994e-08,
      0.942546,
      -0.334077
    ],
    "ImageType": [
      "ORIGINAL",
      "PRIMARY",
      "FMRI",
      "NONE"
    ],
    "ImagingFrequency": 123.263,
    "InPlanePhaseEncodingDirectionDICOM": "COL",
    "InstitutionAddress": "AT",
    "InstitutionName": "TU_Graz",
    "MRAcquisitionType": "2D",
    "MagneticFieldStrength": 3,
    "Manufacturer": "Siemens",
    "ManufacturersModelName": "MAGNETOM_Vida",
    "Modality": "MR",
    "MultibandAccelerationFactor": 3,
    "PartialFourier": 0.492188,
    "PatientPosition": "HFS",
    "PercentPhaseFOV": 100,
    "PhaseEncodingDirection": "j-",
    "PixelBandwidth": 1953,
    "ProcedureStepDescription": "TU_2020",
    "ProtocolName": "func_task-imagery_acq-Fs2_run-01",
    "ReceiveCoilActiveElements": "HC1-7",
    "ReconMatrixPE": 128,
    "RepetitionTime": 2.3,
    "SequenceVariant": "SK",
    "SeriesDescription": "func_task-imagery_acq-Fs2_run-01",
    "SeriesNumber": 7,
    "SliceThickness": 1.8,
    "SliceTiming": [
      0.0031775,
      0,
      0.00326,
      8e-05,
      0.00334,
      0.0001625,
      0.0034225,
      0.000245,
      0.003505,
      0.000325,
      0.003585,
      0.0004075,
      0.0036675,
      0.0004875,
      0.0037475,
      0.00057,
      0.00383,
      0.0006525,
      0.0039125,
      0.0007325,
      0.0039925,
      0.000815,
      0.004075,
      0.000895,
      0.004155,
      0.0009775,
      0.0042375,
      0.00106,
      0.00432,
      0.00114,
      0.0044,
      0.0012225,
      0.0044825,
      0.0013025,
      0.0045625,
      0.001385,
      0.004645,
      0.0014675,
      0.0047275,
      0.0015475,
      0.0048075,
      0.00163,
      0.00489,
      0.00171,
      0.00497,
      0.0017925,
      0.0050525,
      0.001875,
      0.005135,
      0.001955,
      0.005215,
      0.0020375,
      0.0052975,
      0.0021175,
      0.0053775,
      0.0022,
      0.00546,
      0.0022825,
      0.0055425,
      0.0023625,
      0.0056225,
      0.002445,
      0.005705,
      0.002525,
      0.005785,
      0.0026075,
      0.0058675,
      0.00269,
      0.00595,
      0.00277,
      0.00603,
      0.0028525,
      0.0061125,
      0.0029325,
      0.0061925,
      0.003015,
      0.006275,
      0.0030975
    ],
    "SoftwareVersions": "syngo_MR_XA20",
    "SpacingBetweenSlices": 1.8,
    "StationName": "AWP175956",
    "TaskName": "imagery",
    "TotalReadoutTime": 0.0425448,
    "acq_id": "Fs2",
    "dataset": "ds003612",
    "modality": "bold",
    "run_id": 1,
    "session_id": "1",
    "subject_id": "108TUSW011027",
    "task_id": "imagery"
  },
  "dummy_trs": 0,
  "dvars_nstd": 50.80610796308947,
  "dvars_std": 1.21757136303523,
  "dvars_vstd": 0.9864566798373977,
  "efc": 0.4769728101935137,
  "fber": 5914.6640625,
  "fd_mean": 0.07403773853523594,
  "fd_num": 14,
  "fd_perc": 3.7837837837837838,
  "fwhm_avg": 2.18299330939411,
  "fwhm_x": 2.0773896898480637,
  "fwhm_y": 2.3789568495650792,
  "fwhm_z": 2.0926333887691864,
  "gcor": 0.0245174,
  "gsr_x": -0.01345022302120924,
  "gsr_y": 0.035489294677972794,
  "provenance": {
    "md5sum": "956b7563bbea3643999206142292fd44",
    "settings": {
      "fd_thres": 0.2,
      "testing": false
    },
    "software": "mriqc",
    "version": "21.0.0rc2",
    "webapi_port": null,
    "webapi_url": "https://mriqc.nimh.nih.gov/api/v1"
  },
  "size_t": 370,
  "size_x": 128,
  "size_y": 128,
  "size_z": 78,
  "snr": 4.899381459675167,
  "spacing_tr": 2.299999952316284,
  "spacing_x": 1.7968800067901611,
  "spacing_y": 1.7968800067901611,
  "spacing_z": 1.7999999523162842,
  "summary_bg_k": 45.264945025361364,
  "summary_bg_mad": 6.7278083061157785,
  "summary_bg_mean": 28.847129821777344,
  "summary_bg_median": 7.997297286987305,
  "summary_bg_n": 923933.0,
  "summary_bg_p05": 2.1783783435821533,
  "summary_bg_p95": 137.3832489013667,
  "summary_bg_stdv": 61.7197265625,
  "summary_fg_k": 1.9242194290730428,
  "summary_fg_mad": 112.57759522654992,
  "summary_fg_mean": 615.0181274414062,
  "summary_fg_median": 605.224365234375,
  "summary_fg_n": 224183.0,
  "summary_fg_p05": 445.2432556152344,
  "summary_fg_p95": 823.8105651855467,
  "summary_fg_stdv": 123.5304946899414,
  "tsnr": 30.42218268290162
}