{
  "aor": 0.0008726756756756757,
  "aqi": 0.027876500000000002,
  "bids_meta": {
    "AcquisitionMatrixPE": 128,
    "AcquisitionNumber": 1,
    "AcquisitionTime": "11:49:11.795000",
    "BandwidthPerPixelPhaseEncode": 23.321,
    "BodyPartExamined": "HEAD",
    "CoilString": "HeadNeck_64_CS",
    "ConversionSoftware": "dcm2niix",
    "ConversionSoftwareVersion": "v1.0.20190410  GCC6.3.0",
    "DerivedVendorReportedEchoSpacing": 0.000334999,
    "DeviceSerialNumber": "175956",
    "EchoTime": 0.03,
    "EchoTrainLength": 63,
    "EffectiveEchoSpacing": 0.000334999,
    "FlipAngle": 72,
    "ImageOrientationPatientDICOM": [
      0.999876,
      -0.0153248,
      -0.00375594,
      0.0130891,
      0.93854,
      -0.344922
    ],
    "ImageType": [
      "ORIGINAL",
      "PRIMARY",
      "FMRI",
      "NONE"
    ],
    "ImagingFrequency": 123.263,
    "InPlanePhaseEncodingDirectionDICOM": "COL",
    "InstitutionAddress": "AT",
    "InstitutionName": "TU_Graz",
    "MRAcquisitionType": "2D",
    "MagneticFieldStrength": 3,
    "Manufacturer": "Siemens",
    "ManufacturersModelName": "MAGNETOM_Vida",
    "Modality": "MR",
    "MultibandAccelerationFactor": 3,
    "PartialFourier": 0.492188,
    "PatientPosition": "HFS",
    "PercentPhaseFOV": 100,
    "PhaseEncodingDirection": "j-",
    "PixelBandwidth": 1953,
    "ProcedureStepDescription": "TU_2020",
    "ProtocolName": "func_task-imagery_acq-Fs2_run-01",
    "ReceiveCoilActiveElements": "HC1-7;NC1",
    "ReconMatrixPE": 128,
    "RepetitionTime": 2.3,
    "SequenceVariant": "SK",
    "SeriesDescription": "func_task-imagery_acq-Fs2_run-01",
    "SeriesNumber": 7,
    "SliceThickness": 1.8,
    "SliceTiming": [
      0.0031775,
      0,
      0.00326,
      8e-05,
      0.00334,
      0.0001625,
      0.0034225,
      0.000245,
      0.003505,
      0.000325,
      0.003585,
      0.0004075,
      0.0036675,
      0.0004875,
      0.0037475,
      0.00057,
      0.00383,
      0.0006525,
      0.0039125,
      0.0007325,
      0.0039925,
      0.000815,
      0.004075,
      0.000895,
      0.004155,
      0.0009775,
      0.0042375,
      0.00106,
      0.00432,
      0.00114,
      0.0044,
      0.0012225,
      0.0044825,
      0.0013025,
      0.0045625,
      0.001385,
      0.004645,
      0.0014675,
      0.0047275,
      0.0015475,
      0.0048075,
      0.00163,
      0.00489,
      0.00171,
      0.00497,
      0.0017925,
      0.0050525,
      0.001875,
      0.005135,
      0.001955,
      0.005215,
      0.0020375,
      0.0052975,
      0.0021175,
      0.0053775,
      0.0022,
      0.00546,
      0.0022825,
      0.0055425,
      0.0023625,
      0.0056225,
      0.002445,
      0.005705,
      0.002525,
      0.005785,
      0.0026075,
      0.0058675,
      0.00269,
      0.00595,
      0.00277,
      0.00603,
      0.0028525,
      0.0061125,
      0.0029325,
      0.0061925,
      0.003015,
      0.006275,
      0.0030975
    ],
    "SoftwareVersions": "syngo_MR_XA20",
    "SpacingBetweenSlices": 1.8,
    "StationName": "AWP175956",
    "TaskName": "imagery",
    "TotalReadoutTime": 0.0425448,
    "acq_id": "Fs2",
    "dataset": "ds003612",
    "modality": "bold",
    "run_id": 1,
    "session_id": "1",
    "subject_id": "108TUSW011047",
    "task_id": "imagery"
  },
  "dummy_trs": 0,
  "dvars_nstd": 51.66270549119244,
  "dvars_std": 1.204155283712737,
  "dvars_vstd": 0.9932948008130085,
  "efc": 0.44972920135631456,
  "fber": 5226.3974609375,
  "fd_mean": 0.15363827813494835,
  "fd_num": 59,
  "fd_perc": 15.945945945945946,
  "fwhm_avg": 2.0967716927738977,
  "fwhm_x": 2.0532478440731246,
  "fwhm_y": 2.215044958461048,
  "fwhm_z": 2.0220222757875197,
  "gcor": 0.0138916,
  "gsr_x": -0.01992812193930149,
  "gsr_y": 0.023317156359553337,
  "provenance": {
    "md5sum": "a3cbe732bbda41d13f3f1a7a874e78f9",
    "settings": {
      "fd_thres": 0.2,
      "testing": false
    },
    "software": "mriqc",
    "version": "21.0.0rc2",
    "webapi_port": null,
    "webapi_url": "https://mriqc.nimh.nih.gov/api/v1"
  },
  "size_t": 370,
  "size_x": 128,
  "size_y": 128,
  "size_z": 78,
  "snr": 5.7521399881658075,
  "spacing_tr": 2.299999952316284,
  "spacing_x": 1.7968800067901611,
  "spacing_y": 1.7968800067901611,
  "spacing_z": 1.7999999523162842,
  "summary_bg_k": 56.842267613702624,
  "summary_bg_mad": 5.934415215371185,
  "summary_bg_mean": 22.220722198486328,
  "summary_bg_median": 8.435134887695312,
  "summary_bg_n": 947753.0,
  "summary_bg_p05": 2.7405405044555664,
  "summary_bg_p95": 79.4378433227539,
  "summary_bg_stdv": 49.16228103637695,
  "summary_fg_k": 2.41699692210668,
  "summary_fg_mad": 98.14421287462962,
  "summary_fg_mean": 605.6328735351562,
  "summary_fg_median": 601.8162231445312,
  "summary_fg_n": 204239.0,
  "summary_fg_p05": 459.0538055419922,
  "summary_fg_p95": 770.968939208984,
  "summary_fg_stdv": 104.62449645996094,
  "tsnr": 29.567936696112156
}