{
  "bids_meta": {
    "AcquisitionMatrixPE": 224,
    "AcquisitionNumber": 1,
    "AcquisitionTime": "15:44:49.212500",
    "BodyPartExamined": "HEAD",
    "CoilString": "HeadNeck_64_CS",
    "ConversionSoftware": "dcm2niix",
    "ConversionSoftwareVersion": "v1.0.20190410  GCC6.3.0",
    "DeviceSerialNumber": "175956",
    "EchoTime": 0.00238,
    "FlipAngle": 9,
    "ImageOrientationPatientDICOM": [
      0.0711872,
      0.98968,
      0.124363,
      0.0304833,
      0.122463,
      -0.992005
    ],
    "ImageType": [
      "ORIGINAL",
      "PRIMARY",
      "M",
      "NONE"
    ],
    "ImagingFrequency": 123.263,
    "InPlanePhaseEncodingDirectionDICOM": "ROW",
    "InstitutionAddress": "AT",
    "InstitutionName": "TU_Graz",
    "MRAcquisitionType": "3D",
    "MagneticFieldStrength": 3,
    "Manufacturer": "Siemens",
    "ManufacturersModelName": "MAGNETOM_Vida",
    "Modality": "MR",
    "PatientPosition": "HFS",
    "PercentPhaseFOV": 100,
    "PixelBandwidth": 248,
    "ProcedureStepDescription": "TU_2020",
    "ProtocolName": "anat-T1w",
    "ReceiveCoilActiveElements": "HC1-7;NC1_2",
    "ReconMatrixPE": 224,
    "RepetitionTime": 1.6,
    "SequenceVariant": "SK_SP_MP_OSP",
    "SeriesDescription": "anat-T1w",
    "SeriesNumber": 5,
    "SliceThickness": 1,
    "SoftwareVersions": "syngo_MR_XA11",
    "StationName": "AWP175956",
    "dataset": "ds003612",
    "modality": "T1w",
    "session_id": "1",
    "subject_id": "108TUSW011003"
  },
  "cjv": 0.3642020200148973,
  "cnr": 3.627120041221881,
  "efc": 0.6085989384215449,
  "fber": 3629.3619524067058,
  "fwhm_avg": 4.2387033333333335,
  "fwhm_x": 4.0231,
  "fwhm_y": 4.33354,
  "fwhm_z": 4.35947,
  "icvs_csf": 0.2124906283760744,
  "icvs_gm": 0.4034570560575948,
  "icvs_wm": 0.3840523155663308,
  "inu_med": 1.1915779113769531,
  "inu_range": 0.3749617874622345,
  "provenance": {
    "md5sum": "ea29963e8eb88fe01f4200daae45bd15",
    "settings": {
      "testing": false
    },
    "software": "mriqc",
    "version": "21.0.0rc2",
    "warnings": {
      "large_rot_frame": true,
      "small_air_mask": false
    },
    "webapi_port": null,
    "webapi_url": "https://mriqc.nimh.nih.gov/api/v1"
  },
  "qi_1": 0.0,
  "qi_2": 0.005712654832869506,
  "rpve_csf": 21.15163915347903,
  "rpve_gm": 11.378986918707824,
  "rpve_wm": 14.52676337027543,
  "size_x": 192,
  "size_y": 224,
  "size_z": 224,
  "snr_csf": 3.855963193567256,
  "snr_gm": 13.439428607924148,
  "snr_total": 14.29218838540229,
  "snr_wm": 25.58117335471547,
  "snrd_csf": 29.05292238776078,
  "snrd_gm": 55.34668699665997,
  "snrd_total": 52.71510692089833,
  "snrd_wm": 73.74571137827422,
  "spacing_x": 1.0,
  "spacing_y": 1.0,
  "spacing_z": 1.0,
  "summary_bg_k": 9.920055765573272,
  "summary_bg_mad": 8.883721821435737,
  "summary_bg_mean": 13.754106846234446,
  "summary_bg_median": 12.125501442700624,
  "summary_bg_n": 1582271.0,
  "summary_bg_p05": 3.066761065274477,
  "summary_bg_p95": 30.856334410607815,
  "summary_bg_stdv": 9.21732372036449,
  "summary_csf_k": -0.5828715328206187,
  "summary_csf_mad": 112.9002127543093,
  "summary_csf_mean": 411.01612068739706,
  "summary_csf_median": 393.9608445391059,
  "summary_csf_n": 18918.0,
  "summary_csf_p05": 267.17150591276584,
  "summary_csf_p95": 582.6374214626849,
  "summary_csf_stdv": 102.16654368761967,
  "summary_gm_k": 0.06531435283832243,
  "summary_gm_mad": 55.61069959087725,
  "summary_gm_mean": 749.9644117781172,
  "summary_gm_median": 750.5072040818632,
  "summary_gm_n": 18627.0,
  "summary_gm_p05": 658.0278446350246,
  "summary_gm_p95": 840.5756175220013,
  "summary_gm_stdv": 55.84218496371648,
  "summary_wm_k": 1.0416745003647847,
  "summary_wm_mad": 35.25508502365049,
  "summary_wm_mean": 1000.2092633242461,
  "summary_wm_median": 1000.0000119768083,
  "summary_wm_n": 226063.0,
  "summary_wm_p05": 935.7867533639073,
  "summary_wm_p95": 1063.3168327398598,
  "summary_wm_stdv": 39.091162330017916,
  "tpm_overlap_csf": 0.15884250402450562,
  "tpm_overlap_gm": 0.4347889721393585,
  "tpm_overlap_wm": 0.49874815344810486,
  "wm2max": 0.43844674670185557
}