{
  "bids_meta": {
    "AcquisitionMatrixPE": 224,
    "AcquisitionNumber": 1,
    "AcquisitionTime": "14:15:54.162500",
    "BodyPartExamined": "HEAD",
    "CoilString": "HeadNeck_64_CS",
    "ConversionSoftware": "dcm2niix",
    "ConversionSoftwareVersion": "v1.0.20190410  GCC6.3.0",
    "DeviceSerialNumber": "175956",
    "EchoTime": 0.00236,
    "FlipAngle": 9,
    "ImageOrientationPatientDICOM": [
      0.00110219,
      0.999864,
      -0.0164316,
      0.049461,
      -0.016466,
      -0.99864
    ],
    "ImageType": [
      "ORIGINAL",
      "PRIMARY",
      "M",
      "NONE"
    ],
    "ImagingFrequency": 123.263,
    "InPlanePhaseEncodingDirectionDICOM": "ROW",
    "InstitutionAddress": "AT",
    "InstitutionName": "TU_Graz",
    "MRAcquisitionType": "3D",
    "MagneticFieldStrength": 3,
    "Manufacturer": "Siemens",
    "ManufacturersModelName": "MAGNETOM_Vida",
    "Modality": "MR",
    "PatientPosition": "HFS",
    "PercentPhaseFOV": 100,
    "PixelBandwidth": 251,
    "ProcedureStepDescription": "TU_2020",
    "ProtocolName": "anat-T1w",
    "ReceiveCoilActiveElements": "HC1-7;NC1",
    "ReconMatrixPE": 224,
    "RepetitionTime": 1.6,
    "SequenceVariant": "SK_SP_MP_OSP",
    "SeriesDescription": "anat-T1w",
    "SeriesNumber": 5,
    "SliceThickness": 1,
    "SoftwareVersions": "syngo_MR_XA20",
    "StationName": "AWP175956",
    "dataset": "ds003612",
    "modality": "T1w",
    "session_id": "1",
    "subject_id": "108TUSW011027"
  },
  "cjv": 0.3477532230664684,
  "cnr": 3.6671882365979163,
  "efc": 0.6166886892675341,
  "fber": 11947.270727040815,
  "fwhm_avg": 4.31422,
  "fwhm_x": 4.166,
  "fwhm_y": 4.42106,
  "fwhm_z": 4.3556,
  "icvs_csf": 0.21331915381888658,
  "icvs_gm": 0.40744031867488634,
  "icvs_wm": 0.37924052750622705,
  "inu_med": 1.302400827407837,
  "inu_range": 0.5176769137382506,
  "provenance": {
    "md5sum": "42e98376e975c903b4387709c9ce3a4a",
    "settings": {
      "testing": false
    },
    "software": "mriqc",
    "version": "21.0.0rc2",
    "warnings": {
      "large_rot_frame": true,
      "small_air_mask": false
    },
    "webapi_port": null,
    "webapi_url": "https://mriqc.nimh.nih.gov/api/v1"
  },
  "qi_1": 0.0,
  "qi_2": 0.020101485745241458,
  "rpve_csf": 19.95103675797273,
  "rpve_gm": 10.514024494046724,
  "rpve_wm": 13.372972684966426,
  "size_x": 192,
  "size_y": 224,
  "size_z": 224,
  "snr_csf": 3.163333146822585,
  "snr_gm": 14.340424209463956,
  "snr_total": 13.319234334256933,
  "snr_wm": 22.45394564648426,
  "snrd_csf": 45.18452195887503,
  "snrd_gm": 98.85319313335675,
  "snrd_total": 92.06158883702513,
  "snrd_wm": 132.14705141884363,
  "spacing_x": 1.0,
  "spacing_y": 1.0,
  "spacing_z": 1.0,
  "summary_bg_k": 12.491587871067381,
  "summary_bg_mad": 4.957932778988229,
  "summary_bg_mean": 5.955297217066731,
  "summary_bg_median": 3.4656775631010532,
  "summary_bg_n": 1767317.0,
  "summary_bg_p05": 3.4048762023448944,
  "summary_bg_p95": 13.619504809379578,
  "summary_bg_stdv": 3.9565686132501465,
  "summary_csf_k": 39.0084610369927,
  "summary_csf_mad": 75.90144363469253,
  "summary_csf_mean": 369.2778260216625,
  "summary_csf_median": 341.94685289263725,
  "summary_csf_n": 38207.0,
  "summary_csf_p05": 254.63609884679317,
  "summary_csf_p95": 564.2974291779101,
  "summary_csf_stdv": 108.09559476297495,
  "summary_gm_k": 0.5119828303780087,
  "summary_gm_mad": 48.76802969877512,
  "summary_gm_mean": 748.2401245051923,
  "summary_gm_median": 748.0999427437782,
  "summary_gm_n": 27938.0,
  "summary_gm_p05": 663.5252499319613,
  "summary_gm_p95": 835.4106967896223,
  "summary_gm_stdv": 52.166277867609686,
  "summary_wm_k": 1.0625628479893097,
  "summary_wm_mad": 38.85216414079866,
  "summary_wm_mean": 997.2273559276945,
  "summary_wm_median": 1000.0607817173004,
  "summary_wm_n": 220389.0,
  "summary_wm_p05": 916.823718842119,
  "summary_wm_p95": 1064.0238132327795,
  "summary_wm_stdv": 44.538208500457664,
  "tpm_overlap_csf": 0.17705467343330383,
  "tpm_overlap_gm": 0.45313504338264465,
  "tpm_overlap_wm": 0.4977891743183136,
  "wm2max": 0.41499613041590133
}