{
  "bids_meta": {
    "AcquisitionMatrixPE": 224,
    "AcquisitionNumber": 1,
    "AcquisitionTime": "14:29:44.200000",
    "BodyPartExamined": "HEAD",
    "CoilString": "HeadNeck_64_CS",
    "ConversionSoftware": "dcm2niix",
    "ConversionSoftwareVersion": "v1.0.20190410  GCC6.3.0",
    "DeviceSerialNumber": "175956",
    "EchoTime": 0.00238,
    "FlipAngle": 9,
    "ImageOrientationPatientDICOM": [
      0.059442,
      0.995784,
      -0.069864,
      -0.0103672,
      -0.0693681,
      -0.997537
    ],
    "ImageType": [
      "ORIGINAL",
      "PRIMARY",
      "M",
      "NONE"
    ],
    "ImagingFrequency": 123.263,
    "InPlanePhaseEncodingDirectionDICOM": "ROW",
    "InstitutionAddress": "AT",
    "InstitutionName": "TU_Graz",
    "MRAcquisitionType": "3D",
    "MagneticFieldStrength": 3,
    "Manufacturer": "Siemens",
    "ManufacturersModelName": "MAGNETOM_Vida",
    "Modality": "MR",
    "PatientPosition": "HFS",
    "PercentPhaseFOV": 100,
    "PixelBandwidth": 248,
    "ProcedureStepDescription": "TU_2020",
    "ProtocolName": "anat-T1w",
    "ReceiveCoilActiveElements": "HC1-7;NC1_2",
    "ReconMatrixPE": 224,
    "RepetitionTime": 1.6,
    "SequenceVariant": "SK_SP_MP_OSP",
    "SeriesDescription": "anat-T1w",
    "SeriesNumber": 5,
    "SliceThickness": 1,
    "SoftwareVersions": "syngo_MR_XA11",
    "StationName": "AWP175956",
    "dataset": "ds003612",
    "modality": "T1w",
    "session_id": "1",
    "subject_id": "108TUSW011002"
  },
  "cjv": 0.44111124457907586,
  "cnr": 2.957929390226792,
  "efc": 0.6288606450245273,
  "fber": 9494.73773947548,
  "fwhm_avg": 4.32218,
  "fwhm_x": 4.22528,
  "fwhm_y": 4.32511,
  "fwhm_z": 4.41615,
  "icvs_csf": 0.23033017100854764,
  "icvs_gm": 0.388405929171674,
  "icvs_wm": 0.3812638998197784,
  "inu_med": 1.0821559429168701,
  "inu_range": 0.4284074306488037,
  "provenance": {
    "md5sum": "31164a80ee293e597cd1c06af440737e",
    "settings": {
      "testing": false
    },
    "software": "mriqc",
    "version": "21.0.0rc2",
    "warnings": {
      "large_rot_frame": true,
      "small_air_mask": false
    },
    "webapi_port": null,
    "webapi_url": "https://mriqc.nimh.nih.gov/api/v1"
  },
  "qi_1": 0.0,
  "qi_2": 0.04119339265743356,
  "rpve_csf": 18.79839676119744,
  "rpve_gm": 10.804104490415916,
  "rpve_wm": 13.486243538074646,
  "size_x": 192,
  "size_y": 224,
  "size_z": 224,
  "snr_csf": 2.8885413179161024,
  "snr_gm": 11.552847921070006,
  "snr_total": 12.807942772481113,
  "snr_wm": 23.982439078457233,
  "snrd_csf": 48.036933562826874,
  "snrd_gm": 89.42424412652652,
  "snrd_total": 84.65143504998254,
  "snrd_wm": 116.49312746059424,
  "spacing_x": 1.0,
  "spacing_y": 1.0,
  "spacing_z": 1.0,
  "summary_bg_k": 4.105373534708611,
  "summary_bg_mad": 5.624164105090172,
  "summary_bg_mean": 8.023174635485558,
  "summary_bg_median": 7.648066617548466,
  "summary_bg_n": 1566737.0,
  "summary_bg_p05": 3.8546255752444267,
  "summary_bg_p95": 15.35731776803732,
  "summary_bg_stdv": 4.209137345315463,
  "summary_csf_k": 31.952745726818527,
  "summary_csf_mad": 147.40752694792786,
  "summary_csf_mean": 427.4513221588033,
  "summary_csf_median": 412.3837520182133,
  "summary_csf_n": 38201.0,
  "summary_csf_p05": 251.2848767861724,
  "summary_csf_p95": 616.2506157755852,
  "summary_csf_stdv": 142.76352976962153,
  "summary_gm_k": 0.05106954145927123,
  "summary_gm_mad": 65.4942981270178,
  "summary_gm_mean": 768.6279260612226,
  "summary_gm_median": 767.6823348030448,
  "summary_gm_n": 17909.0,
  "summary_gm_p05": 660.1321628004313,
  "summary_gm_p95": 879.5276610180736,
  "summary_gm_stdv": 66.4477630870094,
  "summary_wm_k": 1.3310387740925549,
  "summary_wm_mad": 37.010628304464355,
  "summary_wm_mean": 1000.2013982261302,
  "summary_wm_median": 1000.0611909106374,
  "summary_wm_n": 235244.0,
  "summary_wm_p05": 931.5345140174031,
  "summary_wm_p95": 1067.293814932181,
  "summary_wm_stdv": 41.699639559344256,
  "tpm_overlap_csf": 0.16643433272838593,
  "tpm_overlap_gm": 0.4390430450439453,
  "tpm_overlap_wm": 0.5104698538780212,
  "wm2max": 0.41869348446463267
}