{
  "aor": 0.00030849056603773586,
  "aqi": 0.024413939892183288,
  "bids_meta": {
    "AcquisitionMatrixPE": 128,
    "AcquisitionNumber": 1,
    "AcquisitionTime": "17:12:23.800000",
    "BandwidthPerPixelPhaseEncode": 23.321,
    "BodyPartExamined": "HEAD",
    "CoilString": "HeadNeck_64_CS",
    "ConversionSoftware": "dcm2niix",
    "ConversionSoftwareVersion": "v1.0.20190410  GCC6.3.0",
    "DerivedVendorReportedEchoSpacing": 0.000334999,
    "DeviceSerialNumber": "175956",
    "EchoTime": 0.03,
    "EchoTrainLength": 63,
    "EffectiveEchoSpacing": 0.000334999,
    "FlipAngle": 72,
    "ImageOrientationPatientDICOM": [
      0.996995,
      -0.0524089,
      0.0570432,
      0.0648223,
      0.967619,
      -0.243948
    ],
    "ImageType": [
      "ORIGINAL",
      "PRIMARY",
      "FMRI",
      "NONE"
    ],
    "ImagingFrequency": 123.263,
    "InPlanePhaseEncodingDirectionDICOM": "COL",
    "InstitutionAddress": "AT",
    "InstitutionName": "TU_Graz",
    "MRAcquisitionType": "2D",
    "MagneticFieldStrength": 3,
    "Manufacturer": "Siemens",
    "ManufacturersModelName": "MAGNETOM_Vida",
    "Modality": "MR",
    "MultibandAccelerationFactor": 3,
    "PartialFourier": 0.492188,
    "PatientPosition": "HFS",
    "PercentPhaseFOV": 100,
    "PhaseEncodingDirection": "j-",
    "PixelBandwidth": 1953,
    "ProcedureStepDescription": "TU_2020",
    "ProtocolName": "func_task-imagery_acq-Fs2_run-01",
    "ReceiveCoilActiveElements": "HC1-7;NC1",
    "ReconMatrixPE": 128,
    "RepetitionTime": 2.3,
    "SequenceVariant": "SK",
    "SeriesDescription": "func_task-imagery_acq-Fs2_run-01",
    "SeriesNumber": 7,
    "SliceThickness": 1.8,
    "SliceTiming": [
      0.0031775,
      0,
      0.00326,
      8.25e-05,
      0.0033425,
      0.0001625,
      0.0034225,
      0.000245,
      0.003505,
      0.000325,
      0.003585,
      0.0004075,
      0.0036675,
      0.00049,
      0.00375,
      0.00057,
      0.00383,
      0.0006525,
      0.0039125,
      0.0007325,
      0.0039925,
      0.000815,
      0.004075,
      0.0008975,
      0.0041575,
      0.0009775,
      0.0042375,
      0.00106,
      0.00432,
      0.00114,
      0.0044,
      0.0012225,
      0.0044825,
      0.001305,
      0.004565,
      0.001385,
      0.004645,
      0.0014675,
      0.0047275,
      0.0015475,
      0.0048075,
      0.00163,
      0.00489,
      0.0017125,
      0.0049725,
      0.0017925,
      0.0050525,
      0.001875,
      0.005135,
      0.001955,
      0.005215,
      0.0020375,
      0.0052975,
      0.00212,
      0.00538,
      0.0022,
      0.00546,
      0.0022825,
      0.0055425,
      0.0023625,
      0.0056225,
      0.002445,
      0.005705,
      0.0025275,
      0.0057875,
      0.0026075,
      0.0058675,
      0.00269,
      0.00595,
      0.00277,
      0.00603,
      0.0028525,
      0.0061125,
      0.002935,
      0.006195,
      0.003015,
      0.006275,
      0.0030975
    ],
    "SoftwareVersions": "syngo_MR_XA20",
    "SpacingBetweenSlices": 1.8,
    "StationName": "AWP175956",
    "TaskName": "imagery",
    "TotalReadoutTime": 0.0425448,
    "acq_id": "Fs2",
    "dataset": "ds003612",
    "modality": "bold",
    "run_id": 1,
    "session_id": "1",
    "subject_id": "108TUSW011019",
    "task_id": "imagery"
  },
  "dummy_trs": 0,
  "dvars_nstd": 51.35793159059463,
  "dvars_std": 1.1318645692432432,
  "dvars_vstd": 0.9740430592162164,
  "efc": 0.49281091176704234,
  "fber": 3717.274169921875,
  "fd_mean": 0.06016508977839292,
  "fd_num": 1,
  "fd_perc": 0.2695417789757412,
  "fwhm_avg": 2.0685217410972654,
  "fwhm_x": 1.9496738718007882,
  "fwhm_y": 2.2353690757432236,
  "fwhm_z": 2.0205222757477834,
  "gcor": 0.0196893,
  "gsr_x": -0.023895779624581337,
  "gsr_y": 0.03218582645058632,
  "provenance": {
    "md5sum": "c7b4316794505de8d4375cab7ded9c07",
    "settings": {
      "fd_thres": 0.2,
      "testing": false
    },
    "software": "mriqc",
    "version": "21.0.0rc2",
    "webapi_port": null,
    "webapi_url": "https://mriqc.nimh.nih.gov/api/v1"
  },
  "size_t": 371,
  "size_x": 128,
  "size_y": 128,
  "size_z": 78,
  "snr": 5.067722643474521,
  "spacing_tr": 2.299999952316284,
  "spacing_x": 1.7968800067901611,
  "spacing_y": 1.7968800067901611,
  "spacing_z": 1.7999999523162842,
  "summary_bg_k": 16.13904815239891,
  "summary_bg_mad": 7.145263489675739,
  "summary_bg_mean": 32.871482849121094,
  "summary_bg_median": 9.431266784667969,
  "summary_bg_n": 926334.0,
  "summary_bg_p05": 3.3746631145477295,
  "summary_bg_p95": 167.7529594421386,
  "summary_bg_stdv": 61.53195571899414,
  "summary_fg_k": 2.1721028861937155,
  "summary_fg_mad": 100.3333677128918,
  "summary_fg_mean": 572.1121215820312,
  "summary_fg_median": 567.7277221679688,
  "summary_fg_n": 222269.0,
  "summary_fg_p05": 415.800537109375,
  "summary_fg_p95": 754.1568481445311,
  "summary_fg_stdv": 112.02792358398438,
  "tsnr": 27.852515646256506
}