{
  "aor": 0.0007750531914893617,
  "aqi": 0.01322549840425532,
  "bids_meta": {
    "AcquisitionMatrixPE": 128,
    "AcquisitionNumber": 1,
    "AcquisitionTime": "14:45:43.805000",
    "BandwidthPerPixelPhaseEncode": 23.321,
    "BodyPartExamined": "HEAD",
    "CoilString": "HeadNeck_64_CS",
    "ConversionSoftware": "dcm2niix",
    "ConversionSoftwareVersion": "v1.0.20190410  GCC6.3.0",
    "DerivedVendorReportedEchoSpacing": 0.000334999,
    "DeviceSerialNumber": "175956",
    "EchoTime": 0.03,
    "EchoTrainLength": 63,
    "EffectiveEchoSpacing": 0.000334999,
    "FlipAngle": 72,
    "ImageOrientationPatientDICOM": [
      0.999101,
      0.0422807,
      -0.0031724,
      -0.0417,
      0.966328,
      -0.253911
    ],
    "ImageType": [
      "ORIGINAL",
      "PRIMARY",
      "FMRI",
      "NONE"
    ],
    "ImagingFrequency": 123.263,
    "InPlanePhaseEncodingDirectionDICOM": "COL",
    "InstitutionAddress": "AT",
    "InstitutionName": "TU_Graz",
    "MRAcquisitionType": "2D",
    "MagneticFieldStrength": 3,
    "Manufacturer": "Siemens",
    "ManufacturersModelName": "MAGNETOM_Vida",
    "Modality": "MR",
    "MultibandAccelerationFactor": 3,
    "PartialFourier": 0.492188,
    "PatientPosition": "HFS",
    "PercentPhaseFOV": 100,
    "PhaseEncodingDirection": "j-",
    "PixelBandwidth": 1953,
    "ProcedureStepDescription": "TU_2020",
    "ProtocolName": "func_task-execution_acq-Fs2_run-02",
    "ReceiveCoilActiveElements": "HC1-7",
    "ReconMatrixPE": 128,
    "RepetitionTime": 2.3,
    "SequenceVariant": "SK",
    "SeriesDescription": "func_task-execution_acq-Fs2_run-02",
    "SeriesNumber": 14,
    "SliceThickness": 1.8,
    "SliceTiming": [
      0.00318,
      0,
      0.00326,
      8.25e-05,
      0.0033425,
      0.000165,
      0.003425,
      0.000245,
      0.003505,
      0.0003275,
      0.0035875,
      0.0004075,
      0.0036675,
      0.00049,
      0.00375,
      0.0005725,
      0.0038325,
      0.0006525,
      0.0039125,
      0.000735,
      0.003995,
      0.000815,
      0.004075,
      0.0008975,
      0.0041575,
      0.00098,
      0.00424,
      0.00106,
      0.00432,
      0.0011425,
      0.0044025,
      0.0012225,
      0.0044825,
      0.001305,
      0.004565,
      0.0013875,
      0.0046475,
      0.0014675,
      0.0047275,
      0.00155,
      0.00481,
      0.00163,
      0.00489,
      0.0017125,
      0.0049725,
      0.001795,
      0.005055,
      0.001875,
      0.005135,
      0.0019575,
      0.0052175,
      0.0020375,
      0.0052975,
      0.00212,
      0.00538,
      0.0022025,
      0.0054625,
      0.0022825,
      0.0055425,
      0.002365,
      0.005625,
      0.002445,
      0.005705,
      0.0025275,
      0.0057875,
      0.00261,
      0.00587,
      0.00269,
      0.00595,
      0.0027725,
      0.0060325,
      0.0028525,
      0.0061125,
      0.002935,
      0.006195,
      0.0030175,
      0.0062775,
      0.0030975
    ],
    "SoftwareVersions": "syngo_MR_XA20",
    "SpacingBetweenSlices": 1.8,
    "StationName": "AWP175956",
    "TaskName": "execution",
    "TotalReadoutTime": 0.0425448,
    "acq_id": "Fs2",
    "dataset": "ds003612",
    "modality": "bold",
    "run_id": 2,
    "session_id": "1",
    "subject_id": "108TUSW011042",
    "task_id": "execution"
  },
  "dummy_trs": 0,
  "dvars_nstd": 47.759061640106964,
  "dvars_std": 1.2149297493582893,
  "dvars_vstd": 1.003278499358289,
  "efc": 0.44737313383969946,
  "fber": 6214.7919921875,
  "fd_mean": 0.08530218042935772,
  "fd_num": 4,
  "fd_perc": 2.127659574468085,
  "fwhm_avg": 2.167066729881745,
  "fwhm_x": 2.0923489525135865,
  "fwhm_y": 2.3083789592659136,
  "fwhm_z": 2.100472277865735,
  "gcor": 0.00856784,
  "gsr_x": -0.018469665199518204,
  "gsr_y": 0.014948436990380287,
  "provenance": {
    "md5sum": "8ec1bb07c31b14f6a7cda67325762ee3",
    "settings": {
      "fd_thres": 0.2,
      "testing": false
    },
    "software": "mriqc",
    "version": "21.0.0rc2",
    "webapi_port": null,
    "webapi_url": "https://mriqc.nimh.nih.gov/api/v1"
  },
  "size_t": 188,
  "size_x": 128,
  "size_y": 128,
  "size_z": 78,
  "snr": 4.912178983246311,
  "spacing_tr": 2.299999952316284,
  "spacing_x": 1.7968800067901611,
  "spacing_y": 1.7968800067901611,
  "spacing_z": 1.7999999523162842,
  "summary_bg_k": 35.628433313491676,
  "summary_bg_mad": 4.700164449859894,
  "summary_bg_mean": 20.528682708740234,
  "summary_bg_median": 7.3085103034973145,
  "summary_bg_n": 945445.0,
  "summary_bg_p05": 2.7659573554992676,
  "summary_bg_p95": 85.77127075195312,
  "summary_bg_stdv": 44.96428680419922,
  "summary_fg_k": 1.6845382564899714,
  "summary_fg_mad": 111.00585951285217,
  "summary_fg_mean": 576.6869506835938,
  "summary_fg_median": 572.4361572265625,
  "summary_fg_n": 205143.0,
  "summary_fg_p05": 409.68137817382814,
  "summary_fg_p95": 763.6170043945312,
  "summary_fg_stdv": 116.53377532958984,
  "tsnr": 37.5165521283634
}