{
  "aor": 0.0027278092783505153,
  "aqi": 0.026554474742268044,
  "bids_meta": {
    "AcquisitionMatrixPE": 128,
    "AcquisitionNumber": 1,
    "AcquisitionTime": "13:24:1.825000",
    "BandwidthPerPixelPhaseEncode": 23.321,
    "BodyPartExamined": "HEAD",
    "CoilString": "HeadNeck_64_CS",
    "ConversionSoftware": "dcm2niix",
    "ConversionSoftwareVersion": "v1.0.20190410  GCC6.3.0",
    "DerivedVendorReportedEchoSpacing": 0.000334999,
    "DeviceSerialNumber": "175956",
    "EchoTime": 0.03,
    "EchoTrainLength": 63,
    "EffectiveEchoSpacing": 0.000334999,
    "FlipAngle": 72,
    "ImageOrientationPatientDICOM": [
      0.998717,
      -0.0456062,
      0.0219924,
      0.050418,
      0.935668,
      -0.349262
    ],
    "ImageType": [
      "ORIGINAL",
      "PRIMARY",
      "FMRI",
      "NONE"
    ],
    "ImagingFrequency": 123.263,
    "InPlanePhaseEncodingDirectionDICOM": "COL",
    "InstitutionAddress": "AT",
    "InstitutionName": "TU_Graz",
    "MRAcquisitionType": "2D",
    "MagneticFieldStrength": 3,
    "Manufacturer": "Siemens",
    "ManufacturersModelName": "MAGNETOM_Vida",
    "Modality": "MR",
    "MultibandAccelerationFactor": 3,
    "PartialFourier": 0.492188,
    "PatientPosition": "HFS",
    "PercentPhaseFOV": 100,
    "PhaseEncodingDirection": "j-",
    "PixelBandwidth": 1953,
    "ProcedureStepDescription": "TU_2020",
    "ProtocolName": "func_task-imagery_acq-Fs2_run-01",
    "ReceiveCoilActiveElements": "HC1-7;NC1",
    "ReconMatrixPE": 128,
    "RepetitionTime": 2.3,
    "SequenceVariant": "SK",
    "SeriesDescription": "func_task-imagery_acq-Fs2_run-01",
    "SeriesNumber": 7,
    "SliceThickness": 1.8,
    "SliceTiming": [
      0.0031775,
      0,
      0.00326,
      8e-05,
      0.00334,
      0.0001625,
      0.0034225,
      0.0002425,
      0.0035025,
      0.000325,
      0.003585,
      0.0004075,
      0.0036675,
      0.0004875,
      0.0037475,
      0.00057,
      0.00383,
      0.00065,
      0.00391,
      0.0007325,
      0.0039925,
      0.000815,
      0.004075,
      0.000895,
      0.004155,
      0.0009775,
      0.0042375,
      0.0010575,
      0.0043175,
      0.00114,
      0.0044,
      0.0012225,
      0.0044825,
      0.0013025,
      0.0045625,
      0.001385,
      0.004645,
      0.001465,
      0.004725,
      0.0015475,
      0.0048075,
      0.00163,
      0.00489,
      0.00171,
      0.00497,
      0.0017925,
      0.0050525,
      0.0018725,
      0.0051325,
      0.001955,
      0.005215,
      0.0020375,
      0.0052975,
      0.0021175,
      0.0053775,
      0.0022,
      0.00546,
      0.00228,
      0.00554,
      0.0023625,
      0.0056225,
      0.002445,
      0.005705,
      0.002525,
      0.005785,
      0.0026075,
      0.0058675,
      0.0026875,
      0.0059475,
      0.00277,
      0.00603,
      0.0028525,
      0.0061125,
      0.0029325,
      0.0061925,
      0.003015,
      0.006275,
      0.003095
    ],
    "SoftwareVersions": "syngo_MR_XA20",
    "SpacingBetweenSlices": 1.8,
    "StationName": "AWP175956",
    "TaskName": "imagery",
    "TotalReadoutTime": 0.0425448,
    "acq_id": "Fs2",
    "dataset": "ds003612",
    "modality": "bold",
    "run_id": 1,
    "session_id": "1",
    "subject_id": "108TUSW011041",
    "task_id": "imagery"
  },
  "dummy_trs": 0,
  "dvars_nstd": 53.94047985015507,
  "dvars_std": 1.1003880206976744,
  "dvars_vstd": 0.9947075271059427,
  "efc": 0.47015908185821936,
  "fber": 4336.34814453125,
  "fd_mean": 0.20421913213187348,
  "fd_num": 114,
  "fd_perc": 29.38144329896907,
  "fwhm_avg": 2.216974526833084,
  "fwhm_x": 2.1486520999790226,
  "fwhm_y": 2.3360825342469296,
  "fwhm_z": 2.166188946273299,
  "gcor": 0.0225214,
  "gsr_x": -0.003975771367549896,
  "gsr_y": 0.014997417107224464,
  "provenance": {
    "md5sum": "8693e4427eefb1c34619c758bceff632",
    "settings": {
      "fd_thres": 0.2,
      "testing": false
    },
    "software": "mriqc",
    "version": "21.0.0rc2",
    "webapi_port": null,
    "webapi_url": "https://mriqc.nimh.nih.gov/api/v1"
  },
  "size_t": 388,
  "size_x": 128,
  "size_y": 128,
  "size_z": 78,
  "snr": 5.124032435592296,
  "spacing_tr": 2.299999952316284,
  "spacing_x": 1.7968800067901611,
  "spacing_y": 1.7968800067901611,
  "spacing_z": 1.7999999523162842,
  "summary_bg_k": 33.94546454257102,
  "summary_bg_mad": 8.047320901317784,
  "summary_bg_mean": 28.70748519897461,
  "summary_bg_median": 9.979381561279297,
  "summary_bg_n": 933476.0,
  "summary_bg_p05": 3.053479313850403,
  "summary_bg_p95": 119.98260116577148,
  "summary_bg_stdv": 54.94189453125,
  "summary_fg_k": 1.5172292971557226,
  "summary_fg_mad": 121.36326214503687,
  "summary_fg_mean": 651.4171142578125,
  "summary_fg_median": 644.7525634765625,
  "summary_fg_n": 215651.0,
  "summary_fg_p05": 474.30670166015625,
  "summary_fg_p95": 856.0979309082031,
  "summary_fg_stdv": 125.82884216308594,
  "tsnr": 25.912523258011788
}