{
  "bids_meta": {
    "AcquisitionMatrixPE": 224,
    "AcquisitionNumber": 1,
    "AcquisitionTime": "11:08:13.667500",
    "BodyPartExamined": "HEAD",
    "CoilString": "HeadNeck_64_CS",
    "ConversionSoftware": "dcm2niix",
    "ConversionSoftwareVersion": "v1.0.20190410  GCC6.3.0",
    "DeviceSerialNumber": "175956",
    "EchoTime": 0.00236,
    "FlipAngle": 9,
    "ImageOrientationPatientDICOM": [
      0.0329439,
      0.997422,
      0.0637552,
      0.072297,
      0.0612445,
      -0.995501
    ],
    "ImageType": [
      "ORIGINAL",
      "PRIMARY",
      "M",
      "NONE"
    ],
    "ImagingFrequency": 123.263,
    "InPlanePhaseEncodingDirectionDICOM": "ROW",
    "InstitutionAddress": "AT",
    "InstitutionName": "TU_Graz",
    "MRAcquisitionType": "3D",
    "MagneticFieldStrength": 3,
    "Manufacturer": "Siemens",
    "ManufacturersModelName": "MAGNETOM_Vida",
    "Modality": "MR",
    "PatientPosition": "HFS",
    "PercentPhaseFOV": 100,
    "PixelBandwidth": 251,
    "ProcedureStepDescription": "TU_2020",
    "ProtocolName": "anat-T1w",
    "ReceiveCoilActiveElements": "HC1-7;NC1_2",
    "ReconMatrixPE": 224,
    "RepetitionTime": 1.6,
    "SequenceVariant": "SK_SP_MP_OSP",
    "SeriesDescription": "anat-T1w",
    "SeriesNumber": 5,
    "SliceThickness": 1,
    "SoftwareVersions": "syngo_MR_XA20",
    "StationName": "AWP175956",
    "dataset": "ds003612",
    "modality": "T1w",
    "session_id": "1",
    "subject_id": "108TUSW011039"
  },
  "cjv": 0.42725874140904696,
  "cnr": 3.1196239770274254,
  "efc": 0.597839453484834,
  "fber": 5197.809184027778,
  "fwhm_avg": 4.119763333333332,
  "fwhm_x": 4.00912,
  "fwhm_y": 4.11938,
  "fwhm_z": 4.23079,
  "icvs_csf": 0.22350165647635892,
  "icvs_gm": 0.40330423997126474,
  "icvs_wm": 0.37319410355237637,
  "inu_med": 1.0515952110290527,
  "inu_range": 0.33271726965904236,
  "provenance": {
    "md5sum": "58c0fb27c69d21d1b405438faa49810f",
    "settings": {
      "testing": false
    },
    "software": "mriqc",
    "version": "21.0.0rc2",
    "warnings": {
      "large_rot_frame": true,
      "small_air_mask": false
    },
    "webapi_port": null,
    "webapi_url": "https://mriqc.nimh.nih.gov/api/v1"
  },
  "qi_1": 0.0,
  "qi_2": 0.016969585803864318,
  "rpve_csf": 20.993918331885318,
  "rpve_gm": 11.655087557671797,
  "rpve_wm": 15.30999956718076,
  "size_x": 192,
  "size_y": 224,
  "size_z": 224,
  "snr_csf": 3.875962979321178,
  "snr_gm": 12.920742153934807,
  "snr_total": 14.558863512807212,
  "snr_wm": 26.879885405165652,
  "snrd_csf": 47.683683191614264,
  "snrd_gm": 102.65276695165149,
  "snrd_total": 94.06060194742015,
  "snrd_wm": 131.84535569899475,
  "spacing_x": 1.0,
  "spacing_y": 1.0,
  "spacing_z": 1.0,
  "summary_bg_k": 4.838853063168738,
  "summary_bg_mad": 4.968975839468031,
  "summary_bg_mean": 9.201401470237101,
  "summary_bg_median": 6.960856027901173,
  "summary_bg_n": 1620197.0,
  "summary_bg_p05": 3.4374597668647766,
  "summary_bg_p95": 17.316203575581312,
  "summary_bg_stdv": 4.749674030231727,
  "summary_csf_k": -0.06076923390219813,
  "summary_csf_mad": 83.99480313254614,
  "summary_csf_mean": 383.9703817890383,
  "summary_csf_median": 361.6637357212603,
  "summary_csf_n": 24080.0,
  "summary_csf_p05": 265.75645981337874,
  "summary_csf_p95": 563.1031748842447,
  "summary_csf_stdv": 93.30745106279844,
  "summary_gm_k": -0.1125910530738401,
  "summary_gm_mad": 61.79367390107679,
  "summary_gm_mean": 777.813302641819,
  "summary_gm_median": 778.5846371948719,
  "summary_gm_n": 16827.0,
  "summary_gm_p05": 676.3330996047705,
  "summary_gm_p95": 873.5745410274714,
  "summary_gm_stdv": 60.256716881657034,
  "summary_wm_k": 0.9966712702193385,
  "summary_wm_mad": 32.80798150417994,
  "summary_wm_mean": 998.673382861133,
  "summary_wm_median": 1000.0000144280493,
  "summary_wm_n": 206011.0,
  "summary_wm_p05": 933.3562631979585,
  "summary_wm_p95": 1056.3743546046317,
  "summary_wm_stdv": 37.202449798317524,
  "tpm_overlap_csf": 0.1742882877588272,
  "tpm_overlap_gm": 0.4243171215057373,
  "tpm_overlap_wm": 0.4889425039291382,
  "wm2max": 0.45848999384939026
}