{
  "aor": 0.0007793048128342247,
  "aqi": 0.03286931042780749,
  "bids_meta": {
    "AcquisitionMatrixPE": 128,
    "AcquisitionNumber": 1,
    "AcquisitionTime": "12:54:59.810000",
    "BandwidthPerPixelPhaseEncode": 23.321,
    "BodyPartExamined": "HEAD",
    "CoilString": "HeadNeck_64_CS",
    "ConversionSoftware": "dcm2niix",
    "ConversionSoftwareVersion": "v1.0.20190410  GCC6.3.0",
    "DerivedVendorReportedEchoSpacing": 0.000334999,
    "DeviceSerialNumber": "175956",
    "EchoTime": 0.03,
    "EchoTrainLength": 63,
    "EffectiveEchoSpacing": 0.000334999,
    "FlipAngle": 72,
    "ImageOrientationPatientDICOM": [
      0.996217,
      -0.0868425,
      0.00302613,
      0.0833046,
      0.944565,
      -0.317579
    ],
    "ImageType": [
      "ORIGINAL",
      "PRIMARY",
      "FMRI",
      "NONE"
    ],
    "ImagingFrequency": 123.263,
    "InPlanePhaseEncodingDirectionDICOM": "COL",
    "InstitutionAddress": "AT",
    "InstitutionName": "TU_Graz",
    "MRAcquisitionType": "2D",
    "MagneticFieldStrength": 3,
    "Manufacturer": "Siemens",
    "ManufacturersModelName": "MAGNETOM_Vida",
    "Modality": "MR",
    "MultibandAccelerationFactor": 3,
    "PartialFourier": 0.492188,
    "PatientPosition": "HFS",
    "PercentPhaseFOV": 100,
    "PhaseEncodingDirection": "j-",
    "PixelBandwidth": 1953,
    "ProcedureStepDescription": "TU_2020",
    "ProtocolName": "func_task-imagery_acq-Fs2_run-01",
    "ReceiveCoilActiveElements": "HC1-7;NC1",
    "ReconMatrixPE": 128,
    "RepetitionTime": 2.3,
    "SequenceVariant": "SK",
    "SeriesDescription": "func_task-imagery_acq-Fs2_run-01",
    "SeriesNumber": 7,
    "SliceThickness": 1.8,
    "SliceTiming": [
      0.0031775,
      0,
      0.00326,
      8e-05,
      0.00334,
      0.0001625,
      0.0034225,
      0.0002425,
      0.0035025,
      0.000325,
      0.003585,
      0.0004075,
      0.0036675,
      0.0004875,
      0.0037475,
      0.00057,
      0.00383,
      0.00065,
      0.00391,
      0.0007325,
      0.0039925,
      0.000815,
      0.004075,
      0.000895,
      0.004155,
      0.0009775,
      0.0042375,
      0.0010575,
      0.0043175,
      0.00114,
      0.0044,
      0.0012225,
      0.0044825,
      0.0013025,
      0.0045625,
      0.001385,
      0.004645,
      0.001465,
      0.004725,
      0.0015475,
      0.0048075,
      0.00163,
      0.00489,
      0.00171,
      0.00497,
      0.0017925,
      0.0050525,
      0.0018725,
      0.0051325,
      0.001955,
      0.005215,
      0.0020375,
      0.0052975,
      0.0021175,
      0.0053775,
      0.0022,
      0.00546,
      0.00228,
      0.00554,
      0.0023625,
      0.0056225,
      0.002445,
      0.005705,
      0.002525,
      0.005785,
      0.0026075,
      0.0058675,
      0.0026875,
      0.0059475,
      0.00277,
      0.00603,
      0.0028525,
      0.0061125,
      0.0029325,
      0.0061925,
      0.003015,
      0.006275,
      0.003095
    ],
    "SoftwareVersions": "syngo_MR_XA20",
    "SpacingBetweenSlices": 1.8,
    "StationName": "AWP175956",
    "TaskName": "imagery",
    "TotalReadoutTime": 0.0425448,
    "acq_id": "Fs2",
    "dataset": "ds003612",
    "modality": "bold",
    "run_id": 1,
    "session_id": "1",
    "subject_id": "108TUSW011034",
    "task_id": "imagery"
  },
  "dummy_trs": 0,
  "dvars_nstd": 49.86942936565688,
  "dvars_std": 1.1584450854691688,
  "dvars_vstd": 0.9815833401876678,
  "efc": 0.46785044410829507,
  "fber": 4169.8779296875,
  "fd_mean": 0.15807784989486096,
  "fd_num": 94,
  "fd_perc": 25.13368983957219,
  "fwhm_avg": 2.1041145027028,
  "fwhm_x": 2.0199679368038446,
  "fwhm_y": 2.22626440546019,
  "fwhm_z": 2.066111165844365,
  "gcor": 0.0235306,
  "gsr_x": -0.012282860465347767,
  "gsr_y": 0.016231592744588852,
  "provenance": {
    "md5sum": "010f848ca9e42ad340a0dc1b197c972c",
    "settings": {
      "fd_thres": 0.2,
      "testing": false
    },
    "software": "mriqc",
    "version": "21.0.0rc2",
    "webapi_port": null,
    "webapi_url": "https://mriqc.nimh.nih.gov/api/v1"
  },
  "size_t": 374,
  "size_x": 128,
  "size_y": 128,
  "size_z": 78,
  "snr": 5.405001758295978,
  "spacing_tr": 2.299999952316284,
  "spacing_x": 1.7968800067901611,
  "spacing_y": 1.7968800067901611,
  "spacing_z": 1.7999999523162842,
  "summary_bg_k": 33.78896261845768,
  "summary_bg_mad": 8.451625571625708,
  "summary_bg_mean": 27.82047462463379,
  "summary_bg_median": 10.018716812133789,
  "summary_bg_n": 937440.0,
  "summary_bg_p05": 2.92513370513916,
  "summary_bg_p95": 111.27286186218242,
  "summary_bg_stdv": 54.630916595458984,
  "summary_fg_k": 1.8101518304669941,
  "summary_fg_mad": 112.09107112817372,
  "summary_fg_mean": 638.5114135742188,
  "summary_fg_median": 635.4251708984375,
  "summary_fg_n": 210776.0,
  "summary_fg_p05": 468.16443634033203,
  "summary_fg_p95": 824.4625854492188,
  "summary_fg_stdv": 117.5621566772461,
  "tsnr": 27.205566530814394
}