{
  "aor": 0.0011340414507772022,
  "aqi": 0.025243677202072542,
  "bids_meta": {
    "AcquisitionMatrixPE": 128,
    "AcquisitionNumber": 1,
    "AcquisitionTime": "13:17:40.807500",
    "BandwidthPerPixelPhaseEncode": 23.321,
    "BodyPartExamined": "HEAD",
    "CoilString": "HeadNeck_64_CS",
    "ConversionSoftware": "dcm2niix",
    "ConversionSoftwareVersion": "v1.0.20190410  GCC6.3.0",
    "DerivedVendorReportedEchoSpacing": 0.000334999,
    "DeviceSerialNumber": "175956",
    "EchoTime": 0.03,
    "EchoTrainLength": 63,
    "EffectiveEchoSpacing": 0.000334999,
    "FlipAngle": 72,
    "ImageOrientationPatientDICOM": [
      0.996217,
      -0.0868425,
      0.00302613,
      0.0833046,
      0.944565,
      -0.317579
    ],
    "ImageType": [
      "ORIGINAL",
      "PRIMARY",
      "FMRI",
      "NONE"
    ],
    "ImagingFrequency": 123.263,
    "InPlanePhaseEncodingDirectionDICOM": "COL",
    "InstitutionAddress": "AT",
    "InstitutionName": "TU_Graz",
    "MRAcquisitionType": "2D",
    "MagneticFieldStrength": 3,
    "Manufacturer": "Siemens",
    "ManufacturersModelName": "MAGNETOM_Vida",
    "Modality": "MR",
    "MultibandAccelerationFactor": 3,
    "PartialFourier": 0.492188,
    "PatientPosition": "HFS",
    "PercentPhaseFOV": 100,
    "PhaseEncodingDirection": "j-",
    "PixelBandwidth": 1953,
    "ProcedureStepDescription": "TU_2020",
    "ProtocolName": "func_task-execution_acq-Fs2_run-02",
    "ReceiveCoilActiveElements": "HC1-7;NC1",
    "ReconMatrixPE": 128,
    "RepetitionTime": 2.3,
    "SequenceVariant": "SK",
    "SeriesDescription": "func_task-execution_acq-Fs2_run-02",
    "SeriesNumber": 12,
    "SliceThickness": 1.8,
    "SliceTiming": [
      0.0031775,
      0,
      0.00326,
      8e-05,
      0.00334,
      0.0001625,
      0.0034225,
      0.0002425,
      0.0035025,
      0.000325,
      0.003585,
      0.0004075,
      0.0036675,
      0.0004875,
      0.0037475,
      0.00057,
      0.00383,
      0.00065,
      0.00391,
      0.0007325,
      0.0039925,
      0.000815,
      0.004075,
      0.000895,
      0.004155,
      0.0009775,
      0.0042375,
      0.0010575,
      0.0043175,
      0.00114,
      0.0044,
      0.0012225,
      0.0044825,
      0.0013025,
      0.0045625,
      0.001385,
      0.004645,
      0.001465,
      0.004725,
      0.0015475,
      0.0048075,
      0.00163,
      0.00489,
      0.00171,
      0.00497,
      0.0017925,
      0.0050525,
      0.0018725,
      0.0051325,
      0.001955,
      0.005215,
      0.0020375,
      0.0052975,
      0.0021175,
      0.0053775,
      0.0022,
      0.00546,
      0.00228,
      0.00554,
      0.0023625,
      0.0056225,
      0.002445,
      0.005705,
      0.002525,
      0.005785,
      0.0026075,
      0.0058675,
      0.0026875,
      0.0059475,
      0.00277,
      0.00603,
      0.0028525,
      0.0061125,
      0.0029325,
      0.0061925,
      0.003015,
      0.006275,
      0.003095
    ],
    "SoftwareVersions": "syngo_MR_XA20",
    "SpacingBetweenSlices": 1.8,
    "StationName": "AWP175956",
    "TaskName": "execution",
    "TotalReadoutTime": 0.0425448,
    "acq_id": "Fs2",
    "dataset": "ds003612",
    "modality": "bold",
    "run_id": 2,
    "session_id": "1",
    "subject_id": "108TUSW011034",
    "task_id": "execution"
  },
  "dummy_trs": 0,
  "dvars_nstd": 48.99045783296872,
  "dvars_std": 1.1263724016145842,
  "dvars_vstd": 0.9818319734375002,
  "efc": 0.4620134802104804,
  "fber": 4942.65869140625,
  "fd_mean": 0.19739284847418703,
  "fd_num": 61,
  "fd_perc": 31.60621761658031,
  "fwhm_avg": 2.0781758905010537,
  "fwhm_x": 2.0134677810027544,
  "fwhm_y": 2.1979876146850708,
  "fwhm_z": 2.0230722758153354,
  "gcor": 0.0108533,
  "gsr_x": -0.008629120886325836,
  "gsr_y": 0.015738366171717644,
  "provenance": {
    "md5sum": "3817e2455aa1de5320d9bbafc2f97fb7",
    "settings": {
      "fd_thres": 0.2,
      "testing": false
    },
    "software": "mriqc",
    "version": "21.0.0rc2",
    "webapi_port": null,
    "webapi_url": "https://mriqc.nimh.nih.gov/api/v1"
  },
  "size_t": 193,
  "size_x": 128,
  "size_y": 128,
  "size_z": 78,
  "snr": 5.384285439369865,
  "spacing_tr": 2.299999952316284,
  "spacing_x": 1.7968800067901611,
  "spacing_y": 1.7968800067901611,
  "spacing_z": 1.7999999523162842,
  "summary_bg_k": 42.05660282802969,
  "summary_bg_mad": 7.451419513056989,
  "summary_bg_mean": 26.108705520629883,
  "summary_bg_median": 9.238341331481934,
  "summary_bg_n": 938204.0,
  "summary_bg_p05": 2.8031086921691895,
  "summary_bg_p95": 106.46631622314453,
  "summary_bg_stdv": 53.768367767333984,
  "summary_fg_k": 2.2864107321060336,
  "summary_fg_mad": 110.9762237568365,
  "summary_fg_mean": 642.44189453125,
  "summary_fg_median": 638.6502685546875,
  "summary_fg_n": 210150.0,
  "summary_fg_p05": 472.13185119628906,
  "summary_fg_p95": 829.8911743164062,
  "summary_fg_stdv": 118.61346435546875,
  "tsnr": 29.58093722909689
}