{
  "aor": 0.0007922399999999999,
  "aqi": 0.016977324533333334,
  "bids_meta": {
    "AcquisitionMatrixPE": 128,
    "AcquisitionNumber": 1,
    "AcquisitionTime": "11:58:8.805000",
    "BandwidthPerPixelPhaseEncode": 23.321,
    "BodyPartExamined": "HEAD",
    "CoilString": "HeadNeck_64_CS",
    "ConversionSoftware": "dcm2niix",
    "ConversionSoftwareVersion": "v1.0.20190410  GCC6.3.0",
    "DerivedVendorReportedEchoSpacing": 0.000334999,
    "DeviceSerialNumber": "175956",
    "EchoTime": 0.03,
    "EchoTrainLength": 63,
    "EffectiveEchoSpacing": 0.000334999,
    "FlipAngle": 72,
    "ImageOrientationPatientDICOM": [
      0.999998,
      -0.000654666,
      -0.00173882,
      -8.07882e-09,
      0.935865,
      -0.352358
    ],
    "ImageType": [
      "ORIGINAL",
      "PRIMARY",
      "FMRI",
      "NONE"
    ],
    "ImagingFrequency": 123.263,
    "InPlanePhaseEncodingDirectionDICOM": "COL",
    "InstitutionAddress": "AT",
    "InstitutionName": "TU_Graz",
    "MRAcquisitionType": "2D",
    "MagneticFieldStrength": 3,
    "Manufacturer": "Siemens",
    "ManufacturersModelName": "MAGNETOM_Vida",
    "Modality": "MR",
    "MultibandAccelerationFactor": 3,
    "PartialFourier": 0.492188,
    "PatientPosition": "HFS",
    "PercentPhaseFOV": 100,
    "PhaseEncodingDirection": "j-",
    "PixelBandwidth": 1953,
    "ProcedureStepDescription": "TU_2020",
    "ProtocolName": "func_task-imagery_acq-Fs2_run-01",
    "ReceiveCoilActiveElements": "HC1-7",
    "ReconMatrixPE": 128,
    "RepetitionTime": 2.3,
    "SequenceVariant": "SK",
    "SeriesDescription": "func_task-imagery_acq-Fs2_run-01",
    "SeriesNumber": 7,
    "SliceThickness": 1.8,
    "SliceTiming": [
      0.00318,
      0,
      0.00326,
      8.25e-05,
      0.0033425,
      0.000165,
      0.003425,
      0.000245,
      0.003505,
      0.0003275,
      0.0035875,
      0.0004075,
      0.0036675,
      0.00049,
      0.00375,
      0.0005725,
      0.0038325,
      0.0006525,
      0.0039125,
      0.000735,
      0.003995,
      0.000815,
      0.004075,
      0.0008975,
      0.0041575,
      0.00098,
      0.00424,
      0.00106,
      0.00432,
      0.0011425,
      0.0044025,
      0.0012225,
      0.0044825,
      0.001305,
      0.004565,
      0.0013875,
      0.0046475,
      0.0014675,
      0.0047275,
      0.00155,
      0.00481,
      0.00163,
      0.00489,
      0.0017125,
      0.0049725,
      0.001795,
      0.005055,
      0.001875,
      0.005135,
      0.0019575,
      0.0052175,
      0.0020375,
      0.0052975,
      0.00212,
      0.00538,
      0.0022025,
      0.0054625,
      0.0022825,
      0.0055425,
      0.002365,
      0.005625,
      0.002445,
      0.005705,
      0.0025275,
      0.0057875,
      0.00261,
      0.00587,
      0.00269,
      0.00595,
      0.0027725,
      0.0060325,
      0.0028525,
      0.0061125,
      0.002935,
      0.006195,
      0.0030175,
      0.0062775,
      0.0030975
    ],
    "SoftwareVersions": "syngo_MR_XA20",
    "SpacingBetweenSlices": 1.8,
    "StationName": "AWP175956",
    "TaskName": "imagery",
    "TotalReadoutTime": 0.0425448,
    "acq_id": "Fs2",
    "dataset": "ds003612",
    "modality": "bold",
    "run_id": 1,
    "session_id": "1",
    "subject_id": "108TUSW011011",
    "task_id": "imagery"
  },
  "dummy_trs": 0,
  "dvars_nstd": 45.41710267093586,
  "dvars_std": 1.1967082858288782,
  "dvars_vstd": 0.998718280989305,
  "efc": 0.43859807406420015,
  "fber": 6836.80859375,
  "fd_mean": 0.06076911808118716,
  "fd_num": 1,
  "fd_perc": 0.26666666666666666,
  "fwhm_avg": 2.103743058381048,
  "fwhm_x": 2.0170183798050623,
  "fwhm_y": 2.227355185029551,
  "fwhm_z": 2.066855610308531,
  "gcor": 0.018959,
  "gsr_x": -0.017164738848805428,
  "gsr_y": 0.014501233585178852,
  "provenance": {
    "md5sum": "d346ae423ad60178c365ee4063628638",
    "settings": {
      "fd_thres": 0.2,
      "testing": false
    },
    "software": "mriqc",
    "version": "21.0.0rc2",
    "webapi_port": null,
    "webapi_url": "https://mriqc.nimh.nih.gov/api/v1"
  },
  "size_t": 375,
  "size_x": 128,
  "size_y": 128,
  "size_z": 78,
  "snr": 5.164178742338205,
  "spacing_tr": 2.299999952316284,
  "spacing_x": 1.7968800067901611,
  "spacing_y": 1.7968800067901611,
  "spacing_z": 1.7999999523162842,
  "summary_bg_k": 53.63641184634481,
  "summary_bg_mad": 5.119919727222262,
  "summary_bg_mean": 21.182567596435547,
  "summary_bg_median": 7.223999977111816,
  "summary_bg_n": 959903.0,
  "summary_bg_p05": 2.503999948501587,
  "summary_bg_p95": 85.55733489990234,
  "summary_bg_stdv": 45.72984313964844,
  "summary_fg_k": 2.042797987867912,
  "summary_fg_mad": 102.16119255490807,
  "summary_fg_mean": 597.2633666992188,
  "summary_fg_median": 589.690673828125,
  "summary_fg_n": 193705.0,
  "summary_fg_p05": 436.7077331542969,
  "summary_fg_p95": 787.8495971679686,
  "summary_fg_stdv": 114.18836975097656,
  "tsnr": 35.169754401315004
}