{
  "bids_meta": {
    "AcquisitionMatrixPE": 224,
    "AcquisitionNumber": 1,
    "AcquisitionTime": "13:00:49.580000",
    "BodyPartExamined": "HEAD",
    "CoilString": "HeadNeck_64_CS",
    "ConversionSoftware": "dcm2niix",
    "ConversionSoftwareVersion": "v1.0.20190410  GCC6.3.0",
    "DeviceSerialNumber": "175956",
    "EchoTime": 0.00236,
    "FlipAngle": 9,
    "ImageOrientationPatientDICOM": [
      0.0230314,
      0.999728,
      -0.00371849,
      0.0449027,
      -0.00475016,
      -0.99898
    ],
    "ImageType": [
      "ORIGINAL",
      "PRIMARY",
      "M",
      "NONE"
    ],
    "ImagingFrequency": 123.263,
    "InPlanePhaseEncodingDirectionDICOM": "ROW",
    "InstitutionAddress": "AT",
    "InstitutionName": "TU_Graz",
    "MRAcquisitionType": "3D",
    "MagneticFieldStrength": 3,
    "Manufacturer": "Siemens",
    "ManufacturersModelName": "MAGNETOM_Vida",
    "Modality": "MR",
    "PatientPosition": "HFS",
    "PercentPhaseFOV": 100,
    "PixelBandwidth": 251,
    "ProcedureStepDescription": "TU_2020",
    "ProtocolName": "anat-T1w",
    "ReceiveCoilActiveElements": "HC1-7;NC1",
    "ReconMatrixPE": 224,
    "RepetitionTime": 1.6,
    "SequenceVariant": "SK_SP_MP_OSP",
    "SeriesDescription": "anat-T1w",
    "SeriesNumber": 5,
    "SliceThickness": 1,
    "SoftwareVersions": "syngo_MR_XA20",
    "StationName": "AWP175956",
    "dataset": "ds003612",
    "modality": "T1w",
    "session_id": "1",
    "subject_id": "108TUSW011030"
  },
  "cjv": 0.40960077123170796,
  "cnr": 3.2206202366643466,
  "efc": 0.5797501961632636,
  "fber": 4780.649542954816,
  "fwhm_avg": 4.18227,
  "fwhm_x": 4.01311,
  "fwhm_y": 4.37066,
  "fwhm_z": 4.16304,
  "icvs_csf": 0.2199188379879924,
  "icvs_gm": 0.3995652685477143,
  "icvs_wm": 0.3805158934642933,
  "inu_med": 0.8965545892715454,
  "inu_range": 0.2674762010574341,
  "provenance": {
    "md5sum": "153c5cd11e4d12826eda4e35bc3a87d9",
    "settings": {
      "testing": false
    },
    "software": "mriqc",
    "version": "21.0.0rc2",
    "warnings": {
      "large_rot_frame": true,
      "small_air_mask": false
    },
    "webapi_port": null,
    "webapi_url": "https://mriqc.nimh.nih.gov/api/v1"
  },
  "qi_1": 0.0,
  "qi_2": 0.009410778841762453,
  "rpve_csf": 23.969935581621698,
  "rpve_gm": 13.308199426625299,
  "rpve_wm": 17.033887463473736,
  "size_x": 192,
  "size_y": 224,
  "size_z": 224,
  "snr_csf": 4.202711637169792,
  "snr_gm": 12.48858528606739,
  "snr_total": 14.54928798748947,
  "snr_wm": 26.956567039231228,
  "snrd_csf": 42.661773044385924,
  "snrd_gm": 95.96890376933897,
  "snrd_total": 87.86580671006094,
  "snrd_wm": 124.9667433164579,
  "spacing_x": 1.0,
  "spacing_y": 1.0,
  "spacing_z": 1.0,
  "summary_bg_k": 101.63975523554222,
  "summary_bg_mad": 5.242726437057547,
  "summary_bg_mean": 8.39497177572237,
  "summary_bg_median": 7.118254713714123,
  "summary_bg_n": 1749462.0,
  "summary_bg_p05": 3.5361652448773384,
  "summary_bg_p95": 18.04822001606226,
  "summary_bg_stdv": 5.819377157125487,
  "summary_csf_k": 13.420670451402934,
  "summary_csf_mad": 57.73807816395844,
  "summary_csf_mean": 360.7098042952736,
  "summary_csf_median": 341.4006809145212,
  "summary_csf_n": 27117.0,
  "summary_csf_p05": 264.9368480220437,
  "summary_csf_p95": 529.1389084607363,
  "summary_csf_stdv": 81.23193199372159,
  "summary_gm_k": -0.3028938131827643,
  "summary_gm_mad": 63.25315402631768,
  "summary_gm_mean": 770.2224134412804,
  "summary_gm_median": 767.9907972738147,
  "summary_gm_n": 17722.0,
  "summary_gm_p05": 671.5981473941356,
  "summary_gm_p95": 874.9919428881258,
  "summary_gm_stdv": 61.4936849653624,
  "summary_wm_k": 1.2547335005300138,
  "summary_wm_mad": 31.796795403972396,
  "summary_wm_mean": 997.3623541991692,
  "summary_wm_median": 1000.0459009408951,
  "summary_wm_n": 196105.0,
  "summary_wm_p05": 930.3329289704561,
  "summary_wm_p95": 1052.1239709109068,
  "summary_wm_stdv": 37.09832003870072,
  "tpm_overlap_csf": 0.18774640560150146,
  "tpm_overlap_gm": 0.4392816722393036,
  "tpm_overlap_wm": 0.5100302696228027,
  "wm2max": 0.4087317228822944
}