{
  "aor": 0.00031986666666666667,
  "aqi": 0.019795174933333333,
  "bids_meta": {
    "AcquisitionMatrixPE": 128,
    "AcquisitionNumber": 1,
    "AcquisitionTime": "11:40:38.835000",
    "BandwidthPerPixelPhaseEncode": 23.321,
    "BodyPartExamined": "HEAD",
    "CoilString": "HeadNeck_64_CS",
    "ConversionSoftware": "dcm2niix",
    "ConversionSoftwareVersion": "v1.0.20190410  GCC6.3.0",
    "DerivedVendorReportedEchoSpacing": 0.000334999,
    "DeviceSerialNumber": "175956",
    "EchoTime": 0.03,
    "EchoTrainLength": 63,
    "EffectiveEchoSpacing": 0.000334999,
    "FlipAngle": 72,
    "ImageOrientationPatientDICOM": [
      0.999597,
      0.0283719,
      0.000554999,
      -0.0260008,
      0.923543,
      -0.382612
    ],
    "ImageType": [
      "ORIGINAL",
      "PRIMARY",
      "FMRI",
      "NONE"
    ],
    "ImagingFrequency": 123.263,
    "InPlanePhaseEncodingDirectionDICOM": "COL",
    "InstitutionAddress": "AT",
    "InstitutionName": "TU_Graz",
    "MRAcquisitionType": "2D",
    "MagneticFieldStrength": 3,
    "Manufacturer": "Siemens",
    "ManufacturersModelName": "MAGNETOM_Vida",
    "Modality": "MR",
    "MultibandAccelerationFactor": 3,
    "PartialFourier": 0.492188,
    "PatientPosition": "HFS",
    "PercentPhaseFOV": 100,
    "PhaseEncodingDirection": "j-",
    "PixelBandwidth": 1953,
    "ProcedureStepDescription": "TU_2020",
    "ProtocolName": "func_task-imagery_acq-Fs2_run-01",
    "ReceiveCoilActiveElements": "HC1-7;NC1",
    "ReconMatrixPE": 128,
    "RepetitionTime": 2.3,
    "SequenceVariant": "SK",
    "SeriesDescription": "func_task-imagery_acq-Fs2_run-01",
    "SeriesNumber": 7,
    "SliceThickness": 1.8,
    "SliceTiming": [
      0.0031775,
      0,
      0.00326,
      8.25e-05,
      0.0033425,
      0.0001625,
      0.0034225,
      0.000245,
      0.003505,
      0.000325,
      0.003585,
      0.0004075,
      0.0036675,
      0.00049,
      0.00375,
      0.00057,
      0.00383,
      0.0006525,
      0.0039125,
      0.0007325,
      0.0039925,
      0.000815,
      0.004075,
      0.0008975,
      0.0041575,
      0.0009775,
      0.0042375,
      0.00106,
      0.00432,
      0.00114,
      0.0044,
      0.0012225,
      0.0044825,
      0.001305,
      0.004565,
      0.001385,
      0.004645,
      0.0014675,
      0.0047275,
      0.0015475,
      0.0048075,
      0.00163,
      0.00489,
      0.0017125,
      0.0049725,
      0.0017925,
      0.0050525,
      0.001875,
      0.005135,
      0.001955,
      0.005215,
      0.0020375,
      0.0052975,
      0.00212,
      0.00538,
      0.0022,
      0.00546,
      0.0022825,
      0.0055425,
      0.0023625,
      0.0056225,
      0.002445,
      0.005705,
      0.0025275,
      0.0057875,
      0.0026075,
      0.0058675,
      0.00269,
      0.00595,
      0.00277,
      0.00603,
      0.0028525,
      0.0061125,
      0.002935,
      0.006195,
      0.003015,
      0.006275,
      0.0030975
    ],
    "SoftwareVersions": "syngo_MR_XA20",
    "SpacingBetweenSlices": 1.8,
    "StationName": "AWP175956",
    "TaskName": "imagery",
    "TotalReadoutTime": 0.0425448,
    "acq_id": "Fs2",
    "dataset": "ds003612",
    "modality": "bold",
    "run_id": 1,
    "session_id": "1",
    "subject_id": "108TUSW011022",
    "task_id": "imagery"
  },
  "dummy_trs": 0,
  "dvars_nstd": 52.87891494005345,
  "dvars_std": 1.2207955246791449,
  "dvars_vstd": 0.994866553582887,
  "efc": 0.4594839438515705,
  "fber": 4621.6904296875,
  "fd_mean": 0.09044551192976216,
  "fd_num": 26,
  "fd_perc": 6.933333333333334,
  "fwhm_avg": 2.1042982336748444,
  "fwhm_x": 2.0158663830149717,
  "fwhm_y": 2.2150282628553946,
  "fwhm_z": 2.082000055154166,
  "gcor": 0.0190066,
  "gsr_x": -0.019838375970721245,
  "gsr_y": 0.020530525594949722,
  "provenance": {
    "md5sum": "5e8e90c08d2d605d2860785d11bf2df5",
    "settings": {
      "fd_thres": 0.2,
      "testing": false
    },
    "software": "mriqc",
    "version": "21.0.0rc2",
    "webapi_port": null,
    "webapi_url": "https://mriqc.nimh.nih.gov/api/v1"
  },
  "size_t": 375,
  "size_x": 128,
  "size_y": 128,
  "size_z": 78,
  "snr": 5.03300579368494,
  "spacing_tr": 2.299999952316284,
  "spacing_x": 1.7968800067901611,
  "spacing_y": 1.7968800067901611,
  "spacing_z": 1.7999999523162842,
  "summary_bg_k": 53.149050410519244,
  "summary_bg_mad": 5.463883962237996,
  "summary_bg_mean": 22.030508041381836,
  "summary_bg_median": 8.154666900634766,
  "summary_bg_n": 937806.0,
  "summary_bg_p05": 3.0933332443237305,
  "summary_bg_p95": 83.378662109375,
  "summary_bg_stdv": 46.78015899658203,
  "summary_fg_k": 1.96516261629957,
  "summary_fg_mad": 96.9503217387743,
  "summary_fg_mean": 559.02294921875,
  "summary_fg_median": 551.0066528320312,
  "summary_fg_n": 211570.0,
  "summary_fg_p05": 406.54132080078125,
  "summary_fg_p95": 741.8654571533203,
  "summary_fg_stdv": 109.47838592529297,
  "tsnr": 31.445406363345683
}