{
  "aor": 0.0009311111111111111,
  "aqi": 0.018638653968253968,
  "bids_meta": {
    "AcquisitionMatrixPE": 128,
    "AcquisitionNumber": 1,
    "AcquisitionTime": "12:03:22.822500",
    "BandwidthPerPixelPhaseEncode": 23.321,
    "BodyPartExamined": "HEAD",
    "CoilString": "HeadNeck_64_CS",
    "ConversionSoftware": "dcm2niix",
    "ConversionSoftwareVersion": "v1.0.20190410  GCC6.3.0",
    "DerivedVendorReportedEchoSpacing": 0.000334999,
    "DeviceSerialNumber": "175956",
    "EchoTime": 0.03,
    "EchoTrainLength": 63,
    "EffectiveEchoSpacing": 0.000334999,
    "FlipAngle": 72,
    "ImageOrientationPatientDICOM": [
      0.999597,
      0.0283719,
      0.000554999,
      -0.0260008,
      0.923543,
      -0.382612
    ],
    "ImageType": [
      "ORIGINAL",
      "PRIMARY",
      "FMRI",
      "NONE"
    ],
    "ImagingFrequency": 123.263,
    "InPlanePhaseEncodingDirectionDICOM": "COL",
    "InstitutionAddress": "AT",
    "InstitutionName": "TU_Graz",
    "MRAcquisitionType": "2D",
    "MagneticFieldStrength": 3,
    "Manufacturer": "Siemens",
    "ManufacturersModelName": "MAGNETOM_Vida",
    "Modality": "MR",
    "MultibandAccelerationFactor": 3,
    "PartialFourier": 0.492188,
    "PatientPosition": "HFS",
    "PercentPhaseFOV": 100,
    "PhaseEncodingDirection": "j-",
    "PixelBandwidth": 1953,
    "ProcedureStepDescription": "TU_2020",
    "ProtocolName": "func_task-execution_acq-Fs2_run-02",
    "ReceiveCoilActiveElements": "HC1-7;NC1",
    "ReconMatrixPE": 128,
    "RepetitionTime": 2.3,
    "SequenceVariant": "SK",
    "SeriesDescription": "func_task-execution_acq-Fs2_run-02",
    "SeriesNumber": 12,
    "SliceThickness": 1.8,
    "SliceTiming": [
      0.0031775,
      0,
      0.00326,
      8e-05,
      0.00334,
      0.0001625,
      0.0034225,
      0.0002425,
      0.0035025,
      0.000325,
      0.003585,
      0.0004075,
      0.0036675,
      0.0004875,
      0.0037475,
      0.00057,
      0.00383,
      0.00065,
      0.00391,
      0.0007325,
      0.0039925,
      0.000815,
      0.004075,
      0.000895,
      0.004155,
      0.0009775,
      0.0042375,
      0.0010575,
      0.0043175,
      0.00114,
      0.0044,
      0.0012225,
      0.0044825,
      0.0013025,
      0.0045625,
      0.001385,
      0.004645,
      0.001465,
      0.004725,
      0.0015475,
      0.0048075,
      0.00163,
      0.00489,
      0.00171,
      0.00497,
      0.0017925,
      0.0050525,
      0.0018725,
      0.0051325,
      0.001955,
      0.005215,
      0.0020375,
      0.0052975,
      0.0021175,
      0.0053775,
      0.0022,
      0.00546,
      0.00228,
      0.00554,
      0.0023625,
      0.0056225,
      0.002445,
      0.005705,
      0.002525,
      0.005785,
      0.0026075,
      0.0058675,
      0.0026875,
      0.0059475,
      0.00277,
      0.00603,
      0.0028525,
      0.0061125,
      0.0029325,
      0.0061925,
      0.003015,
      0.006275,
      0.003095
    ],
    "SoftwareVersions": "syngo_MR_XA20",
    "SpacingBetweenSlices": 1.8,
    "StationName": "AWP175956",
    "TaskName": "execution",
    "TotalReadoutTime": 0.0425448,
    "acq_id": "Fs2",
    "dataset": "ds003612",
    "modality": "bold",
    "run_id": 2,
    "session_id": "1",
    "subject_id": "108TUSW011022",
    "task_id": "execution"
  },
  "dummy_trs": 0,
  "dvars_nstd": 54.45072003622339,
  "dvars_std": 1.237977454414894,
  "dvars_vstd": 1.0049959086702123,
  "efc": 0.4561359061108747,
  "fber": 4861.97412109375,
  "fd_mean": 0.11356063669151975,
  "fd_num": 14,
  "fd_perc": 7.407407407407407,
  "fwhm_avg": 2.1380838259792405,
  "fwhm_x": 2.0505598515629138,
  "fwhm_y": 2.245141570252397,
  "fwhm_z": 2.1185500561224107,
  "gcor": 0.00940447,
  "gsr_x": -0.018770242109894753,
  "gsr_y": 0.01831226982176304,
  "provenance": {
    "md5sum": "7f6893d9b6e90ff68c247e2f1f409cda",
    "settings": {
      "fd_thres": 0.2,
      "testing": false
    },
    "software": "mriqc",
    "version": "21.0.0rc2",
    "webapi_port": null,
    "webapi_url": "https://mriqc.nimh.nih.gov/api/v1"
  },
  "size_t": 189,
  "size_x": 128,
  "size_y": 128,
  "size_z": 78,
  "snr": 4.845510804789295,
  "spacing_tr": 2.299999952316284,
  "spacing_x": 1.7968800067901611,
  "spacing_y": 1.7968800067901611,
  "spacing_z": 1.7999999523162842,
  "summary_bg_k": 55.803627453350465,
  "summary_bg_mad": 5.1302745678320285,
  "summary_bg_mean": 21.459583282470703,
  "summary_bg_median": 7.920634746551514,
  "summary_bg_n": 939065.0,
  "summary_bg_p05": 3.0,
  "summary_bg_p95": 82.8465576171875,
  "summary_bg_stdv": 46.79198455810547,
  "summary_fg_k": 1.9701491306834908,
  "summary_fg_mad": 100.38549044713614,
  "summary_fg_mean": 557.8629150390625,
  "summary_fg_median": 548.5079345703125,
  "summary_fg_n": 210670.0,
  "summary_fg_p05": 401.2433776855469,
  "summary_fg_p95": 747.529052734375,
  "summary_fg_stdv": 113.19892883300781,
  "tsnr": 31.76602641167119
}