{
  "bids_meta": {
    "AcquisitionMatrixPE": 224,
    "AcquisitionNumber": 1,
    "AcquisitionTime": "15:12:27.912500",
    "BodyPartExamined": "HEAD",
    "CoilString": "HeadNeck_64_CS",
    "ConversionSoftware": "dcm2niix",
    "ConversionSoftwareVersion": "v1.0.20190410  GCC6.3.0",
    "DeviceSerialNumber": "175956",
    "EchoTime": 0.00236,
    "FlipAngle": 9,
    "ImageOrientationPatientDICOM": [
      -0.00849159,
      0.991986,
      -0.126061,
      0.0123482,
      -0.125952,
      -0.991959
    ],
    "ImageType": [
      "ORIGINAL",
      "PRIMARY",
      "M",
      "NONE"
    ],
    "ImagingFrequency": 123.263,
    "InPlanePhaseEncodingDirectionDICOM": "ROW",
    "InstitutionAddress": "AT",
    "InstitutionName": "TU_Graz",
    "MRAcquisitionType": "3D",
    "MagneticFieldStrength": 3,
    "Manufacturer": "Siemens",
    "ManufacturersModelName": "MAGNETOM_Vida",
    "Modality": "MR",
    "PatientPosition": "HFS",
    "PercentPhaseFOV": 100,
    "PixelBandwidth": 251,
    "ProcedureStepDescription": "TU_2020",
    "ProtocolName": "anat-T1w",
    "ReceiveCoilActiveElements": "HC1-7;NC1_2",
    "ReconMatrixPE": 224,
    "RepetitionTime": 1.6,
    "SequenceVariant": "SK_SP_MP_OSP",
    "SeriesDescription": "anat-T1w",
    "SeriesNumber": 5,
    "SliceThickness": 1,
    "SoftwareVersions": "syngo_MR_XA20",
    "StationName": "AWP175956",
    "dataset": "ds003612",
    "modality": "T1w",
    "session_id": "1",
    "subject_id": "108TUSW011043"
  },
  "cjv": 0.3782798693676361,
  "cnr": 3.412080310009151,
  "efc": 0.623476768611379,
  "fber": 4458.93125578655,
  "fwhm_avg": 4.170323333333333,
  "fwhm_x": 4.02564,
  "fwhm_y": 4.19001,
  "fwhm_z": 4.29532,
  "icvs_csf": 0.20549926560796591,
  "icvs_gm": 0.41289057486238573,
  "icvs_wm": 0.38161015952964833,
  "inu_med": 1.2036391496658325,
  "inu_range": 0.3922883749008179,
  "provenance": {
    "md5sum": "69ea570894e197fa786fcd91577bec28",
    "settings": {
      "testing": false
    },
    "software": "mriqc",
    "version": "21.0.0rc2",
    "warnings": {
      "large_rot_frame": true,
      "small_air_mask": false
    },
    "webapi_port": null,
    "webapi_url": "https://mriqc.nimh.nih.gov/api/v1"
  },
  "qi_1": 0.0,
  "qi_2": 0.022225825308527482,
  "rpve_csf": 21.550829121100016,
  "rpve_gm": 11.113004396815864,
  "rpve_wm": 14.497289285616661,
  "size_x": 192,
  "size_y": 224,
  "size_z": 224,
  "snr_csf": 3.3460987681028995,
  "snr_gm": 13.31774290157177,
  "snr_total": 14.436111328102491,
  "snr_wm": 26.644492314632807,
  "snrd_csf": 45.62439617246828,
  "snrd_gm": 88.40724063282292,
  "snrd_total": 83.19056902311105,
  "snrd_wm": 115.54007026404194,
  "spacing_x": 1.0,
  "spacing_y": 1.0,
  "spacing_z": 1.0,
  "summary_bg_k": 3.2547690540093592,
  "summary_bg_mad": 5.670510646147282,
  "summary_bg_mean": 10.139297031186992,
  "summary_bg_median": 7.75564432144165,
  "summary_bg_n": 1684692.0,
  "summary_bg_p05": 3.8247013092041016,
  "summary_bg_p95": 19.335989952087402,
  "summary_bg_stdv": 5.22826581098067,
  "summary_csf_k": 24.299088590024922,
  "summary_csf_mad": 109.39360121525797,
  "summary_csf_mean": 420.25469329642755,
  "summary_csf_median": 394.9004101753235,
  "summary_csf_n": 21120.0,
  "summary_csf_p05": 273.5697292685509,
  "summary_csf_p95": 605.7370698451996,
  "summary_csf_stdv": 118.0153631031337,
  "summary_gm_k": 0.12595087250458992,
  "summary_gm_mad": 55.9962926307044,
  "summary_gm_mean": 767.204454962654,
  "summary_gm_median": 765.2058660984039,
  "summary_gm_n": 25467.0,
  "summary_gm_p05": 676.8658900260925,
  "summary_gm_p95": 868.3665597438812,
  "summary_gm_stdv": 57.45649605398777,
  "summary_wm_k": 1.0564444332817446,
  "summary_wm_mad": 32.84170749226967,
  "summary_wm_mean": 998.4322551703435,
  "summary_wm_median": 1000.0531506538391,
  "summary_wm_n": 219218.0,
  "summary_wm_p05": 932.217823266983,
  "summary_wm_p95": 1056.0425281524658,
  "summary_wm_stdv": 37.53311783487022,
  "tpm_overlap_csf": 0.18277384340763092,
  "tpm_overlap_gm": 0.4461963176727295,
  "tpm_overlap_wm": 0.505810022354126,
  "wm2max": 0.42259934987805037
}