{
  "bids_meta": {
    "AcquisitionMatrixPE": 224,
    "AcquisitionNumber": 1,
    "AcquisitionTime": "15:02:30.202500",
    "BodyPartExamined": "HEAD",
    "CoilString": "HeadNeck_64_CS",
    "ConversionSoftware": "dcm2niix",
    "ConversionSoftwareVersion": "v1.0.20190410  GCC6.3.0",
    "DeviceSerialNumber": "175956",
    "EchoTime": 0.00236,
    "FlipAngle": 9,
    "ImageOrientationPatientDICOM": [
      0.0334622,
      0.998327,
      -0.0471471,
      0.031407,
      -0.0482006,
      -0.998344
    ],
    "ImageType": [
      "ORIGINAL",
      "PRIMARY",
      "M",
      "NONE"
    ],
    "ImagingFrequency": 123.263,
    "InPlanePhaseEncodingDirectionDICOM": "ROW",
    "InstitutionAddress": "AT",
    "InstitutionName": "TU_Graz",
    "MRAcquisitionType": "3D",
    "MagneticFieldStrength": 3,
    "Manufacturer": "Siemens",
    "ManufacturersModelName": "MAGNETOM_Vida",
    "Modality": "MR",
    "PatientPosition": "HFS",
    "PercentPhaseFOV": 100,
    "PixelBandwidth": 251,
    "ProcedureStepDescription": "TU_2020",
    "ProtocolName": "anat-T1w",
    "ReceiveCoilActiveElements": "HC1-7;NC1_2",
    "ReconMatrixPE": 224,
    "RepetitionTime": 1.6,
    "SequenceVariant": "SK_SP_MP_OSP",
    "SeriesDescription": "anat-T1w",
    "SeriesNumber": 5,
    "SliceThickness": 1,
    "SoftwareVersions": "syngo_MR_XA20",
    "StationName": "AWP175956",
    "dataset": "ds003612",
    "modality": "T1w",
    "session_id": "1",
    "subject_id": "108TUSW011050"
  },
  "cjv": 0.3234874834616681,
  "cnr": 4.049821081638912,
  "efc": 0.6294757116787879,
  "fber": 5769.196034751614,
  "fwhm_avg": 4.484473333333334,
  "fwhm_x": 4.38088,
  "fwhm_y": 4.53006,
  "fwhm_z": 4.54248,
  "icvs_csf": 0.20536571980308163,
  "icvs_gm": 0.41647749295140307,
  "icvs_wm": 0.37815678724551527,
  "inu_med": 1.0995960235595703,
  "inu_range": 0.40668414235115036,
  "provenance": {
    "md5sum": "20afb284a59df25c67f2e89758ee48ae",
    "settings": {
      "testing": false
    },
    "software": "mriqc",
    "version": "21.0.0rc2",
    "warnings": {
      "large_rot_frame": true,
      "small_air_mask": false
    },
    "webapi_port": null,
    "webapi_url": "https://mriqc.nimh.nih.gov/api/v1"
  },
  "qi_1": 0.0,
  "qi_2": 0.01714782043559165,
  "rpve_csf": 19.287014705525294,
  "rpve_gm": 9.863255644764253,
  "rpve_wm": 12.948105995801663,
  "size_x": 192,
  "size_y": 224,
  "size_z": 224,
  "snr_csf": 3.5039571407110253,
  "snr_gm": 15.073884521733925,
  "snr_total": 15.078847366763872,
  "snr_wm": 26.658700437846665,
  "snrd_csf": 55.78275347139413,
  "snrd_gm": 98.94216925725404,
  "snrd_total": 95.69949717676589,
  "snrd_wm": 132.3735688016495,
  "spacing_x": 1.0,
  "spacing_y": 1.0,
  "spacing_z": 1.0,
  "summary_bg_k": 6.660183198100816,
  "summary_bg_mad": 4.949147935987237,
  "summary_bg_mean": 8.447630256678293,
  "summary_bg_median": 6.67629911005497,
  "summary_bg_n": 1613445.0,
  "summary_bg_p05": 3.338149555027485,
  "summary_bg_p95": 16.890040285885334,
  "summary_bg_stdv": 4.820749719466251,
  "summary_csf_k": 8.487890071726644,
  "summary_csf_mad": 138.72387796692584,
  "summary_csf_mean": 431.47247344880697,
  "summary_csf_median": 421.40401397645473,
  "summary_csf_n": 32052.0,
  "summary_csf_p05": 261.1230122074485,
  "summary_csf_p95": 613.0461834680287,
  "summary_csf_stdv": 120.26329753688245,
  "summary_gm_k": 0.3291705240940992,
  "summary_gm_mad": 47.05383933169955,
  "summary_gm_mean": 748.703964321097,
  "summary_gm_median": 747.4465615600348,
  "summary_gm_n": 32086.0,
  "summary_gm_p05": 669.4733667299151,
  "summary_gm_p95": 832.2953480109572,
  "summary_gm_stdv": 49.584757853350595,
  "summary_wm_k": 0.7902331115857582,
  "summary_wm_mad": 34.64403555191066,
  "summary_wm_mean": 998.4428822195508,
  "summary_wm_median": 999.9999958053231,
  "summary_wm_n": 242933.0,
  "summary_wm_p05": 934.0341747477651,
  "summary_wm_p95": 1056.2503069639206,
  "summary_wm_stdv": 37.511128494579275,
  "tpm_overlap_csf": 0.17063190042972565,
  "tpm_overlap_gm": 0.4618845582008362,
  "tpm_overlap_wm": 0.5081108212471008,
  "wm2max": 0.4068308503091112
}