{
  "bids_meta": {
    "AcquisitionMatrixPE": 224,
    "AcquisitionNumber": 1,
    "AcquisitionTime": "14:14:46.152500",
    "BodyPartExamined": "HEAD",
    "CoilString": "HeadNeck_64_CS",
    "ConversionSoftware": "dcm2niix",
    "ConversionSoftwareVersion": "v1.0.20190410  GCC6.3.0",
    "DeviceSerialNumber": "175956",
    "EchoTime": 0.00236,
    "FlipAngle": 9,
    "ImageOrientationPatientDICOM": [
      -0.0369423,
      0.995172,
      0.0909292,
      -0.00319722,
      0.0908732,
      -0.995857
    ],
    "ImageType": [
      "ORIGINAL",
      "PRIMARY",
      "M",
      "NONE"
    ],
    "ImagingFrequency": 123.263,
    "InPlanePhaseEncodingDirectionDICOM": "ROW",
    "InstitutionAddress": "AT",
    "InstitutionName": "TU_Graz",
    "MRAcquisitionType": "3D",
    "MagneticFieldStrength": 3,
    "Manufacturer": "Siemens",
    "ManufacturersModelName": "MAGNETOM_Vida",
    "Modality": "MR",
    "PatientPosition": "HFS",
    "PercentPhaseFOV": 100,
    "PixelBandwidth": 251,
    "ProcedureStepDescription": "TU_2020",
    "ProtocolName": "anat-T1w",
    "ReceiveCoilActiveElements": "HC1-7;NC1",
    "ReconMatrixPE": 224,
    "RepetitionTime": 1.6,
    "SequenceVariant": "SK_SP_MP_OSP",
    "SeriesDescription": "anat-T1w",
    "SeriesNumber": 5,
    "SliceThickness": 1,
    "SoftwareVersions": "syngo_MR_XA20",
    "StationName": "AWP175956",
    "dataset": "ds003612",
    "modality": "T1w",
    "session_id": "1",
    "subject_id": "108TUSW011042"
  },
  "cjv": 0.3452590130728125,
  "cnr": 3.6967060607082267,
  "efc": 0.6033591675232004,
  "fber": 10562.379455566404,
  "fwhm_avg": 4.270436666666667,
  "fwhm_x": 4.17643,
  "fwhm_y": 4.329,
  "fwhm_z": 4.30588,
  "icvs_csf": 0.20029748306362816,
  "icvs_gm": 0.41677302879321726,
  "icvs_wm": 0.3829294881431546,
  "inu_med": 1.172701358795166,
  "inu_range": 0.4137998729944229,
  "provenance": {
    "md5sum": "f726aead5e71293b07128ca4e5e849ef",
    "settings": {
      "testing": false
    },
    "software": "mriqc",
    "version": "21.0.0rc2",
    "warnings": {
      "large_rot_frame": true,
      "small_air_mask": false
    },
    "webapi_port": null,
    "webapi_url": "https://mriqc.nimh.nih.gov/api/v1"
  },
  "qi_1": 0.0,
  "qi_2": 0.02206944695952336,
  "rpve_csf": 23.02735700896702,
  "rpve_gm": 11.586545703484264,
  "rpve_wm": 15.107464953640708,
  "size_x": 192,
  "size_y": 224,
  "size_z": 224,
  "snr_csf": 2.563014119796739,
  "snr_gm": 13.896500191167782,
  "snr_total": 13.48466024102189,
  "snr_wm": 23.994466412101147,
  "snrd_csf": 47.14382094874347,
  "snrd_gm": 96.64193535297889,
  "snrd_total": 90.99887503966126,
  "snrd_wm": 129.21086881726143,
  "spacing_x": 1.0,
  "spacing_y": 1.0,
  "spacing_z": 1.0,
  "summary_bg_k": 6.093575321564302,
  "summary_bg_mad": 5.070288391214582,
  "summary_bg_mean": 6.768964017820197,
  "summary_bg_median": 6.839715100824833,
  "summary_bg_n": 1550210.0,
  "summary_bg_p05": 3.4198575504124165,
  "summary_bg_p95": 13.735493440181017,
  "summary_bg_stdv": 3.9492234097815393,
  "summary_csf_k": 40.283606554375325,
  "summary_csf_mad": 101.23952886064527,
  "summary_csf_mean": 400.0026792248071,
  "summary_csf_median": 364.8595563620329,
  "summary_csf_n": 16955.0,
  "summary_csf_p05": 255.85580168552696,
  "summary_csf_p95": 584.3639541838318,
  "summary_csf_stdv": 142.3514578950027,
  "summary_gm_k": 0.5712387528674969,
  "summary_gm_mad": 49.95480857573711,
  "summary_gm_mean": 749.9077419426484,
  "summary_gm_median": 747.9396652467549,
  "summary_gm_n": 25128.0,
  "summary_gm_p05": 666.199463468045,
  "summary_gm_p95": 843.2639897216109,
  "summary_gm_stdv": 53.82108964238509,
  "summary_wm_k": 1.250384515905071,
  "summary_wm_mad": 37.07128889314268,
  "summary_wm_mean": 997.901068975259,
  "summary_wm_median": 999.9999856837094,
  "summary_wm_n": 208318.0,
  "summary_wm_p05": 924.5949298590422,
  "summary_wm_p95": 1060.7164730131626,
  "summary_wm_stdv": 41.67617517845201,
  "tpm_overlap_csf": 0.19396449625492096,
  "tpm_overlap_gm": 0.4666217863559723,
  "tpm_overlap_wm": 0.5182465314865112,
  "wm2max": 0.4646115729254266
}