{
  "bids_meta": {
    "AcquisitionMatrixPE": 224,
    "AcquisitionNumber": 1,
    "AcquisitionTime": "17:23:24.185000",
    "BodyPartExamined": "HEAD",
    "CoilString": "HeadNeck_64_CS",
    "ConversionSoftware": "dcm2niix",
    "ConversionSoftwareVersion": "v1.0.20190410  GCC6.3.0",
    "DeviceSerialNumber": "175956",
    "EchoTime": 0.00236,
    "FlipAngle": 9,
    "ImageOrientationPatientDICOM": [
      0.093977,
      0.995568,
      -0.00362818,
      0.0108634,
      -0.00466953,
      -0.99993
    ],
    "ImageType": [
      "ORIGINAL",
      "PRIMARY",
      "M",
      "NONE"
    ],
    "ImagingFrequency": 123.263,
    "InPlanePhaseEncodingDirectionDICOM": "ROW",
    "InstitutionAddress": "AT",
    "InstitutionName": "TU_Graz",
    "MRAcquisitionType": "3D",
    "MagneticFieldStrength": 3,
    "Manufacturer": "Siemens",
    "ManufacturersModelName": "MAGNETOM_Vida",
    "Modality": "MR",
    "PatientPosition": "HFS",
    "PercentPhaseFOV": 100,
    "PixelBandwidth": 251,
    "ProcedureStepDescription": "TU_2020",
    "ProtocolName": "anat-T1w",
    "ReceiveCoilActiveElements": "HC1-7;NC1",
    "ReconMatrixPE": 224,
    "RepetitionTime": 1.6,
    "SequenceVariant": "SK_SP_MP_OSP",
    "SeriesDescription": "anat-T1w",
    "SeriesNumber": 5,
    "SliceThickness": 1,
    "SoftwareVersions": "syngo_MR_XA20",
    "StationName": "AWP175956",
    "dataset": "ds003612",
    "modality": "T1w",
    "session_id": "1",
    "subject_id": "108TUSW011037"
  },
  "cjv": 0.4851436741564148,
  "cnr": 2.5910717803997487,
  "efc": 0.6583501166793837,
  "fber": 9734.641275510203,
  "fwhm_avg": 4.730486666666667,
  "fwhm_x": 4.45913,
  "fwhm_y": 4.97783,
  "fwhm_z": 4.7545,
  "icvs_csf": 0.22690498814627927,
  "icvs_gm": 0.38413595955763113,
  "icvs_wm": 0.38895905229608957,
  "inu_med": 1.197075605392456,
  "inu_range": 0.5237655758857725,
  "provenance": {
    "md5sum": "1340fae982b664349beea7dc1fc36241",
    "settings": {
      "testing": false
    },
    "software": "mriqc",
    "version": "21.0.0rc2",
    "warnings": {
      "large_rot_frame": true,
      "small_air_mask": false
    },
    "webapi_port": null,
    "webapi_url": "https://mriqc.nimh.nih.gov/api/v1"
  },
  "qi_1": 0.0,
  "qi_2": 0.04191326384122049,
  "rpve_csf": 16.847323248047097,
  "rpve_gm": 9.622204541369111,
  "rpve_wm": 11.74464196587569,
  "size_x": 192,
  "size_y": 224,
  "size_z": 224,
  "snr_csf": 4.2556351573853615,
  "snr_gm": 11.2048469587844,
  "snr_total": 13.450903316156966,
  "snr_wm": 24.89222783230113,
  "snrd_csf": 58.114082747526545,
  "snrd_gm": 91.75565787711895,
  "snrd_total": 88.69713594788165,
  "snrd_wm": 116.22166721899946,
  "spacing_x": 1.0,
  "spacing_y": 1.0,
  "spacing_z": 1.0,
  "summary_bg_k": 9.288549638740044,
  "summary_bg_mad": 5.637270875202811,
  "summary_bg_mean": 7.7376775475785236,
  "summary_bg_median": 7.604562848806381,
  "summary_bg_n": 1571759.0,
  "summary_bg_p05": 3.8022814244031906,
  "summary_bg_p95": 15.600537020713091,
  "summary_bg_stdv": 4.744283218769314,
  "summary_csf_k": -0.6071715828454067,
  "summary_csf_mad": 136.37221455453857,
  "summary_csf_mean": 495.2776780821471,
  "summary_csf_median": 500.0559232123196,
  "summary_csf_n": 48686.0,
  "summary_csf_p05": 300.9393915608525,
  "summary_csf_p95": 672.5984218204394,
  "summary_csf_stdv": 117.50320907971364,
  "summary_gm_k": 0.02321748455173811,
  "summary_gm_mad": 65.40892236080909,
  "summary_gm_mean": 796.6583760237838,
  "summary_gm_median": 789.5325545966625,
  "summary_gm_n": 27050.0,
  "summary_gm_p05": 692.1270510479808,
  "summary_gm_p95": 929.6018923632801,
  "summary_gm_stdv": 70.46218153791096,
  "summary_wm_k": 1.3113150919315686,
  "summary_wm_mad": 36.72516173110066,
  "summary_wm_mean": 1000.2768197176193,
  "summary_wm_median": 1000.0559305213392,
  "summary_wm_n": 293988.0,
  "summary_wm_p05": 935.6408099196851,
  "summary_wm_p95": 1064.247387509793,
  "summary_wm_stdv": 40.17536061506591,
  "tpm_overlap_csf": 0.15067791938781738,
  "tpm_overlap_gm": 0.4419354498386383,
  "tpm_overlap_wm": 0.49470028281211853,
  "wm2max": 0.42554963357761494
}