{
  "aor": 0.00017167919799498748,
  "aqi": 0.021622420802005018,
  "bids_meta": {
    "AcquisitionMatrixPE": 128,
    "AcquisitionNumber": 1,
    "AcquisitionTime": "14:20:19.887500",
    "BandwidthPerPixelPhaseEncode": 23.321,
    "BodyPartExamined": "HEAD",
    "CoilString": "HeadNeck_64_CS",
    "ConversionSoftware": "dcm2niix",
    "ConversionSoftwareVersion": "v1.0.20190410  GCC6.3.0",
    "DerivedVendorReportedEchoSpacing": 0.000334999,
    "DeviceSerialNumber": "175956",
    "EchoTime": 0.03,
    "EchoTrainLength": 63,
    "EffectiveEchoSpacing": 0.000334999,
    "FlipAngle": 72,
    "ImageOrientationPatientDICOM": [
      0.999101,
      0.0422807,
      -0.0031724,
      -0.0417,
      0.966328,
      -0.253911
    ],
    "ImageType": [
      "ORIGINAL",
      "PRIMARY",
      "FMRI",
      "NONE"
    ],
    "ImagingFrequency": 123.263,
    "InPlanePhaseEncodingDirectionDICOM": "COL",
    "InstitutionAddress": "AT",
    "InstitutionName": "TU_Graz",
    "MRAcquisitionType": "2D",
    "MagneticFieldStrength": 3,
    "Manufacturer": "Siemens",
    "ManufacturersModelName": "MAGNETOM_Vida",
    "Modality": "MR",
    "MultibandAccelerationFactor": 3,
    "PartialFourier": 0.492188,
    "PatientPosition": "HFS",
    "PercentPhaseFOV": 100,
    "PhaseEncodingDirection": "j-",
    "PixelBandwidth": 1953,
    "ProcedureStepDescription": "TU_2020",
    "ProtocolName": "func_task-imagery_acq-Fs2_run-01",
    "ReceiveCoilActiveElements": "HC1-7",
    "ReconMatrixPE": 128,
    "RepetitionTime": 2.3,
    "SequenceVariant": "SK",
    "SeriesDescription": "func_task-imagery_acq-Fs2_run-01",
    "SeriesNumber": 7,
    "SliceThickness": 1.8,
    "SliceTiming": [
      0.0031775,
      0,
      0.00326,
      8e-05,
      0.00334,
      0.0001625,
      0.0034225,
      0.000245,
      0.003505,
      0.000325,
      0.003585,
      0.0004075,
      0.0036675,
      0.0004875,
      0.0037475,
      0.00057,
      0.00383,
      0.0006525,
      0.0039125,
      0.0007325,
      0.0039925,
      0.000815,
      0.004075,
      0.000895,
      0.004155,
      0.0009775,
      0.0042375,
      0.00106,
      0.00432,
      0.00114,
      0.0044,
      0.0012225,
      0.0044825,
      0.0013025,
      0.0045625,
      0.001385,
      0.004645,
      0.0014675,
      0.0047275,
      0.0015475,
      0.0048075,
      0.00163,
      0.00489,
      0.00171,
      0.00497,
      0.0017925,
      0.0050525,
      0.001875,
      0.005135,
      0.001955,
      0.005215,
      0.0020375,
      0.0052975,
      0.0021175,
      0.0053775,
      0.0022,
      0.00546,
      0.0022825,
      0.0055425,
      0.0023625,
      0.0056225,
      0.002445,
      0.005705,
      0.002525,
      0.005785,
      0.0026075,
      0.0058675,
      0.00269,
      0.00595,
      0.00277,
      0.00603,
      0.0028525,
      0.0061125,
      0.0029325,
      0.0061925,
      0.003015,
      0.006275,
      0.0030975
    ],
    "SoftwareVersions": "syngo_MR_XA20",
    "SpacingBetweenSlices": 1.8,
    "StationName": "AWP175956",
    "TaskName": "imagery",
    "TotalReadoutTime": 0.0425448,
    "acq_id": "Fs2",
    "dataset": "ds003612",
    "modality": "bold",
    "run_id": 1,
    "session_id": "1",
    "subject_id": "108TUSW011042",
    "task_id": "imagery"
  },
  "dummy_trs": 0,
  "dvars_nstd": 46.723557706809004,
  "dvars_std": 1.153420824949749,
  "dvars_vstd": 0.9504055792462311,
  "efc": 0.44940600927383123,
  "fber": 5955.3447265625,
  "fd_mean": 0.061418793767592066,
  "fd_num": 0,
  "fd_perc": 0.0,
  "fwhm_avg": 2.1741110328204725,
  "fwhm_x": 2.0883420071567502,
  "fwhm_y": 2.3089354794543633,
  "fwhm_z": 2.1250556118503043,
  "gcor": 0.00993503,
  "gsr_x": -0.01959446258842945,
  "gsr_y": 0.015675963833928108,
  "provenance": {
    "md5sum": "7dabcf14e29df11fc40c4e29bb2a7e29",
    "settings": {
      "fd_thres": 0.2,
      "testing": false
    },
    "software": "mriqc",
    "version": "21.0.0rc2",
    "webapi_port": null,
    "webapi_url": "https://mriqc.nimh.nih.gov/api/v1"
  },
  "size_t": 399,
  "size_x": 128,
  "size_y": 128,
  "size_z": 78,
  "snr": 5.050180887824863,
  "spacing_tr": 2.299999952316284,
  "spacing_x": 1.7968800067901611,
  "spacing_y": 1.7968800067901611,
  "spacing_z": 1.7999999523162842,
  "summary_bg_k": 34.99426403244408,
  "summary_bg_mad": 4.975449658404888,
  "summary_bg_mean": 20.962627410888672,
  "summary_bg_median": 7.491228103637695,
  "summary_bg_n": 945276.0,
  "summary_bg_p05": 2.7719297409057617,
  "summary_bg_p95": 85.39912414550781,
  "summary_bg_stdv": 44.341941833496094,
  "summary_fg_k": 1.6302075791111292,
  "summary_fg_mad": 108.29316981526601,
  "summary_fg_mean": 577.4686279296875,
  "summary_fg_median": 572.8671875,
  "summary_fg_n": 205336.0,
  "summary_fg_p05": 414.7286834716797,
  "summary_fg_p95": 759.9868621826172,
  "summary_fg_stdv": 113.43470764160156,
  "tsnr": 31.089699352160096
}