{
  "aor": 0.003113163265306123,
  "aqi": 0.020455602040816333,
  "bids_meta": {
    "AcquisitionMatrixPE": 128,
    "AcquisitionNumber": 1,
    "AcquisitionTime": "09:37:48.820000",
    "BandwidthPerPixelPhaseEncode": 23.321,
    "BodyPartExamined": "HEAD",
    "CoilString": "HeadNeck_64_CS",
    "ConversionSoftware": "dcm2niix",
    "ConversionSoftwareVersion": "v1.0.20190410  GCC6.3.0",
    "DerivedVendorReportedEchoSpacing": 0.000334999,
    "DeviceSerialNumber": "175956",
    "EchoTime": 0.03,
    "EchoTrainLength": 63,
    "EffectiveEchoSpacing": 0.000334999,
    "FlipAngle": 72,
    "ImageOrientationPatientDICOM": [
      0.999468,
      0.0325749,
      -0.00162391,
      -0.032108,
      0.973955,
      -0.224457
    ],
    "ImageType": [
      "ORIGINAL",
      "PRIMARY",
      "FMRI",
      "NONE"
    ],
    "ImagingFrequency": 123.263,
    "InPlanePhaseEncodingDirectionDICOM": "COL",
    "InstitutionAddress": "AT",
    "InstitutionName": "TU_Graz",
    "MRAcquisitionType": "2D",
    "MagneticFieldStrength": 3,
    "Manufacturer": "Siemens",
    "ManufacturersModelName": "MAGNETOM_Vida",
    "Modality": "MR",
    "MultibandAccelerationFactor": 3,
    "PartialFourier": 0.492188,
    "PatientPosition": "HFS",
    "PercentPhaseFOV": 100,
    "PhaseEncodingDirection": "j-",
    "PixelBandwidth": 1953,
    "ProcedureStepDescription": "TU_2020",
    "ProtocolName": "func_task-execution_acq-Fs2_run-02",
    "ReceiveCoilActiveElements": "HC1-7;NC1",
    "ReconMatrixPE": 128,
    "RepetitionTime": 2.3,
    "SequenceVariant": "SK",
    "SeriesDescription": "func_task-execution_acq-Fs2_run-02",
    "SeriesNumber": 14,
    "SliceThickness": 1.8,
    "SliceTiming": [
      0.00318,
      0,
      0.00326,
      8.25e-05,
      0.0033425,
      0.000165,
      0.003425,
      0.000245,
      0.003505,
      0.0003275,
      0.0035875,
      0.0004075,
      0.0036675,
      0.00049,
      0.00375,
      0.0005725,
      0.0038325,
      0.0006525,
      0.0039125,
      0.000735,
      0.003995,
      0.000815,
      0.004075,
      0.0008975,
      0.0041575,
      0.00098,
      0.00424,
      0.00106,
      0.00432,
      0.0011425,
      0.0044025,
      0.0012225,
      0.0044825,
      0.001305,
      0.004565,
      0.0013875,
      0.0046475,
      0.0014675,
      0.0047275,
      0.00155,
      0.00481,
      0.00163,
      0.00489,
      0.0017125,
      0.0049725,
      0.001795,
      0.005055,
      0.001875,
      0.005135,
      0.0019575,
      0.0052175,
      0.0020375,
      0.0052975,
      0.00212,
      0.00538,
      0.0022025,
      0.0054625,
      0.0022825,
      0.0055425,
      0.002365,
      0.005625,
      0.002445,
      0.005705,
      0.0025275,
      0.0057875,
      0.00261,
      0.00587,
      0.00269,
      0.00595,
      0.0027725,
      0.0060325,
      0.0028525,
      0.0061125,
      0.002935,
      0.006195,
      0.0030175,
      0.0062775,
      0.0030975
    ],
    "SoftwareVersions": "syngo_MR_XA20",
    "SpacingBetweenSlices": 1.8,
    "StationName": "AWP175956",
    "TaskName": "execution",
    "TotalReadoutTime": 0.0425448,
    "acq_id": "Fs2",
    "dataset": "ds003612",
    "modality": "bold",
    "run_id": 2,
    "session_id": "1",
    "subject_id": "108TUSW011032",
    "task_id": "execution"
  },
  "dummy_trs": 0,
  "dvars_nstd": 55.04851488958977,
  "dvars_std": 1.22844530051282,
  "dvars_vstd": 1.022694089846155,
  "efc": 0.48948170462672314,
  "fber": 4818.84228515625,
  "fd_mean": 0.1330521883916291,
  "fd_num": 24,
  "fd_perc": 12.244897959183673,
  "fwhm_avg": 2.2382248806785165,
  "fwhm_x": 2.154389823121937,
  "fwhm_y": 2.420701428900676,
  "fwhm_z": 2.1395833900129366,
  "gcor": 0.0176957,
  "gsr_x": -0.01862640306353569,
  "gsr_y": 0.031967632472515106,
  "provenance": {
    "md5sum": "90be79d5d1aba55823a13d4e4a545fe4",
    "settings": {
      "fd_thres": 0.2,
      "testing": false
    },
    "software": "mriqc",
    "version": "21.0.0rc2",
    "webapi_port": null,
    "webapi_url": "https://mriqc.nimh.nih.gov/api/v1"
  },
  "size_t": 196,
  "size_x": 128,
  "size_y": 128,
  "size_z": 78,
  "snr": 5.196256917255646,
  "spacing_tr": 2.299999952316284,
  "spacing_x": 1.7968800067901611,
  "spacing_y": 1.7968800067901611,
  "spacing_z": 1.7999999523162842,
  "summary_bg_k": 26.57885291754418,
  "summary_bg_mad": 5.574886552768601,
  "summary_bg_mean": 29.5133056640625,
  "summary_bg_median": 8.530611991882324,
  "summary_bg_n": 911508.0,
  "summary_bg_p05": 3.75,
  "summary_bg_p95": 145.16658172607373,
  "summary_bg_stdv": 61.8547248840332,
  "summary_fg_k": 2.5575476055698596,
  "summary_fg_mad": 99.04694967466696,
  "summary_fg_mean": 594.2568359375,
  "summary_fg_median": 589.3826293945312,
  "summary_fg_n": 234616.0,
  "summary_fg_p05": 430.9221878051758,
  "summary_fg_p95": 773.1887817382812,
  "summary_fg_stdv": 113.4242172241211,
  "tsnr": 31.99765162181575
}