{
  "bids_meta": {
    "AcquisitionMatrixPE": 224,
    "AcquisitionNumber": 1,
    "AcquisitionTime": "12:26:3.670000",
    "BodyPartExamined": "HEAD",
    "CoilString": "HeadNeck_64_CS",
    "ConversionSoftware": "dcm2niix",
    "ConversionSoftwareVersion": "v1.0.20190410  GCC6.3.0",
    "DeviceSerialNumber": "175956",
    "EchoTime": 0.00236,
    "FlipAngle": 9,
    "ImageOrientationPatientDICOM": [
      0.103314,
      0.993783,
      -0.0414854,
      0.0401918,
      -0.0458456,
      -0.99814
    ],
    "ImageType": [
      "ORIGINAL",
      "PRIMARY",
      "M",
      "NONE"
    ],
    "ImagingFrequency": 123.263,
    "InPlanePhaseEncodingDirectionDICOM": "ROW",
    "InstitutionAddress": "AT",
    "InstitutionName": "TU_Graz",
    "MRAcquisitionType": "3D",
    "MagneticFieldStrength": 3,
    "Manufacturer": "Siemens",
    "ManufacturersModelName": "MAGNETOM_Vida",
    "Modality": "MR",
    "PatientPosition": "HFS",
    "PercentPhaseFOV": 100,
    "PixelBandwidth": 251,
    "ProcedureStepDescription": "TU_2020",
    "ProtocolName": "anat-T1w",
    "ReceiveCoilActiveElements": "HC1-7;NC1_2",
    "ReconMatrixPE": 224,
    "RepetitionTime": 1.6,
    "SequenceVariant": "SK_SP_MP_OSP",
    "SeriesDescription": "anat-T1w",
    "SeriesNumber": 5,
    "SliceThickness": 1,
    "SoftwareVersions": "syngo_MR_XA20",
    "StationName": "AWP175956",
    "dataset": "ds003612",
    "modality": "T1w",
    "session_id": "1",
    "subject_id": "108TUSW011040"
  },
  "cjv": 0.41956554149414343,
  "cnr": 3.1736745386852725,
  "efc": 0.5899031538567986,
  "fber": 5562.18931429321,
  "fwhm_avg": 4.260763333333333,
  "fwhm_x": 4.07598,
  "fwhm_y": 4.33857,
  "fwhm_z": 4.36774,
  "icvs_csf": 0.20447224904154881,
  "icvs_gm": 0.4200298010421553,
  "icvs_wm": 0.37549794991629587,
  "inu_med": 1.0878338813781738,
  "inu_range": 0.3709136366844178,
  "provenance": {
    "md5sum": "95eec08caa11814ce410b81a6ad8e84f",
    "settings": {
      "testing": false
    },
    "software": "mriqc",
    "version": "21.0.0rc2",
    "warnings": {
      "large_rot_frame": true,
      "small_air_mask": false
    },
    "webapi_port": null,
    "webapi_url": "https://mriqc.nimh.nih.gov/api/v1"
  },
  "qi_1": 0.0,
  "qi_2": 0.01441717785912633,
  "rpve_csf": 22.593317380632854,
  "rpve_gm": 11.536190522632792,
  "rpve_wm": 15.290087115796283,
  "size_x": 192,
  "size_y": 224,
  "size_z": 224,
  "snr_csf": 3.692866853900396,
  "snr_gm": 13.401182541846655,
  "snr_total": 14.032061069868396,
  "snr_wm": 25.002133813858133,
  "snrd_csf": 56.696505487349455,
  "snrd_gm": 102.88209277980837,
  "snrd_total": 97.38310717710034,
  "snrd_wm": 132.5707232641432,
  "spacing_x": 1.0,
  "spacing_y": 1.0,
  "spacing_z": 1.0,
  "summary_bg_k": 4.010507875357561,
  "summary_bg_mad": 4.94178755628655,
  "summary_bg_mean": 9.644303573167639,
  "summary_bg_median": 10.177325032651424,
  "summary_bg_n": 1670665.0,
  "summary_bg_p05": 3.377627521753311,
  "summary_bg_p95": 17.732544489204884,
  "summary_bg_stdv": 5.111500811299807,
  "summary_csf_k": 5.92619024071608,
  "summary_csf_mad": 143.048277129308,
  "summary_csf_mean": 433.77628019193855,
  "summary_csf_median": 427.6698637083173,
  "summary_csf_n": 18635.0,
  "summary_csf_p05": 259.67733696848154,
  "summary_csf_p95": 602.0443287655711,
  "summary_csf_stdv": 115.80660921840087,
  "summary_gm_k": -0.17107088992066632,
  "summary_gm_mad": 59.89446518219299,
  "summary_gm_mean": 775.8771279874491,
  "summary_gm_median": 776.0543655902147,
  "summary_gm_n": 24548.0,
  "summary_gm_p05": 680.5030606985092,
  "summary_gm_p95": 869.856859390065,
  "summary_gm_stdv": 57.90821490046449,
  "summary_wm_k": 1.3547485832738912,
  "summary_wm_mad": 34.065388888001955,
  "summary_wm_mean": 998.7890392000901,
  "summary_wm_median": 999.9999587759376,
  "summary_wm_n": 210573.0,
  "summary_wm_p05": 928.5809136778116,
  "summary_wm_p95": 1060.9305815696716,
  "summary_wm_stdv": 39.99648956944144,
  "tpm_overlap_csf": 0.17121703922748566,
  "tpm_overlap_gm": 0.4462123215198517,
  "tpm_overlap_wm": 0.5074723362922668,
  "wm2max": 0.4317898332405826
}