{
  "aor": 0.00543479797979798,
  "aqi": 0.018897943939393938,
  "bids_meta": {
    "AcquisitionMatrixPE": 128,
    "AcquisitionNumber": 1,
    "AcquisitionTime": "09:33:37.797500",
    "BandwidthPerPixelPhaseEncode": 23.321,
    "BodyPartExamined": "HEAD",
    "CoilString": "HeadNeck_64_CS",
    "ConversionSoftware": "dcm2niix",
    "ConversionSoftwareVersion": "v1.0.20190410  GCC6.3.0",
    "DerivedVendorReportedEchoSpacing": 0.000334999,
    "DeviceSerialNumber": "175956",
    "EchoTime": 0.03,
    "EchoTrainLength": 63,
    "EffectiveEchoSpacing": 0.000334999,
    "FlipAngle": 72,
    "ImageOrientationPatientDICOM": [
      0.998603,
      -0.0191627,
      -0.0492357,
      0.00522873,
      0.963176,
      -0.268822
    ],
    "ImageType": [
      "ORIGINAL",
      "PRIMARY",
      "FMRI",
      "NONE"
    ],
    "ImagingFrequency": 123.263,
    "InPlanePhaseEncodingDirectionDICOM": "COL",
    "InstitutionAddress": "AT",
    "InstitutionName": "TU_Graz",
    "MRAcquisitionType": "2D",
    "MagneticFieldStrength": 3,
    "Manufacturer": "Siemens",
    "ManufacturersModelName": "MAGNETOM_Vida",
    "Modality": "MR",
    "MultibandAccelerationFactor": 3,
    "PartialFourier": 0.492188,
    "PatientPosition": "HFS",
    "PercentPhaseFOV": 100,
    "PhaseEncodingDirection": "j-",
    "PixelBandwidth": 1953,
    "ProcedureStepDescription": "TU_2020",
    "ProtocolName": "func_task-execution_acq-Fs2_run-02",
    "ReceiveCoilActiveElements": "HC1-7",
    "ReconMatrixPE": 128,
    "RepetitionTime": 2.3,
    "SequenceVariant": "SK",
    "SeriesDescription": "func_task-execution_acq-Fs2_run-02",
    "SeriesNumber": 12,
    "SliceThickness": 1.8,
    "SliceTiming": [
      0.0031775,
      0,
      0.00326,
      8e-05,
      0.00334,
      0.0001625,
      0.0034225,
      0.0002425,
      0.0035025,
      0.000325,
      0.003585,
      0.0004075,
      0.0036675,
      0.0004875,
      0.0037475,
      0.00057,
      0.00383,
      0.00065,
      0.00391,
      0.0007325,
      0.0039925,
      0.000815,
      0.004075,
      0.000895,
      0.004155,
      0.0009775,
      0.0042375,
      0.0010575,
      0.0043175,
      0.00114,
      0.0044,
      0.0012225,
      0.0044825,
      0.0013025,
      0.0045625,
      0.001385,
      0.004645,
      0.001465,
      0.004725,
      0.0015475,
      0.0048075,
      0.00163,
      0.00489,
      0.00171,
      0.00497,
      0.0017925,
      0.0050525,
      0.0018725,
      0.0051325,
      0.001955,
      0.005215,
      0.0020375,
      0.0052975,
      0.0021175,
      0.0053775,
      0.0022,
      0.00546,
      0.00228,
      0.00554,
      0.0023625,
      0.0056225,
      0.002445,
      0.005705,
      0.002525,
      0.005785,
      0.0026075,
      0.0058675,
      0.0026875,
      0.0059475,
      0.00277,
      0.00603,
      0.0028525,
      0.0061125,
      0.0029325,
      0.0061925,
      0.003015,
      0.006275,
      0.003095
    ],
    "SoftwareVersions": "syngo_MR_XA20",
    "SpacingBetweenSlices": 1.8,
    "StationName": "AWP175956",
    "TaskName": "execution",
    "TotalReadoutTime": 0.0425448,
    "acq_id": "Fs2",
    "dataset": "ds003612",
    "modality": "bold",
    "run_id": 2,
    "session_id": "1",
    "subject_id": "108TUSW011020",
    "task_id": "execution"
  },
  "dummy_trs": 0,
  "dvars_nstd": 56.38405113446702,
  "dvars_std": 1.3727917881725893,
  "dvars_vstd": 1.051875803147208,
  "efc": 0.46395343139316153,
  "fber": 6145.9814453125,
  "fd_mean": 0.14592337670237165,
  "fd_num": 27,
  "fd_perc": 13.636363636363637,
  "fwhm_avg": 2.302090907697441,
  "fwhm_x": 2.2242887587911944,
  "fwhm_y": 2.4714894612985776,
  "fwhm_z": 2.210494503002551,
  "gcor": 0.0140109,
  "gsr_x": -0.01907377690076828,
  "gsr_y": 0.023471521213650703,
  "provenance": {
    "md5sum": "6385503b741d2b2bccea0252a7ec5a62",
    "settings": {
      "fd_thres": 0.2,
      "testing": false
    },
    "software": "mriqc",
    "version": "21.0.0rc2",
    "webapi_port": null,
    "webapi_url": "https://mriqc.nimh.nih.gov/api/v1"
  },
  "size_t": 198,
  "size_x": 128,
  "size_y": 128,
  "size_z": 78,
  "snr": 4.747329288617018,
  "spacing_tr": 2.299999952316284,
  "spacing_x": 1.7968800067901611,
  "spacing_y": 1.7968800067901611,
  "spacing_z": 1.7999999523162842,
  "summary_bg_k": 40.91576373862475,
  "summary_bg_mad": 5.645868854360977,
  "summary_bg_mean": 25.69927978515625,
  "summary_bg_median": 7.823232173919678,
  "summary_bg_n": 931518.0,
  "summary_bg_p05": 2.7979798316955566,
  "summary_bg_p95": 107.86944694518996,
  "summary_bg_stdv": 56.84096145629883,
  "summary_fg_k": 1.3381239770269824,
  "summary_fg_mad": 119.31201537446285,
  "summary_fg_mean": 618.7603759765625,
  "summary_fg_median": 611.2020263671875,
  "summary_fg_n": 215570.0,
  "summary_fg_p05": 432.21439361572266,
  "summary_fg_p95": 838.528527832031,
  "summary_fg_stdv": 128.74620056152344,
  "tsnr": 34.18239543272648
}