{
  "aor": 0.0014712105263157895,
  "aqi": 0.029558213684210525,
  "bids_meta": {
    "AcquisitionMatrixPE": 128,
    "AcquisitionNumber": 1,
    "AcquisitionTime": "10:53:5.800000",
    "BandwidthPerPixelPhaseEncode": 23.321,
    "BodyPartExamined": "HEAD",
    "CoilString": "HeadNeck_64_CS",
    "ConversionSoftware": "dcm2niix",
    "ConversionSoftwareVersion": "v1.0.20190410  GCC6.3.0",
    "DerivedVendorReportedEchoSpacing": 0.000334999,
    "DeviceSerialNumber": "175956",
    "EchoTime": 0.03,
    "EchoTrainLength": 63,
    "EffectiveEchoSpacing": 0.000334999,
    "FlipAngle": 72,
    "ImageOrientationPatientDICOM": [
      0.997625,
      -0.03713,
      0.0580153,
      0.0571732,
      0.916109,
      -0.396832
    ],
    "ImageType": [
      "ORIGINAL",
      "PRIMARY",
      "FMRI",
      "NONE"
    ],
    "ImagingFrequency": 123.263,
    "InPlanePhaseEncodingDirectionDICOM": "COL",
    "InstitutionAddress": "AT",
    "InstitutionName": "TU_Graz",
    "MRAcquisitionType": "2D",
    "MagneticFieldStrength": 3,
    "Manufacturer": "Siemens",
    "ManufacturersModelName": "MAGNETOM_Vida",
    "Modality": "MR",
    "MultibandAccelerationFactor": 3,
    "PartialFourier": 0.492188,
    "PatientPosition": "HFS",
    "PercentPhaseFOV": 100,
    "PhaseEncodingDirection": "j-",
    "PixelBandwidth": 1953,
    "ProcedureStepDescription": "TU_2020",
    "ProtocolName": "func_task-execution_acq-Fs2_run-02",
    "ReceiveCoilActiveElements": "HC1-7;NC1",
    "ReconMatrixPE": 128,
    "RepetitionTime": 2.3,
    "SequenceVariant": "SK",
    "SeriesDescription": "func_task-execution_acq-Fs2_run-02",
    "SeriesNumber": 12,
    "SliceThickness": 1.8,
    "SliceTiming": [
      0.0031775,
      0,
      0.00326,
      8.25e-05,
      0.0033425,
      0.0001625,
      0.0034225,
      0.000245,
      0.003505,
      0.000325,
      0.003585,
      0.0004075,
      0.0036675,
      0.00049,
      0.00375,
      0.00057,
      0.00383,
      0.0006525,
      0.0039125,
      0.0007325,
      0.0039925,
      0.000815,
      0.004075,
      0.0008975,
      0.0041575,
      0.0009775,
      0.0042375,
      0.00106,
      0.00432,
      0.00114,
      0.0044,
      0.0012225,
      0.0044825,
      0.001305,
      0.004565,
      0.001385,
      0.004645,
      0.0014675,
      0.0047275,
      0.0015475,
      0.0048075,
      0.00163,
      0.00489,
      0.0017125,
      0.0049725,
      0.0017925,
      0.0050525,
      0.001875,
      0.005135,
      0.001955,
      0.005215,
      0.0020375,
      0.0052975,
      0.00212,
      0.00538,
      0.0022,
      0.00546,
      0.0022825,
      0.0055425,
      0.0023625,
      0.0056225,
      0.002445,
      0.005705,
      0.0025275,
      0.0057875,
      0.0026075,
      0.0058675,
      0.00269,
      0.00595,
      0.00277,
      0.00603,
      0.0028525,
      0.0061125,
      0.002935,
      0.006195,
      0.003015,
      0.006275,
      0.0030975
    ],
    "SoftwareVersions": "syngo_MR_XA20",
    "SpacingBetweenSlices": 1.8,
    "StationName": "AWP175956",
    "TaskName": "execution",
    "TotalReadoutTime": 0.0425448,
    "acq_id": "Fs2",
    "dataset": "ds003612",
    "modality": "bold",
    "run_id": 2,
    "session_id": "1",
    "subject_id": "108TUSW011010",
    "task_id": "execution"
  },
  "dummy_trs": 3,
  "dvars_nstd": 52.28493497724865,
  "dvars_std": 1.1502084659259253,
  "dvars_vstd": 1.0028238055555563,
  "efc": 0.4621205658106645,
  "fber": 5147.4580078125,
  "fd_mean": 0.13874034775293595,
  "fd_num": 26,
  "fd_perc": 13.68421052631579,
  "fwhm_avg": 2.143457973514326,
  "fwhm_x": 2.046753253473919,
  "fwhm_y": 2.2875372782084797,
  "fwhm_z": 2.0960833888605803,
  "gcor": 0.00569146,
  "gsr_x": -0.016726909205317497,
  "gsr_y": 0.030574236065149307,
  "provenance": {
    "md5sum": "2375e50682cfa9333118442171b01b0d",
    "settings": {
      "fd_thres": 0.2,
      "testing": false
    },
    "software": "mriqc",
    "version": "21.0.0rc2",
    "webapi_port": null,
    "webapi_url": "https://mriqc.nimh.nih.gov/api/v1"
  },
  "size_t": 190,
  "size_x": 128,
  "size_y": 128,
  "size_z": 78,
  "snr": 5.211960881410965,
  "spacing_tr": 2.299999952316284,
  "spacing_x": 1.7968800067901611,
  "spacing_y": 1.7968800067901611,
  "spacing_z": 1.7999999523162842,
  "summary_bg_k": 32.03311026633863,
  "summary_bg_mad": 6.117685360462593,
  "summary_bg_mean": 28.536746978759766,
  "summary_bg_median": 8.910526275634766,
  "summary_bg_n": 947076.0,
  "summary_bg_p05": 3.8526318073272705,
  "summary_bg_p95": 117.75263977050781,
  "summary_bg_stdv": 58.19623565673828,
  "summary_fg_k": 2.184197102728117,
  "summary_fg_mad": 109.11957757652713,
  "summary_fg_mean": 644.0480346679688,
  "summary_fg_median": 635.12109375,
  "summary_fg_n": 203811.0,
  "summary_fg_p05": 476.2526550292969,
  "summary_fg_p95": 842.8605651855469,
  "summary_fg_stdv": 121.85807800292969,
  "tsnr": 28.00358698796481
}