{
  "bids_meta": {
    "AcquisitionMatrixPE": 224,
    "AcquisitionNumber": 1,
    "AcquisitionTime": "16:09:40.780000",
    "BodyPartExamined": "HEAD",
    "CoilString": "HeadNeck_64_CS",
    "ConversionSoftware": "dcm2niix",
    "ConversionSoftwareVersion": "v1.0.20190410  GCC6.3.0",
    "DeviceSerialNumber": "175956",
    "EchoTime": 0.00236,
    "FlipAngle": 9,
    "ImageOrientationPatientDICOM": [
      0.06028,
      0.992966,
      -0.10191,
      -0.0184124,
      -0.100972,
      -0.994719
    ],
    "ImageType": [
      "ORIGINAL",
      "PRIMARY",
      "M",
      "NONE"
    ],
    "ImagingFrequency": 123.263,
    "InPlanePhaseEncodingDirectionDICOM": "ROW",
    "InstitutionAddress": "AT",
    "InstitutionName": "TU_Graz",
    "MRAcquisitionType": "3D",
    "MagneticFieldStrength": 3,
    "Manufacturer": "Siemens",
    "ManufacturersModelName": "MAGNETOM_Vida",
    "Modality": "MR",
    "PatientPosition": "HFS",
    "PercentPhaseFOV": 100,
    "PixelBandwidth": 251,
    "ProcedureStepDescription": "TU_2020",
    "ProtocolName": "anat-T1w",
    "ReceiveCoilActiveElements": "HC1-7;NC1_2",
    "ReconMatrixPE": 224,
    "RepetitionTime": 1.6,
    "SequenceVariant": "SK_SP_MP_OSP",
    "SeriesDescription": "anat-T1w",
    "SeriesNumber": 5,
    "SliceThickness": 1,
    "SoftwareVersions": "syngo_MR_XA20",
    "StationName": "AWP175956",
    "dataset": "ds003612",
    "modality": "T1w",
    "session_id": "1",
    "subject_id": "108TUSW011044"
  },
  "cjv": 0.3894352504534533,
  "cnr": 3.296462993676555,
  "efc": 0.6346726401762108,
  "fber": 5844.338882282996,
  "fwhm_avg": 4.167186666666667,
  "fwhm_x": 4.07037,
  "fwhm_y": 4.20512,
  "fwhm_z": 4.22607,
  "icvs_csf": 0.21179209274753558,
  "icvs_gm": 0.4077750676244404,
  "icvs_wm": 0.38043283962802404,
  "inu_med": 1.201282024383545,
  "inu_range": 0.455576628446579,
  "provenance": {
    "md5sum": "697edc51d868911b4ed184d60d04a01f",
    "settings": {
      "testing": false
    },
    "software": "mriqc",
    "version": "21.0.0rc2",
    "warnings": {
      "large_rot_frame": true,
      "small_air_mask": false
    },
    "webapi_port": null,
    "webapi_url": "https://mriqc.nimh.nih.gov/api/v1"
  },
  "qi_1": 0.0,
  "qi_2": 0.0078035630107062,
  "rpve_csf": 19.594342840002795,
  "rpve_gm": 10.348588686258566,
  "rpve_wm": 13.29911662846531,
  "size_x": 192,
  "size_y": 224,
  "size_z": 224,
  "snr_csf": 3.471770353652057,
  "snr_gm": 12.43126595077671,
  "snr_total": 12.469734592278078,
  "snr_wm": 21.506167472405465,
  "snrd_csf": 55.90466888929563,
  "snrd_gm": 97.93551840411187,
  "snrd_total": 94.90948785514267,
  "snrd_wm": 130.8882762720205,
  "spacing_x": 1.0,
  "spacing_y": 1.0,
  "spacing_z": 1.0,
  "summary_bg_k": 771.4413151955032,
  "summary_bg_mad": 5.0053098299811465,
  "summary_bg_mean": 10.634739802505623,
  "summary_bg_median": 10.028795525431633,
  "summary_bg_n": 1811646.0,
  "summary_bg_p05": 3.3760301768779755,
  "summary_bg_p95": 23.334326222538948,
  "summary_bg_stdv": 6.940343554051296,
  "summary_csf_k": 3.1159656061534955,
  "summary_csf_mad": 145.0803775719535,
  "summary_csf_mean": 440.7470480415596,
  "summary_csf_median": 427.11746487766504,
  "summary_csf_n": 27545.0,
  "summary_csf_p05": 263.04239828139544,
  "summary_csf_p95": 634.6936732530594,
  "summary_csf_stdv": 123.02360704036344,
  "summary_gm_k": 0.28596132227800286,
  "summary_gm_mad": 56.53055807978706,
  "summary_gm_mean": 752.0138439791491,
  "summary_gm_median": 748.2375117018819,
  "summary_gm_n": 21595.0,
  "summary_gm_p05": 657.0846969261765,
  "summary_gm_p95": 856.483961623162,
  "summary_gm_stdv": 60.18857533423922,
  "summary_wm_k": 0.9662408347842417,
  "summary_wm_mad": 41.514628589843625,
  "summary_wm_mean": 998.1456885402474,
  "summary_wm_median": 999.9999973922968,
  "summary_wm_n": 235810.0,
  "summary_wm_p05": 917.0886680483818,
  "summary_wm_p95": 1069.9036810547113,
  "summary_wm_stdv": 46.49819073165966,
  "tpm_overlap_csf": 0.17676237225532532,
  "tpm_overlap_gm": 0.4510359466075897,
  "tpm_overlap_wm": 0.5133254528045654,
  "wm2max": 0.4110360590167949
}