{
  "bids_meta": {
    "AcquisitionMatrixPE": 224,
    "AcquisitionNumber": 1,
    "AcquisitionTime": "14:46:3.880000",
    "BodyPartExamined": "HEAD",
    "CoilString": "HeadNeck_64_CS",
    "ConversionSoftware": "dcm2niix",
    "ConversionSoftwareVersion": "v1.0.20190410  GCC6.3.0",
    "DeviceSerialNumber": "175956",
    "EchoTime": 0.00236,
    "FlipAngle": 9,
    "ImageOrientationPatientDICOM": [
      0.0231113,
      0.995277,
      0.09428,
      0.0164078,
      0.0939148,
      -0.995445
    ],
    "ImageType": [
      "ORIGINAL",
      "PRIMARY",
      "M",
      "NONE"
    ],
    "ImagingFrequency": 123.263,
    "InPlanePhaseEncodingDirectionDICOM": "ROW",
    "InstitutionAddress": "AT",
    "InstitutionName": "TU_Graz",
    "MRAcquisitionType": "3D",
    "MagneticFieldStrength": 3,
    "Manufacturer": "Siemens",
    "ManufacturersModelName": "MAGNETOM_Vida",
    "Modality": "MR",
    "PatientPosition": "HFS",
    "PercentPhaseFOV": 100,
    "PixelBandwidth": 251,
    "ProcedureStepDescription": "TU_2020",
    "ProtocolName": "anat-T1w",
    "ReceiveCoilActiveElements": "HC1-7;NC1_2",
    "ReconMatrixPE": 224,
    "RepetitionTime": 1.6,
    "SequenceVariant": "SK_SP_MP_OSP",
    "SeriesDescription": "anat-T1w",
    "SeriesNumber": 5,
    "SliceThickness": 1,
    "SoftwareVersions": "syngo_MR_XA20",
    "StationName": "AWP175956",
    "dataset": "ds003612",
    "modality": "T1w",
    "session_id": "1",
    "subject_id": "108TUSW011035"
  },
  "cjv": 0.38449711486608124,
  "cnr": 3.3719310434376926,
  "efc": 0.612065332114006,
  "fber": 5905.495563271605,
  "fwhm_avg": 4.20769,
  "fwhm_x": 4.02833,
  "fwhm_y": 4.32928,
  "fwhm_z": 4.26546,
  "icvs_csf": 0.20119142168878382,
  "icvs_gm": 0.41253970031819226,
  "icvs_wm": 0.3862688779930239,
  "inu_med": 1.0063486099243164,
  "inu_range": 0.3471018940210343,
  "provenance": {
    "md5sum": "b58291c6f506ac0f2f21818bb1e8f0a0",
    "settings": {
      "testing": false
    },
    "software": "mriqc",
    "version": "21.0.0rc2",
    "warnings": {
      "large_rot_frame": true,
      "small_air_mask": false
    },
    "webapi_port": null,
    "webapi_url": "https://mriqc.nimh.nih.gov/api/v1"
  },
  "qi_1": 0.0,
  "qi_2": 0.0051412069610687295,
  "rpve_csf": 22.408764760695416,
  "rpve_gm": 11.394497268865061,
  "rpve_wm": 14.54584956570626,
  "size_x": 192,
  "size_y": 224,
  "size_z": 224,
  "snr_csf": 3.5430478608139193,
  "snr_gm": 13.28329480719613,
  "snr_total": 14.240292133773982,
  "snr_wm": 25.8945337333119,
  "snrd_csf": 52.60894462993205,
  "snrd_gm": 103.24497603997904,
  "snrd_total": 96.91754668072618,
  "snrd_wm": 134.8987193722675,
  "spacing_x": 1.0,
  "spacing_y": 1.0,
  "spacing_z": 1.0,
  "summary_bg_k": 5.504584604858,
  "summary_bg_mad": 4.856505362838898,
  "summary_bg_mean": 9.648421396009153,
  "summary_bg_median": 9.91926146671176,
  "summary_bg_n": 1675775.0,
  "summary_bg_p05": 3.32179918885231,
  "summary_bg_p95": 20.069203432649374,
  "summary_bg_stdv": 5.62150490299878,
  "summary_csf_k": 0.3806965839086671,
  "summary_csf_mad": 114.98289457650968,
  "summary_csf_mean": 413.39246701279063,
  "summary_csf_median": 389.98845199123025,
  "summary_csf_n": 20511.0,
  "summary_csf_p05": 266.5743849053979,
  "summary_csf_p95": 607.7969793602824,
  "summary_csf_stdv": 110.06877704822168,
  "summary_gm_k": 0.12370579342766241,
  "summary_gm_mad": 55.74720944667185,
  "summary_gm_mean": 766.736357403719,
  "summary_gm_median": 765.3517603315413,
  "summary_gm_n": 20103.0,
  "summary_gm_p05": 674.8373460453004,
  "summary_gm_p95": 865.9699804838746,
  "summary_gm_stdv": 57.61618148536077,
  "summary_wm_k": 0.8944157099777499,
  "summary_wm_mad": 34.47434792775781,
  "summary_wm_mean": 998.8249047221195,
  "summary_wm_median": 999.9999641440809,
  "summary_wm_n": 218694.0,
  "summary_wm_p05": 931.9030807726085,
  "summary_wm_p95": 1059.5155329443514,
  "summary_wm_stdv": 38.61809940819783,
  "tpm_overlap_csf": 0.17554594576358795,
  "tpm_overlap_gm": 0.45368972420692444,
  "tpm_overlap_wm": 0.5054665803909302,
  "wm2max": 0.408692372961252
}