{
  "aor": 0.0014405263157894737,
  "aqi": 0.019048222631578945,
  "bids_meta": {
    "AcquisitionMatrixPE": 128,
    "AcquisitionNumber": 1,
    "AcquisitionTime": "14:44:20.797500",
    "BandwidthPerPixelPhaseEncode": 23.321,
    "BodyPartExamined": "HEAD",
    "CoilString": "HeadNeck_64_CS",
    "ConversionSoftware": "dcm2niix",
    "ConversionSoftwareVersion": "v1.0.20190410  GCC6.3.0",
    "DerivedVendorReportedEchoSpacing": 0.000334999,
    "DeviceSerialNumber": "175956",
    "EchoTime": 0.03,
    "EchoTrainLength": 63,
    "EffectiveEchoSpacing": 0.000334999,
    "FlipAngle": 72,
    "ImageOrientationPatientDICOM": [
      0.99621,
      -0.084978,
      0.0185682,
      0.0869819,
      0.972212,
      -0.217342
    ],
    "ImageType": [
      "ORIGINAL",
      "PRIMARY",
      "FMRI",
      "NONE"
    ],
    "ImagingFrequency": 123.263,
    "InPlanePhaseEncodingDirectionDICOM": "COL",
    "InstitutionAddress": "AT",
    "InstitutionName": "TU_Graz",
    "MRAcquisitionType": "2D",
    "MagneticFieldStrength": 3,
    "Manufacturer": "Siemens",
    "ManufacturersModelName": "MAGNETOM_Vida",
    "Modality": "MR",
    "MultibandAccelerationFactor": 3,
    "PartialFourier": 0.492188,
    "PatientPosition": "HFS",
    "PercentPhaseFOV": 100,
    "PhaseEncodingDirection": "j-",
    "PixelBandwidth": 1953,
    "ProcedureStepDescription": "TU_2020",
    "ProtocolName": "func_task-execution_acq-Fs2_run-02",
    "ReceiveCoilActiveElements": "HC1-7",
    "ReconMatrixPE": 128,
    "RepetitionTime": 2.3,
    "SequenceVariant": "SK",
    "SeriesDescription": "func_task-execution_acq-Fs2_run-02",
    "SeriesNumber": 13,
    "SliceThickness": 1.8,
    "SliceTiming": [
      0.00318,
      0,
      0.00326,
      8.25e-05,
      0.0033425,
      0.0001625,
      0.0034225,
      0.000245,
      0.003505,
      0.0003275,
      0.0035875,
      0.0004075,
      0.0036675,
      0.00049,
      0.00375,
      0.00057,
      0.00383,
      0.0006525,
      0.0039125,
      0.000735,
      0.003995,
      0.000815,
      0.004075,
      0.0008975,
      0.0041575,
      0.0009775,
      0.0042375,
      0.00106,
      0.00432,
      0.0011425,
      0.0044025,
      0.0012225,
      0.0044825,
      0.001305,
      0.004565,
      0.001385,
      0.004645,
      0.0014675,
      0.0047275,
      0.00155,
      0.00481,
      0.00163,
      0.00489,
      0.0017125,
      0.0049725,
      0.0017925,
      0.0050525,
      0.001875,
      0.005135,
      0.0019575,
      0.0052175,
      0.0020375,
      0.0052975,
      0.00212,
      0.00538,
      0.0022,
      0.00546,
      0.0022825,
      0.0055425,
      0.002365,
      0.005625,
      0.002445,
      0.005705,
      0.0025275,
      0.0057875,
      0.0026075,
      0.0058675,
      0.00269,
      0.00595,
      0.0027725,
      0.0060325,
      0.0028525,
      0.0061125,
      0.002935,
      0.006195,
      0.003015,
      0.006275,
      0.0030975
    ],
    "SoftwareVersions": "syngo_MR_XA20",
    "SpacingBetweenSlices": 1.8,
    "StationName": "AWP175956",
    "TaskName": "execution",
    "TotalReadoutTime": 0.0425448,
    "acq_id": "Fs2",
    "dataset": "ds003612",
    "modality": "bold",
    "run_id": 2,
    "session_id": "1",
    "subject_id": "108TUSW011013",
    "task_id": "execution"
  },
  "dummy_trs": 0,
  "dvars_nstd": 48.687028471005306,
  "dvars_std": 1.20467294941799,
  "dvars_vstd": 1.0063559558201056,
  "efc": 0.4375910209285617,
  "fber": 5993.587890625,
  "fd_mean": 0.1609503412334752,
  "fd_num": 33,
  "fd_perc": 17.36842105263158,
  "fwhm_avg": 2.1874825733130123,
  "fwhm_x": 2.134015619022801,
  "fwhm_y": 2.303748711298014,
  "fwhm_z": 2.124683389618222,
  "gcor": 0.00536067,
  "gsr_x": -0.010035403072834015,
  "gsr_y": 0.01365061104297638,
  "provenance": {
    "md5sum": "5579f4cc95534f40736e8219080cab93",
    "settings": {
      "fd_thres": 0.2,
      "testing": false
    },
    "software": "mriqc",
    "version": "21.0.0rc2",
    "webapi_port": null,
    "webapi_url": "https://mriqc.nimh.nih.gov/api/v1"
  },
  "size_t": 190,
  "size_x": 128,
  "size_y": 128,
  "size_z": 78,
  "snr": 5.402234926141109,
  "spacing_tr": 2.299999952316284,
  "spacing_x": 1.7968800067901611,
  "spacing_y": 1.7968800067901611,
  "spacing_z": 1.7999999523162842,
  "summary_bg_k": 54.610759418826824,
  "summary_bg_mad": 5.743133094542051,
  "summary_bg_mean": 19.4293212890625,
  "summary_bg_median": 7.85263204574585,
  "summary_bg_n": 955256.0,
  "summary_bg_p05": 2.5631580352783203,
  "summary_bg_p95": 67.26447677612305,
  "summary_bg_stdv": 41.91905212402344,
  "summary_fg_k": 2.0391422740363447,
  "summary_fg_mad": 105.7641765595479,
  "summary_fg_mean": 607.9760131835938,
  "summary_fg_median": 601.8316040039062,
  "summary_fg_n": 197645.0,
  "summary_fg_p05": 449.89580078125,
  "summary_fg_p95": 786.7210693359375,
  "summary_fg_stdv": 111.4039077758789,
  "tsnr": 33.28135383920744
}