{
  "aor": 0.0010732085561497326,
  "aqi": 0.022253538235294117,
  "bids_meta": {
    "AcquisitionMatrixPE": 128,
    "AcquisitionNumber": 1,
    "AcquisitionTime": "14:21:12.797500",
    "BandwidthPerPixelPhaseEncode": 23.321,
    "BodyPartExamined": "HEAD",
    "CoilString": "HeadNeck_64_CS",
    "ConversionSoftware": "dcm2niix",
    "ConversionSoftwareVersion": "v1.0.20190410  GCC6.3.0",
    "DerivedVendorReportedEchoSpacing": 0.000334999,
    "DeviceSerialNumber": "175956",
    "EchoTime": 0.03,
    "EchoTrainLength": 63,
    "EffectiveEchoSpacing": 0.000334999,
    "FlipAngle": 72,
    "ImageOrientationPatientDICOM": [
      0.99621,
      -0.084978,
      0.0185682,
      0.0869819,
      0.972212,
      -0.217342
    ],
    "ImageType": [
      "ORIGINAL",
      "PRIMARY",
      "FMRI",
      "NONE"
    ],
    "ImagingFrequency": 123.263,
    "InPlanePhaseEncodingDirectionDICOM": "COL",
    "InstitutionAddress": "AT",
    "InstitutionName": "TU_Graz",
    "MRAcquisitionType": "2D",
    "MagneticFieldStrength": 3,
    "Manufacturer": "Siemens",
    "ManufacturersModelName": "MAGNETOM_Vida",
    "Modality": "MR",
    "MultibandAccelerationFactor": 3,
    "PartialFourier": 0.492188,
    "PatientPosition": "HFS",
    "PercentPhaseFOV": 100,
    "PhaseEncodingDirection": "j-",
    "PixelBandwidth": 1953,
    "ProcedureStepDescription": "TU_2020",
    "ProtocolName": "func_task-imagery_acq-Fs2_run-01",
    "ReceiveCoilActiveElements": "HC1-7",
    "ReconMatrixPE": 128,
    "RepetitionTime": 2.3,
    "SequenceVariant": "SK",
    "SeriesDescription": "func_task-imagery_acq-Fs2_run-01",
    "SeriesNumber": 7,
    "SliceThickness": 1.8,
    "SliceTiming": [
      0.00318,
      0,
      0.00326,
      8.25e-05,
      0.0033425,
      0.000165,
      0.003425,
      0.000245,
      0.003505,
      0.0003275,
      0.0035875,
      0.0004075,
      0.0036675,
      0.00049,
      0.00375,
      0.0005725,
      0.0038325,
      0.0006525,
      0.0039125,
      0.000735,
      0.003995,
      0.000815,
      0.004075,
      0.0008975,
      0.0041575,
      0.00098,
      0.00424,
      0.00106,
      0.00432,
      0.0011425,
      0.0044025,
      0.0012225,
      0.0044825,
      0.001305,
      0.004565,
      0.0013875,
      0.0046475,
      0.0014675,
      0.0047275,
      0.00155,
      0.00481,
      0.00163,
      0.00489,
      0.0017125,
      0.0049725,
      0.001795,
      0.005055,
      0.001875,
      0.005135,
      0.0019575,
      0.0052175,
      0.0020375,
      0.0052975,
      0.00212,
      0.00538,
      0.0022025,
      0.0054625,
      0.0022825,
      0.0055425,
      0.002365,
      0.005625,
      0.002445,
      0.005705,
      0.0025275,
      0.0057875,
      0.00261,
      0.00587,
      0.00269,
      0.00595,
      0.0027725,
      0.0060325,
      0.0028525,
      0.0061125,
      0.002935,
      0.006195,
      0.0030175,
      0.0062775,
      0.0030975
    ],
    "SoftwareVersions": "syngo_MR_XA20",
    "SpacingBetweenSlices": 1.8,
    "StationName": "AWP175956",
    "TaskName": "imagery",
    "TotalReadoutTime": 0.0425448,
    "acq_id": "Fs2",
    "dataset": "ds003612",
    "modality": "bold",
    "run_id": 1,
    "session_id": "1",
    "subject_id": "108TUSW011013",
    "task_id": "imagery"
  },
  "dummy_trs": 0,
  "dvars_nstd": 47.53859998064343,
  "dvars_std": 1.1826682572922262,
  "dvars_vstd": 1.005393937479893,
  "efc": 0.4394284328876587,
  "fber": 5791.51806640625,
  "fd_mean": 0.15692660079266507,
  "fd_num": 74,
  "fd_perc": 19.78609625668449,
  "fwhm_avg": 2.172545508222141,
  "fwhm_x": 2.117175318120319,
  "fwhm_y": 2.2916944840161975,
  "fwhm_z": 2.1087667225299076,
  "gcor": 0.0153339,
  "gsr_x": -0.010918647982180119,
  "gsr_y": 0.014427405782043934,
  "provenance": {
    "md5sum": "905a19b45b3567fcc9afb1ebfed6f9de",
    "settings": {
      "fd_thres": 0.2,
      "testing": false
    },
    "software": "mriqc",
    "version": "21.0.0rc2",
    "webapi_port": null,
    "webapi_url": "https://mriqc.nimh.nih.gov/api/v1"
  },
  "size_t": 374,
  "size_x": 128,
  "size_y": 128,
  "size_z": 78,
  "snr": 5.516480237387203,
  "spacing_tr": 2.299999952316284,
  "spacing_x": 1.7968800067901611,
  "spacing_y": 1.7968800067901611,
  "spacing_z": 1.7999999523162842,
  "summary_bg_k": 53.32551870606427,
  "summary_bg_mad": 5.970050939452325,
  "summary_bg_mean": 19.705720901489258,
  "summary_bg_median": 7.99465274810791,
  "summary_bg_n": 954738.0,
  "summary_bg_p05": 2.582887649536133,
  "summary_bg_p95": 67.27540588378906,
  "summary_bg_stdv": 41.153221130371094,
  "summary_fg_k": 2.008205429524229,
  "summary_fg_mad": 103.89911472943868,
  "summary_fg_mean": 608.3309936523438,
  "summary_fg_median": 603.114990234375,
  "summary_fg_n": 198304.0,
  "summary_fg_p05": 453.6898498535156,
  "summary_fg_p95": 782.1546874999999,
  "summary_fg_stdv": 109.32939910888672,
  "tsnr": 31.136637875810266
}