{
  "bids_meta": {
    "AcquisitionMatrixPE": 224,
    "AcquisitionNumber": 1,
    "AcquisitionTime": "12:48:57.185000",
    "BodyPartExamined": "HEAD",
    "CoilString": "HeadNeck_64_CS",
    "ConversionSoftware": "dcm2niix",
    "ConversionSoftwareVersion": "v1.0.20190410  GCC6.3.0",
    "DeviceSerialNumber": "175956",
    "EchoTime": 0.00236,
    "FlipAngle": 9,
    "ImageOrientationPatientDICOM": [
      0.0823647,
      0.993945,
      0.0727278,
      0.00996941,
      0.0721504,
      -0.997344
    ],
    "ImageType": [
      "ORIGINAL",
      "PRIMARY",
      "M",
      "NONE"
    ],
    "ImagingFrequency": 123.263,
    "InPlanePhaseEncodingDirectionDICOM": "ROW",
    "InstitutionAddress": "AT",
    "InstitutionName": "TU_Graz",
    "MRAcquisitionType": "3D",
    "MagneticFieldStrength": 3,
    "Manufacturer": "Siemens",
    "ManufacturersModelName": "MAGNETOM_Vida",
    "Modality": "MR",
    "PatientPosition": "HFS",
    "PercentPhaseFOV": 100,
    "PixelBandwidth": 251,
    "ProcedureStepDescription": "TU_2020",
    "ProtocolName": "anat-T1w",
    "ReceiveCoilActiveElements": "HC1-7;NC1",
    "ReconMatrixPE": 224,
    "RepetitionTime": 1.6,
    "SequenceVariant": "SK_SP_MP_OSP",
    "SeriesDescription": "anat-T1w",
    "SeriesNumber": 5,
    "SliceThickness": 1,
    "SoftwareVersions": "syngo_MR_XA20",
    "StationName": "AWP175956",
    "dataset": "ds003612",
    "modality": "T1w",
    "session_id": "1",
    "subject_id": "108TUSW011034"
  },
  "cjv": 0.35888636012915964,
  "cnr": 3.514484280204514,
  "efc": 0.605176389829765,
  "fber": 5339.024317570165,
  "fwhm_avg": 4.4095466666666665,
  "fwhm_x": 4.34544,
  "fwhm_y": 4.37548,
  "fwhm_z": 4.50772,
  "icvs_csf": 0.22419520485509142,
  "icvs_gm": 0.39503780542364264,
  "icvs_wm": 0.38076698972126594,
  "inu_med": 0.9648504257202148,
  "inu_range": 0.3381429761648178,
  "provenance": {
    "md5sum": "6ed1f4e96671ae1d5cf3a843c828ec39",
    "settings": {
      "testing": false
    },
    "software": "mriqc",
    "version": "21.0.0rc2",
    "warnings": {
      "large_rot_frame": true,
      "small_air_mask": false
    },
    "webapi_port": null,
    "webapi_url": "https://mriqc.nimh.nih.gov/api/v1"
  },
  "qi_1": 0.0,
  "qi_2": 0.015722385665560116,
  "rpve_csf": 20.011838304246307,
  "rpve_gm": 11.195026655609524,
  "rpve_wm": 14.161338192869778,
  "size_x": 192,
  "size_y": 224,
  "size_z": 224,
  "snr_csf": 3.79343068174201,
  "snr_gm": 13.554253195910421,
  "snr_total": 14.307477330627826,
  "snr_wm": 25.57474811423105,
  "snrd_csf": 52.76016252474014,
  "snrd_gm": 95.49150736255389,
  "snrd_total": 91.33631501951383,
  "snrd_wm": 125.75727517124746,
  "spacing_x": 1.0,
  "spacing_y": 1.0,
  "spacing_z": 1.0,
  "summary_bg_k": 4.832221900437897,
  "summary_bg_mad": 5.2095305804693055,
  "summary_bg_mean": 7.990946198413419,
  "summary_bg_median": 7.027549959719181,
  "summary_bg_n": 1665944.0,
  "summary_bg_p05": 3.5137749798595905,
  "summary_bg_p95": 17.416102074086666,
  "summary_bg_stdv": 4.710125025813475,
  "summary_csf_k": 1.8099425762231327,
  "summary_csf_mad": 127.7089996646932,
  "summary_csf_mean": 434.31940093865416,
  "summary_csf_median": 419.53964016772807,
  "summary_csf_n": 29040.0,
  "summary_csf_p05": 271.1692185362801,
  "summary_csf_p95": 607.4247530400753,
  "summary_csf_stdv": 110.59445969215174,
  "summary_gm_k": 0.10592873489531485,
  "summary_gm_mad": 53.227812452621166,
  "summary_gm_mean": 760.9574567698497,
  "summary_gm_median": 759.3318655751646,
  "summary_gm_n": 23152.0,
  "summary_gm_p05": 671.1819454282522,
  "summary_gm_p95": 857.1803139092401,
  "summary_gm_stdv": 56.02045760718512,
  "summary_wm_k": 1.1101519165610902,
  "summary_wm_mad": 33.14469456269602,
  "summary_wm_mean": 997.3959370711752,
  "summary_wm_median": 999.9999895580113,
  "summary_wm_n": 229910.0,
  "summary_wm_p05": 925.395926579833,
  "summary_wm_p95": 1056.1185406856239,
  "summary_wm_stdv": 39.10098392074419,
  "tpm_overlap_csf": 0.1605374962091446,
  "tpm_overlap_gm": 0.4349743127822876,
  "tpm_overlap_wm": 0.4903309941291809,
  "wm2max": 0.41167714884696016
}