{
  "bids_meta": {
    "AcquisitionMatrixPE": 224,
    "AcquisitionNumber": 1,
    "AcquisitionTime": "14:36:35.625000",
    "BodyPartExamined": "HEAD",
    "CoilString": "HeadNeck_64_CS",
    "ConversionSoftware": "dcm2niix",
    "ConversionSoftwareVersion": "v1.0.20190410  GCC6.3.0",
    "DeviceSerialNumber": "175956",
    "EchoTime": 0.00236,
    "FlipAngle": 9,
    "ImageOrientationPatientDICOM": [
      0.186261,
      0.960519,
      0.206665,
      0.0319349,
      0.204316,
      -0.978384
    ],
    "ImageType": [
      "ORIGINAL",
      "PRIMARY",
      "M",
      "NONE"
    ],
    "ImagingFrequency": 123.263,
    "InPlanePhaseEncodingDirectionDICOM": "ROW",
    "InstitutionAddress": "AT",
    "InstitutionName": "TU_Graz",
    "MRAcquisitionType": "3D",
    "MagneticFieldStrength": 3,
    "Manufacturer": "Siemens",
    "ManufacturersModelName": "MAGNETOM_Vida",
    "Modality": "MR",
    "PatientPosition": "HFS",
    "PercentPhaseFOV": 100,
    "PixelBandwidth": 251,
    "ProcedureStepDescription": "TU_2020",
    "ProtocolName": "anat-T1w",
    "ReceiveCoilActiveElements": "HC1-7;NC1_2",
    "ReconMatrixPE": 224,
    "RepetitionTime": 1.6,
    "SequenceVariant": "SK_SP_MP_OSP",
    "SeriesDescription": "anat-T1w",
    "SeriesNumber": 5,
    "SliceThickness": 1,
    "SoftwareVersions": "syngo_MR_XA20",
    "StationName": "AWP175956",
    "dataset": "ds003612",
    "modality": "T1w",
    "session_id": "1",
    "subject_id": "108TUSW011017"
  },
  "cjv": 0.33443674021953923,
  "cnr": 3.903420847692227,
  "efc": 0.6018447580055674,
  "fber": 5406.411178355287,
  "fwhm_avg": 4.273376666666667,
  "fwhm_x": 4.1394,
  "fwhm_y": 4.33627,
  "fwhm_z": 4.34446,
  "icvs_csf": 0.18444437669630112,
  "icvs_gm": 0.4381573263134199,
  "icvs_wm": 0.37739829699027894,
  "inu_med": 1.0688847303390503,
  "inu_range": 0.3947136133909225,
  "provenance": {
    "md5sum": "9a60a97ab3e282ed9b886d13f8b45344",
    "settings": {
      "testing": false
    },
    "software": "mriqc",
    "version": "21.0.0rc2",
    "warnings": {
      "large_rot_frame": true,
      "small_air_mask": false
    },
    "webapi_port": null,
    "webapi_url": "https://mriqc.nimh.nih.gov/api/v1"
  },
  "qi_1": 0.0,
  "qi_2": 0.014718194358998855,
  "rpve_csf": 24.231455481232892,
  "rpve_gm": 11.07727008830332,
  "rpve_wm": 14.775124550642337,
  "size_x": 192,
  "size_y": 224,
  "size_z": 224,
  "snr_csf": 3.298857641738098,
  "snr_gm": 15.64603399563956,
  "snr_total": 14.242016054582068,
  "snr_wm": 23.781156526368548,
  "snrd_csf": 51.88335000228527,
  "snrd_gm": 97.37833764877146,
  "snrd_total": 93.02474024621931,
  "snrd_wm": 129.81253308760122,
  "spacing_x": 1.0,
  "spacing_y": 1.0,
  "spacing_z": 1.0,
  "summary_bg_k": 6.2757546879899415,
  "summary_bg_mad": 5.046788488675834,
  "summary_bg_mean": 10.769209732541523,
  "summary_bg_median": 10.260649994015694,
  "summary_bg_n": 1664437.0,
  "summary_bg_p05": 3.4040071070194244,
  "summary_bg_p95": 20.618557333946228,
  "summary_bg_stdv": 5.506817234248659,
  "summary_csf_k": -0.7996080403818611,
  "summary_csf_mad": 123.50212401573864,
  "summary_csf_mean": 430.84849251461554,
  "summary_csf_median": 399.67906303703785,
  "summary_csf_n": 19547.0,
  "summary_csf_p05": 268.4302747249603,
  "summary_csf_p95": 639.987376190722,
  "summary_csf_stdv": 121.15370918399204,
  "summary_gm_k": 0.45908114346835616,
  "summary_gm_mad": 45.56529035490182,
  "summary_gm_mean": 750.3478847700686,
  "summary_gm_median": 750.1459090411663,
  "summary_gm_n": 30040.0,
  "summary_gm_p05": 672.1455176174641,
  "summary_gm_p95": 829.1675025969744,
  "summary_gm_stdv": 47.943998035681545,
  "summary_wm_k": 0.9432427258880907,
  "summary_wm_mad": 37.99510762188807,
  "summary_wm_mean": 998.2687969992644,
  "summary_wm_median": 1000.0000306963921,
  "summary_wm_n": 195838.0,
  "summary_wm_p05": 924.6255876123905,
  "summary_wm_p95": 1062.5365041196346,
  "summary_wm_stdv": 42.0499935086676,
  "tpm_overlap_csf": 0.17206712067127228,
  "tpm_overlap_gm": 0.46898454427719116,
  "tpm_overlap_wm": 0.5057954788208008,
  "wm2max": 0.44043692439494536
}