{
  "aor": 0.0008202777777777778,
  "aqi": 0.027246739393939394,
  "bids_meta": {
    "AcquisitionMatrixPE": 128,
    "AcquisitionNumber": 1,
    "AcquisitionTime": "13:05:34.775000",
    "BandwidthPerPixelPhaseEncode": 23.321,
    "BodyPartExamined": "HEAD",
    "CoilString": "HeadNeck_64_CS",
    "ConversionSoftware": "dcm2niix",
    "ConversionSoftwareVersion": "v1.0.20190410  GCC6.3.0",
    "DerivedVendorReportedEchoSpacing": 0.000334999,
    "DeviceSerialNumber": "175956",
    "EchoTime": 0.03,
    "EchoTrainLength": 63,
    "EffectiveEchoSpacing": 0.000334999,
    "FlipAngle": 72,
    "ImageOrientationPatientDICOM": [
      0.999433,
      -0.031793,
      0.0111109,
      0.0336785,
      0.943487,
      -0.329694
    ],
    "ImageType": [
      "ORIGINAL",
      "PRIMARY",
      "FMRI",
      "NONE"
    ],
    "ImagingFrequency": 123.263,
    "InPlanePhaseEncodingDirectionDICOM": "COL",
    "InstitutionAddress": "AT",
    "InstitutionName": "TU_Graz",
    "MRAcquisitionType": "2D",
    "MagneticFieldStrength": 3,
    "Manufacturer": "Siemens",
    "ManufacturersModelName": "MAGNETOM_Vida",
    "Modality": "MR",
    "MultibandAccelerationFactor": 3,
    "PartialFourier": 0.492188,
    "PatientPosition": "HFS",
    "PercentPhaseFOV": 100,
    "PhaseEncodingDirection": "j-",
    "PixelBandwidth": 1953,
    "ProcedureStepDescription": "TU_2020",
    "ProtocolName": "func_task-imagery_acq-Fs2_run-01",
    "ReceiveCoilActiveElements": "HC1-7;NC1",
    "ReconMatrixPE": 128,
    "RepetitionTime": 2.3,
    "SequenceVariant": "SK",
    "SeriesDescription": "func_task-imagery_acq-Fs2_run-01",
    "SeriesNumber": 7,
    "SliceThickness": 1.8,
    "SliceTiming": [
      0.00318,
      0,
      0.00326,
      8.25e-05,
      0.0033425,
      0.000165,
      0.003425,
      0.000245,
      0.003505,
      0.0003275,
      0.0035875,
      0.0004075,
      0.0036675,
      0.00049,
      0.00375,
      0.0005725,
      0.0038325,
      0.0006525,
      0.0039125,
      0.000735,
      0.003995,
      0.000815,
      0.004075,
      0.0008975,
      0.0041575,
      0.00098,
      0.00424,
      0.00106,
      0.00432,
      0.0011425,
      0.0044025,
      0.0012225,
      0.0044825,
      0.001305,
      0.004565,
      0.0013875,
      0.0046475,
      0.0014675,
      0.0047275,
      0.00155,
      0.00481,
      0.00163,
      0.00489,
      0.0017125,
      0.0049725,
      0.001795,
      0.005055,
      0.001875,
      0.005135,
      0.0019575,
      0.0052175,
      0.0020375,
      0.0052975,
      0.00212,
      0.00538,
      0.0022025,
      0.0054625,
      0.0022825,
      0.0055425,
      0.002365,
      0.005625,
      0.002445,
      0.005705,
      0.0025275,
      0.0057875,
      0.00261,
      0.00587,
      0.00269,
      0.00595,
      0.0027725,
      0.0060325,
      0.0028525,
      0.0061125,
      0.002935,
      0.006195,
      0.0030175,
      0.0062775,
      0.0030975
    ],
    "SoftwareVersions": "syngo_MR_XA20",
    "SpacingBetweenSlices": 1.8,
    "StationName": "AWP175956",
    "TaskName": "imagery",
    "TotalReadoutTime": 0.0425448,
    "acq_id": "Fs2",
    "dataset": "ds003612",
    "modality": "bold",
    "run_id": 1,
    "session_id": "1",
    "subject_id": "108TUSW011012",
    "task_id": "imagery"
  },
  "dummy_trs": 0,
  "dvars_nstd": 58.58812380427847,
  "dvars_std": 1.1933794602784809,
  "dvars_vstd": 0.992223398101265,
  "efc": 0.5045825252220479,
  "fber": 3292.935791015625,
  "fd_mean": 0.09749591746951883,
  "fd_num": 28,
  "fd_perc": 7.070707070707071,
  "fwhm_avg": 2.049871280792295,
  "fwhm_x": 1.9756800602070335,
  "fwhm_y": 2.1604892843873436,
  "fwhm_z": 2.0134444977825083,
  "gcor": 0.0200339,
  "gsr_x": -0.016250604763627052,
  "gsr_y": 0.02588573843240738,
  "provenance": {
    "md5sum": "a2a28cf5b8dc5d4693d5ab9f266a54fd",
    "settings": {
      "fd_thres": 0.2,
      "testing": false
    },
    "software": "mriqc",
    "version": "21.0.0rc2",
    "webapi_port": null,
    "webapi_url": "https://mriqc.nimh.nih.gov/api/v1"
  },
  "size_t": 396,
  "size_x": 128,
  "size_y": 128,
  "size_z": 78,
  "snr": 5.400380354264144,
  "spacing_tr": 2.299999952316284,
  "spacing_x": 1.7968800067901611,
  "spacing_y": 1.7968800067901611,
  "spacing_z": 1.7999999523162842,
  "summary_bg_k": 17.66768384241984,
  "summary_bg_mad": 7.371827147711876,
  "summary_bg_mean": 30.766828536987305,
  "summary_bg_median": 9.707070350646973,
  "summary_bg_n": 903178.0,
  "summary_bg_p05": 3.4671716690063477,
  "summary_bg_p95": 153.19735336303688,
  "summary_bg_stdv": 59.02152633666992,
  "summary_fg_k": 2.1227532482436935,
  "summary_fg_mad": 92.20213067991708,
  "summary_fg_mean": 559.1896362304688,
  "summary_fg_median": 553.0479736328125,
  "summary_fg_n": 242391.0,
  "summary_fg_p05": 415.7664031982422,
  "summary_fg_p95": 727.5606079101562,
  "summary_fg_stdv": 102.40886688232422,
  "tsnr": 26.935628266073763
}