{
  "bids_meta": {
    "AcquisitionMatrixPE": 224,
    "AcquisitionNumber": 1,
    "AcquisitionTime": "12:51:40.610000",
    "BodyPartExamined": "HEAD",
    "CoilString": "HeadNeck_64_CS",
    "ConversionSoftware": "dcm2niix",
    "ConversionSoftwareVersion": "v1.0.20190410  GCC6.3.0",
    "DeviceSerialNumber": "175956",
    "EchoTime": 0.00236,
    "FlipAngle": 9,
    "ImageOrientationPatientDICOM": [
      0.0776046,
      0.991632,
      0.103171,
      0.0551902,
      0.0990512,
      -0.993551
    ],
    "ImageType": [
      "ORIGINAL",
      "PRIMARY",
      "M",
      "NONE"
    ],
    "ImagingFrequency": 123.263,
    "InPlanePhaseEncodingDirectionDICOM": "ROW",
    "InstitutionAddress": "AT",
    "InstitutionName": "TU_Graz",
    "MRAcquisitionType": "3D",
    "MagneticFieldStrength": 3,
    "Manufacturer": "Siemens",
    "ManufacturersModelName": "MAGNETOM_Vida",
    "Modality": "MR",
    "PatientPosition": "HFS",
    "PercentPhaseFOV": 100,
    "PixelBandwidth": 251,
    "ProcedureStepDescription": "TU_2020",
    "ProtocolName": "anat-T1w",
    "ReceiveCoilActiveElements": "HC1-7;NC1_2",
    "ReconMatrixPE": 224,
    "RepetitionTime": 1.6,
    "SequenceVariant": "SK_SP_MP_OSP",
    "SeriesDescription": "anat-T1w",
    "SeriesNumber": 5,
    "SliceThickness": 1,
    "SoftwareVersions": "syngo_MR_XA20",
    "StationName": "AWP175956",
    "dataset": "ds003612",
    "modality": "T1w",
    "session_id": "1",
    "subject_id": "108TUSW011048"
  },
  "cjv": 0.40958758258715366,
  "cnr": 3.227277605759761,
  "efc": 0.6233823597736871,
  "fber": 4407.334027488546,
  "fwhm_avg": 4.407816666666666,
  "fwhm_x": 4.26305,
  "fwhm_y": 4.50747,
  "fwhm_z": 4.45293,
  "icvs_csf": 0.20089610300090963,
  "icvs_gm": 0.413102228094853,
  "icvs_wm": 0.3860016689042374,
  "inu_med": 1.4413278102874756,
  "inu_range": 0.5095882475376128,
  "provenance": {
    "md5sum": "cd96bc6051b5deb14c31dd2af1d18419",
    "settings": {
      "testing": false
    },
    "software": "mriqc",
    "version": "21.0.0rc2",
    "warnings": {
      "large_rot_frame": true,
      "small_air_mask": false
    },
    "webapi_port": null,
    "webapi_url": "https://mriqc.nimh.nih.gov/api/v1"
  },
  "qi_1": 1.9594264655607595e-05,
  "qi_2": 0.01706087548614855,
  "rpve_csf": 22.767945630141885,
  "rpve_gm": 11.526614813957597,
  "rpve_wm": 14.65463532192827,
  "size_x": 192,
  "size_y": 224,
  "size_z": 224,
  "snr_csf": 3.792217302816623,
  "snr_gm": 13.831263484743602,
  "snr_total": 13.173477066029719,
  "snr_wm": 21.896950410528934,
  "snrd_csf": 43.404939523972686,
  "snrd_gm": 87.37897049627757,
  "snrd_total": 81.55861560509959,
  "snrd_wm": 113.8919367950485,
  "spacing_x": 1.0,
  "spacing_y": 1.0,
  "spacing_z": 1.0,
  "summary_bg_k": 9.76623946798416,
  "summary_bg_mad": 5.752262928416284,
  "summary_bg_mean": 11.602578685305192,
  "summary_bg_median": 11.52195617556572,
  "summary_bg_n": 1751966.0,
  "summary_bg_p05": 3.879842385649681,
  "summary_bg_p95": 23.161483332514763,
  "summary_bg_stdv": 6.38167896074744,
  "summary_csf_k": 33.14361742964402,
  "summary_csf_mad": 54.99511981561629,
  "summary_csf_mean": 407.21091140095615,
  "summary_csf_median": 381.1063361540437,
  "summary_csf_n": 38129.0,
  "summary_csf_p05": 295.5734471976757,
  "summary_csf_p95": 600.082288980484,
  "summary_csf_stdv": 100.49564887715447,
  "summary_gm_k": 0.19145416543707228,
  "summary_gm_mad": 53.33916533622373,
  "summary_gm_mean": 768.5532093072853,
  "summary_gm_median": 767.2094390168786,
  "summary_gm_n": 28259.0,
  "summary_gm_p05": 679.7248717695475,
  "summary_gm_p95": 862.2126705236732,
  "summary_gm_stdv": 55.468241577463935,
  "summary_wm_k": 0.6852433796431492,
  "summary_wm_mad": 42.00895047722196,
  "summary_wm_mean": 1000.0749639821363,
  "summary_wm_median": 999.9999821558595,
  "summary_wm_n": 217933.0,
  "summary_wm_p05": 924.1666991636157,
  "summary_wm_p95": 1074.833911806345,
  "summary_wm_stdv": 45.66835422841914,
  "tpm_overlap_csf": 0.15650247037410736,
  "tpm_overlap_gm": 0.43791618943214417,
  "tpm_overlap_wm": 0.4896990656852722,
  "wm2max": 0.45094379758695136
}