{
  "aor": 0.0005741414141414141,
  "aqi": 0.019671795454545456,
  "bids_meta": {
    "AcquisitionMatrixPE": 128,
    "AcquisitionNumber": 1,
    "AcquisitionTime": "15:40:28.822500",
    "BandwidthPerPixelPhaseEncode": 23.321,
    "BodyPartExamined": "HEAD",
    "CoilString": "HeadNeck_64_CS",
    "ConversionSoftware": "dcm2niix",
    "ConversionSoftwareVersion": "v1.0.20190410  GCC6.3.0",
    "DerivedVendorReportedEchoSpacing": 0.000334999,
    "DeviceSerialNumber": "175956",
    "EchoTime": 0.03,
    "EchoTrainLength": 63,
    "EffectiveEchoSpacing": 0.000334999,
    "FlipAngle": 72,
    "ImageOrientationPatientDICOM": [
      1,
      4.47537e-07,
      8.73465e-07,
      -4.68072e-08,
      0.910715,
      -0.413035
    ],
    "ImageType": [
      "ORIGINAL",
      "PRIMARY",
      "FMRI",
      "NONE"
    ],
    "ImagingFrequency": 123.263,
    "InPlanePhaseEncodingDirectionDICOM": "COL",
    "InstitutionAddress": "AT",
    "InstitutionName": "TU_Graz",
    "MRAcquisitionType": "2D",
    "MagneticFieldStrength": 3,
    "Manufacturer": "Siemens",
    "ManufacturersModelName": "MAGNETOM_Vida",
    "Modality": "MR",
    "MultibandAccelerationFactor": 3,
    "PartialFourier": 0.492188,
    "PatientPosition": "HFS",
    "PercentPhaseFOV": 100,
    "PhaseEncodingDirection": "j-",
    "PixelBandwidth": 1953,
    "ProcedureStepDescription": "TU_2020",
    "ProtocolName": "func_task-execution_acq-Fs2_run-02",
    "ReceiveCoilActiveElements": "HC1-7;NC1",
    "ReconMatrixPE": 128,
    "RepetitionTime": 2.3,
    "SequenceVariant": "SK",
    "SeriesDescription": "func_task-execution_acq-Fs2_run-02",
    "SeriesNumber": 12,
    "SliceThickness": 1.8,
    "SliceTiming": [
      0.0031775,
      0,
      0.00326,
      8e-05,
      0.00334,
      0.0001625,
      0.0034225,
      0.0002425,
      0.0035025,
      0.000325,
      0.003585,
      0.0004075,
      0.0036675,
      0.0004875,
      0.0037475,
      0.00057,
      0.00383,
      0.00065,
      0.00391,
      0.0007325,
      0.0039925,
      0.000815,
      0.004075,
      0.000895,
      0.004155,
      0.0009775,
      0.0042375,
      0.0010575,
      0.0043175,
      0.00114,
      0.0044,
      0.0012225,
      0.0044825,
      0.0013025,
      0.0045625,
      0.001385,
      0.004645,
      0.001465,
      0.004725,
      0.0015475,
      0.0048075,
      0.00163,
      0.00489,
      0.00171,
      0.00497,
      0.0017925,
      0.0050525,
      0.0018725,
      0.0051325,
      0.001955,
      0.005215,
      0.0020375,
      0.0052975,
      0.0021175,
      0.0053775,
      0.0022,
      0.00546,
      0.00228,
      0.00554,
      0.0023625,
      0.0056225,
      0.002445,
      0.005705,
      0.002525,
      0.005785,
      0.0026075,
      0.0058675,
      0.0026875,
      0.0059475,
      0.00277,
      0.00603,
      0.0028525,
      0.0061125,
      0.0029325,
      0.0061925,
      0.003015,
      0.006275,
      0.003095
    ],
    "SoftwareVersions": "syngo_MR_XA20",
    "SpacingBetweenSlices": 1.8,
    "StationName": "AWP175956",
    "TaskName": "execution",
    "TotalReadoutTime": 0.0425448,
    "acq_id": "Fs2",
    "dataset": "ds003612",
    "modality": "bold",
    "run_id": 2,
    "session_id": "1",
    "subject_id": "108TUSW011043",
    "task_id": "execution"
  },
  "dummy_trs": 0,
  "dvars_nstd": 54.46165233979693,
  "dvars_std": 1.215828370558375,
  "dvars_vstd": 1.0060743312690357,
  "efc": 0.4660853133933844,
  "fber": 4455.6669921875,
  "fd_mean": 0.11259251375785304,
  "fd_num": 20,
  "fd_perc": 10.1010101010101,
  "fwhm_avg": 2.0423587394919056,
  "fwhm_x": 1.9968556533775368,
  "fwhm_y": 2.149659401520116,
  "fwhm_z": 1.9805611635780642,
  "gcor": 0.0098788,
  "gsr_x": -0.0156298466026783,
  "gsr_y": 0.018021754920482635,
  "provenance": {
    "md5sum": "075dc88fffcf480760ab3898af8c5cc1",
    "settings": {
      "fd_thres": 0.2,
      "testing": false
    },
    "software": "mriqc",
    "version": "21.0.0rc2",
    "webapi_port": null,
    "webapi_url": "https://mriqc.nimh.nih.gov/api/v1"
  },
  "size_t": 198,
  "size_x": 128,
  "size_y": 128,
  "size_z": 78,
  "snr": 4.97038336434784,
  "spacing_tr": 2.299999952316284,
  "spacing_x": 1.7968800067901611,
  "spacing_y": 1.7968800067901611,
  "spacing_z": 1.7999999523162842,
  "summary_bg_k": 58.87567796577176,
  "summary_bg_mad": 5.428719073402715,
  "summary_bg_mean": 22.914125442504883,
  "summary_bg_median": 8.262626647949219,
  "summary_bg_n": 932726.0,
  "summary_bg_p05": 3.2373738288879395,
  "summary_bg_p95": 97.06565856933594,
  "summary_bg_stdv": 49.066043853759766,
  "summary_fg_k": 2.1555996030151423,
  "summary_fg_mad": 97.724471029504,
  "summary_fg_mean": 551.1995239257812,
  "summary_fg_median": 545.1262817382812,
  "summary_fg_n": 217464.0,
  "summary_fg_p05": 396.6926803588867,
  "summary_fg_p95": 729.7113464355467,
  "summary_fg_stdv": 109.67464447021484,
  "tsnr": 32.190363286063075
}