{
  "bids_meta": {
    "AcquisitionMatrixPE": 224,
    "AcquisitionNumber": 1,
    "AcquisitionTime": "10:17:52.250000",
    "BodyPartExamined": "HEAD",
    "CoilString": "HeadNeck_64_CS",
    "ConversionSoftware": "dcm2niix",
    "ConversionSoftwareVersion": "v1.0.20190410  GCC6.3.0",
    "DeviceSerialNumber": "175956",
    "EchoTime": 0.00236,
    "FlipAngle": 9,
    "ImageOrientationPatientDICOM": [
      0.144911,
      0.986475,
      -0.0765965,
      0.0671533,
      -0.0870406,
      -0.993939
    ],
    "ImageType": [
      "ORIGINAL",
      "PRIMARY",
      "M",
      "NONE"
    ],
    "ImagingFrequency": 123.263,
    "InPlanePhaseEncodingDirectionDICOM": "ROW",
    "InstitutionAddress": "AT",
    "InstitutionName": "TU_Graz",
    "MRAcquisitionType": "3D",
    "MagneticFieldStrength": 3,
    "Manufacturer": "Siemens",
    "ManufacturersModelName": "MAGNETOM_Vida",
    "Modality": "MR",
    "PatientPosition": "HFS",
    "PercentPhaseFOV": 100,
    "PixelBandwidth": 251,
    "ProcedureStepDescription": "TU_2020",
    "ProtocolName": "anat-T1w",
    "ReceiveCoilActiveElements": "HC1-7;NC1_2",
    "ReconMatrixPE": 224,
    "RepetitionTime": 1.6,
    "SequenceVariant": "SK_SP_MP_OSP",
    "SeriesDescription": "anat-T1w",
    "SeriesNumber": 5,
    "SliceThickness": 1,
    "SoftwareVersions": "syngo_MR_XA20",
    "StationName": "AWP175956",
    "dataset": "ds003612",
    "modality": "T1w",
    "session_id": "1",
    "subject_id": "108TUSW011033"
  },
  "cjv": 0.4037916412383735,
  "cnr": 3.21450170020248,
  "efc": 0.6081289028340029,
  "fber": 5760.208827565925,
  "fwhm_avg": 4.42368,
  "fwhm_x": 4.37671,
  "fwhm_y": 4.42694,
  "fwhm_z": 4.46739,
  "icvs_csf": 0.20809233500823363,
  "icvs_gm": 0.39830659928608986,
  "icvs_wm": 0.39360106570567654,
  "inu_med": 1.118115782737732,
  "inu_range": 0.42394800186157233,
  "provenance": {
    "md5sum": "98485aa76d8d957563ed02a0ec3e4f1b",
    "settings": {
      "testing": false
    },
    "software": "mriqc",
    "version": "21.0.0rc2",
    "warnings": {
      "large_rot_frame": true,
      "small_air_mask": false
    },
    "webapi_port": null,
    "webapi_url": "https://mriqc.nimh.nih.gov/api/v1"
  },
  "qi_1": 0.0,
  "qi_2": 0.020889827820729553,
  "rpve_csf": 20.92685559343451,
  "rpve_gm": 11.005055994557233,
  "rpve_wm": 13.656042677262507,
  "size_x": 192,
  "size_y": 224,
  "size_z": 224,
  "snr_csf": 3.9958202568205956,
  "snr_gm": 12.99779717256865,
  "snr_total": 13.619812372855487,
  "snr_wm": 23.86581968917721,
  "snrd_csf": 62.00208860068293,
  "snrd_gm": 100.14910279772049,
  "snrd_total": 97.58794145957222,
  "snrd_wm": 130.61263298031324,
  "spacing_x": 1.0,
  "spacing_y": 1.0,
  "spacing_z": 1.0,
  "summary_bg_k": 4.111652454552768,
  "summary_bg_mad": 5.0158730028154075,
  "summary_bg_mean": 9.114075402531633,
  "summary_bg_median": 6.917794406414032,
  "summary_bg_n": 2054403.0,
  "summary_bg_p05": 3.3831549286842346,
  "summary_bg_p95": 17.925671637058258,
  "summary_bg_stdv": 5.388240080275676,
  "summary_csf_k": 3.6463388294846197,
  "summary_csf_mad": 144.93627064851685,
  "summary_csf_mean": 464.5405663432855,
  "summary_csf_median": 474.7020818591118,
  "summary_csf_n": 20930.0,
  "summary_csf_p05": 278.1256320476532,
  "summary_csf_p95": 633.1094747960567,
  "summary_csf_stdv": 118.79682042306528,
  "summary_gm_k": 0.10940990425524433,
  "summary_gm_mad": 57.944562748942175,
  "summary_gm_mean": 769.7019910526063,
  "summary_gm_median": 766.7642924189568,
  "summary_gm_n": 18784.0,
  "summary_gm_p05": 677.4893981814384,
  "summary_gm_p95": 871.6850158303976,
  "summary_gm_stdv": 58.99029442680451,
  "summary_wm_k": 1.1627081280748843,
  "summary_wm_mad": 36.23406766212921,
  "summary_wm_mean": 998.9556200225688,
  "summary_wm_median": 1000.0000030994415,
  "summary_wm_n": 237997.0,
  "summary_wm_p05": 926.9844504594803,
  "summary_wm_p95": 1065.1383591890335,
  "summary_wm_stdv": 41.90084041755727,
  "tpm_overlap_csf": 0.16664937138557434,
  "tpm_overlap_gm": 0.442035049200058,
  "tpm_overlap_wm": 0.5138029456138611,
  "wm2max": 0.42112873729426276
}