{
  "aor": 0.0006552910052910053,
  "aqi": 0.027551017989417993,
  "bids_meta": {
    "AcquisitionMatrixPE": 128,
    "AcquisitionNumber": 1,
    "AcquisitionTime": "14:01:0.797500",
    "BandwidthPerPixelPhaseEncode": 23.321,
    "BodyPartExamined": "HEAD",
    "CoilString": "HeadNeck_64_CS",
    "ConversionSoftware": "dcm2niix",
    "ConversionSoftwareVersion": "v1.0.20190410  GCC6.3.0",
    "DerivedVendorReportedEchoSpacing": 0.000334999,
    "DeviceSerialNumber": "175956",
    "EchoTime": 0.03,
    "EchoTrainLength": 63,
    "EffectiveEchoSpacing": 0.000334999,
    "FlipAngle": 72,
    "ImageOrientationPatientDICOM": [
      0.999999,
      -0.000331097,
      -0.00147219,
      -4.46149e-09,
      0.97563,
      -0.219423
    ],
    "ImageType": [
      "ORIGINAL",
      "PRIMARY",
      "FMRI",
      "NONE"
    ],
    "ImagingFrequency": 123.263,
    "InPlanePhaseEncodingDirectionDICOM": "COL",
    "InstitutionAddress": "AT",
    "InstitutionName": "TU_Graz",
    "MRAcquisitionType": "2D",
    "MagneticFieldStrength": 3,
    "Manufacturer": "Siemens",
    "ManufacturersModelName": "MAGNETOM_Vida",
    "Modality": "MR",
    "MultibandAccelerationFactor": 3,
    "PartialFourier": 0.492188,
    "PatientPosition": "HFS",
    "PercentPhaseFOV": 100,
    "PhaseEncodingDirection": "j-",
    "PixelBandwidth": 1953,
    "ProcedureStepDescription": "TU_2020",
    "ProtocolName": "func_task-imagery_acq-Fs2_run-01",
    "ReceiveCoilActiveElements": "HC1-7;NC1",
    "ReconMatrixPE": 128,
    "RepetitionTime": 2.3,
    "SequenceVariant": "SK",
    "SeriesDescription": "func_task-imagery_acq-Fs2_run-01",
    "SeriesNumber": 7,
    "SliceThickness": 1.8,
    "SliceTiming": [
      0.0031775,
      0,
      0.00326,
      8e-05,
      0.00334,
      0.0001625,
      0.0034225,
      0.0002425,
      0.0035025,
      0.000325,
      0.003585,
      0.0004075,
      0.0036675,
      0.0004875,
      0.0037475,
      0.00057,
      0.00383,
      0.00065,
      0.00391,
      0.0007325,
      0.0039925,
      0.000815,
      0.004075,
      0.000895,
      0.004155,
      0.0009775,
      0.0042375,
      0.0010575,
      0.0043175,
      0.00114,
      0.0044,
      0.0012225,
      0.0044825,
      0.0013025,
      0.0045625,
      0.001385,
      0.004645,
      0.001465,
      0.004725,
      0.0015475,
      0.0048075,
      0.00163,
      0.00489,
      0.00171,
      0.00497,
      0.0017925,
      0.0050525,
      0.0018725,
      0.0051325,
      0.001955,
      0.005215,
      0.0020375,
      0.0052975,
      0.0021175,
      0.0053775,
      0.0022,
      0.00546,
      0.00228,
      0.00554,
      0.0023625,
      0.0056225,
      0.002445,
      0.005705,
      0.002525,
      0.005785,
      0.0026075,
      0.0058675,
      0.0026875,
      0.0059475,
      0.00277,
      0.00603,
      0.0028525,
      0.0061125,
      0.0029325,
      0.0061925,
      0.003015,
      0.006275,
      0.003095
    ],
    "SoftwareVersions": "syngo_MR_XA20",
    "SpacingBetweenSlices": 1.8,
    "StationName": "AWP175956",
    "TaskName": "imagery",
    "TotalReadoutTime": 0.0425448,
    "acq_id": "Fs2",
    "dataset": "ds003612",
    "modality": "bold",
    "run_id": 1,
    "session_id": "1",
    "subject_id": "108TUSW011049",
    "task_id": "imagery"
  },
  "dummy_trs": 0,
  "dvars_nstd": 48.489013995596856,
  "dvars_std": 1.1588387496551724,
  "dvars_vstd": 0.9902673659946952,
  "efc": 0.4520958361266484,
  "fber": 5101.37255859375,
  "fd_mean": 0.10182076952376047,
  "fd_num": 14,
  "fd_perc": 3.7037037037037037,
  "fwhm_avg": 2.103572479650555,
  "fwhm_x": 2.018287245834727,
  "fwhm_y": 2.235341249733801,
  "fwhm_z": 2.057088943383136,
  "gcor": 0.00530806,
  "gsr_x": -0.015967149287462234,
  "gsr_y": 0.01987553760409355,
  "provenance": {
    "md5sum": "55f3937bd7bbaf0c3b90559131fd3fd3",
    "settings": {
      "fd_thres": 0.2,
      "testing": false
    },
    "software": "mriqc",
    "version": "21.0.0rc2",
    "webapi_port": null,
    "webapi_url": "https://mriqc.nimh.nih.gov/api/v1"
  },
  "size_t": 378,
  "size_x": 128,
  "size_y": 128,
  "size_z": 78,
  "snr": 5.704866793207388,
  "spacing_tr": 2.299999952316284,
  "spacing_x": 1.7968800067901611,
  "spacing_y": 1.7968800067901611,
  "spacing_z": 1.7999999523162842,
  "summary_bg_k": 53.83584710137841,
  "summary_bg_mad": 5.142040500259715,
  "summary_bg_mean": 21.451446533203125,
  "summary_bg_median": 7.99470853805542,
  "summary_bg_n": 948012.0,
  "summary_bg_p05": 3.3333332538604736,
  "summary_bg_p95": 85.73134727478015,
  "summary_bg_stdv": 43.963199615478516,
  "summary_fg_k": 2.855411103410928,
  "summary_fg_mad": 88.44621712515062,
  "summary_fg_mean": 573.2766723632812,
  "summary_fg_median": 566.8571166992188,
  "summary_fg_n": 202925.0,
  "summary_fg_p05": 436.5613525390625,
  "summary_fg_p95": 731.370361328125,
  "summary_fg_stdv": 99.36353302001953,
  "tsnr": 30.082400078419596
}