{
  "aor": 0.0009664814814814815,
  "aqi": 0.022602658201058203,
  "bids_meta": {
    "AcquisitionMatrixPE": 128,
    "AcquisitionNumber": 1,
    "AcquisitionTime": "10:27:27.805000",
    "BandwidthPerPixelPhaseEncode": 23.321,
    "BodyPartExamined": "HEAD",
    "CoilString": "HeadNeck_64_CS",
    "ConversionSoftware": "dcm2niix",
    "ConversionSoftwareVersion": "v1.0.20190410  GCC6.3.0",
    "DerivedVendorReportedEchoSpacing": 0.000334999,
    "DeviceSerialNumber": "175956",
    "EchoTime": 0.03,
    "EchoTrainLength": 63,
    "EffectiveEchoSpacing": 0.000334999,
    "FlipAngle": 72,
    "ImageOrientationPatientDICOM": [
      0.997859,
      -0.063748,
      0.0146208,
      0.0647035,
      0.92959,
      -0.362871
    ],
    "ImageType": [
      "ORIGINAL",
      "PRIMARY",
      "FMRI",
      "NONE"
    ],
    "ImagingFrequency": 123.263,
    "InPlanePhaseEncodingDirectionDICOM": "COL",
    "InstitutionAddress": "AT",
    "InstitutionName": "TU_Graz",
    "MRAcquisitionType": "2D",
    "MagneticFieldStrength": 3,
    "Manufacturer": "Siemens",
    "ManufacturersModelName": "MAGNETOM_Vida",
    "Modality": "MR",
    "MultibandAccelerationFactor": 3,
    "PartialFourier": 0.492188,
    "PatientPosition": "HFS",
    "PercentPhaseFOV": 100,
    "PhaseEncodingDirection": "j-",
    "PixelBandwidth": 1953,
    "ProcedureStepDescription": "TU_2020",
    "ProtocolName": "func_task-imagery_acq-Fs2_run-01",
    "ReceiveCoilActiveElements": "HC1-7;NC1",
    "ReconMatrixPE": 128,
    "RepetitionTime": 2.3,
    "SequenceVariant": "SK",
    "SeriesDescription": "func_task-imagery_acq-Fs2_run-01",
    "SeriesNumber": 7,
    "SliceThickness": 1.8,
    "SliceTiming": [
      0.0031775,
      0,
      0.00326,
      8.25e-05,
      0.0033425,
      0.0001625,
      0.0034225,
      0.000245,
      0.003505,
      0.000325,
      0.003585,
      0.0004075,
      0.0036675,
      0.00049,
      0.00375,
      0.00057,
      0.00383,
      0.0006525,
      0.0039125,
      0.0007325,
      0.0039925,
      0.000815,
      0.004075,
      0.0008975,
      0.0041575,
      0.0009775,
      0.0042375,
      0.00106,
      0.00432,
      0.00114,
      0.0044,
      0.0012225,
      0.0044825,
      0.001305,
      0.004565,
      0.001385,
      0.004645,
      0.0014675,
      0.0047275,
      0.0015475,
      0.0048075,
      0.00163,
      0.00489,
      0.0017125,
      0.0049725,
      0.0017925,
      0.0050525,
      0.001875,
      0.005135,
      0.001955,
      0.005215,
      0.0020375,
      0.0052975,
      0.00212,
      0.00538,
      0.0022,
      0.00546,
      0.0022825,
      0.0055425,
      0.0023625,
      0.0056225,
      0.002445,
      0.005705,
      0.0025275,
      0.0057875,
      0.0026075,
      0.0058675,
      0.00269,
      0.00595,
      0.00277,
      0.00603,
      0.0028525,
      0.0061125,
      0.002935,
      0.006195,
      0.003015,
      0.006275,
      0.0030975
    ],
    "SoftwareVersions": "syngo_MR_XA20",
    "SpacingBetweenSlices": 1.8,
    "StationName": "AWP175956",
    "TaskName": "imagery",
    "TotalReadoutTime": 0.0425448,
    "acq_id": "Fs2",
    "dataset": "ds003612",
    "modality": "bold",
    "run_id": 1,
    "session_id": "1",
    "subject_id": "108TUSW011021",
    "task_id": "imagery"
  },
  "dummy_trs": 0,
  "dvars_nstd": 48.7665834297878,
  "dvars_std": 1.172960882732096,
  "dvars_vstd": 0.9880984217771888,
  "efc": 0.4983939236692397,
  "fber": 4123.38916015625,
  "fd_mean": 0.07017495092702682,
  "fd_num": 9,
  "fd_perc": 2.380952380952381,
  "fwhm_avg": 2.0825515352986415,
  "fwhm_x": 2.0242809682643284,
  "fwhm_y": 2.164251360861262,
  "fwhm_z": 2.059122276770334,
  "gcor": 0.0173538,
  "gsr_x": -0.0067745293490588665,
  "gsr_y": 0.02270358055830002,
  "provenance": {
    "md5sum": "7fb207485b8232c022bfee0292c06b1c",
    "settings": {
      "fd_thres": 0.2,
      "testing": false
    },
    "software": "mriqc",
    "version": "21.0.0rc2",
    "webapi_port": null,
    "webapi_url": "https://mriqc.nimh.nih.gov/api/v1"
  },
  "size_t": 378,
  "size_x": 128,
  "size_y": 128,
  "size_z": 78,
  "snr": 5.14657280517282,
  "spacing_tr": 2.299999952316284,
  "spacing_x": 1.7968800067901611,
  "spacing_y": 1.7968800067901611,
  "spacing_z": 1.7999999523162842,
  "summary_bg_k": 32.339830204500146,
  "summary_bg_mad": 8.687735308227673,
  "summary_bg_mean": 32.68701934814453,
  "summary_bg_median": 10.267195701599121,
  "summary_bg_n": 901267.0,
  "summary_bg_p05": 2.8492062091827393,
  "summary_bg_p95": 150.0264434814453,
  "summary_bg_stdv": 62.107418060302734,
  "summary_fg_k": 1.6304085580085834,
  "summary_fg_mad": 116.75691550619354,
  "summary_fg_mean": 656.8748168945312,
  "summary_fg_median": 650.2671508789062,
  "summary_fg_n": 243279.0,
  "summary_fg_p05": 474.4259033203125,
  "summary_fg_p95": 867.3917480468749,
  "summary_fg_stdv": 126.34928894042969,
  "tsnr": 30.40622337628156
}