{
  "aor": 0.002089602122015915,
  "aqi": 0.023097654641909812,
  "bids_meta": {
    "AcquisitionMatrixPE": 128,
    "AcquisitionNumber": 1,
    "AcquisitionTime": "16:15:14.820000",
    "BandwidthPerPixelPhaseEncode": 23.321,
    "BodyPartExamined": "HEAD",
    "CoilString": "HeadNeck_64_CS",
    "ConversionSoftware": "dcm2niix",
    "ConversionSoftwareVersion": "v1.0.20190410  GCC6.3.0",
    "DerivedVendorReportedEchoSpacing": 0.000334999,
    "DeviceSerialNumber": "175956",
    "EchoTime": 0.03,
    "EchoTrainLength": 63,
    "EffectiveEchoSpacing": 0.000334999,
    "FlipAngle": 72,
    "ImageOrientationPatientDICOM": [
      0.998274,
      -0.0560698,
      -0.0174533,
      0.0407928,
      0.875921,
      -0.480728
    ],
    "ImageType": [
      "ORIGINAL",
      "PRIMARY",
      "FMRI",
      "NONE"
    ],
    "ImagingFrequency": 123.263,
    "InPlanePhaseEncodingDirectionDICOM": "COL",
    "InstitutionAddress": "AT",
    "InstitutionName": "TU_Graz",
    "MRAcquisitionType": "2D",
    "MagneticFieldStrength": 3,
    "Manufacturer": "Siemens",
    "ManufacturersModelName": "MAGNETOM_Vida",
    "Modality": "MR",
    "MultibandAccelerationFactor": 3,
    "PartialFourier": 0.492188,
    "PatientPosition": "HFS",
    "PercentPhaseFOV": 100,
    "PhaseEncodingDirection": "j-",
    "PixelBandwidth": 1953,
    "ProcedureStepDescription": "TU_2020",
    "ProtocolName": "func_task-imagery_acq-Fs2_run-01",
    "ReceiveCoilActiveElements": "HC1-7;NC1",
    "ReconMatrixPE": 128,
    "RepetitionTime": 2.3,
    "SequenceVariant": "SK",
    "SeriesDescription": "func_task-imagery_acq-Fs2_run-01",
    "SeriesNumber": 7,
    "SliceThickness": 1.8,
    "SliceTiming": [
      0.0031775,
      0,
      0.00326,
      8e-05,
      0.00334,
      0.0001625,
      0.0034225,
      0.0002425,
      0.0035025,
      0.000325,
      0.003585,
      0.0004075,
      0.0036675,
      0.0004875,
      0.0037475,
      0.00057,
      0.00383,
      0.00065,
      0.00391,
      0.0007325,
      0.0039925,
      0.000815,
      0.004075,
      0.000895,
      0.004155,
      0.0009775,
      0.0042375,
      0.0010575,
      0.0043175,
      0.00114,
      0.0044,
      0.0012225,
      0.0044825,
      0.0013025,
      0.0045625,
      0.001385,
      0.004645,
      0.001465,
      0.004725,
      0.0015475,
      0.0048075,
      0.00163,
      0.00489,
      0.00171,
      0.00497,
      0.0017925,
      0.0050525,
      0.0018725,
      0.0051325,
      0.001955,
      0.005215,
      0.0020375,
      0.0052975,
      0.0021175,
      0.0053775,
      0.0022,
      0.00546,
      0.00228,
      0.00554,
      0.0023625,
      0.0056225,
      0.002445,
      0.005705,
      0.002525,
      0.005785,
      0.0026075,
      0.0058675,
      0.0026875,
      0.0059475,
      0.00277,
      0.00603,
      0.0028525,
      0.0061125,
      0.0029325,
      0.0061925,
      0.003015,
      0.006275,
      0.003095
    ],
    "SoftwareVersions": "syngo_MR_XA20",
    "SpacingBetweenSlices": 1.8,
    "StationName": "AWP175956",
    "TaskName": "imagery",
    "TotalReadoutTime": 0.0425448,
    "acq_id": "Fs2",
    "dataset": "ds003612",
    "modality": "bold",
    "run_id": 1,
    "session_id": "1",
    "subject_id": "108TUSW011044",
    "task_id": "imagery"
  },
  "dummy_trs": 0,
  "dvars_nstd": 54.78358064824467,
  "dvars_std": 1.181887389202127,
  "dvars_vstd": 1.013311492898936,
  "efc": 0.48740588436497884,
  "fber": 3593.50927734375,
  "fd_mean": 0.12960535170695214,
  "fd_num": 55,
  "fd_perc": 14.588859416445624,
  "fwhm_avg": 2.0916851839921127,
  "fwhm_x": 2.023590883230651,
  "fwhm_y": 2.2135646147597723,
  "fwhm_z": 2.037900053985915,
  "gcor": 0.0235475,
  "gsr_x": -0.009882229380309582,
  "gsr_y": 0.016874637454748154,
  "provenance": {
    "md5sum": "9ba64d7612aa6c0ca2a8ccf7b2fd3de7",
    "settings": {
      "fd_thres": 0.2,
      "testing": false
    },
    "software": "mriqc",
    "version": "21.0.0rc2",
    "webapi_port": null,
    "webapi_url": "https://mriqc.nimh.nih.gov/api/v1"
  },
  "size_t": 377,
  "size_x": 128,
  "size_y": 128,
  "size_z": 78,
  "snr": 5.0902666790156,
  "spacing_tr": 2.299999952316284,
  "spacing_x": 1.7968800067901611,
  "spacing_y": 1.7968800067901611,
  "spacing_z": 1.7999999523162842,
  "summary_bg_k": 29.070656179535455,
  "summary_bg_mad": 8.588868390115122,
  "summary_bg_mean": 31.246610641479492,
  "summary_bg_median": 10.554376602172852,
  "summary_bg_n": 919203.0,
  "summary_bg_p05": 3.379310369491577,
  "summary_bg_p95": 131.44032287597656,
  "summary_bg_stdv": 58.90657043457031,
  "summary_fg_k": 2.037003016851936,
  "summary_fg_mad": 110.89039317796367,
  "summary_fg_mean": 634.61962890625,
  "summary_fg_median": 627.3567504882812,
  "summary_fg_n": 226866.0,
  "summary_fg_p05": 461.6684265136719,
  "summary_fg_p95": 837.3149871826172,
  "summary_fg_stdv": 123.2460708618164,
  "tsnr": 27.969312077737413
}