{
  "aor": 0.0009436363636363636,
  "aqi": 0.016976620855614973,
  "bids_meta": {
    "AcquisitionMatrixPE": 128,
    "AcquisitionNumber": 1,
    "AcquisitionTime": "16:14:40.322500",
    "BandwidthPerPixelPhaseEncode": 21.171,
    "BodyPartExamined": "HEAD",
    "CoilString": "HeadNeck_64_CS",
    "ConversionSoftware": "dcm2niix",
    "ConversionSoftwareVersion": "v1.0.20190410  GCC6.3.0",
    "DerivedVendorReportedEchoSpacing": 0.000369019,
    "DeviceSerialNumber": "175956",
    "EchoTime": 0.03,
    "EchoTrainLength": 71,
    "EffectiveEchoSpacing": 0.000369019,
    "FlipAngle": 72,
    "ImageOrientationPatientDICOM": [
      0.998391,
      -0.0565381,
      -0.00442865,
      0.0516245,
      0.938389,
      -0.341704
    ],
    "ImageType": [
      "ORIGINAL",
      "PRIMARY",
      "M",
      "NONE"
    ],
    "ImagingFrequency": 123.263,
    "InPlanePhaseEncodingDirectionDICOM": "COL",
    "InstitutionAddress": "AT",
    "InstitutionName": "TU_Graz",
    "MRAcquisitionType": "2D",
    "MagneticFieldStrength": 3,
    "Manufacturer": "Siemens",
    "ManufacturersModelName": "MAGNETOM_Vida",
    "Modality": "MR",
    "MultibandAccelerationFactor": 3,
    "PartialFourier": 0.554688,
    "PatientPosition": "HFS",
    "PercentPhaseFOV": 100,
    "PhaseEncodingDirection": "j-",
    "PixelBandwidth": 1953,
    "ProcedureStepDescription": "TU_2020",
    "ProtocolName": "func_task-execution_acq-Fs2_run-02",
    "ReceiveCoilActiveElements": "HC1-7;NC1",
    "ReconMatrixPE": 128,
    "RepetitionTime": 2.3,
    "SequenceVariant": "SK_OSP",
    "SeriesDescription": "func_task-execution_acq-Fs2_run-02",
    "SeriesNumber": 11,
    "SliceThickness": 1.8,
    "SliceTiming": [
      1.665,
      0,
      1.14,
      0.0874996,
      1.2275,
      0.174999,
      1.315,
      0.262501,
      1.4025,
      0.35,
      1.49,
      0.4375,
      1.5775,
      0.612499,
      1.7525,
      0.700001,
      1.84,
      0.7875,
      1.9275,
      0.875,
      2.015,
      0.9625,
      2.1025,
      1.0525,
      2.1925,
      0.525,
      1.665,
      0,
      1.14,
      0.0874996,
      1.2275,
      0.174999,
      1.315,
      0.262501,
      1.4025,
      0.35,
      1.49,
      0.4375,
      1.5775,
      0.612499,
      1.7525,
      0.700001,
      1.84,
      0.7875,
      1.9275,
      0.875,
      2.015,
      0.9625,
      2.1025,
      1.0525,
      2.1925,
      0.525,
      1.665,
      0,
      1.14,
      0.0874996,
      1.2275,
      0.174999,
      1.315,
      0.262501,
      1.4025,
      0.35,
      1.49,
      0.4375,
      1.5775,
      0.612499,
      1.7525,
      0.700001,
      1.84,
      0.7875,
      1.9275,
      0.875,
      2.015,
      0.9625,
      2.1025,
      1.0525,
      2.1925,
      0.525
    ],
    "SoftwareVersions": "syngo_MR_XA11",
    "SpacingBetweenSlices": 1.8,
    "StationName": "AWP175956",
    "TaskName": "execution",
    "TotalReadoutTime": 0.0468654,
    "acq_id": "Fs2",
    "dataset": "ds003612",
    "modality": "bold",
    "run_id": 2,
    "session_id": "1",
    "subject_id": "108TUSW011003",
    "task_id": "execution"
  },
  "dummy_trs": 0,
  "dvars_nstd": 55.37146418580646,
  "dvars_std": 1.1396958280645166,
  "dvars_vstd": 1.010737698709677,
  "efc": 0.47428795977994775,
  "fber": 1824.4681396484375,
  "fd_mean": 0.1768880865529656,
  "fd_num": 56,
  "fd_perc": 29.946524064171122,
  "fwhm_avg": 2.2514189829207516,
  "fwhm_x": 2.1561150357061303,
  "fwhm_y": 2.3927418546329737,
  "fwhm_z": 2.20540005842315,
  "gcor": 0.0209775,
  "gsr_x": -0.018396219238638878,
  "gsr_y": 0.020712008699774742,
  "provenance": {
    "md5sum": "a885fefe90968ee5fc508f1a79568bd1",
    "settings": {
      "fd_thres": 0.2,
      "testing": false
    },
    "software": "mriqc",
    "version": "21.0.0rc2",
    "webapi_port": null,
    "webapi_url": "https://mriqc.nimh.nih.gov/api/v1"
  },
  "size_t": 187,
  "size_x": 128,
  "size_y": 128,
  "size_z": 78,
  "snr": 4.519943804874954,
  "spacing_tr": 2.299999952316284,
  "spacing_x": 1.7968800067901611,
  "spacing_y": 1.7968800067901611,
  "spacing_z": 1.7999999523162842,
  "summary_bg_k": 39.9834273192706,
  "summary_bg_mad": 6.4695364393263874,
  "summary_bg_mean": 25.66642189025879,
  "summary_bg_median": 12.636363983154297,
  "summary_bg_n": 937032.0,
  "summary_bg_p05": 5.909090995788574,
  "summary_bg_p95": 89.57754516601562,
  "summary_bg_stdv": 46.29469680786133,
  "summary_fg_k": 2.3941570984436717,
  "summary_fg_mad": 110.21994641057427,
  "summary_fg_mean": 549.4869995117188,
  "summary_fg_median": 541.8716430664062,
  "summary_fg_n": 212672.0,
  "summary_fg_p05": 377.5668640136719,
  "summary_fg_p95": 744.9085540771482,
  "summary_fg_stdv": 119.88431549072266,
  "tsnr": 28.681017737835646
}