{
  "aor": 0.0009505376344086023,
  "aqi": 0.01887119086021505,
  "bids_meta": {
    "AcquisitionMatrixPE": 128,
    "AcquisitionNumber": 1,
    "AcquisitionTime": "15:50:49.012500",
    "BandwidthPerPixelPhaseEncode": 21.171,
    "BodyPartExamined": "HEAD",
    "CoilString": "HeadNeck_64_CS",
    "ConversionSoftware": "dcm2niix",
    "ConversionSoftwareVersion": "v1.0.20190410  GCC6.3.0",
    "DerivedVendorReportedEchoSpacing": 0.000369019,
    "DeviceSerialNumber": "175956",
    "EchoTime": 0.03,
    "EchoTrainLength": 71,
    "EffectiveEchoSpacing": 0.000369019,
    "FlipAngle": 72,
    "ImageOrientationPatientDICOM": [
      0.998394,
      -0.0564733,
      -0.00445223,
      0.0515556,
      0.938393,
      -0.341703
    ],
    "ImageType": [
      "ORIGINAL",
      "PRIMARY",
      "M",
      "NONE"
    ],
    "ImagingFrequency": 123.263,
    "InPlanePhaseEncodingDirectionDICOM": "COL",
    "InstitutionAddress": "AT",
    "InstitutionName": "TU_Graz",
    "MRAcquisitionType": "2D",
    "MagneticFieldStrength": 3,
    "Manufacturer": "Siemens",
    "ManufacturersModelName": "MAGNETOM_Vida",
    "Modality": "MR",
    "MultibandAccelerationFactor": 3,
    "PartialFourier": 0.554688,
    "PatientPosition": "HFS",
    "PercentPhaseFOV": 100,
    "PhaseEncodingDirection": "j-",
    "PixelBandwidth": 1953,
    "ProcedureStepDescription": "TU_2020",
    "ProtocolName": "func_task-imagery_acq-Fs2_run-01",
    "ReceiveCoilActiveElements": "HC1-7;NC1",
    "ReconMatrixPE": 128,
    "RepetitionTime": 2.3,
    "SequenceVariant": "SK_OSP",
    "SeriesDescription": "func_task-imagery_acq-Fs2_run-01",
    "SeriesNumber": 6,
    "SliceThickness": 1.8,
    "SliceTiming": [
      1.665,
      0,
      1.14,
      0.0874996,
      1.2275,
      0.174999,
      1.315,
      0.262501,
      1.4025,
      0.35,
      1.49,
      0.4375,
      1.5775,
      0.615,
      1.755,
      0.702499,
      1.8425,
      0.789999,
      1.93,
      0.877501,
      2.0175,
      0.965,
      2.105,
      1.0525,
      2.1925,
      0.525,
      1.665,
      0,
      1.14,
      0.0874996,
      1.2275,
      0.174999,
      1.315,
      0.262501,
      1.4025,
      0.35,
      1.49,
      0.4375,
      1.5775,
      0.615,
      1.755,
      0.702499,
      1.8425,
      0.789999,
      1.93,
      0.877501,
      2.0175,
      0.965,
      2.105,
      1.0525,
      2.1925,
      0.525,
      1.665,
      0,
      1.14,
      0.0874996,
      1.2275,
      0.174999,
      1.315,
      0.262501,
      1.4025,
      0.35,
      1.49,
      0.4375,
      1.5775,
      0.615,
      1.755,
      0.702499,
      1.8425,
      0.789999,
      1.93,
      0.877501,
      2.0175,
      0.965,
      2.105,
      1.0525,
      2.1925,
      0.525
    ],
    "SoftwareVersions": "syngo_MR_XA11",
    "SpacingBetweenSlices": 1.8,
    "StationName": "AWP175956",
    "TaskName": "imagery",
    "TotalReadoutTime": 0.0468654,
    "acq_id": "Fs2",
    "dataset": "ds003612",
    "modality": "bold",
    "run_id": 1,
    "session_id": "1",
    "subject_id": "108TUSW011003",
    "task_id": "imagery"
  },
  "dummy_trs": 0,
  "dvars_nstd": 58.273710112021504,
  "dvars_std": 1.1477019505929924,
  "dvars_vstd": 0.9946965300269547,
  "efc": 0.4767817395012747,
  "fber": 1734.5755615234375,
  "fd_mean": 0.16587111181138156,
  "fd_num": 86,
  "fd_perc": 23.118279569892472,
  "fwhm_avg": 2.242054063675257,
  "fwhm_x": 2.139591951311065,
  "fwhm_y": 2.3898535148549205,
  "fwhm_z": 2.1967167248597868,
  "gcor": 0.115856,
  "gsr_x": -0.0199421476572752,
  "gsr_y": 0.021817650645971298,
  "provenance": {
    "md5sum": "3d0b1a8aaea78b90d84dff5c7d7c986c",
    "settings": {
      "fd_thres": 0.2,
      "testing": false
    },
    "software": "mriqc",
    "version": "21.0.0rc2",
    "webapi_port": null,
    "webapi_url": "https://mriqc.nimh.nih.gov/api/v1"
  },
  "size_t": 372,
  "size_x": 128,
  "size_y": 128,
  "size_z": 78,
  "snr": 4.494048732807518,
  "spacing_tr": 2.299999952316284,
  "spacing_x": 1.7968800067901611,
  "spacing_y": 1.7968800067901611,
  "spacing_z": 1.7999999523162842,
  "summary_bg_k": 41.27752534024141,
  "summary_bg_mad": 6.9108391453052,
  "summary_bg_mean": 26.224287033081055,
  "summary_bg_median": 12.946236610412598,
  "summary_bg_n": 936044.0,
  "summary_bg_p05": 5.962365627288818,
  "summary_bg_p95": 90.44314613342279,
  "summary_bg_stdv": 46.56249237060547,
  "summary_fg_k": 2.489284927757824,
  "summary_fg_mad": 109.94969546296886,
  "summary_fg_mean": 548.8278198242188,
  "summary_fg_median": 541.3440551757812,
  "summary_fg_n": 213248.0,
  "summary_fg_p05": 377.3181396484375,
  "summary_fg_p95": 744.4021240234374,
  "summary_fg_stdv": 120.45770263671875,
  "tsnr": 25.18781212286558
}