{
  "aor": 0.0003484031413612566,
  "aqi": 0.0255418390052356,
  "bids_meta": {
    "AcquisitionMatrixPE": 128,
    "AcquisitionNumber": 1,
    "AcquisitionTime": "12:57:19.807500",
    "BandwidthPerPixelPhaseEncode": 23.321,
    "BodyPartExamined": "HEAD",
    "CoilString": "HeadNeck_64_CS",
    "ConversionSoftware": "dcm2niix",
    "ConversionSoftwareVersion": "v1.0.20190410  GCC6.3.0",
    "DerivedVendorReportedEchoSpacing": 0.000334999,
    "DeviceSerialNumber": "175956",
    "EchoTime": 0.03,
    "EchoTrainLength": 63,
    "EffectiveEchoSpacing": 0.000334999,
    "FlipAngle": 72,
    "ImageOrientationPatientDICOM": [
      0.997613,
      -0.0662559,
      0.0194793,
      0.06906,
      0.957109,
      -0.281376
    ],
    "ImageType": [
      "ORIGINAL",
      "PRIMARY",
      "FMRI",
      "NONE"
    ],
    "ImagingFrequency": 123.263,
    "InPlanePhaseEncodingDirectionDICOM": "COL",
    "InstitutionAddress": "AT",
    "InstitutionName": "TU_Graz",
    "MRAcquisitionType": "2D",
    "MagneticFieldStrength": 3,
    "Manufacturer": "Siemens",
    "ManufacturersModelName": "MAGNETOM_Vida",
    "Modality": "MR",
    "MultibandAccelerationFactor": 3,
    "PartialFourier": 0.492188,
    "PatientPosition": "HFS",
    "PercentPhaseFOV": 100,
    "PhaseEncodingDirection": "j-",
    "PixelBandwidth": 1953,
    "ProcedureStepDescription": "TU_2020",
    "ProtocolName": "func_task-imagery_acq-Fs2_run-01",
    "ReceiveCoilActiveElements": "HC1-7;NC1",
    "ReconMatrixPE": 128,
    "RepetitionTime": 2.3,
    "SequenceVariant": "SK",
    "SeriesDescription": "func_task-imagery_acq-Fs2_run-01",
    "SeriesNumber": 7,
    "SliceThickness": 1.8,
    "SliceTiming": [
      0.00318,
      0,
      0.00326,
      8.25e-05,
      0.0033425,
      0.000165,
      0.003425,
      0.000245,
      0.003505,
      0.0003275,
      0.0035875,
      0.0004075,
      0.0036675,
      0.00049,
      0.00375,
      0.0005725,
      0.0038325,
      0.0006525,
      0.0039125,
      0.000735,
      0.003995,
      0.000815,
      0.004075,
      0.0008975,
      0.0041575,
      0.00098,
      0.00424,
      0.00106,
      0.00432,
      0.0011425,
      0.0044025,
      0.0012225,
      0.0044825,
      0.001305,
      0.004565,
      0.0013875,
      0.0046475,
      0.0014675,
      0.0047275,
      0.00155,
      0.00481,
      0.00163,
      0.00489,
      0.0017125,
      0.0049725,
      0.001795,
      0.005055,
      0.001875,
      0.005135,
      0.0019575,
      0.0052175,
      0.0020375,
      0.0052975,
      0.00212,
      0.00538,
      0.0022025,
      0.0054625,
      0.0022825,
      0.0055425,
      0.002365,
      0.005625,
      0.002445,
      0.005705,
      0.0025275,
      0.0057875,
      0.00261,
      0.00587,
      0.00269,
      0.00595,
      0.0027725,
      0.0060325,
      0.0028525,
      0.0061125,
      0.002935,
      0.006195,
      0.0030175,
      0.0062775,
      0.0030975
    ],
    "SoftwareVersions": "syngo_MR_XA20",
    "SpacingBetweenSlices": 1.8,
    "StationName": "AWP175956",
    "TaskName": "imagery",
    "TotalReadoutTime": 0.0425448,
    "acq_id": "Fs2",
    "dataset": "ds003612",
    "modality": "bold",
    "run_id": 1,
    "session_id": "1",
    "subject_id": "108TUSW011048",
    "task_id": "imagery"
  },
  "dummy_trs": 0,
  "dvars_nstd": 55.52315884687669,
  "dvars_std": 1.1907970051181112,
  "dvars_vstd": 0.9884944692650923,
  "efc": 0.46251557835592194,
  "fber": 4177.33984375,
  "fd_mean": 0.12205029109718196,
  "fd_num": 46,
  "fd_perc": 12.041884816753926,
  "fwhm_avg": 2.1822738275187885,
  "fwhm_x": 2.1091002101859164,
  "fwhm_y": 2.316732327294541,
  "fwhm_z": 2.120988945075908,
  "gcor": 0.0164319,
  "gsr_x": -0.026714853942394257,
  "gsr_y": 0.015585335902869701,
  "provenance": {
    "md5sum": "2ed258db5d8caad57f653d6116baea03",
    "settings": {
      "fd_thres": 0.2,
      "testing": false
    },
    "software": "mriqc",
    "version": "21.0.0rc2",
    "webapi_port": null,
    "webapi_url": "https://mriqc.nimh.nih.gov/api/v1"
  },
  "size_t": 382,
  "size_x": 128,
  "size_y": 128,
  "size_z": 78,
  "snr": 5.31699857287083,
  "spacing_tr": 2.299999952316284,
  "spacing_x": 1.7968800067901611,
  "spacing_y": 1.7968800067901611,
  "spacing_z": 1.7999999523162842,
  "summary_bg_k": 30.65218715080389,
  "summary_bg_mad": 6.039082031917717,
  "summary_bg_mean": 26.03447151184082,
  "summary_bg_median": 8.680628776550293,
  "summary_bg_n": 952927.0,
  "summary_bg_p05": 3.40575909614563,
  "summary_bg_p95": 114.9869155883789,
  "summary_bg_stdv": 50.186676025390625,
  "summary_fg_k": 2.487559271441631,
  "summary_fg_mad": 89.77118426891033,
  "summary_fg_mean": 568.079833984375,
  "summary_fg_median": 557.9083862304688,
  "summary_fg_n": 198753.0,
  "summary_fg_p05": 431.924609375,
  "summary_fg_p95": 751.4618041992187,
  "summary_fg_stdv": 104.9289321899414,
  "tsnr": 29.66664157062769
}