{
  "aor": 0.0010817837837837838,
  "aqi": 0.021400117297297298,
  "bids_meta": {
    "AcquisitionMatrixPE": 128,
    "AcquisitionNumber": 1,
    "AcquisitionTime": "13:20:6.780000",
    "BandwidthPerPixelPhaseEncode": 23.321,
    "BodyPartExamined": "HEAD",
    "CoilString": "HeadNeck_64_CS",
    "ConversionSoftware": "dcm2niix",
    "ConversionSoftwareVersion": "v1.0.20190410  GCC6.3.0",
    "DerivedVendorReportedEchoSpacing": 0.000334999,
    "DeviceSerialNumber": "175956",
    "EchoTime": 0.03,
    "EchoTrainLength": 63,
    "EffectiveEchoSpacing": 0.000334999,
    "FlipAngle": 72,
    "ImageOrientationPatientDICOM": [
      0.997613,
      -0.0662559,
      0.0194793,
      0.06906,
      0.957109,
      -0.281376
    ],
    "ImageType": [
      "ORIGINAL",
      "PRIMARY",
      "FMRI",
      "NONE"
    ],
    "ImagingFrequency": 123.263,
    "InPlanePhaseEncodingDirectionDICOM": "COL",
    "InstitutionAddress": "AT",
    "InstitutionName": "TU_Graz",
    "MRAcquisitionType": "2D",
    "MagneticFieldStrength": 3,
    "Manufacturer": "Siemens",
    "ManufacturersModelName": "MAGNETOM_Vida",
    "Modality": "MR",
    "MultibandAccelerationFactor": 3,
    "PartialFourier": 0.492188,
    "PatientPosition": "HFS",
    "PercentPhaseFOV": 100,
    "PhaseEncodingDirection": "j-",
    "PixelBandwidth": 1953,
    "ProcedureStepDescription": "TU_2020",
    "ProtocolName": "func_task-execution_acq-Fs2_run-02",
    "ReceiveCoilActiveElements": "HC1-7;NC1",
    "ReconMatrixPE": 128,
    "RepetitionTime": 2.3,
    "SequenceVariant": "SK",
    "SeriesDescription": "func_task-execution_acq-Fs2_run-02",
    "SeriesNumber": 12,
    "SliceThickness": 1.8,
    "SliceTiming": [
      0.0031775,
      0,
      0.00326,
      8e-05,
      0.00334,
      0.0001625,
      0.0034225,
      0.0002425,
      0.0035025,
      0.000325,
      0.003585,
      0.0004075,
      0.0036675,
      0.0004875,
      0.0037475,
      0.00057,
      0.00383,
      0.00065,
      0.00391,
      0.0007325,
      0.0039925,
      0.000815,
      0.004075,
      0.000895,
      0.004155,
      0.0009775,
      0.0042375,
      0.0010575,
      0.0043175,
      0.00114,
      0.0044,
      0.0012225,
      0.0044825,
      0.0013025,
      0.0045625,
      0.001385,
      0.004645,
      0.001465,
      0.004725,
      0.0015475,
      0.0048075,
      0.00163,
      0.00489,
      0.00171,
      0.00497,
      0.0017925,
      0.0050525,
      0.0018725,
      0.0051325,
      0.001955,
      0.005215,
      0.0020375,
      0.0052975,
      0.0021175,
      0.0053775,
      0.0022,
      0.00546,
      0.00228,
      0.00554,
      0.0023625,
      0.0056225,
      0.002445,
      0.005705,
      0.002525,
      0.005785,
      0.0026075,
      0.0058675,
      0.0026875,
      0.0059475,
      0.00277,
      0.00603,
      0.0028525,
      0.0061125,
      0.0029325,
      0.0061925,
      0.003015,
      0.006275,
      0.003095
    ],
    "SoftwareVersions": "syngo_MR_XA20",
    "SpacingBetweenSlices": 1.8,
    "StationName": "AWP175956",
    "TaskName": "execution",
    "TotalReadoutTime": 0.0425448,
    "acq_id": "Fs2",
    "dataset": "ds003612",
    "modality": "bold",
    "run_id": 2,
    "session_id": "1",
    "subject_id": "108TUSW011048",
    "task_id": "execution"
  },
  "dummy_trs": 0,
  "dvars_nstd": 55.436258896358694,
  "dvars_std": 1.1997546553260874,
  "dvars_vstd": 1.0142811076086953,
  "efc": 0.4602559984670114,
  "fber": 4330.50830078125,
  "fd_mean": 0.13014277970740515,
  "fd_num": 32,
  "fd_perc": 17.2972972972973,
  "fwhm_avg": 2.195013245359736,
  "fwhm_x": 2.125612164177213,
  "fwhm_y": 2.3203664041251155,
  "fwhm_z": 2.1390611677768803,
  "gcor": 0.0127913,
  "gsr_x": -0.02545982226729393,
  "gsr_y": 0.014606566168367863,
  "provenance": {
    "md5sum": "c67c461fd0d78428721c28117b4a0647",
    "settings": {
      "fd_thres": 0.2,
      "testing": false
    },
    "software": "mriqc",
    "version": "21.0.0rc2",
    "webapi_port": null,
    "webapi_url": "https://mriqc.nimh.nih.gov/api/v1"
  },
  "size_t": 185,
  "size_x": 128,
  "size_y": 128,
  "size_z": 78,
  "snr": 5.16976959870998,
  "spacing_tr": 2.299999952316284,
  "spacing_x": 1.7968800067901611,
  "spacing_y": 1.7968800067901611,
  "spacing_z": 1.7999999523162842,
  "summary_bg_k": 32.155423918140244,
  "summary_bg_mad": 5.754100162363399,
  "summary_bg_mean": 25.785022735595703,
  "summary_bg_median": 8.518918991088867,
  "summary_bg_n": 953697.0,
  "summary_bg_p05": 3.3891892433166504,
  "summary_bg_p95": 116.17838287353516,
  "summary_bg_stdv": 50.64615249633789,
  "summary_fg_k": 2.5371010754675654,
  "summary_fg_mad": 91.30029878846037,
  "summary_fg_mean": 568.4309692382812,
  "summary_fg_median": 557.5891723632812,
  "summary_fg_n": 198186.0,
  "summary_fg_p05": 429.31353759765625,
  "summary_fg_p95": 758.7081298828125,
  "summary_fg_stdv": 107.85543823242188,
  "tsnr": 32.04075591545552
}