{
  "bids_meta": {
    "AcquisitionMatrixPE": 224,
    "AcquisitionNumber": 1,
    "AcquisitionTime": "10:57:35.567500",
    "BodyPartExamined": "HEAD",
    "CoilString": "HeadNeck_64_CS",
    "ConversionSoftware": "dcm2niix",
    "ConversionSoftwareVersion": "v1.0.20190410  GCC6.3.0",
    "DeviceSerialNumber": "175956",
    "EchoTime": 0.00236,
    "FlipAngle": 9,
    "ImageOrientationPatientDICOM": [
      0.0531483,
      0.992599,
      0.109189,
      0.0663386,
      0.105592,
      -0.992194
    ],
    "ImageType": [
      "ORIGINAL",
      "PRIMARY",
      "M",
      "NONE"
    ],
    "ImagingFrequency": 123.263,
    "InPlanePhaseEncodingDirectionDICOM": "ROW",
    "InstitutionAddress": "AT",
    "InstitutionName": "TU_Graz",
    "MRAcquisitionType": "3D",
    "MagneticFieldStrength": 3,
    "Manufacturer": "Siemens",
    "ManufacturersModelName": "MAGNETOM_Vida",
    "Modality": "MR",
    "PatientPosition": "HFS",
    "PercentPhaseFOV": 100,
    "PixelBandwidth": 251,
    "ProcedureStepDescription": "TU_2020",
    "ProtocolName": "anat-T1w",
    "ReceiveCoilActiveElements": "HC1-7;NC1_2",
    "ReconMatrixPE": 224,
    "RepetitionTime": 1.6,
    "SequenceVariant": "SK_SP_MP_OSP",
    "SeriesDescription": "anat-T1w",
    "SeriesNumber": 5,
    "SliceThickness": 1,
    "SoftwareVersions": "syngo_MR_XA20",
    "StationName": "AWP175956",
    "dataset": "ds003612",
    "modality": "T1w",
    "session_id": "1",
    "subject_id": "108TUSW011005"
  },
  "cjv": 0.393381705605596,
  "cnr": 3.3611625625855313,
  "efc": 0.5931301647882775,
  "fber": 5093.08506841166,
  "fwhm_avg": 4.153709999999999,
  "fwhm_x": 4.1032,
  "fwhm_y": 4.18239,
  "fwhm_z": 4.17554,
  "icvs_csf": 0.2073251826983906,
  "icvs_gm": 0.42101986133849445,
  "icvs_wm": 0.37165495596311493,
  "inu_med": 1.2030171155929565,
  "inu_range": 0.43240416049957253,
  "provenance": {
    "md5sum": "cb84d0c0a9903d2f512327ccd27eabe7",
    "settings": {
      "testing": false
    },
    "software": "mriqc",
    "version": "21.0.0rc2",
    "warnings": {
      "large_rot_frame": true,
      "small_air_mask": false
    },
    "webapi_port": null,
    "webapi_url": "https://mriqc.nimh.nih.gov/api/v1"
  },
  "qi_1": 0.0,
  "qi_2": 0.009792539030411154,
  "rpve_csf": 22.662232780224787,
  "rpve_gm": 11.480400542046846,
  "rpve_wm": 15.280386727066093,
  "size_x": 192,
  "size_y": 224,
  "size_z": 224,
  "snr_csf": 2.419930651720046,
  "snr_gm": 13.694030398570819,
  "snr_total": 12.644456981571517,
  "snr_wm": 21.819409894423693,
  "snrd_csf": 55.59808604443751,
  "snrd_gm": 97.82097416501745,
  "snrd_total": 94.1781893261233,
  "snrd_wm": 129.11550776891497,
  "spacing_x": 1.0,
  "spacing_y": 1.0,
  "spacing_z": 1.0,
  "summary_bg_k": 174.83851346051648,
  "summary_bg_mad": 5.074033278935492,
  "summary_bg_mean": 10.077536828178351,
  "summary_bg_median": 10.420391365885735,
  "summary_bg_n": 1729529.0,
  "summary_bg_p05": 3.5245441384613514,
  "summary_bg_p95": 20.789702381938696,
  "summary_bg_stdv": 6.2311744678864995,
  "summary_csf_k": 41.06701600870272,
  "summary_csf_mad": 143.73903228984423,
  "summary_csf_mean": 447.5778087068675,
  "summary_csf_median": 430.60734909027815,
  "summary_csf_n": 21926.0,
  "summary_csf_p05": 266.23078332841396,
  "summary_csf_p95": 615.6203761845827,
  "summary_csf_stdv": 177.93796244208949,
  "summary_gm_k": 0.1383047620214688,
  "summary_gm_mad": 54.67838846852873,
  "summary_gm_mean": 755.7670539042153,
  "summary_gm_median": 757.6237487196922,
  "summary_gm_n": 18137.0,
  "summary_gm_p05": 662.8696997798979,
  "summary_gm_p95": 844.8179058842361,
  "summary_gm_stdv": 55.32358555107626,
  "summary_wm_k": 0.6047221923247212,
  "summary_wm_mad": 40.66799807146804,
  "summary_wm_mean": 997.8042783829638,
  "summary_wm_median": 1000.0000086762011,
  "summary_wm_n": 186772.0,
  "summary_wm_p05": 915.4390435455367,
  "summary_wm_p95": 1070.1844093464315,
  "summary_wm_stdv": 45.8306313713534,
  "tpm_overlap_csf": 0.16283021867275238,
  "tpm_overlap_gm": 0.4484318792819977,
  "tpm_overlap_wm": 0.4970453381538391,
  "wm2max": 0.427201923741946
}