{
  "bids_meta": {
    "AcquisitionMatrixPE": 224,
    "AcquisitionNumber": 1,
    "AcquisitionTime": "09:07:20.655000",
    "BodyPartExamined": "HEAD",
    "CoilString": "HeadNeck_64_CS",
    "ConversionSoftware": "dcm2niix",
    "ConversionSoftwareVersion": "v1.0.20190410  GCC6.3.0",
    "DeviceSerialNumber": "175956",
    "EchoTime": 0.00236,
    "FlipAngle": 9,
    "ImageOrientationPatientDICOM": [
      0.00286682,
      0.996491,
      0.0836454,
      0.00966385,
      0.0836142,
      -0.996451
    ],
    "ImageType": [
      "ORIGINAL",
      "PRIMARY",
      "M",
      "NONE"
    ],
    "ImagingFrequency": 123.263,
    "InPlanePhaseEncodingDirectionDICOM": "ROW",
    "InstitutionAddress": "AT",
    "InstitutionName": "TU_Graz",
    "MRAcquisitionType": "3D",
    "MagneticFieldStrength": 3,
    "Manufacturer": "Siemens",
    "ManufacturersModelName": "MAGNETOM_Vida",
    "Modality": "MR",
    "PatientPosition": "HFS",
    "PercentPhaseFOV": 100,
    "PixelBandwidth": 251,
    "ProcedureStepDescription": "TU_2020",
    "ProtocolName": "anat-T1w",
    "ReceiveCoilActiveElements": "HC1-7;NC1_2",
    "ReconMatrixPE": 224,
    "RepetitionTime": 1.6,
    "SequenceVariant": "SK_SP_MP_OSP",
    "SeriesDescription": "anat-T1w",
    "SeriesNumber": 5,
    "SliceThickness": 1,
    "SoftwareVersions": "syngo_MR_XA20",
    "StationName": "AWP175956",
    "dataset": "ds003612",
    "modality": "T1w",
    "session_id": "1",
    "subject_id": "108TUSW011038"
  },
  "cjv": 0.3918509126453386,
  "cnr": 3.22337302161538,
  "efc": 0.6210953090531899,
  "fber": 4451.031245237007,
  "fwhm_avg": 4.221776666666667,
  "fwhm_x": 4.12182,
  "fwhm_y": 4.31221,
  "fwhm_z": 4.2313,
  "icvs_csf": 0.20656166384626548,
  "icvs_gm": 0.41790007173621807,
  "icvs_wm": 0.3755382644175164,
  "inu_med": 1.0361878871917725,
  "inu_range": 0.39352597594261174,
  "provenance": {
    "md5sum": "8eeaf1fe52fdb0b17c4660054729d24c",
    "settings": {
      "testing": false
    },
    "software": "mriqc",
    "version": "21.0.0rc2",
    "warnings": {
      "large_rot_frame": true,
      "small_air_mask": false
    },
    "webapi_port": null,
    "webapi_url": "https://mriqc.nimh.nih.gov/api/v1"
  },
  "qi_1": 0.0,
  "qi_2": 0.01230914178583424,
  "rpve_csf": 21.78350656611179,
  "rpve_gm": 11.265629335197307,
  "rpve_wm": 14.863122298753224,
  "size_x": 192,
  "size_y": 224,
  "size_z": 224,
  "snr_csf": 3.2024592707590576,
  "snr_gm": 13.134911488390397,
  "snr_total": 12.91089435841946,
  "snr_wm": 22.395312316108928,
  "snrd_csf": 46.834118451635455,
  "snrd_gm": 91.6061173022554,
  "snrd_total": 86.15622978528582,
  "snrd_wm": 120.02845360196659,
  "spacing_x": 1.0,
  "spacing_y": 1.0,
  "spacing_z": 1.0,
  "summary_bg_k": 5.6043223831627955,
  "summary_bg_mad": 5.4581753831306274,
  "summary_bg_mean": 8.782352704827202,
  "summary_bg_median": 7.408417113125324,
  "summary_bg_n": 1540652.0,
  "summary_bg_p05": 3.7269337624311447,
  "summary_bg_p95": 18.58921840041876,
  "summary_bg_stdv": 5.1851232539425025,
  "summary_csf_k": 2.224461091742464,
  "summary_csf_mad": 145.82088307524293,
  "summary_csf_mean": 412.49488340960687,
  "summary_csf_median": 390.19178476184607,
  "summary_csf_n": 19474.0,
  "summary_csf_p05": 243.59829926602544,
  "summary_csf_p95": 602.749725332111,
  "summary_csf_stdv": 121.83816666167664,
  "summary_gm_k": 0.1776542363986522,
  "summary_gm_mad": 55.52514216913132,
  "summary_gm_mean": 762.9656178312682,
  "summary_gm_median": 763.2033138871193,
  "summary_gm_n": 21263.0,
  "summary_gm_p05": 665.1667757704854,
  "summary_gm_p95": 858.7400793582201,
  "summary_gm_stdv": 58.103578970046186,
  "summary_wm_k": 1.356830617013868,
  "summary_wm_mad": 37.26383934408935,
  "summary_wm_mean": 998.1362408767939,
  "summary_wm_median": 999.9999590367079,
  "summary_wm_n": 210902.0,
  "summary_wm_p05": 918.961874909699,
  "summary_wm_p95": 1066.266659349203,
  "summary_wm_stdv": 44.65209389133347,
  "tpm_overlap_csf": 0.19217346608638763,
  "tpm_overlap_gm": 0.46400272846221924,
  "tpm_overlap_wm": 0.5194217562675476,
  "wm2max": 0.4484621185870651
}