{
  "bids_meta": {
    "AcquisitionMatrixPE": 224,
    "AcquisitionNumber": 1,
    "AcquisitionTime": "16:33:15.212500",
    "BodyPartExamined": "HEAD",
    "CoilString": "HeadNeck_64_CS",
    "ConversionSoftware": "dcm2niix",
    "ConversionSoftwareVersion": "v1.0.20190410  GCC6.3.0",
    "DeviceSerialNumber": "175956",
    "EchoTime": 0.00236,
    "FlipAngle": 9,
    "ImageOrientationPatientDICOM": [
      0.0183926,
      0.996448,
      -0.0821776,
      -0.0215059,
      -0.0817782,
      -0.996418
    ],
    "ImageType": [
      "ORIGINAL",
      "PRIMARY",
      "M",
      "NONE"
    ],
    "ImagingFrequency": 123.263,
    "InPlanePhaseEncodingDirectionDICOM": "ROW",
    "InstitutionAddress": "AT",
    "InstitutionName": "TU_Graz",
    "MRAcquisitionType": "3D",
    "MagneticFieldStrength": 3,
    "Manufacturer": "Siemens",
    "ManufacturersModelName": "MAGNETOM_Vida",
    "Modality": "MR",
    "PatientPosition": "HFS",
    "PercentPhaseFOV": 100,
    "PixelBandwidth": 251,
    "ProcedureStepDescription": "TU_2020",
    "ProtocolName": "anat-T1w",
    "ReceiveCoilActiveElements": "HC1-7;NC1",
    "ReconMatrixPE": 224,
    "RepetitionTime": 1.6,
    "SequenceVariant": "SK_SP_MP_OSP",
    "SeriesDescription": "anat-T1w",
    "SeriesNumber": 5,
    "SliceThickness": 1,
    "SoftwareVersions": "syngo_MR_XA20",
    "StationName": "AWP175956",
    "dataset": "ds003612",
    "modality": "T1w",
    "session_id": "1",
    "subject_id": "108TUSW011025"
  },
  "cjv": 0.36968600385732303,
  "cnr": 3.431536542351098,
  "efc": 0.6393253476238137,
  "fber": 11443.905328798186,
  "fwhm_avg": 4.626933333333334,
  "fwhm_x": 4.41299,
  "fwhm_y": 4.71086,
  "fwhm_z": 4.75695,
  "icvs_csf": 0.21549918777652113,
  "icvs_gm": 0.39856470127039,
  "icvs_wm": 0.3859361109530889,
  "inu_med": 1.3517903089523315,
  "inu_range": 0.5346024632453918,
  "provenance": {
    "md5sum": "6779c84eb1590554cfedcb2c65963973",
    "settings": {
      "testing": false
    },
    "software": "mriqc",
    "version": "21.0.0rc2",
    "warnings": {
      "large_rot_frame": true,
      "small_air_mask": false
    },
    "webapi_port": null,
    "webapi_url": "https://mriqc.nimh.nih.gov/api/v1"
  },
  "qi_1": 0.0,
  "qi_2": 0.014569295421677021,
  "rpve_csf": 18.693693587676666,
  "rpve_gm": 10.178884055172682,
  "rpve_wm": 12.8365607576249,
  "size_x": 192,
  "size_y": 224,
  "size_z": 224,
  "snr_csf": 3.806253701413141,
  "snr_gm": 13.046729607019957,
  "snr_total": 15.17046449581209,
  "snr_wm": 28.65841017900317,
  "snrd_csf": 57.56592171913243,
  "snrd_gm": 98.21200956910302,
  "snrd_total": 94.70545596184621,
  "snrd_wm": 128.3384365973032,
  "spacing_x": 1.0,
  "spacing_y": 1.0,
  "spacing_z": 1.0,
  "summary_bg_k": 10.390490077648314,
  "summary_bg_mad": 5.104755924933292,
  "summary_bg_mean": 7.284834304539535,
  "summary_bg_median": 6.9417450577020645,
  "summary_bg_n": 1782477.0,
  "summary_bg_p05": 3.4986395090818405,
  "summary_bg_p95": 14.383295759558678,
  "summary_bg_stdv": 4.654100386716234,
  "summary_csf_k": 3.507974636920844,
  "summary_csf_mad": 136.59338837845695,
  "summary_csf_mean": 451.71263520467994,
  "summary_csf_median": 448.5477986484766,
  "summary_csf_n": 36980.0,
  "summary_csf_p05": 269.72566926404835,
  "summary_csf_p95": 633.9784693278369,
  "summary_csf_stdv": 117.84336228191334,
  "summary_gm_k": 0.4252231549732719,
  "summary_gm_mad": 55.57597176338665,
  "summary_gm_mean": 768.5466546874072,
  "summary_gm_median": 765.2579751610756,
  "summary_gm_n": 33017.0,
  "summary_gm_p05": 677.9585893154144,
  "summary_gm_p95": 871.0057426720856,
  "summary_gm_stdv": 58.654268868558574,
  "summary_wm_k": 1.128931109997941,
  "summary_wm_mad": 31.204878960479316,
  "summary_wm_mean": 998.8850369698,
  "summary_wm_median": 1000.0000260323286,
  "summary_wm_n": 272538.0,
  "summary_wm_p05": 939.6346110105515,
  "summary_wm_p95": 1053.1460261940956,
  "summary_wm_stdv": 34.89370782182136,
  "tpm_overlap_csf": 0.1609799861907959,
  "tpm_overlap_gm": 0.44626063108444214,
  "tpm_overlap_wm": 0.509254515171051,
  "wm2max": 0.43917369884395885
}