{
  "aor": 0.0011840871934604904,
  "aqi": 0.023242176839237058,
  "bids_meta": {
    "AcquisitionMatrixPE": 128,
    "AcquisitionNumber": 1,
    "AcquisitionTime": "15:58:23.787500",
    "BandwidthPerPixelPhaseEncode": 23.321,
    "BodyPartExamined": "HEAD",
    "CoilString": "HeadNeck_64_CS",
    "ConversionSoftware": "dcm2niix",
    "ConversionSoftwareVersion": "v1.0.20190410  GCC6.3.0",
    "DerivedVendorReportedEchoSpacing": 0.000334999,
    "DeviceSerialNumber": "175956",
    "EchoTime": 0.03,
    "EchoTrainLength": 63,
    "EffectiveEchoSpacing": 0.000334999,
    "FlipAngle": 72,
    "ImageOrientationPatientDICOM": [
      0.998766,
      0.021976,
      -0.0445323,
      -0.0343541,
      0.953305,
      -0.300049
    ],
    "ImageType": [
      "ORIGINAL",
      "PRIMARY",
      "FMRI",
      "NONE"
    ],
    "ImagingFrequency": 123.263,
    "InPlanePhaseEncodingDirectionDICOM": "COL",
    "InstitutionAddress": "AT",
    "InstitutionName": "TU_Graz",
    "MRAcquisitionType": "2D",
    "MagneticFieldStrength": 3,
    "Manufacturer": "Siemens",
    "ManufacturersModelName": "MAGNETOM_Vida",
    "Modality": "MR",
    "MultibandAccelerationFactor": 3,
    "PartialFourier": 0.492188,
    "PatientPosition": "HFS",
    "PercentPhaseFOV": 100,
    "PhaseEncodingDirection": "j-",
    "PixelBandwidth": 1953,
    "ProcedureStepDescription": "TU_2020",
    "ProtocolName": "func_task-imagery_acq-Fs2_run-01",
    "ReceiveCoilActiveElements": "HC1-7;NC1",
    "ReconMatrixPE": 128,
    "RepetitionTime": 2.3,
    "SequenceVariant": "SK",
    "SeriesDescription": "func_task-imagery_acq-Fs2_run-01",
    "SeriesNumber": 7,
    "SliceThickness": 1.8,
    "SliceTiming": [
      0.00318,
      0,
      0.00326,
      8.25e-05,
      0.0033425,
      0.0001625,
      0.0034225,
      0.000245,
      0.003505,
      0.0003275,
      0.0035875,
      0.0004075,
      0.0036675,
      0.00049,
      0.00375,
      0.00057,
      0.00383,
      0.0006525,
      0.0039125,
      0.000735,
      0.003995,
      0.000815,
      0.004075,
      0.0008975,
      0.0041575,
      0.0009775,
      0.0042375,
      0.00106,
      0.00432,
      0.0011425,
      0.0044025,
      0.0012225,
      0.0044825,
      0.001305,
      0.004565,
      0.001385,
      0.004645,
      0.0014675,
      0.0047275,
      0.00155,
      0.00481,
      0.00163,
      0.00489,
      0.0017125,
      0.0049725,
      0.0017925,
      0.0050525,
      0.001875,
      0.005135,
      0.0019575,
      0.0052175,
      0.0020375,
      0.0052975,
      0.00212,
      0.00538,
      0.0022,
      0.00546,
      0.0022825,
      0.0055425,
      0.002365,
      0.005625,
      0.002445,
      0.005705,
      0.0025275,
      0.0057875,
      0.0026075,
      0.0058675,
      0.00269,
      0.00595,
      0.0027725,
      0.0060325,
      0.0028525,
      0.0061125,
      0.002935,
      0.006195,
      0.003015,
      0.006275,
      0.0030975
    ],
    "SoftwareVersions": "syngo_MR_XA20",
    "SpacingBetweenSlices": 1.8,
    "StationName": "AWP175956",
    "TaskName": "imagery",
    "TotalReadoutTime": 0.0425448,
    "acq_id": "Fs2",
    "dataset": "ds003612",
    "modality": "bold",
    "run_id": 1,
    "session_id": "1",
    "subject_id": "108TUSW011014",
    "task_id": "imagery"
  },
  "dummy_trs": 0,
  "dvars_nstd": 47.149941814371594,
  "dvars_std": 1.1507923003825142,
  "dvars_vstd": 1.001722153333333,
  "efc": 0.452990089972592,
  "fber": 5266.69189453125,
  "fd_mean": 0.09472464552107587,
  "fd_num": 36,
  "fd_perc": 9.809264305177111,
  "fwhm_avg": 2.084049290573006,
  "fwhm_x": 1.9841558626771192,
  "fwhm_y": 2.2421586220423073,
  "fwhm_z": 2.025833386999591,
  "gcor": 0.0232417,
  "gsr_x": -0.022961633279919624,
  "gsr_y": 0.0264433640986681,
  "provenance": {
    "md5sum": "051c25a7534230c9f5403fa738eea1cf",
    "settings": {
      "fd_thres": 0.2,
      "testing": false
    },
    "software": "mriqc",
    "version": "21.0.0rc2",
    "webapi_port": null,
    "webapi_url": "https://mriqc.nimh.nih.gov/api/v1"
  },
  "size_t": 367,
  "size_x": 128,
  "size_y": 128,
  "size_z": 78,
  "snr": 5.4830786426398035,
  "spacing_tr": 2.299999952316284,
  "spacing_x": 1.7968800067901611,
  "spacing_y": 1.7968800067901611,
  "spacing_z": 1.7999999523162842,
  "summary_bg_k": 42.05628984041095,
  "summary_bg_mad": 5.433515088880059,
  "summary_bg_mean": 23.4755916595459,
  "summary_bg_median": 8.395094871520996,
  "summary_bg_n": 948534.0,
  "summary_bg_p05": 3.4523160457611084,
  "summary_bg_p95": 91.3814697265625,
  "summary_bg_stdv": 48.70932388305664,
  "summary_fg_k": 1.6689790637591715,
  "summary_fg_mad": 104.19832275162427,
  "summary_fg_mean": 610.716796875,
  "summary_fg_median": 604.5830688476562,
  "summary_fg_n": 203247.0,
  "summary_fg_p05": 452.6275238037109,
  "summary_fg_p95": 791.4787292480469,
  "summary_fg_stdv": 110.2631607055664,
  "tsnr": 30.802990700583905
}