{
  "aor": 0.001294148936170213,
  "aqi": 0.018042225531914893,
  "bids_meta": {
    "AcquisitionMatrixPE": 128,
    "AcquisitionNumber": 1,
    "AcquisitionTime": "13:47:12.822500",
    "BandwidthPerPixelPhaseEncode": 23.321,
    "BodyPartExamined": "HEAD",
    "CoilString": "HeadNeck_64_CS",
    "ConversionSoftware": "dcm2niix",
    "ConversionSoftwareVersion": "v1.0.20190410  GCC6.3.0",
    "DerivedVendorReportedEchoSpacing": 0.000334999,
    "DeviceSerialNumber": "175956",
    "EchoTime": 0.03,
    "EchoTrainLength": 63,
    "EffectiveEchoSpacing": 0.000334999,
    "FlipAngle": 72,
    "ImageOrientationPatientDICOM": [
      0.998717,
      -0.0456062,
      0.0219924,
      0.050418,
      0.935668,
      -0.349262
    ],
    "ImageType": [
      "ORIGINAL",
      "PRIMARY",
      "FMRI",
      "NONE"
    ],
    "ImagingFrequency": 123.263,
    "InPlanePhaseEncodingDirectionDICOM": "COL",
    "InstitutionAddress": "AT",
    "InstitutionName": "TU_Graz",
    "MRAcquisitionType": "2D",
    "MagneticFieldStrength": 3,
    "Manufacturer": "Siemens",
    "ManufacturersModelName": "MAGNETOM_Vida",
    "Modality": "MR",
    "MultibandAccelerationFactor": 3,
    "PartialFourier": 0.492188,
    "PatientPosition": "HFS",
    "PercentPhaseFOV": 100,
    "PhaseEncodingDirection": "j-",
    "PixelBandwidth": 1953,
    "ProcedureStepDescription": "TU_2020",
    "ProtocolName": "func_task-execution_acq-Fs2_run-02",
    "ReceiveCoilActiveElements": "HC1-7;NC1",
    "ReconMatrixPE": 128,
    "RepetitionTime": 2.3,
    "SequenceVariant": "SK",
    "SeriesDescription": "func_task-execution_acq-Fs2_run-02",
    "SeriesNumber": 13,
    "SliceThickness": 1.8,
    "SliceTiming": [
      0.0031775,
      0,
      0.00326,
      8e-05,
      0.00334,
      0.0001625,
      0.0034225,
      0.000245,
      0.003505,
      0.000325,
      0.003585,
      0.0004075,
      0.0036675,
      0.0004875,
      0.0037475,
      0.00057,
      0.00383,
      0.0006525,
      0.0039125,
      0.0007325,
      0.0039925,
      0.000815,
      0.004075,
      0.000895,
      0.004155,
      0.0009775,
      0.0042375,
      0.00106,
      0.00432,
      0.00114,
      0.0044,
      0.0012225,
      0.0044825,
      0.0013025,
      0.0045625,
      0.001385,
      0.004645,
      0.0014675,
      0.0047275,
      0.0015475,
      0.0048075,
      0.00163,
      0.00489,
      0.00171,
      0.00497,
      0.0017925,
      0.0050525,
      0.001875,
      0.005135,
      0.001955,
      0.005215,
      0.0020375,
      0.0052975,
      0.0021175,
      0.0053775,
      0.0022,
      0.00546,
      0.0022825,
      0.0055425,
      0.0023625,
      0.0056225,
      0.002445,
      0.005705,
      0.002525,
      0.005785,
      0.0026075,
      0.0058675,
      0.00269,
      0.00595,
      0.00277,
      0.00603,
      0.0028525,
      0.0061125,
      0.0029325,
      0.0061925,
      0.003015,
      0.006275,
      0.0030975
    ],
    "SoftwareVersions": "syngo_MR_XA20",
    "SpacingBetweenSlices": 1.8,
    "StationName": "AWP175956",
    "TaskName": "execution",
    "TotalReadoutTime": 0.0425448,
    "acq_id": "Fs2",
    "dataset": "ds003612",
    "modality": "bold",
    "run_id": 2,
    "session_id": "1",
    "subject_id": "108TUSW011041",
    "task_id": "execution"
  },
  "dummy_trs": 1,
  "dvars_nstd": 48.33461271898394,
  "dvars_std": 1.1145222200534761,
  "dvars_vstd": 1.0023130664705884,
  "efc": 0.4674613295651132,
  "fber": 4818.80078125,
  "fd_mean": 0.11933508976105438,
  "fd_num": 23,
  "fd_perc": 12.23404255319149,
  "fwhm_avg": 2.1759406207080327,
  "fwhm_x": 2.1267085089484588,
  "fwhm_y": 2.3185744091183085,
  "fwhm_z": 2.0825389440573305,
  "gcor": 0.00534869,
  "gsr_x": -0.0017667781794443727,
  "gsr_y": 0.014721781015396118,
  "provenance": {
    "md5sum": "42ef9773f2263470ef5f6dbde4f61351",
    "settings": {
      "fd_thres": 0.2,
      "testing": false
    },
    "software": "mriqc",
    "version": "21.0.0rc2",
    "webapi_port": null,
    "webapi_url": "https://mriqc.nimh.nih.gov/api/v1"
  },
  "size_t": 188,
  "size_x": 128,
  "size_y": 128,
  "size_z": 78,
  "snr": 4.983456532303645,
  "spacing_tr": 2.299999952316284,
  "spacing_x": 1.7968800067901611,
  "spacing_y": 1.7968800067901611,
  "spacing_z": 1.7999999523162842,
  "summary_bg_k": 35.193281523587146,
  "summary_bg_mad": 7.2631737846917686,
  "summary_bg_mean": 28.0978946685791,
  "summary_bg_median": 9.46276569366455,
  "summary_bg_n": 934363.0,
  "summary_bg_p05": 3.170212745666504,
  "summary_bg_p95": 120.61170196533203,
  "summary_bg_stdv": 56.10332489013672,
  "summary_fg_k": 1.7119332432931227,
  "summary_fg_mad": 123.15851027815044,
  "summary_fg_mean": 655.822509765625,
  "summary_fg_median": 647.6648559570312,
  "summary_fg_n": 215272.0,
  "summary_fg_p05": 474.98988037109376,
  "summary_fg_p95": 868.3528991699216,
  "summary_fg_stdv": 129.96267700195312,
  "tsnr": 32.10666014254093
}