{
  "aor": 0.00020294594594594593,
  "aqi": 0.022035115135135133,
  "bids_meta": {
    "AcquisitionMatrixPE": 128,
    "AcquisitionNumber": 1,
    "AcquisitionTime": "13:06:50.810000",
    "BandwidthPerPixelPhaseEncode": 23.321,
    "BodyPartExamined": "HEAD",
    "CoilString": "HeadNeck_64_CS",
    "ConversionSoftware": "dcm2niix",
    "ConversionSoftwareVersion": "v1.0.20190410  GCC6.3.0",
    "DerivedVendorReportedEchoSpacing": 0.000334999,
    "DeviceSerialNumber": "175956",
    "EchoTime": 0.03,
    "EchoTrainLength": 63,
    "EffectiveEchoSpacing": 0.000334999,
    "FlipAngle": 72,
    "ImageOrientationPatientDICOM": [
      0.999953,
      -0.00928317,
      -0.00272027,
      0.00837737,
      0.971636,
      -0.236333
    ],
    "ImageType": [
      "ORIGINAL",
      "PRIMARY",
      "FMRI",
      "NONE"
    ],
    "ImagingFrequency": 123.263,
    "InPlanePhaseEncodingDirectionDICOM": "COL",
    "InstitutionAddress": "AT",
    "InstitutionName": "TU_Graz",
    "MRAcquisitionType": "2D",
    "MagneticFieldStrength": 3,
    "Manufacturer": "Siemens",
    "ManufacturersModelName": "MAGNETOM_Vida",
    "Modality": "MR",
    "MultibandAccelerationFactor": 3,
    "PartialFourier": 0.492188,
    "PatientPosition": "HFS",
    "PercentPhaseFOV": 100,
    "PhaseEncodingDirection": "j-",
    "PixelBandwidth": 1953,
    "ProcedureStepDescription": "TU_2020",
    "ProtocolName": "func_task-imagery_acq-Fs2_run-01",
    "ReceiveCoilActiveElements": "HC1-7",
    "ReconMatrixPE": 128,
    "RepetitionTime": 2.3,
    "SequenceVariant": "SK",
    "SeriesDescription": "func_task-imagery_acq-Fs2_run-01",
    "SeriesNumber": 7,
    "SliceThickness": 1.8,
    "SliceTiming": [
      0.0031775,
      0,
      0.00326,
      8e-05,
      0.00334,
      0.0001625,
      0.0034225,
      0.0002425,
      0.0035025,
      0.000325,
      0.003585,
      0.0004075,
      0.0036675,
      0.0004875,
      0.0037475,
      0.00057,
      0.00383,
      0.00065,
      0.00391,
      0.0007325,
      0.0039925,
      0.000815,
      0.004075,
      0.000895,
      0.004155,
      0.0009775,
      0.0042375,
      0.0010575,
      0.0043175,
      0.00114,
      0.0044,
      0.0012225,
      0.0044825,
      0.0013025,
      0.0045625,
      0.001385,
      0.004645,
      0.001465,
      0.004725,
      0.0015475,
      0.0048075,
      0.00163,
      0.00489,
      0.00171,
      0.00497,
      0.0017925,
      0.0050525,
      0.0018725,
      0.0051325,
      0.001955,
      0.005215,
      0.0020375,
      0.0052975,
      0.0021175,
      0.0053775,
      0.0022,
      0.00546,
      0.00228,
      0.00554,
      0.0023625,
      0.0056225,
      0.002445,
      0.005705,
      0.002525,
      0.005785,
      0.0026075,
      0.0058675,
      0.0026875,
      0.0059475,
      0.00277,
      0.00603,
      0.0028525,
      0.0061125,
      0.0029325,
      0.0061925,
      0.003015,
      0.006275,
      0.003095
    ],
    "SoftwareVersions": "syngo_MR_XA20",
    "SpacingBetweenSlices": 1.8,
    "StationName": "AWP175956",
    "TaskName": "imagery",
    "TotalReadoutTime": 0.0425448,
    "acq_id": "Fs2",
    "dataset": "ds003612",
    "modality": "bold",
    "run_id": 1,
    "session_id": "1",
    "subject_id": "108TUSW011030",
    "task_id": "imagery"
  },
  "dummy_trs": 0,
  "dvars_nstd": 47.39542665967479,
  "dvars_std": 1.1652036566395656,
  "dvars_vstd": 0.9700656520596207,
  "efc": 0.4333279634596147,
  "fber": 5948.0693359375,
  "fd_mean": 0.08124687935478658,
  "fd_num": 12,
  "fd_perc": 3.2432432432432434,
  "fwhm_avg": 2.1113813646355872,
  "fwhm_x": 2.025394008641227,
  "fwhm_y": 2.253227808590568,
  "fwhm_z": 2.055522276674967,
  "gcor": 0.011798,
  "gsr_x": -0.014200140722095966,
  "gsr_y": 0.02197413146495819,
  "provenance": {
    "md5sum": "fab10ae1770e07934d0eb042d885efc5",
    "settings": {
      "fd_thres": 0.2,
      "testing": false
    },
    "software": "mriqc",
    "version": "21.0.0rc2",
    "webapi_port": null,
    "webapi_url": "https://mriqc.nimh.nih.gov/api/v1"
  },
  "size_t": 370,
  "size_x": 128,
  "size_y": 128,
  "size_z": 78,
  "snr": 4.866678406034334,
  "spacing_tr": 2.299999952316284,
  "spacing_x": 1.7968800067901611,
  "spacing_y": 1.7968800067901611,
  "spacing_z": 1.7999999523162842,
  "summary_bg_k": 58.658874663183155,
  "summary_bg_mad": 4.692235895381945,
  "summary_bg_mean": 18.268165588378906,
  "summary_bg_median": 7.291892051696777,
  "summary_bg_n": 958696.0,
  "summary_bg_p05": 3.0135135650634766,
  "summary_bg_p95": 65.42162322998047,
  "summary_bg_stdv": 38.747535705566406,
  "summary_fg_k": 2.23451624312645,
  "summary_fg_mad": 97.59525008418991,
  "summary_fg_mean": 572.0230712890625,
  "summary_fg_median": 558.1162109375,
  "summary_fg_n": 193044.0,
  "summary_fg_p05": 423.1783752441406,
  "summary_fg_p95": 777.7636749267579,
  "summary_fg_stdv": 114.68083953857422,
  "tsnr": 31.307873711921275
}