{
  "aor": 0.00044987046632124345,
  "aqi": 0.030482337823834194,
  "bids_meta": {
    "AcquisitionMatrixPE": 128,
    "AcquisitionNumber": 1,
    "AcquisitionTime": "14:42:13.802500",
    "BandwidthPerPixelPhaseEncode": 23.321,
    "BodyPartExamined": "HEAD",
    "CoilString": "HeadNeck_64_CS",
    "ConversionSoftware": "dcm2niix",
    "ConversionSoftwareVersion": "v1.0.20190410  GCC6.3.0",
    "DerivedVendorReportedEchoSpacing": 0.000334999,
    "DeviceSerialNumber": "175956",
    "EchoTime": 0.03,
    "EchoTrainLength": 63,
    "EffectiveEchoSpacing": 0.000334999,
    "FlipAngle": 72,
    "ImageOrientationPatientDICOM": [
      0.98802,
      -0.150818,
      -0.0327089,
      0.14132,
      0.969368,
      -0.200885
    ],
    "ImageType": [
      "ORIGINAL",
      "PRIMARY",
      "FMRI",
      "NONE"
    ],
    "ImagingFrequency": 123.263,
    "InPlanePhaseEncodingDirectionDICOM": "COL",
    "InstitutionAddress": "AT",
    "InstitutionName": "TU_Graz",
    "MRAcquisitionType": "2D",
    "MagneticFieldStrength": 3,
    "Manufacturer": "Siemens",
    "ManufacturersModelName": "MAGNETOM_Vida",
    "Modality": "MR",
    "MultibandAccelerationFactor": 3,
    "PartialFourier": 0.492188,
    "PatientPosition": "HFS",
    "PercentPhaseFOV": 100,
    "PhaseEncodingDirection": "j-",
    "PixelBandwidth": 1953,
    "ProcedureStepDescription": "TU_2020",
    "ProtocolName": "func_task-imagery_acq-Fs2_run-01",
    "ReceiveCoilActiveElements": "HC1-7;NC1",
    "ReconMatrixPE": 128,
    "RepetitionTime": 2.3,
    "SequenceVariant": "SK",
    "SeriesDescription": "func_task-imagery_acq-Fs2_run-01",
    "SeriesNumber": 8,
    "SliceThickness": 1.8,
    "SliceTiming": [
      0.00318,
      0,
      0.00326,
      8.25e-05,
      0.0033425,
      0.0001625,
      0.0034225,
      0.000245,
      0.003505,
      0.0003275,
      0.0035875,
      0.0004075,
      0.0036675,
      0.00049,
      0.00375,
      0.00057,
      0.00383,
      0.0006525,
      0.0039125,
      0.000735,
      0.003995,
      0.000815,
      0.004075,
      0.0008975,
      0.0041575,
      0.0009775,
      0.0042375,
      0.00106,
      0.00432,
      0.0011425,
      0.0044025,
      0.0012225,
      0.0044825,
      0.001305,
      0.004565,
      0.001385,
      0.004645,
      0.0014675,
      0.0047275,
      0.00155,
      0.00481,
      0.00163,
      0.00489,
      0.0017125,
      0.0049725,
      0.0017925,
      0.0050525,
      0.001875,
      0.005135,
      0.0019575,
      0.0052175,
      0.0020375,
      0.0052975,
      0.00212,
      0.00538,
      0.0022,
      0.00546,
      0.0022825,
      0.0055425,
      0.002365,
      0.005625,
      0.002445,
      0.005705,
      0.0025275,
      0.0057875,
      0.0026075,
      0.0058675,
      0.00269,
      0.00595,
      0.0027725,
      0.0060325,
      0.0028525,
      0.0061125,
      0.002935,
      0.006195,
      0.003015,
      0.006275,
      0.0030975
    ],
    "SoftwareVersions": "syngo_MR_XA20",
    "SpacingBetweenSlices": 1.8,
    "StationName": "AWP175956",
    "TaskName": "imagery",
    "TotalReadoutTime": 0.0425448,
    "acq_id": "Fs2",
    "dataset": "ds003612",
    "modality": "bold",
    "run_id": 1,
    "session_id": "1",
    "subject_id": "108TUSW011017",
    "task_id": "imagery"
  },
  "dummy_trs": 0,
  "dvars_nstd": 54.51172540849355,
  "dvars_std": 1.1827315076363638,
  "dvars_vstd": 0.9759595263376621,
  "efc": 0.45368636140511437,
  "fber": 4375.02294921875,
  "fd_mean": 0.08061051661259834,
  "fd_num": 7,
  "fd_perc": 1.8134715025906736,
  "fwhm_avg": 1.9962331210122939,
  "fwhm_x": 1.9445984076821285,
  "fwhm_y": 2.1543731275162834,
  "fwhm_z": 1.8897278278384693,
  "gcor": 0.01366,
  "gsr_x": -0.015053357928991318,
  "gsr_y": 0.012627394869923592,
  "provenance": {
    "md5sum": "25343588ebcc3454e1973928eb14aa7a",
    "settings": {
      "fd_thres": 0.2,
      "testing": false
    },
    "software": "mriqc",
    "version": "21.0.0rc2",
    "webapi_port": null,
    "webapi_url": "https://mriqc.nimh.nih.gov/api/v1"
  },
  "size_t": 386,
  "size_x": 128,
  "size_y": 128,
  "size_z": 78,
  "snr": 5.553489712737718,
  "spacing_tr": 2.299999952316284,
  "spacing_x": 1.7968800067901611,
  "spacing_y": 1.7968800067901611,
  "spacing_z": 1.7999999523162842,
  "summary_bg_k": 31.81548666187799,
  "summary_bg_mad": 5.657701947972383,
  "summary_bg_mean": 22.864931106567383,
  "summary_bg_median": 8.61658000946045,
  "summary_bg_n": 951977.0,
  "summary_bg_p05": 3.5647666454315186,
  "summary_bg_p95": 83.14870300292945,
  "summary_bg_stdv": 45.769248962402344,
  "summary_fg_k": 2.7425055928028605,
  "summary_fg_mad": 91.66009044011919,
  "summary_fg_mean": 571.9874877929688,
  "summary_fg_median": 566.7150268554688,
  "summary_fg_n": 198761.0,
  "summary_fg_p05": 431.62176513671875,
  "summary_fg_p95": 733.9481811523438,
  "summary_fg_stdv": 102.04639434814453,
  "tsnr": 28.138703715871088
}