{
  "bids_meta": {
    "AcquisitionMatrixPE": 224,
    "AcquisitionNumber": 1,
    "AcquisitionTime": "15:54:17.145000",
    "BodyPartExamined": "HEAD",
    "CoilString": "HeadNeck_64_CS",
    "ConversionSoftware": "dcm2niix",
    "ConversionSoftwareVersion": "v1.0.20190410  GCC6.3.0",
    "DeviceSerialNumber": "175956",
    "EchoTime": 0.00236,
    "FlipAngle": 9,
    "ImageOrientationPatientDICOM": [
      0.0098366,
      0.989277,
      0.145721,
      0.00795091,
      0.145646,
      -0.989305
    ],
    "ImageType": [
      "ORIGINAL",
      "PRIMARY",
      "M",
      "NONE"
    ],
    "ImagingFrequency": 123.263,
    "InPlanePhaseEncodingDirectionDICOM": "ROW",
    "InstitutionAddress": "AT",
    "InstitutionName": "TU_Graz",
    "MRAcquisitionType": "3D",
    "MagneticFieldStrength": 3,
    "Manufacturer": "Siemens",
    "ManufacturersModelName": "MAGNETOM_Vida",
    "Modality": "MR",
    "PatientPosition": "HFS",
    "PercentPhaseFOV": 100,
    "PixelBandwidth": 251,
    "ProcedureStepDescription": "TU_2020",
    "ProtocolName": "anat-T1w",
    "ReceiveCoilActiveElements": "HC1-7;NC1_2",
    "ReconMatrixPE": 224,
    "RepetitionTime": 1.6,
    "SequenceVariant": "SK_SP_MP_OSP",
    "SeriesDescription": "anat-T1w",
    "SeriesNumber": 5,
    "SliceThickness": 1,
    "SoftwareVersions": "syngo_MR_XA20",
    "StationName": "AWP175956",
    "dataset": "ds003612",
    "modality": "T1w",
    "session_id": "1",
    "subject_id": "108TUSW011018"
  },
  "cjv": 0.5080633128399281,
  "cnr": 2.7165922354497956,
  "efc": 0.6147652935015897,
  "fber": 12945.188224852072,
  "fwhm_avg": 4.65631,
  "fwhm_x": 4.44137,
  "fwhm_y": 4.95209,
  "fwhm_z": 4.57547,
  "icvs_csf": 0.21636037576292527,
  "icvs_gm": 0.39132089872569525,
  "icvs_wm": 0.3923187255113795,
  "inu_med": 1.0501830577850342,
  "inu_range": 0.3766143441200256,
  "provenance": {
    "md5sum": "eac3b49b84fb43032eb6058fd2d3fee9",
    "settings": {
      "testing": false
    },
    "software": "mriqc",
    "version": "21.0.0rc2",
    "warnings": {
      "large_rot_frame": true,
      "small_air_mask": false
    },
    "webapi_port": null,
    "webapi_url": "https://mriqc.nimh.nih.gov/api/v1"
  },
  "qi_1": 0.0009590373748594216,
  "qi_2": 0.007415629956089597,
  "rpve_csf": 20.015560479403767,
  "rpve_gm": 10.963436063016617,
  "rpve_wm": 13.327441950150765,
  "size_x": 192,
  "size_y": 224,
  "size_z": 224,
  "snr_csf": 3.8114574328919715,
  "snr_gm": 11.423683127910543,
  "snr_total": 13.817367287638794,
  "snr_wm": 26.21696130211387,
  "snrd_csf": 47.05338803884021,
  "snrd_gm": 111.70368838726789,
  "snrd_total": 100.3168920189875,
  "snrd_wm": 142.1935996308544,
  "spacing_x": 1.0,
  "spacing_y": 1.0,
  "spacing_z": 1.0,
  "summary_bg_k": 159.8684601248703,
  "summary_bg_mad": 4.607354929252652,
  "summary_bg_mean": 6.93688511503418,
  "summary_bg_median": 6.215227350592613,
  "summary_bg_n": 1534875.0,
  "summary_bg_p05": 3.1076136752963066,
  "summary_bg_p95": 16.0392963886261,
  "summary_bg_stdv": 6.826075827425478,
  "summary_csf_k": 0.4842456908223922,
  "summary_csf_mad": 60.118550609119275,
  "summary_csf_mean": 360.69867027974453,
  "summary_csf_median": 330.9107336178422,
  "summary_csf_n": 41485.0,
  "summary_csf_p05": 261.74126794189215,
  "summary_csf_p95": 541.1758847124875,
  "summary_csf_stdv": 86.81895340619349,
  "summary_gm_k": -0.5614930661870132,
  "summary_gm_mad": 74.38648845454684,
  "summary_gm_mean": 790.4801127927263,
  "summary_gm_median": 785.5746634341776,
  "summary_gm_n": 23078.0,
  "summary_gm_p05": 683.2665077352897,
  "summary_gm_p95": 905.8192635476589,
  "summary_gm_stdv": 68.76570668704935,
  "summary_wm_k": 0.7303477923250346,
  "summary_wm_mad": 34.55516196939489,
  "summary_wm_mean": 998.5706096537014,
  "summary_wm_median": 1000.0000070296228,
  "summary_wm_n": 248257.0,
  "summary_wm_p05": 931.5322605706751,
  "summary_wm_p95": 1057.6913512274623,
  "summary_wm_stdv": 38.14316928121836,
  "tpm_overlap_csf": 0.17388086020946503,
  "tpm_overlap_gm": 0.43253397941589355,
  "tpm_overlap_wm": 0.4875592589378357,
  "wm2max": 0.44184346901714133
}