{
  "bids_meta": {
    "AcquisitionMatrixPE": 224,
    "AcquisitionNumber": 1,
    "AcquisitionTime": "15:51:42.155000",
    "BodyPartExamined": "HEAD",
    "CoilString": "HeadNeck_64_CS",
    "ConversionSoftware": "dcm2niix",
    "ConversionSoftwareVersion": "v1.0.20190410  GCC6.3.0",
    "DeviceSerialNumber": "175956",
    "EchoTime": 0.00236,
    "FlipAngle": 9,
    "ImageOrientationPatientDICOM": [
      -0.0162008,
      0.999244,
      0.035329,
      -0.0368217,
      0.0347134,
      -0.998719
    ],
    "ImageType": [
      "ORIGINAL",
      "PRIMARY",
      "M",
      "NONE"
    ],
    "ImagingFrequency": 123.263,
    "InPlanePhaseEncodingDirectionDICOM": "ROW",
    "InstitutionAddress": "AT",
    "InstitutionName": "TU_Graz",
    "MRAcquisitionType": "3D",
    "MagneticFieldStrength": 3,
    "Manufacturer": "Siemens",
    "ManufacturersModelName": "MAGNETOM_Vida",
    "Modality": "MR",
    "PatientPosition": "HFS",
    "PercentPhaseFOV": 100,
    "PixelBandwidth": 251,
    "ProcedureStepDescription": "TU_2020",
    "ProtocolName": "anat-T1w",
    "ReceiveCoilActiveElements": "HC1-7;NC1",
    "ReconMatrixPE": 224,
    "RepetitionTime": 1.6,
    "SequenceVariant": "SK_SP_MP_OSP",
    "SeriesDescription": "anat-T1w",
    "SeriesNumber": 5,
    "SliceThickness": 1,
    "SoftwareVersions": "syngo_MR_XA20",
    "StationName": "AWP175956",
    "dataset": "ds003612",
    "modality": "T1w",
    "session_id": "1",
    "subject_id": "108TUSW011014"
  },
  "cjv": 0.5132768169556675,
  "cnr": 2.806417420012851,
  "efc": 0.6073788938277997,
  "fber": 12234.735417323544,
  "fwhm_avg": 4.212736666666667,
  "fwhm_x": 3.99703,
  "fwhm_y": 4.31418,
  "fwhm_z": 4.327,
  "icvs_csf": 0.2107886677964481,
  "icvs_gm": 0.39624125824096396,
  "icvs_wm": 0.392970073962588,
  "inu_med": 0.8995262980461121,
  "inu_range": 0.2973819375038147,
  "provenance": {
    "md5sum": "c9f815f2e5c153a01490035f79977256",
    "settings": {
      "testing": false
    },
    "software": "mriqc",
    "version": "21.0.0rc2",
    "warnings": {
      "large_rot_frame": true,
      "small_air_mask": false
    },
    "webapi_port": null,
    "webapi_url": "https://mriqc.nimh.nih.gov/api/v1"
  },
  "qi_1": 0.0,
  "qi_2": 0.018581132430666444,
  "rpve_csf": 22.30487462968328,
  "rpve_gm": 12.007293083497432,
  "rpve_wm": 14.870972062167128,
  "size_x": 192,
  "size_y": 224,
  "size_z": 224,
  "snr_csf": 3.746641246603916,
  "snr_gm": 12.960378227089244,
  "snr_total": 14.934154683997818,
  "snr_wm": 28.095444578300295,
  "snrd_csf": 50.56833800455073,
  "snrd_gm": 100.81585701050903,
  "snrd_total": 92.48263396530935,
  "snrd_wm": 126.06370688086828,
  "spacing_x": 1.0,
  "spacing_y": 1.0,
  "spacing_z": 1.0,
  "summary_bg_k": 6.764510581382739,
  "summary_bg_mad": 5.196867482880361,
  "summary_bg_mean": 7.520244350817426,
  "summary_bg_median": 7.058484602719545,
  "summary_bg_n": 1638740.0,
  "summary_bg_p05": 3.5052338503301144,
  "summary_bg_p95": 14.309036813676357,
  "summary_bg_stdv": 4.326112297348391,
  "summary_csf_k": 6.64099897741114,
  "summary_csf_mad": 106.96292319216084,
  "summary_csf_mean": 422.89076783371695,
  "summary_csf_median": 401.13319980353117,
  "summary_csf_n": 17732.0,
  "summary_csf_p05": 279.53279618341475,
  "summary_csf_p95": 610.2900234837085,
  "summary_csf_stdv": 107.06172869115342,
  "summary_gm_k": -0.5670658244333064,
  "summary_gm_mad": 70.69163576027668,
  "summary_gm_mean": 799.6863583179519,
  "summary_gm_median": 799.7215037979186,
  "summary_gm_n": 18992.0,
  "summary_gm_p05": 698.4802666509524,
  "summary_gm_p95": 895.6592741124332,
  "summary_gm_stdv": 61.703480819843755,
  "summary_wm_k": 0.9928159745460912,
  "summary_wm_mad": 32.106674449027985,
  "summary_wm_mean": 999.2631929287495,
  "summary_wm_median": 1000.0000022873282,
  "summary_wm_n": 226560.0,
  "summary_wm_p05": 938.4423338472843,
  "summary_wm_p95": 1054.9793551452458,
  "summary_wm_stdv": 35.592880282675395,
  "tpm_overlap_csf": 0.17729316651821136,
  "tpm_overlap_gm": 0.44440191984176636,
  "tpm_overlap_wm": 0.5088827013969421,
  "wm2max": 0.41583629028821234
}